{
  "aor": 0.0008239583333333332,
  "aqi": 0.009746820390625001,
  "bids_meta": {
    "AcquisitionMatrixPE": 84,
    "AcquisitionNumber": 1,
    "AcquisitionTime": "19:39:26.297500",
    "BandwidthPerPixelPhaseEncode": 15.664,
    "BaseResolution": 84,
    "BodyPartExamined": "BRAIN",
    "ConsistencyInfo": "N4_VE11C_LATEST_20160120",
    "ConversionSoftware": "dcm2niix",
    "ConversionSoftwareVersion": "v1.0.20181114  Clang4.0.1",
    "DerivedVendorReportedEchoSpacing": 0.000760008,
    "DeviceSerialNumber": "67007",
    "DwellTime": 3.8e-06,
    "EchoTime": 0.03,
    "EchoTrainLength": 74,
    "EffectiveEchoSpacing": 0.000760008,
    "FlipAngle": 40,
    "ImageComments": "Unaliased_MB4_PE3",
    "ImageOrientationPatientDICOM": [
      0.997167,
      -0.0712962,
      -0.0239922,
      0.0627364,
      0.964178,
      -0.25773
    ],
    "ImageType": [
      "ORIGINAL",
      "PRIMARY",
      "M",
      "MB",
      "ND",
      "NORM",
      "MOSAIC"
    ],
    "ImagingFrequency": 123.211,
    "InPlanePhaseEncodingDirectionDICOM": "COL",
    "InstitutionAddress": "Perth_Drive_100_London_Ontario_CA_N6A_5K8",
    "InstitutionName": "Robarts-CFMM",
    "InstitutionalDepartmentName": "CFMM",
    "MRAcquisitionType": "2D",
    "MagneticFieldStrength": 3,
    "Manufacturer": "Siemens",
    "ManufacturersModelName": "Prisma_fit",
    "Modality": "MR",
    "MultibandAccelerationFactor": 4,
    "PartialFourier": 0.875,
    "PatientPosition": "HFS",
    "PercentPhaseFOV": 100,
    "PhaseEncodingDirection": "j-",
    "PhaseEncodingSteps": 74,
    "PhaseResolution": 1,
    "PixelBandwidth": 1565,
    "ProcedureStepDescription": "Ansari_Adaptation",
    "ProtocolName": "ep_bold_mb4_adaptation_4",
    "PulseSequenceDetails": "%CustomerSeq%_cmrr_mbep2d_bold",
    "ReceiveCoilActiveElements": "HEA;HEP",
    "ReceiveCoilName": "Head_32",
    "ReconMatrixPE": 84,
    "RepetitionTime": 1,
    "SAR": 0.083608,
    "ScanOptions": "PFP_FS",
    "ScanningSequence": "EP",
    "SequenceName": "epfid2d1_84",
    "SequenceVariant": "SK_SS",
    "SeriesDescription": "ep_bold_mb4_adaptation_4",
    "SeriesNumber": 8,
    "ShimSetting": [
      5246,
      -6242,
      -3707,
      649,
      -23,
      -96,
      147,
      71
    ],
    "SliceThickness": 2.5,
    "SliceTiming": [
      0,
      0.4075,
      0.8175,
      0.245,
      0.6525,
      0.0825,
      0.49,
      0.8975,
      0.3275,
      0.735,
      0.1625,
      0.5725,
      0,
      0.4075,
      0.8175,
      0.245,
      0.6525,
      0.0825,
      0.49,
      0.8975,
      0.3275,
      0.735,
      0.1625,
      0.5725,
      0,
      0.4075,
      0.8175,
      0.245,
      0.6525,
      0.0825,
      0.49,
      0.8975,
      0.3275,
      0.735,
      0.1625,
      0.5725,
      0,
      0.4075,
      0.8175,
      0.245,
      0.6525,
      0.0825,
      0.49,
      0.8975,
      0.3275,
      0.735,
      0.1625,
      0.5725
    ],
    "SoftwareVersions": "syngo_MR_E11",
    "SpacingBetweenSlices": 2.5,
    "StationName": "MRC35368",
    "TaskName": "Adaptation",
    "TotalReadoutTime": 0.0630806,
    "TxRefAmp": 221.663,
    "WipMemBlock": "e7bef801-00ed-4bde-8dbd-0f36a6d733f3||Sequence: R016 ve11c/master r/e634e98; Dec 19 2017 11:00:25 by eja",
    "dataset": "ds002116",
    "modality": "bold",
    "run_id": 4,
    "session_id": "01",
    "subject_id": "30",
    "task_id": "Adaptation"
  },
  "dummy_trs": 2,
  "dvars_nstd": 38.85937606543083,
  "dvars_std": 1.3772372113838114,
  "dvars_vstd": 0.9964865234464755,
  "efc": 0.5632369205550134,
  "fber": 5861.78857421875,
  "fd_mean": 0.289975011064814,
  "fd_num": 257,
  "fd_perc": 66.92708333333333,
  "fwhm_avg": 2.1018023070487133,
  "fwhm_x": 1.9721624276615133,
  "fwhm_y": 2.274780493484626,
  "fwhm_z": 2.058464,
  "gcor": 0.0158258,
  "gsr_x": -0.02275795303285122,
  "gsr_y": 0.027535008266568184,
  "provenance": {
    "md5sum": "bcb99bb982a7f26b560ce058f0d7f95a",
    "settings": {
      "fd_thres": 0.2,
      "testing": false
    },
    "software": "mriqc",
    "version": "22.0.6",
    "webapi_port": null,
    "webapi_url": "https://mriqc.nimh.nih.gov/api/v1"
  },
  "size_t": 384,
  "size_x": 84,
  "size_y": 84,
  "size_z": 48,
  "snr": 5.019774441517748,
  "spacing_tr": 1.0,
  "spacing_x": 2.4761905670166016,
  "spacing_y": 2.4761905670166016,
  "spacing_z": 2.5,
  "summary_bg_k": 27.119463999923205,
  "summary_bg_mad": 2.496185017471514,
  "summary_bg_mean": 11.33134651184082,
  "summary_bg_median": 3.5927252769470215,
  "summary_bg_n": 189617.0,
  "summary_bg_p05": 1.3907206058502197,
  "summary_bg_p95": 44.34971542358394,
  "summary_bg_stdv": 23.507062911987305,
  "summary_fg_k": 3.4114982285612596,
  "summary_fg_mad": 53.14655912382058,
  "summary_fg_mean": 293.9248962402344,
  "summary_fg_median": 288.2187194824219,
  "summary_fg_n": 88688.0,
  "summary_fg_p05": 216.05391540527344,
  "summary_fg_p95": 389.2975830078124,
  "summary_fg_stdv": 57.416343688964844,
  "tsnr": 52.19403076171875
}