{
  "bids_meta": {
    "AcquisitionMatrixPE": 216,
    "AcquisitionNumber": 1,
    "AcquisitionTime": "15:50:9.712500",
    "BaseResolution": 256,
    "BodyPartExamined": "BRAIN",
    "ConsistencyInfo": "N4_VE11C_LATEST_20160120",
    "ConversionSoftware": "dcm2niix",
    "ConversionSoftwareVersion": "v1.0.20181114  Clang4.0.1",
    "DeviceSerialNumber": "67007",
    "DwellTime": 8.2e-06,
    "EchoTime": 0.00298,
    "FlipAngle": 9,
    "ImageOrientationPatientDICOM": [
      0.0366518,
      0.999328,
      5.91403e-08,
      0.0209142,
      -0.000767,
      -0.999781
    ],
    "ImageType": [
      "ORIGINAL",
      "PRIMARY",
      "M",
      "ND",
      "NORM"
    ],
    "ImagingFrequency": 123.211,
    "InPlanePhaseEncodingDirectionDICOM": "ROW",
    "InstitutionAddress": "Perth_Drive_100_London_Ontario_CA_N6A_5K8",
    "InstitutionName": "Robarts_Research_Institute",
    "InstitutionalDepartmentName": "CFMM",
    "InversionTime": 0.9,
    "MRAcquisitionType": "3D",
    "MagneticFieldStrength": 3,
    "Manufacturer": "Siemens",
    "ManufacturersModelName": "Prisma_fit",
    "Modality": "MR",
    "PartialFourier": 1,
    "PatientPosition": "HFS",
    "PercentPhaseFOV": 84.375,
    "PhaseEncodingSteps": 215,
    "PhaseResolution": 1,
    "PixelBandwidth": 240,
    "ProcedureStepDescription": "Ansari_Adaptation",
    "ProtocolName": "MPRAGE_SAG_iPAT2",
    "PulseSequenceDetails": "%SiemensSeq%_tfl",
    "ReceiveCoilActiveElements": "HEA;HEP",
    "ReceiveCoilName": "Head_32",
    "ReconMatrixPE": 256,
    "RepetitionTime": 2.3,
    "SAR": 0.0674328,
    "ScanOptions": "IR",
    "ScanningSequence": "GR_IR",
    "SequenceName": "_tfl3d1_16ns",
    "SequenceVariant": "SK_SP_MP",
    "SeriesDescription": "MPRAGE_SAG_iPAT2",
    "SeriesNumber": 10,
    "ShimSetting": [
      5267,
      -6172,
      -3867,
      337,
      -60,
      -131,
      57,
      -40
    ],
    "SliceThickness": 1,
    "SoftwareVersions": "syngo_MR_E11",
    "StationName": "MRC35368",
    "TxRefAmp": 222.764,
    "dataset": "ds002116",
    "modality": "T1w",
    "session_id": "01",
    "subject_id": "19"
  },
  "cjv": 0.27847283990361194,
  "cnr": 4.690962352331254,
  "efc": 0.5540565931077167,
  "fber": 2350.6857440166496,
  "fwhm_avg": 3.575583333333333,
  "fwhm_x": 3.54736,
  "fwhm_y": 3.73664,
  "fwhm_z": 3.44275,
  "icvs_csf": 0.1369637208266624,
  "icvs_gm": 0.5214221629365025,
  "icvs_wm": 0.34161411623683513,
  "inu_med": 0.4470340609550476,
  "inu_range": 0.1320734262466431,
  "provenance": {
    "md5sum": "b43d2de0fcf3080462bfec337630abde",
    "settings": {
      "testing": false
    },
    "software": "mriqc",
    "version": "22.0.6",
    "warnings": {
      "large_rot_frame": true,
      "small_air_mask": false
    },
    "webapi_port": null,
    "webapi_url": "https://mriqc.nimh.nih.gov/api/v1"
  },
  "qi_1": 0.0,
  "qi_2": 0.0192663931711376,
  "rpve_csf": 34.43494394699257,
  "rpve_gm": 10.741723957420959,
  "rpve_wm": 17.13155551077322,
  "size_x": 192,
  "size_y": 216,
  "size_z": 256,
  "snr_csf": 2.27359932307112,
  "snr_gm": 14.094256872484165,
  "snr_total": 13.935965836306488,
  "snr_wm": 25.44004131336418,
  "snrd_csf": 27.885960151460587,
  "snrd_gm": 59.08604120377388,
  "snrd_total": 57.09326461014427,
  "snrd_wm": 84.30779247519834,
  "spacing_x": 1.0,
  "spacing_y": 1.0,
  "spacing_z": 1.0,
  "summary_bg_k": 2.8601746109800086,
  "summary_bg_mad": 7.770769074823595,
  "summary_bg_mean": 6.2695516121432675,
  "summary_bg_median": 5.241304092109203,
  "summary_bg_n": 2478166.0,
  "summary_bg_p05": 0.0,
  "summary_bg_p95": 20.692940831184387,
  "summary_bg_stdv": 7.035211012777687,
  "summary_csf_k": 2.7797405920378573,
  "summary_csf_mad": 121.73363891566183,
  "summary_csf_mean": 339.5291947531793,
  "summary_csf_median": 330.76372609846294,
  "summary_csf_n": 13190.0,
  "summary_csf_p05": 119.05247866362333,
  "summary_csf_p95": 589.8713376805183,
  "summary_csf_stdv": 145.47470351381241,
  "summary_gm_k": 0.33102311348115254,
  "summary_gm_mad": 47.129209843410635,
  "summary_gm_mean": 701.8594859917857,
  "summary_gm_median": 700.8372328877449,
  "summary_gm_n": 77313.0,
  "summary_gm_p05": 621.6050515472889,
  "summary_gm_p95": 786.2092275932429,
  "summary_gm_stdv": 49.72470040434458,
  "summary_wm_k": 0.8893716956970104,
  "summary_wm_mad": 36.17948978343193,
  "summary_wm_mean": 1000.0520541739909,
  "summary_wm_median": 999.9999794438481,
  "summary_wm_n": 174386.0,
  "summary_wm_p05": 936.015228189528,
  "summary_wm_p95": 1063.7379809925333,
  "summary_wm_stdv": 39.30799875359617,
  "tpm_overlap_csf": 0.13380874769476547,
  "tpm_overlap_gm": 0.4800343062880418,
  "tpm_overlap_wm": 0.48781512504817515,
  "wm2max": 0.4810097570558575
}