{
  "aor": 0.003185194805194805,
  "aqi": 0.009806391662337662,
  "bids_meta": {
    "AcquisitionMatrixPE": 84,
    "AcquisitionNumber": 1,
    "AcquisitionTime": "15:34:50.802500",
    "BandwidthPerPixelPhaseEncode": 15.664,
    "BaseResolution": 84,
    "BodyPartExamined": "BRAIN",
    "ConsistencyInfo": "N4_VE11B_LATEST_20150530",
    "ConversionSoftware": "dcm2niix",
    "ConversionSoftwareVersion": "v1.0.20181114  Clang4.0.1",
    "DerivedVendorReportedEchoSpacing": 0.000760008,
    "DeviceSerialNumber": "67007",
    "DwellTime": 3.8e-06,
    "EchoTime": 0.03,
    "EchoTrainLength": 74,
    "EffectiveEchoSpacing": 0.000760008,
    "FlipAngle": 40,
    "ImageComments": "Unaliased_MB4_PE3",
    "ImageOrientationPatientDICOM": [
      0.998984,
      -0.00596376,
      0.0446786,
      0.0244147,
      0.904807,
      -0.425121
    ],
    "ImageType": [
      "ORIGINAL",
      "PRIMARY",
      "M",
      "MB",
      "ND",
      "NORM",
      "MOSAIC"
    ],
    "ImagingFrequency": 123.211,
    "InPlanePhaseEncodingDirectionDICOM": "COL",
    "InstitutionAddress": "Perth_Drive_100_London_Ontario_CA_N6A_5K8",
    "InstitutionName": "Robarts_Research_Institute",
    "InstitutionalDepartmentName": "CFMM",
    "MRAcquisitionType": "2D",
    "MagneticFieldStrength": 3,
    "Manufacturer": "Siemens",
    "ManufacturersModelName": "Prisma_fit",
    "Modality": "MR",
    "MultibandAccelerationFactor": 4,
    "PartialFourier": 0.875,
    "PatientPosition": "HFS",
    "PercentPhaseFOV": 100,
    "PhaseEncodingDirection": "j-",
    "PhaseEncodingSteps": 74,
    "PhaseResolution": 1,
    "PixelBandwidth": 1565,
    "ProcedureStepDescription": "Ansari_Adaptation",
    "ProtocolName": "ep_bold_mb4_adaptation_4",
    "PulseSequenceDetails": "%CustomerSeq%_cmrr_mbep2d_bold",
    "ReceiveCoilActiveElements": "HEA;HEP",
    "ReceiveCoilName": "Head_32",
    "ReconMatrixPE": 84,
    "RepetitionTime": 1,
    "SAR": 0.0845652,
    "ScanOptions": "PFP_FS",
    "ScanningSequence": "EP",
    "SequenceName": "epfid2d1_84",
    "SequenceVariant": "SK_SS",
    "SeriesDescription": "ep_bold_mb4_adaptation_4",
    "SeriesNumber": 8,
    "ShimSetting": [
      5266,
      -6216,
      -3750,
      753,
      150,
      -195,
      64,
      -20
    ],
    "SliceThickness": 2.5,
    "SliceTiming": [
      0,
      0.41,
      0.8175,
      0.245,
      0.655,
      0.0825,
      0.49,
      0.9,
      0.3275,
      0.735,
      0.165,
      0.5725,
      0,
      0.41,
      0.8175,
      0.245,
      0.655,
      0.0825,
      0.49,
      0.9,
      0.3275,
      0.735,
      0.165,
      0.5725,
      0,
      0.41,
      0.8175,
      0.245,
      0.655,
      0.0825,
      0.49,
      0.9,
      0.3275,
      0.735,
      0.165,
      0.5725,
      0,
      0.41,
      0.8175,
      0.245,
      0.655,
      0.0825,
      0.49,
      0.9,
      0.3275,
      0.735,
      0.165,
      0.5725
    ],
    "SoftwareVersions": "syngo_MR_E11",
    "SpacingBetweenSlices": 2.5,
    "StationName": "MRC35368",
    "TaskName": "Adaptation",
    "TotalReadoutTime": 0.0630806,
    "TxRefAmp": 216.486,
    "WipMemBlock": "20d30183-6d57-4723-b9cd-6fb96843725c||Sequence: ve11b/master r/50434d5; Mar  3 2017 10:46:13 by eja",
    "dataset": "ds002116",
    "modality": "bold",
    "run_id": 4,
    "session_id": "01",
    "subject_id": "01",
    "task_id": "Adaptation"
  },
  "dummy_trs": 1,
  "dvars_nstd": 37.07907406499999,
  "dvars_std": 1.412943942213541,
  "dvars_vstd": 1.0509663938281257,
  "efc": 0.5029331198650462,
  "fber": 6317.6416015625,
  "fd_mean": 0.2292040236707019,
  "fd_num": 213,
  "fd_perc": 55.324675324675326,
  "fwhm_avg": 1.9149256107367698,
  "fwhm_x": 1.8534478166313237,
  "fwhm_y": 1.9909531968129472,
  "fwhm_z": 1.900375818766039,
  "gcor": 0.026963,
  "gsr_x": -0.01687341369688511,
  "gsr_y": 0.01991158537566662,
  "provenance": {
    "md5sum": "6bc3ea1b46a4c7688a19ae9d4ce2eddb",
    "settings": {
      "fd_thres": 0.2,
      "testing": false
    },
    "software": "mriqc",
    "version": "22.0.6",
    "webapi_port": null,
    "webapi_url": "https://mriqc.nimh.nih.gov/api/v1"
  },
  "size_t": 385,
  "size_x": 84,
  "size_y": 84,
  "size_z": 48,
  "snr": 5.826488920172864,
  "spacing_tr": 1.0,
  "spacing_x": 2.4761905670166016,
  "spacing_y": 2.4761908054351807,
  "spacing_z": 2.500000238418579,
  "summary_bg_k": 55.337705437469175,
  "summary_bg_mad": 1.7176176696628442,
  "summary_bg_mean": 6.7475080490112305,
  "summary_bg_median": 2.9287755489349365,
  "summary_bg_n": 210730.0,
  "summary_bg_p05": 1.066812562942505,
  "summary_bg_p95": 24.801195812225327,
  "summary_bg_stdv": 13.788345336914062,
  "summary_fg_k": 4.356790984140031,
  "summary_fg_mad": 36.53100104106623,
  "summary_fg_mean": 243.0272674560547,
  "summary_fg_median": 239.7452850341797,
  "summary_fg_n": 70326.0,
  "summary_fg_p05": 187.63987350463867,
  "summary_fg_p95": 308.96136474609375,
  "summary_fg_stdv": 41.147178649902344,
  "tsnr": 57.99399185180664
}