{
  "aor": 0.0042973246753246755,
  "aqi": 0.013009139428571428,
  "bids_meta": {
    "AcquisitionMatrixPE": 84,
    "AcquisitionNumber": 1,
    "AcquisitionTime": "15:20:11.902500",
    "BandwidthPerPixelPhaseEncode": 15.664,
    "BaseResolution": 84,
    "BodyPartExamined": "BRAIN",
    "ConsistencyInfo": "N4_VE11B_LATEST_20150530",
    "ConversionSoftware": "dcm2niix",
    "ConversionSoftwareVersion": "v1.0.20181114  Clang4.0.1",
    "DerivedVendorReportedEchoSpacing": 0.000760008,
    "DeviceSerialNumber": "67007",
    "DwellTime": 3.8e-06,
    "EchoTime": 0.03,
    "EchoTrainLength": 74,
    "EffectiveEchoSpacing": 0.000760008,
    "FlipAngle": 40,
    "ImageComments": "Unaliased_MB4_PE3",
    "ImageOrientationPatientDICOM": [
      0.998984,
      -0.00596376,
      0.0446786,
      0.0244147,
      0.904807,
      -0.425121
    ],
    "ImageType": [
      "ORIGINAL",
      "PRIMARY",
      "M",
      "MB",
      "ND",
      "NORM",
      "MOSAIC"
    ],
    "ImagingFrequency": 123.211,
    "InPlanePhaseEncodingDirectionDICOM": "COL",
    "InstitutionAddress": "Perth_Drive_100_London_Ontario_CA_N6A_5K8",
    "InstitutionName": "Robarts_Research_Institute",
    "InstitutionalDepartmentName": "CFMM",
    "MRAcquisitionType": "2D",
    "MagneticFieldStrength": 3,
    "Manufacturer": "Siemens",
    "ManufacturersModelName": "Prisma_fit",
    "Modality": "MR",
    "MultibandAccelerationFactor": 4,
    "PartialFourier": 0.875,
    "PatientPosition": "HFS",
    "PercentPhaseFOV": 100,
    "PhaseEncodingDirection": "j-",
    "PhaseEncodingSteps": 74,
    "PhaseResolution": 1,
    "PixelBandwidth": 1565,
    "ProcedureStepDescription": "Ansari_Adaptation",
    "ProtocolName": "ep_bold_mb4_adaptation_2",
    "PulseSequenceDetails": "%CustomerSeq%_cmrr_mbep2d_bold",
    "ReceiveCoilActiveElements": "HEA;HEP",
    "ReceiveCoilName": "Head_32",
    "ReconMatrixPE": 84,
    "RepetitionTime": 1,
    "SAR": 0.0845652,
    "ScanOptions": "PFP_FS",
    "ScanningSequence": "EP",
    "SequenceName": "epfid2d1_84",
    "SequenceVariant": "SK_SS",
    "SeriesDescription": "ep_bold_mb4_adaptation_2",
    "SeriesNumber": 4,
    "ShimSetting": [
      5266,
      -6216,
      -3750,
      753,
      150,
      -195,
      64,
      -20
    ],
    "SliceThickness": 2.5,
    "SliceTiming": [
      0,
      0.41,
      0.8175,
      0.245,
      0.655,
      0.0825,
      0.49,
      0.9,
      0.3275,
      0.735,
      0.165,
      0.5725,
      0,
      0.41,
      0.8175,
      0.245,
      0.655,
      0.0825,
      0.49,
      0.9,
      0.3275,
      0.735,
      0.165,
      0.5725,
      0,
      0.41,
      0.8175,
      0.245,
      0.655,
      0.0825,
      0.49,
      0.9,
      0.3275,
      0.735,
      0.165,
      0.5725,
      0,
      0.41,
      0.8175,
      0.245,
      0.655,
      0.0825,
      0.49,
      0.9,
      0.3275,
      0.735,
      0.165,
      0.5725
    ],
    "SoftwareVersions": "syngo_MR_E11",
    "SpacingBetweenSlices": 2.5,
    "StationName": "MRC35368",
    "TaskName": "Adaptation",
    "TotalReadoutTime": 0.0630806,
    "TxRefAmp": 216.486,
    "WipMemBlock": "43c812fa-b9b9-4134-a212-a0bb46be4dd5||Sequence: ve11b/master r/50434d5; Mar  3 2017 10:46:13 by eja",
    "dataset": "ds002116",
    "modality": "bold",
    "run_id": 2,
    "session_id": "01",
    "subject_id": "01",
    "task_id": "Adaptation"
  },
  "dummy_trs": 1,
  "dvars_nstd": 38.68972087877605,
  "dvars_std": 1.3586345439583332,
  "dvars_vstd": 1.0339343198697923,
  "efc": 0.5031224988606301,
  "fber": 6355.294921875,
  "fd_mean": 0.30154147004582993,
  "fd_num": 264,
  "fd_perc": 68.57142857142857,
  "fwhm_avg": 1.952962722631552,
  "fwhm_x": 1.8869024307888311,
  "fwhm_y": 2.0321899220991697,
  "fwhm_z": 1.9397958150066554,
  "gcor": 0.0118768,
  "gsr_x": -0.01691586896777153,
  "gsr_y": 0.02203943580389023,
  "provenance": {
    "md5sum": "baeecb80e352f4a615e4b6383c19270f",
    "settings": {
      "fd_thres": 0.2,
      "testing": false
    },
    "software": "mriqc",
    "version": "22.0.6",
    "webapi_port": null,
    "webapi_url": "https://mriqc.nimh.nih.gov/api/v1"
  },
  "size_t": 385,
  "size_x": 84,
  "size_y": 84,
  "size_z": 48,
  "snr": 5.8366145479318465,
  "spacing_tr": 1.0,
  "spacing_x": 2.4761905670166016,
  "spacing_y": 2.4761908054351807,
  "spacing_z": 2.500000238418579,
  "summary_bg_k": 57.009057187982854,
  "summary_bg_mad": 1.6968474550079873,
  "summary_bg_mean": 6.711445331573486,
  "summary_bg_median": 2.913564443588257,
  "summary_bg_n": 210467.0,
  "summary_bg_p05": 1.0621945500373842,
  "summary_bg_p95": 24.246278381347654,
  "summary_bg_stdv": 13.809172630310059,
  "summary_fg_k": 3.793093621862015,
  "summary_fg_mad": 36.792519620868546,
  "summary_fg_mean": 241.93914794921875,
  "summary_fg_median": 238.7991485595703,
  "summary_fg_n": 70407.0,
  "summary_fg_p05": 186.0054702758789,
  "summary_fg_p95": 307.73098144531247,
  "summary_fg_stdv": 40.913692474365234,
  "tsnr": 49.07251739501953
}