{
  "bids_meta": {
    "AcquisitionMatrixPE": 224,
    "AcquisitionNumber": 1,
    "AcquisitionTime": "17:52:22.775000",
    "BaseResolution": 256,
    "BodyPartExamined": "BRAIN",
    "ConsistencyInfo": "N4_VE11C_LATEST_20160120",
    "ConversionSoftware": "dcm2niix",
    "ConversionSoftwareVersion": "v1.0.20181114  Clang4.0.1",
    "DeviceSerialNumber": "67007",
    "DwellTime": 8.2e-06,
    "EchoTime": 0.00298,
    "FlipAngle": 9,
    "ImageOrientationPatientDICOM": [
      0.0436301,
      0.999048,
      4.32015e-08,
      -0.0296292,
      0.001294,
      -0.99956
    ],
    "ImageType": [
      "ORIGINAL",
      "PRIMARY",
      "M",
      "ND",
      "NORM"
    ],
    "ImagingFrequency": 123.211,
    "InPlanePhaseEncodingDirectionDICOM": "ROW",
    "InstitutionAddress": "Perth_Drive_100_London_Ontario_CA_N6A_5K8",
    "InstitutionName": "Robarts_Research_Institute",
    "InstitutionalDepartmentName": "CFMM",
    "InversionTime": 0.9,
    "MRAcquisitionType": "3D",
    "MagneticFieldStrength": 3,
    "Manufacturer": "Siemens",
    "ManufacturersModelName": "Prisma_fit",
    "Modality": "MR",
    "PartialFourier": 1,
    "PatientPosition": "HFS",
    "PercentPhaseFOV": 87.5,
    "PhaseEncodingSteps": 223,
    "PhaseResolution": 1,
    "PixelBandwidth": 240,
    "ProcedureStepDescription": "Ansari_Adaptation",
    "ProtocolName": "MPRAGE_SAG_iPAT2",
    "PulseSequenceDetails": "%SiemensSeq%_tfl",
    "ReceiveCoilActiveElements": "HEA;HEP",
    "ReceiveCoilName": "Head_32",
    "ReconMatrixPE": 256,
    "RepetitionTime": 2.3,
    "SAR": 0.110218,
    "ScanOptions": "IR",
    "ScanningSequence": "GR_IR",
    "SequenceName": "_tfl3d1_16ns",
    "SequenceVariant": "SK_SP_MP",
    "SeriesDescription": "MPRAGE_SAG_iPAT2",
    "SeriesNumber": 10,
    "ShimSetting": [
      5227,
      -6192,
      -3919,
      511,
      58,
      44,
      205,
      -13
    ],
    "SliceThickness": 1,
    "SoftwareVersions": "syngo_MR_E11",
    "StationName": "MRC35368",
    "TxRefAmp": 228.45,
    "dataset": "ds002116",
    "modality": "T1w",
    "session_id": "01",
    "subject_id": "40"
  },
  "cjv": 0.30609470304189734,
  "cnr": 4.243231916633303,
  "efc": 0.5353717014932395,
  "fber": 2777.861967429842,
  "fwhm_avg": 3.5909666666666666,
  "fwhm_x": 3.67231,
  "fwhm_y": 3.72906,
  "fwhm_z": 3.37153,
  "icvs_csf": 0.20283921105428876,
  "icvs_gm": 0.4927189116667361,
  "icvs_wm": 0.30444187727897515,
  "inu_med": 0.5084861814975739,
  "inu_range": 0.16685500741004944,
  "provenance": {
    "md5sum": "c6fa4b93f8c3ec9ec859841f5270d51c",
    "settings": {
      "testing": false
    },
    "software": "mriqc",
    "version": "22.0.6",
    "warnings": {
      "large_rot_frame": true,
      "small_air_mask": false
    },
    "webapi_port": null,
    "webapi_url": "https://mriqc.nimh.nih.gov/api/v1"
  },
  "qi_1": 0.0,
  "qi_2": 0.023210589070783036,
  "rpve_csf": 27.068474074880225,
  "rpve_gm": 12.276851758859182,
  "rpve_wm": 21.000919168795082,
  "size_x": 192,
  "size_y": 224,
  "size_z": 256,
  "snr_csf": 2.971204827330046,
  "snr_gm": 14.81866450995979,
  "snr_total": 13.97851946143566,
  "snr_wm": 24.145689047017143,
  "snrd_csf": 23.3857967157606,
  "snrd_gm": 54.6012857688809,
  "snrd_total": 51.0792969298682,
  "snrd_wm": 75.2508083049631,
  "spacing_x": 1.0,
  "spacing_y": 1.0,
  "spacing_z": 1.0,
  "summary_bg_k": 2.1995998193217305,
  "summary_bg_mad": 8.706340706947953,
  "summary_bg_mean": 8.050555072012415,
  "summary_bg_median": 5.872337568551302,
  "summary_bg_n": 2638847.0,
  "summary_bg_p05": 0.0,
  "summary_bg_p95": 24.045311227440834,
  "summary_bg_stdv": 8.337103746924363,
  "summary_csf_k": 1.9025814113835713,
  "summary_csf_mad": 89.4331802796547,
  "summary_csf_mean": 322.3916981982476,
  "summary_csf_median": 310.78217285871506,
  "summary_csf_n": 30093.0,
  "summary_csf_p05": 170.14490022584798,
  "summary_csf_p95": 518.148658903688,
  "summary_csf_stdv": 104.59629247427505,
  "summary_gm_k": 0.38126041703720714,
  "summary_gm_mad": 45.927235149373374,
  "summary_gm_mean": 725.747737344534,
  "summary_gm_median": 725.6159128714353,
  "summary_gm_n": 42066.0,
  "summary_gm_p05": 645.0189484320581,
  "summary_gm_p95": 806.5603529065847,
  "summary_gm_stdv": 48.96576797463504,
  "summary_wm_k": 0.7343147634614451,
  "summary_wm_mad": 38.07092178955347,
  "summary_wm_mean": 999.3102359892448,
  "summary_wm_median": 1000.0347646325827,
  "summary_wm_n": 140392.0,
  "summary_wm_p05": 929.8794418461621,
  "summary_wm_p95": 1066.020380269736,
  "summary_wm_stdv": 41.41655270630904,
  "tpm_overlap_csf": 0.15625971060784752,
  "tpm_overlap_gm": 0.4871525194912971,
  "tpm_overlap_wm": 0.5029777462475746,
  "wm2max": 0.4866418667568482
}