{
  "aor": 0.0007514805194805196,
  "aqi": 0.008924659194805194,
  "bids_meta": {
    "AcquisitionMatrixPE": 84,
    "AcquisitionNumber": 1,
    "AcquisitionTime": "17:08:19.460000",
    "BandwidthPerPixelPhaseEncode": 15.664,
    "BaseResolution": 84,
    "BodyPartExamined": "BRAIN",
    "ConsistencyInfo": "N4_VE11C_LATEST_20160120",
    "ConversionSoftware": "dcm2niix",
    "ConversionSoftwareVersion": "v1.0.20181114  Clang4.0.1",
    "DerivedVendorReportedEchoSpacing": 0.000760008,
    "DeviceSerialNumber": "67007",
    "DwellTime": 3.8e-06,
    "EchoTime": 0.03,
    "EchoTrainLength": 74,
    "EffectiveEchoSpacing": 0.000760008,
    "FlipAngle": 40,
    "ImageComments": "Unaliased_MB4_PE3",
    "ImageOrientationPatientDICOM": [
      0.999098,
      -0.0149535,
      -0.0397423,
      1.47697e-09,
      0.93594,
      -0.352159
    ],
    "ImageType": [
      "ORIGINAL",
      "PRIMARY",
      "M",
      "MB",
      "ND",
      "NORM",
      "MOSAIC"
    ],
    "ImagingFrequency": 123.211,
    "InPlanePhaseEncodingDirectionDICOM": "COL",
    "InstitutionAddress": "Perth_Drive_100_London_Ontario_CA_N6A_5K8",
    "InstitutionName": "Robarts_Research_Institute",
    "InstitutionalDepartmentName": "CFMM",
    "MRAcquisitionType": "2D",
    "MagneticFieldStrength": 3,
    "Manufacturer": "Siemens",
    "ManufacturersModelName": "Prisma_fit",
    "Modality": "MR",
    "MultibandAccelerationFactor": 4,
    "PartialFourier": 0.875,
    "PatientPosition": "HFS",
    "PercentPhaseFOV": 100,
    "PhaseEncodingDirection": "j-",
    "PhaseEncodingSteps": 74,
    "PhaseResolution": 1,
    "PixelBandwidth": 1565,
    "ProcedureStepDescription": "Ansari_Adaptation",
    "ProtocolName": "ep_bold_mb4_adaptation_4",
    "PulseSequenceDetails": "%CustomerSeq%_cmrr_mbep2d_bold",
    "ReceiveCoilActiveElements": "HEA;HEP",
    "ReceiveCoilName": "Head_32",
    "ReconMatrixPE": 84,
    "RepetitionTime": 1,
    "SAR": 0.066489,
    "ScanOptions": "PFP_FS",
    "ScanningSequence": "EP",
    "SequenceName": "epfid2d1_84",
    "SequenceVariant": "SK_SS",
    "SeriesDescription": "ep_bold_mb4_adaptation_4",
    "SeriesNumber": 8,
    "ShimSetting": [
      5226,
      -6172,
      -3934,
      607,
      -95,
      143,
      73,
      -1
    ],
    "SliceThickness": 2.5,
    "SliceTiming": [
      0,
      0.4075,
      0.815,
      0.245,
      0.6525,
      0.08,
      0.49,
      0.8975,
      0.325,
      0.735,
      0.1625,
      0.57,
      0,
      0.4075,
      0.815,
      0.245,
      0.6525,
      0.08,
      0.49,
      0.8975,
      0.325,
      0.735,
      0.1625,
      0.57,
      0,
      0.4075,
      0.815,
      0.245,
      0.6525,
      0.08,
      0.49,
      0.8975,
      0.325,
      0.735,
      0.1625,
      0.57,
      0,
      0.4075,
      0.815,
      0.245,
      0.6525,
      0.08,
      0.49,
      0.8975,
      0.325,
      0.735,
      0.1625,
      0.57
    ],
    "SoftwareVersions": "syngo_MR_E11",
    "SpacingBetweenSlices": 2.5,
    "StationName": "MRC35368",
    "TaskName": "Adaptation",
    "TotalReadoutTime": 0.0630806,
    "TxRefAmp": 226.717,
    "WipMemBlock": "d630fd98-cc54-425c-a703-5f02e8f6bd76||Sequence: R016 ve11c/master r/e634e98; Dec 19 2017 11:00:25 by eja",
    "dataset": "ds002116",
    "modality": "bold",
    "run_id": 4,
    "session_id": "01",
    "subject_id": "11",
    "task_id": "Adaptation"
  },
  "dummy_trs": 1,
  "dvars_nstd": 27.995332335390625,
  "dvars_std": 1.24070665484375,
  "dvars_vstd": 1.0010050993229165,
  "efc": 0.5101012532250305,
  "fber": 7358.59521484375,
  "fd_mean": 0.125395283265706,
  "fd_num": 33,
  "fd_perc": 8.571428571428571,
  "fwhm_avg": 1.9509306860256324,
  "fwhm_x": 1.8512428167122028,
  "fwhm_y": 2.0955374231361454,
  "fwhm_z": 1.9060118182285484,
  "gcor": 0.0196078,
  "gsr_x": -0.01226141769438982,
  "gsr_y": 0.02206439897418022,
  "provenance": {
    "md5sum": "43537d6ceeb556d7c3fdc59d3b3a5b19",
    "settings": {
      "fd_thres": 0.2,
      "testing": false
    },
    "software": "mriqc",
    "version": "22.0.6",
    "webapi_port": null,
    "webapi_url": "https://mriqc.nimh.nih.gov/api/v1"
  },
  "size_t": 385,
  "size_x": 84,
  "size_y": 84,
  "size_z": 48,
  "snr": 5.710578636138197,
  "spacing_tr": 1.0,
  "spacing_x": 2.4761905670166016,
  "spacing_y": 2.4761905670166016,
  "spacing_z": 2.500000238418579,
  "summary_bg_k": 27.912140238964657,
  "summary_bg_mad": 1.8994967829214682,
  "summary_bg_mean": 9.595300674438477,
  "summary_bg_median": 2.904888391494751,
  "summary_bg_n": 211497.0,
  "summary_bg_p05": 1.1388200521469116,
  "summary_bg_p95": 38.888899993896416,
  "summary_bg_stdv": 20.238462448120117,
  "summary_fg_k": 4.073548716116557,
  "summary_fg_mad": 41.02697145578711,
  "summary_fg_mean": 260.649169921875,
  "summary_fg_median": 256.723876953125,
  "summary_fg_n": 68899.0,
  "summary_fg_p05": 200.51648406982423,
  "summary_fg_p95": 332.6719177246094,
  "summary_fg_stdv": 44.95551681518555,
  "tsnr": 59.53291702270508
}