{
  "bids_meta": {
    "AcquisitionMatrixPE": 224,
    "AcquisitionNumber": 1,
    "AcquisitionTime": "18:44:38.552500",
    "BaseResolution": 256,
    "BodyPartExamined": "BRAIN",
    "ConsistencyInfo": "N4_VE11C_LATEST_20160120",
    "ConversionSoftware": "dcm2niix",
    "ConversionSoftwareVersion": "v1.0.20181114  Clang4.0.1",
    "DeviceSerialNumber": "67007",
    "DwellTime": 8.2e-06,
    "EchoTime": 0.00298,
    "FlipAngle": 9,
    "ImageOrientationPatientDICOM": [
      0,
      1,
      0,
      0,
      0,
      -1
    ],
    "ImageType": [
      "ORIGINAL",
      "PRIMARY",
      "M",
      "ND",
      "NORM"
    ],
    "ImagingFrequency": 123.211,
    "InPlanePhaseEncodingDirectionDICOM": "ROW",
    "InstitutionAddress": "Perth_Drive_100_London_Ontario_CA_N6A_5K8",
    "InstitutionName": "Robarts_Research_Institute",
    "InstitutionalDepartmentName": "CFMM",
    "InversionTime": 0.9,
    "MRAcquisitionType": "3D",
    "MagneticFieldStrength": 3,
    "Manufacturer": "Siemens",
    "ManufacturersModelName": "Prisma_fit",
    "Modality": "MR",
    "PartialFourier": 1,
    "PatientPosition": "HFS",
    "PercentPhaseFOV": 87.5,
    "PhaseEncodingSteps": 230,
    "PhaseOversampling": 0.03,
    "PhaseResolution": 1,
    "PixelBandwidth": 240,
    "ProcedureStepDescription": "Ansari_Adaptation",
    "ProtocolName": "MPRAGE_SAG_iPAT2",
    "PulseSequenceDetails": "%SiemensSeq%_tfl",
    "ReceiveCoilActiveElements": "HEA;HEP",
    "ReceiveCoilName": "Head_32",
    "ReconMatrixPE": 256,
    "RepetitionTime": 2.3,
    "SAR": 0.0611578,
    "ScanOptions": "IR",
    "ScanningSequence": "GR_IR",
    "SequenceName": "_tfl3d1_16ns",
    "SequenceVariant": "SK_SP_MP_OSP",
    "SeriesDescription": "MPRAGE_SAG_iPAT2",
    "SeriesNumber": 30,
    "ShimSetting": [
      5270,
      -6187,
      -3941,
      473,
      77,
      -124,
      -4,
      -77
    ],
    "SliceThickness": 1,
    "SoftwareVersions": "syngo_MR_E11",
    "StationName": "MRC35368",
    "TxRefAmp": 246.428,
    "dataset": "ds002116",
    "modality": "T1w",
    "session_id": "01",
    "subject_id": "04"
  },
  "cjv": 0.3212576943733229,
  "cnr": 3.999611036905163,
  "efc": 0.5849181161132071,
  "fber": 1538.3099315292384,
  "fwhm_avg": 3.62251,
  "fwhm_x": 3.57571,
  "fwhm_y": 3.85259,
  "fwhm_z": 3.43923,
  "icvs_csf": 0.1771820870340291,
  "icvs_gm": 0.5024637742053573,
  "icvs_wm": 0.3203541387606137,
  "inu_med": 0.5219969749450684,
  "inu_range": 0.19045096039772025,
  "provenance": {
    "md5sum": "548c6bea4ddd31c7029a07305172b8dc",
    "settings": {
      "testing": false
    },
    "software": "mriqc",
    "version": "22.0.6",
    "warnings": {
      "large_rot_frame": true,
      "small_air_mask": false
    },
    "webapi_port": null,
    "webapi_url": "https://mriqc.nimh.nih.gov/api/v1"
  },
  "qi_1": 0.0,
  "qi_2": 0.02071454890087213,
  "rpve_csf": 28.925137081323907,
  "rpve_gm": 11.473328352318177,
  "rpve_wm": 18.766952483274924,
  "size_x": 192,
  "size_y": 224,
  "size_z": 256,
  "snr_csf": 2.3183975047805845,
  "snr_gm": 14.900213933387137,
  "snr_total": 13.178191094222216,
  "snr_wm": 22.31596184449893,
  "snrd_csf": 25.80890063321824,
  "snrd_gm": 56.466728380039626,
  "snrd_total": 53.38042260481592,
  "snrd_wm": 77.86563880118987,
  "spacing_x": 1.0,
  "spacing_y": 1.0,
  "spacing_z": 1.0,
  "summary_bg_k": 5705.5725821701735,
  "summary_bg_mad": 8.41367804472,
  "summary_bg_mean": 9.110735008071863,
  "summary_bg_median": 5.674939602613449,
  "summary_bg_n": 2160301.0,
  "summary_bg_p05": 0.0,
  "summary_bg_p95": 29.09352369606495,
  "summary_bg_stdv": 18.563114352969656,
  "summary_csf_k": 13.177865713578331,
  "summary_csf_mad": 113.86510953854398,
  "summary_csf_mean": 344.63574273977883,
  "summary_csf_median": 331.4543057233095,
  "summary_csf_n": 25667.0,
  "summary_csf_p05": 133.19461576640606,
  "summary_csf_p95": 563.888481967151,
  "summary_csf_stdv": 142.96420185009725,
  "summary_gm_k": 0.3212157902507844,
  "summary_gm_mad": 46.27522924595999,
  "summary_gm_mean": 724.3373777661159,
  "summary_gm_median": 725.1816153526306,
  "summary_gm_n": 46207.0,
  "summary_gm_p05": 642.5166618078947,
  "summary_gm_p95": 803.8741111755371,
  "summary_gm_stdv": 48.66868163472067,
  "summary_wm_k": 0.598512658022659,
  "summary_wm_mad": 42.01229903663519,
  "summary_wm_mean": 999.6580080679829,
  "summary_wm_median": 1000.0000238418579,
  "summary_wm_n": 156546.0,
  "summary_wm_p05": 925.4313174635172,
  "summary_wm_p95": 1072.4500861018896,
  "summary_wm_stdv": 44.810832571566095,
  "tpm_overlap_csf": 0.1368735738861461,
  "tpm_overlap_gm": 0.4781921864500297,
  "tpm_overlap_wm": 0.4811929959103906,
  "wm2max": 0.47133508086806114
}