{
  "bids_meta": {
    "AcquisitionMatrixPE": 240,
    "AcquisitionNumber": 1,
    "AcquisitionTime": "19:15:40.362500",
    "BaseResolution": 256,
    "BodyPartExamined": "BRAIN",
    "ConsistencyInfo": "N4_VE11B_LATEST_20150530",
    "ConversionSoftware": "dcm2niix",
    "ConversionSoftwareVersion": "v1.0.20181114  Clang4.0.1",
    "DeviceSerialNumber": "67007",
    "DwellTime": 8.2e-06,
    "EchoTime": 0.00298,
    "FlipAngle": 9,
    "ImageOrientationPatientDICOM": [
      0,
      1,
      0,
      0,
      0,
      -1
    ],
    "ImageType": [
      "ORIGINAL",
      "PRIMARY",
      "M",
      "ND",
      "NORM"
    ],
    "ImagingFrequency": 123.211,
    "InPlanePhaseEncodingDirectionDICOM": "ROW",
    "InstitutionAddress": "Perth_Drive_100_London_Ontario_CA_N6A_5K8",
    "InstitutionName": "Robarts_Research_Institute",
    "InstitutionalDepartmentName": "CFMM",
    "InversionTime": 0.9,
    "MRAcquisitionType": "3D",
    "MagneticFieldStrength": 3,
    "Manufacturer": "Siemens",
    "ManufacturersModelName": "Prisma_fit",
    "Modality": "MR",
    "PartialFourier": 1,
    "PatientPosition": "HFS",
    "PercentPhaseFOV": 93.75,
    "PhaseEncodingSteps": 247,
    "PhaseOversampling": 0.03,
    "PhaseResolution": 1,
    "PixelBandwidth": 240,
    "ProcedureStepDescription": "Ansari_Adaptation",
    "ProtocolName": "MPRAGE_SAG_iPAT2",
    "PulseSequenceDetails": "%SiemensSeq%_tfl",
    "ReceiveCoilActiveElements": "HEA;HEP",
    "ReceiveCoilName": "Head_32",
    "ReconMatrixPE": 256,
    "RepetitionTime": 2.3,
    "SAR": 0.0688916,
    "ScanOptions": "IR",
    "ScanningSequence": "GR_IR",
    "SequenceName": "_tfl3d1_16ns",
    "SequenceVariant": "SK_SP_MP_OSP",
    "SeriesDescription": "MPRAGE_SAG_iPAT2",
    "SeriesNumber": 37,
    "ShimSetting": [
      5255,
      -6174,
      -3911,
      407,
      -6,
      -110,
      50,
      -31
    ],
    "SliceThickness": 1,
    "SoftwareVersions": "syngo_MR_E11",
    "StationName": "MRC35368",
    "TxRefAmp": 242.766,
    "dataset": "ds002116",
    "modality": "T1w",
    "session_id": "01",
    "subject_id": "03"
  },
  "cjv": 0.29968437122652497,
  "cnr": 4.197623932585483,
  "efc": 0.6002524310645693,
  "fber": 1128.5785964922059,
  "fwhm_avg": 3.5225833333333334,
  "fwhm_x": 3.53222,
  "fwhm_y": 3.68892,
  "fwhm_z": 3.34661,
  "icvs_csf": 0.15060280268445903,
  "icvs_gm": 0.4999823657941372,
  "icvs_wm": 0.3494148315214038,
  "inu_med": 0.43406032025814056,
  "inu_range": 0.13191293627023692,
  "provenance": {
    "md5sum": "acd68c36b38e672c9a83ef1607ee2db5",
    "settings": {
      "testing": false
    },
    "software": "mriqc",
    "version": "22.0.6",
    "warnings": {
      "large_rot_frame": true,
      "small_air_mask": false
    },
    "webapi_port": null,
    "webapi_url": "https://mriqc.nimh.nih.gov/api/v1"
  },
  "qi_1": 0.0,
  "qi_2": 0.02412233571101151,
  "rpve_csf": 31.134012162653594,
  "rpve_gm": 10.85582413771889,
  "rpve_wm": 16.58020905883885,
  "size_x": 192,
  "size_y": 240,
  "size_z": 256,
  "snr_csf": 2.770640134260769,
  "snr_gm": 13.736809867674411,
  "snr_total": 13.335425727945143,
  "snr_wm": 23.498827181900246,
  "snrd_csf": 25.6398494112556,
  "snrd_gm": 53.96560082167616,
  "snrd_total": 51.9247767060239,
  "snrd_wm": 76.16887988513993,
  "spacing_x": 1.0,
  "spacing_y": 1.0,
  "spacing_z": 1.0,
  "summary_bg_k": 4676.418039262992,
  "summary_bg_mad": 8.601103357250356,
  "summary_bg_mean": 9.467977257083655,
  "summary_bg_median": 5.801356054842472,
  "summary_bg_n": 2235401.0,
  "summary_bg_p05": 0.0,
  "summary_bg_p95": 26.175998102873564,
  "summary_bg_stdv": 18.746597100025298,
  "summary_csf_k": 8.735989076463445,
  "summary_csf_mad": 95.13027568621477,
  "summary_csf_mean": 355.4272958444632,
  "summary_csf_median": 336.61844289302826,
  "summary_csf_n": 22645.0,
  "summary_csf_p05": 190.50814533829688,
  "summary_csf_p95": 569.0501227095723,
  "summary_csf_stdv": 121.4921440489952,
  "summary_gm_k": 0.2700883294103007,
  "summary_gm_mad": 48.91229860990563,
  "summary_gm_mean": 709.769384690909,
  "summary_gm_median": 708.4993451796472,
  "summary_gm_n": 67311.0,
  "summary_gm_p05": 625.9523391462862,
  "summary_gm_p95": 796.8127593398094,
  "summary_gm_stdv": 51.576318599850126,
  "summary_wm_k": 0.9680717493407531,
  "summary_wm_mad": 38.44589572939617,
  "summary_wm_mean": 1000.7518708076525,
  "summary_wm_median": 1000.0000129714608,
  "summary_wm_n": 213509.0,
  "summary_wm_p05": 932.4107201397419,
  "summary_wm_p95": 1071.2238903194666,
  "summary_wm_stdv": 42.555216198928896,
  "tpm_overlap_csf": 0.14175182436808836,
  "tpm_overlap_gm": 0.46752173873658737,
  "tpm_overlap_wm": 0.5055627400720716,
  "wm2max": 0.5047739498184872
}