{
  "aor": 0.0004071168831168832,
  "aqi": 0.006269433246753247,
  "bids_meta": {
    "AcquisitionMatrixPE": 84,
    "AcquisitionNumber": 1,
    "AcquisitionTime": "17:09:17.945000",
    "BandwidthPerPixelPhaseEncode": 15.664,
    "BaseResolution": 84,
    "BodyPartExamined": "BRAIN",
    "ConsistencyInfo": "N4_VE11C_LATEST_20160120",
    "ConversionSoftware": "dcm2niix",
    "ConversionSoftwareVersion": "v1.0.20181114  Clang4.0.1",
    "DerivedVendorReportedEchoSpacing": 0.000760008,
    "DeviceSerialNumber": "67007",
    "DwellTime": 3.8e-06,
    "EchoTime": 0.03,
    "EchoTrainLength": 74,
    "EffectiveEchoSpacing": 0.000760008,
    "FlipAngle": 40,
    "ImageComments": "Unaliased_MB4_PE3",
    "ImageOrientationPatientDICOM": [
      0.999123,
      0.0116677,
      -0.0402204,
      -0.0244181,
      0.94256,
      -0.333142
    ],
    "ImageType": [
      "ORIGINAL",
      "PRIMARY",
      "M",
      "MB",
      "ND",
      "NORM",
      "MOSAIC"
    ],
    "ImagingFrequency": 123.211,
    "InPlanePhaseEncodingDirectionDICOM": "COL",
    "InstitutionAddress": "Perth_Drive_100_London_Ontario_CA_N6A_5K8",
    "InstitutionName": "Robarts",
    "InstitutionalDepartmentName": "CFMM",
    "MRAcquisitionType": "2D",
    "MagneticFieldStrength": 3,
    "Manufacturer": "Siemens",
    "ManufacturersModelName": "Prisma_fit",
    "Modality": "MR",
    "MultibandAccelerationFactor": 4,
    "PartialFourier": 0.875,
    "PatientPosition": "HFS",
    "PercentPhaseFOV": 100,
    "PhaseEncodingDirection": "j-",
    "PhaseEncodingSteps": 74,
    "PhaseResolution": 1,
    "PixelBandwidth": 1565,
    "ProcedureStepDescription": "Ansari_Adaptation",
    "ProtocolName": "ep_bold_mb4_adaptation_1",
    "PulseSequenceDetails": "%CustomerSeq%_cmrr_mbep2d_bold",
    "ReceiveCoilActiveElements": "HEA;HEP",
    "ReceiveCoilName": "Head_32",
    "ReconMatrixPE": 84,
    "RepetitionTime": 1,
    "SAR": 0.0607206,
    "ScanOptions": "PFP_FS",
    "ScanningSequence": "EP",
    "SequenceName": "epfid2d1_84",
    "SequenceVariant": "SK_SS",
    "SeriesDescription": "ep_bold_mb4_adaptation_1",
    "SeriesNumber": 2,
    "ShimSetting": [
      5245,
      -6235,
      -3767,
      665,
      212,
      28,
      137,
      -7
    ],
    "SliceThickness": 2.5,
    "SliceTiming": [
      0,
      0.41,
      0.8175,
      0.245,
      0.655,
      0.0825,
      0.49,
      0.9,
      0.3275,
      0.735,
      0.165,
      0.5725,
      0,
      0.41,
      0.8175,
      0.245,
      0.655,
      0.0825,
      0.49,
      0.9,
      0.3275,
      0.735,
      0.165,
      0.5725,
      0,
      0.41,
      0.8175,
      0.245,
      0.655,
      0.0825,
      0.49,
      0.9,
      0.3275,
      0.735,
      0.165,
      0.5725,
      0,
      0.41,
      0.8175,
      0.245,
      0.655,
      0.0825,
      0.49,
      0.9,
      0.3275,
      0.735,
      0.165,
      0.5725
    ],
    "SoftwareVersions": "syngo_MR_E11",
    "SpacingBetweenSlices": 2.5,
    "StationName": "MRC35368",
    "TaskName": "Adaptation",
    "TotalReadoutTime": 0.0630806,
    "TxRefAmp": 221.399,
    "WipMemBlock": "f6fa7e8d-3ff5-4788-b140-d860238aa98f||Sequence: R016 ve11c/master r/e634e98; Dec 19 2017 11:00:25 by eja",
    "dataset": "ds002116",
    "modality": "bold",
    "run_id": 1,
    "session_id": "01",
    "subject_id": "32",
    "task_id": "Adaptation"
  },
  "dummy_trs": 1,
  "dvars_nstd": 39.32577584164063,
  "dvars_std": 1.4458973720052086,
  "dvars_vstd": 0.9919960108072922,
  "efc": 0.5591034636955918,
  "fber": 5577.9130859375,
  "fd_mean": 0.17412231594246688,
  "fd_num": 144,
  "fd_perc": 37.4025974025974,
  "fwhm_avg": 2.023360373397667,
  "fwhm_x": 1.9213747372167025,
  "fwhm_y": 2.141838382976298,
  "fwhm_z": 2.006868,
  "gcor": 0.027084,
  "gsr_x": -0.02123383618891239,
  "gsr_y": 0.024600572884082794,
  "provenance": {
    "md5sum": "a6c2bfc08eeb2e1d9066a0e04b39a504",
    "settings": {
      "fd_thres": 0.2,
      "testing": false
    },
    "software": "mriqc",
    "version": "22.0.6",
    "webapi_port": null,
    "webapi_url": "https://mriqc.nimh.nih.gov/api/v1"
  },
  "size_t": 385,
  "size_x": 84,
  "size_y": 84,
  "size_z": 48,
  "snr": 5.120046261845004,
  "spacing_tr": 1.0,
  "spacing_x": 2.4761905670166016,
  "spacing_y": 2.4761905670166016,
  "spacing_z": 2.5,
  "summary_bg_k": 40.64909649621379,
  "summary_bg_mad": 2.3823561782860527,
  "summary_bg_mean": 10.588732719421387,
  "summary_bg_median": 3.5002667903900146,
  "summary_bg_n": 190627.0,
  "summary_bg_p05": 1.3254199862480163,
  "summary_bg_p95": 40.55972137451172,
  "summary_bg_stdv": 21.70191192626953,
  "summary_fg_k": 2.9331246930985184,
  "summary_fg_mad": 49.42287162588185,
  "summary_fg_mean": 278.8215637207031,
  "summary_fg_median": 274.0096740722656,
  "summary_fg_n": 87082.0,
  "summary_fg_p05": 203.1641502380371,
  "summary_fg_p95": 367.89305572509767,
  "summary_fg_stdv": 53.5167236328125,
  "tsnr": 64.04351043701172
}