{
  "aor": 0.00040365535248041773,
  "aqi": 0.005389290992167102,
  "bids_meta": {
    "AcquisitionMatrixPE": 84,
    "AcquisitionNumber": 1,
    "AcquisitionTime": "17:16:40.087500",
    "BandwidthPerPixelPhaseEncode": 15.664,
    "BaseResolution": 84,
    "BodyPartExamined": "BRAIN",
    "ConsistencyInfo": "N4_VE11C_LATEST_20160120",
    "ConversionSoftware": "dcm2niix",
    "ConversionSoftwareVersion": "v1.0.20181114  Clang4.0.1",
    "DerivedVendorReportedEchoSpacing": 0.000760008,
    "DeviceSerialNumber": "67007",
    "DwellTime": 3.8e-06,
    "EchoTime": 0.03,
    "EchoTrainLength": 74,
    "EffectiveEchoSpacing": 0.000760008,
    "FlipAngle": 40,
    "ImageComments": "Unaliased_MB4_PE3",
    "ImageOrientationPatientDICOM": [
      0.999123,
      0.0116677,
      -0.0402204,
      -0.0244181,
      0.94256,
      -0.333142
    ],
    "ImageType": [
      "ORIGINAL",
      "PRIMARY",
      "M",
      "MB",
      "ND",
      "NORM",
      "MOSAIC"
    ],
    "ImagingFrequency": 123.211,
    "InPlanePhaseEncodingDirectionDICOM": "COL",
    "InstitutionAddress": "Perth_Drive_100_London_Ontario_CA_N6A_5K8",
    "InstitutionName": "Robarts",
    "InstitutionalDepartmentName": "CFMM",
    "MRAcquisitionType": "2D",
    "MagneticFieldStrength": 3,
    "Manufacturer": "Siemens",
    "ManufacturersModelName": "Prisma_fit",
    "Modality": "MR",
    "MultibandAccelerationFactor": 4,
    "PartialFourier": 0.875,
    "PatientPosition": "HFS",
    "PercentPhaseFOV": 100,
    "PhaseEncodingDirection": "j-",
    "PhaseEncodingSteps": 74,
    "PhaseResolution": 1,
    "PixelBandwidth": 1565,
    "ProcedureStepDescription": "Ansari_Adaptation",
    "ProtocolName": "ep_bold_mb4_adaptation_2",
    "PulseSequenceDetails": "%CustomerSeq%_cmrr_mbep2d_bold",
    "ReceiveCoilActiveElements": "HEA;HEP",
    "ReceiveCoilName": "Head_32",
    "ReconMatrixPE": 84,
    "RepetitionTime": 1,
    "SAR": 0.0607206,
    "ScanOptions": "PFP_FS",
    "ScanningSequence": "EP",
    "SequenceName": "epfid2d1_84",
    "SequenceVariant": "SK_SS",
    "SeriesDescription": "ep_bold_mb4_adaptation_2",
    "SeriesNumber": 4,
    "ShimSetting": [
      5245,
      -6235,
      -3767,
      665,
      212,
      28,
      137,
      -7
    ],
    "SliceThickness": 2.5,
    "SliceTiming": [
      0,
      0.4075,
      0.8175,
      0.245,
      0.6525,
      0.0825,
      0.49,
      0.8975,
      0.3275,
      0.735,
      0.1625,
      0.5725,
      0,
      0.4075,
      0.8175,
      0.245,
      0.6525,
      0.0825,
      0.49,
      0.8975,
      0.3275,
      0.735,
      0.1625,
      0.5725,
      0,
      0.4075,
      0.8175,
      0.245,
      0.6525,
      0.0825,
      0.49,
      0.8975,
      0.3275,
      0.735,
      0.1625,
      0.5725,
      0,
      0.4075,
      0.8175,
      0.245,
      0.6525,
      0.0825,
      0.49,
      0.8975,
      0.3275,
      0.735,
      0.1625,
      0.5725
    ],
    "SoftwareVersions": "syngo_MR_E11",
    "SpacingBetweenSlices": 2.5,
    "StationName": "MRC35368",
    "TaskName": "Adaptation",
    "TotalReadoutTime": 0.0630806,
    "TxRefAmp": 221.399,
    "WipMemBlock": "66873e86-3c03-4173-8583-e05db0e58de3||Sequence: R016 ve11c/master r/e634e98; Dec 19 2017 11:00:25 by eja",
    "dataset": "ds002116",
    "modality": "bold",
    "run_id": 2,
    "session_id": "01",
    "subject_id": "32",
    "task_id": "Adaptation"
  },
  "dummy_trs": 3,
  "dvars_nstd": 38.253567550811525,
  "dvars_std": 1.4484004381413615,
  "dvars_vstd": 0.9988893257853398,
  "efc": 0.5592979165195194,
  "fber": 5536.712890625,
  "fd_mean": 0.17718092630019755,
  "fd_num": 162,
  "fd_perc": 42.297650130548305,
  "fwhm_avg": 2.0092552584076198,
  "fwhm_x": 1.904534353219019,
  "fwhm_y": 2.1264074220038407,
  "fwhm_z": 1.9968240000000002,
  "gcor": 0.0102807,
  "gsr_x": -0.021513283252716064,
  "gsr_y": 0.024243522435426712,
  "provenance": {
    "md5sum": "672773549eebff23d4efa589b3e4db08",
    "settings": {
      "fd_thres": 0.2,
      "testing": false
    },
    "software": "mriqc",
    "version": "22.0.6",
    "webapi_port": null,
    "webapi_url": "https://mriqc.nimh.nih.gov/api/v1"
  },
  "size_t": 383,
  "size_x": 84,
  "size_y": 84,
  "size_z": 48,
  "snr": 5.123942101450772,
  "spacing_tr": 1.0,
  "spacing_x": 2.4761905670166016,
  "spacing_y": 2.4761905670166016,
  "spacing_z": 2.5,
  "summary_bg_k": 40.81825943210886,
  "summary_bg_mad": 2.3906558866740264,
  "summary_bg_mean": 10.589508056640625,
  "summary_bg_median": 3.5087289810180664,
  "summary_bg_n": 190658.0,
  "summary_bg_p05": 1.3211380243301392,
  "summary_bg_p95": 40.74376697540282,
  "summary_bg_stdv": 21.469011306762695,
  "summary_fg_k": 3.016740986810377,
  "summary_fg_mad": 49.170322952385035,
  "summary_fg_mean": 278.6470642089844,
  "summary_fg_median": 273.87579345703125,
  "summary_fg_n": 87062.0,
  "summary_fg_p05": 203.37787246704102,
  "summary_fg_p95": 367.4751815795898,
  "summary_fg_stdv": 53.44990539550781,
  "tsnr": 68.68257904052734
}