{
  "aor": 0.0004202088772845954,
  "aqi": 0.005256605744125327,
  "bids_meta": {
    "AcquisitionMatrixPE": 84,
    "AcquisitionNumber": 1,
    "AcquisitionTime": "17:31:14.352500",
    "BandwidthPerPixelPhaseEncode": 15.664,
    "BaseResolution": 84,
    "BodyPartExamined": "BRAIN",
    "ConsistencyInfo": "N4_VE11C_LATEST_20160120",
    "ConversionSoftware": "dcm2niix",
    "ConversionSoftwareVersion": "v1.0.20181114  Clang4.0.1",
    "DerivedVendorReportedEchoSpacing": 0.000760008,
    "DeviceSerialNumber": "67007",
    "DwellTime": 3.8e-06,
    "EchoTime": 0.03,
    "EchoTrainLength": 74,
    "EffectiveEchoSpacing": 0.000760008,
    "FlipAngle": 40,
    "ImageComments": "Unaliased_MB4_PE3",
    "ImageOrientationPatientDICOM": [
      0.999123,
      0.0116677,
      -0.0402204,
      -0.0244181,
      0.94256,
      -0.333142
    ],
    "ImageType": [
      "ORIGINAL",
      "PRIMARY",
      "M",
      "MB",
      "ND",
      "NORM",
      "MOSAIC"
    ],
    "ImagingFrequency": 123.211,
    "InPlanePhaseEncodingDirectionDICOM": "COL",
    "InstitutionAddress": "Perth_Drive_100_London_Ontario_CA_N6A_5K8",
    "InstitutionName": "Robarts",
    "InstitutionalDepartmentName": "CFMM",
    "MRAcquisitionType": "2D",
    "MagneticFieldStrength": 3,
    "Manufacturer": "Siemens",
    "ManufacturersModelName": "Prisma_fit",
    "Modality": "MR",
    "MultibandAccelerationFactor": 4,
    "PartialFourier": 0.875,
    "PatientPosition": "HFS",
    "PercentPhaseFOV": 100,
    "PhaseEncodingDirection": "j-",
    "PhaseEncodingSteps": 74,
    "PhaseResolution": 1,
    "PixelBandwidth": 1565,
    "ProcedureStepDescription": "Ansari_Adaptation",
    "ProtocolName": "ep_bold_mb4_adaptation_4",
    "PulseSequenceDetails": "%CustomerSeq%_cmrr_mbep2d_bold",
    "ReceiveCoilActiveElements": "HEA;HEP",
    "ReceiveCoilName": "Head_32",
    "ReconMatrixPE": 84,
    "RepetitionTime": 1,
    "SAR": 0.0607206,
    "ScanOptions": "PFP_FS",
    "ScanningSequence": "EP",
    "SequenceName": "epfid2d1_84",
    "SequenceVariant": "SK_SS",
    "SeriesDescription": "ep_bold_mb4_adaptation_4",
    "SeriesNumber": 8,
    "ShimSetting": [
      5245,
      -6235,
      -3767,
      665,
      212,
      28,
      137,
      -7
    ],
    "SliceThickness": 2.5,
    "SliceTiming": [
      0,
      0.41,
      0.8175,
      0.245,
      0.655,
      0.0825,
      0.49,
      0.9,
      0.3275,
      0.735,
      0.165,
      0.5725,
      0,
      0.41,
      0.8175,
      0.245,
      0.655,
      0.0825,
      0.49,
      0.9,
      0.3275,
      0.735,
      0.165,
      0.5725,
      0,
      0.41,
      0.8175,
      0.245,
      0.655,
      0.0825,
      0.49,
      0.9,
      0.3275,
      0.735,
      0.165,
      0.5725,
      0,
      0.41,
      0.8175,
      0.245,
      0.655,
      0.0825,
      0.49,
      0.9,
      0.3275,
      0.735,
      0.165,
      0.5725
    ],
    "SoftwareVersions": "syngo_MR_E11",
    "SpacingBetweenSlices": 2.5,
    "StationName": "MRC35368",
    "TaskName": "Adaptation",
    "TotalReadoutTime": 0.0630806,
    "TxRefAmp": 221.399,
    "WipMemBlock": "5fc93f4a-6223-426d-9e9f-5848deb1ac63||Sequence: R016 ve11c/master r/e634e98; Dec 19 2017 11:00:25 by eja",
    "dataset": "ds002116",
    "modality": "bold",
    "run_id": 4,
    "session_id": "01",
    "subject_id": "32",
    "task_id": "Adaptation"
  },
  "dummy_trs": 3,
  "dvars_nstd": 37.40490433052355,
  "dvars_std": 1.4320468700523556,
  "dvars_vstd": 0.998677961413613,
  "efc": 0.559329347897701,
  "fber": 5534.20166015625,
  "fd_mean": 0.1769300421187581,
  "fd_num": 168,
  "fd_perc": 43.86422976501306,
  "fwhm_avg": 1.9924028742558821,
  "fwhm_x": 1.8856141616053155,
  "fwhm_y": 2.10740646116233,
  "fwhm_z": 1.984188,
  "gcor": 0.00993117,
  "gsr_x": -0.021362610161304474,
  "gsr_y": 0.02430116944015026,
  "provenance": {
    "md5sum": "50dcc018525d11753b20ce433702b761",
    "settings": {
      "fd_thres": 0.2,
      "testing": false
    },
    "software": "mriqc",
    "version": "22.0.6",
    "webapi_port": null,
    "webapi_url": "https://mriqc.nimh.nih.gov/api/v1"
  },
  "size_t": 383,
  "size_x": 84,
  "size_y": 84,
  "size_z": 48,
  "snr": 5.133007792369521,
  "spacing_tr": 1.0,
  "spacing_x": 2.4761905670166016,
  "spacing_y": 2.4761905670166016,
  "spacing_z": 2.5,
  "summary_bg_k": 39.22482911287189,
  "summary_bg_mad": 2.383938177642542,
  "summary_bg_mean": 10.645569801330566,
  "summary_bg_median": 3.5181615352630615,
  "summary_bg_n": 190719.0,
  "summary_bg_p05": 1.335257351398468,
  "summary_bg_p95": 41.28378448486331,
  "summary_bg_stdv": 21.483810424804688,
  "summary_fg_k": 3.127826028657397,
  "summary_fg_mad": 48.96600590623584,
  "summary_fg_mean": 278.8022155761719,
  "summary_fg_median": 274.03936767578125,
  "summary_fg_n": 86942.0,
  "summary_fg_p05": 203.70840301513672,
  "summary_fg_p95": 366.9230926513672,
  "summary_fg_stdv": 53.38737106323242,
  "tsnr": 69.28951263427734
}