{
  "bids_meta": {
    "AcquisitionMatrixPE": 248,
    "AcquisitionNumber": 1,
    "AcquisitionTime": "15:11:38.055000",
    "BaseResolution": 256,
    "BodyPartExamined": "BRAIN",
    "ConsistencyInfo": "N4_VE11C_LATEST_20160120",
    "ConversionSoftware": "dcm2niix",
    "ConversionSoftwareVersion": "v1.0.20181114  Clang4.0.1",
    "DeviceSerialNumber": "67007",
    "DwellTime": 8.2e-06,
    "EchoTime": 0.00298,
    "FlipAngle": 9,
    "ImageOrientationPatientDICOM": [
      0,
      1,
      0,
      0,
      0,
      -1
    ],
    "ImageType": [
      "ORIGINAL",
      "PRIMARY",
      "M",
      "ND",
      "NORM"
    ],
    "ImagingFrequency": 123.211,
    "InPlanePhaseEncodingDirectionDICOM": "ROW",
    "InstitutionAddress": "Perth_Drive_100_London_Ontario_CA_N6A_5K8",
    "InstitutionName": "Robarts_Research_Institute",
    "InstitutionalDepartmentName": "CFMM",
    "InversionTime": 0.9,
    "MRAcquisitionType": "3D",
    "MagneticFieldStrength": 3,
    "Manufacturer": "Siemens",
    "ManufacturersModelName": "Prisma_fit",
    "Modality": "MR",
    "PartialFourier": 1,
    "PatientPosition": "HFS",
    "PercentPhaseFOV": 96.875,
    "PhaseEncodingSteps": 247,
    "PhaseResolution": 1,
    "PixelBandwidth": 240,
    "ProcedureStepDescription": "Ansari_Adaptation",
    "ProtocolName": "MPRAGE_SAG_iPAT2",
    "PulseSequenceDetails": "%SiemensSeq%_tfl",
    "ReceiveCoilActiveElements": "HEA;HEP;SP1",
    "ReceiveCoilName": "Spine_32",
    "ReconMatrixPE": 256,
    "RepetitionTime": 2.3,
    "SAR": 0.0914297,
    "ScanOptions": "IR",
    "ScanningSequence": "GR_IR",
    "SequenceName": "_tfl3d1_16ns",
    "SequenceVariant": "SK_SP_MP",
    "SeriesDescription": "MPRAGE_SAG_iPAT2",
    "SeriesNumber": 10,
    "ShimSetting": [
      5245,
      -6125,
      -3930,
      397,
      1,
      -250,
      173,
      0
    ],
    "SliceThickness": 1,
    "SoftwareVersions": "syngo_MR_E11",
    "StationName": "MRC35368",
    "TxRefAmp": 247.364,
    "dataset": "ds002116",
    "modality": "T1w",
    "session_id": "01",
    "subject_id": "38"
  },
  "cjv": 0.325093835713106,
  "cnr": 4.097789912362528,
  "efc": 0.5678561896221983,
  "fber": 2548.0238546264413,
  "fwhm_avg": 3.6802166666666665,
  "fwhm_x": 3.68527,
  "fwhm_y": 3.94975,
  "fwhm_z": 3.40563,
  "icvs_csf": 0.18261209735974693,
  "icvs_gm": 0.49576152737579227,
  "icvs_wm": 0.3216263752644608,
  "inu_med": 0.4807916283607483,
  "inu_range": 0.13003028035163877,
  "provenance": {
    "md5sum": "c6245727b1451d1e7e7f4544a91fea7b",
    "settings": {
      "testing": false
    },
    "software": "mriqc",
    "version": "22.0.6",
    "warnings": {
      "large_rot_frame": true,
      "small_air_mask": false
    },
    "webapi_port": null,
    "webapi_url": "https://mriqc.nimh.nih.gov/api/v1"
  },
  "qi_1": 0.0,
  "qi_2": 0.017362807007171244,
  "rpve_csf": 28.656218287620195,
  "rpve_gm": 11.996897558621885,
  "rpve_wm": 19.624741282202972,
  "size_x": 192,
  "size_y": 248,
  "size_z": 256,
  "snr_csf": 2.739478675950235,
  "snr_gm": 15.134190321483786,
  "snr_total": 13.32806100891755,
  "snr_wm": 22.11051402931863,
  "snrd_csf": 32.81882911376902,
  "snrd_gm": 80.80618810330662,
  "snrd_total": 74.89496365373539,
  "snrd_wm": 111.05987374413053,
  "spacing_x": 1.0,
  "spacing_y": 1.0,
  "spacing_z": 1.0,
  "summary_bg_k": 3.9083312767712517,
  "summary_bg_mad": 5.898947990746697,
  "summary_bg_mean": 6.6545468728982415,
  "summary_bg_median": 3.9787799566984177,
  "summary_bg_n": 2586007.0,
  "summary_bg_p05": 0.0,
  "summary_bg_p95": 21.34527863562107,
  "summary_bg_stdv": 7.901873146299737,
  "summary_csf_k": 2.501168770320356,
  "summary_csf_mad": 74.12640305353396,
  "summary_csf_mean": 309.18253267365657,
  "summary_csf_median": 295.50573904812336,
  "summary_csf_n": 28494.0,
  "summary_csf_p05": 141.30799670740961,
  "summary_csf_p95": 513.9645312555133,
  "summary_csf_stdv": 107.86744069006211,
  "summary_gm_k": 0.22374017618714115,
  "summary_gm_mad": 46.74638030403043,
  "summary_gm_mean": 726.0005448665398,
  "summary_gm_median": 727.5912328362465,
  "summary_gm_n": 46190.0,
  "summary_gm_p05": 643.7365684658289,
  "summary_gm_p95": 802.1370535343885,
  "summary_gm_stdv": 48.07547290402485,
  "summary_wm_k": 0.8209586728509541,
  "summary_wm_mad": 41.812040160827216,
  "summary_wm_mean": 1001.434244162408,
  "summary_wm_median": 1000.000029116869,
  "summary_wm_n": 168752.0,
  "summary_wm_p05": 929.6081547886133,
  "summary_wm_p95": 1077.5737263858318,
  "summary_wm_stdv": 45.227219270368224,
  "tpm_overlap_csf": 0.16349914542321436,
  "tpm_overlap_gm": 0.47884920218313126,
  "tpm_overlap_wm": 0.4756764038707436,
  "wm2max": 0.6666110629211984
}