{
  "aor": 0.004534285714285714,
  "aqi": 0.011873341298701299,
  "bids_meta": {
    "AcquisitionMatrixPE": 84,
    "AcquisitionNumber": 1,
    "AcquisitionTime": "18:13:34.917500",
    "BandwidthPerPixelPhaseEncode": 15.664,
    "BaseResolution": 84,
    "BodyPartExamined": "BRAIN",
    "ConsistencyInfo": "N4_VE11C_LATEST_20160120",
    "ConversionSoftware": "dcm2niix",
    "ConversionSoftwareVersion": "v1.0.20181114  Clang4.0.1",
    "DerivedVendorReportedEchoSpacing": 0.000760008,
    "DeviceSerialNumber": "67007",
    "DwellTime": 3.8e-06,
    "EchoTime": 0.03,
    "EchoTrainLength": 74,
    "EffectiveEchoSpacing": 0.000760008,
    "FlipAngle": 40,
    "ImageComments": "Unaliased_MB4_PE3",
    "ImageOrientationPatientDICOM": [
      0.999662,
      -0.00298984,
      0.025831,
      6.29532e-08,
      0.993368,
      0.114976
    ],
    "ImageType": [
      "ORIGINAL",
      "PRIMARY",
      "FMRI",
      "NONE",
      "MB",
      "ND",
      "NORM",
      "MOSAIC"
    ],
    "ImagingFrequency": 123.211,
    "InPlanePhaseEncodingDirectionDICOM": "COL",
    "InstitutionAddress": "Perth_Drive_100_London_Ontario_CA_N6A_5K8",
    "InstitutionName": "Robarts_Research_Institute",
    "InstitutionalDepartmentName": "CFMM",
    "MRAcquisitionType": "2D",
    "MagneticFieldStrength": 3,
    "Manufacturer": "Siemens",
    "ManufacturersModelName": "Prisma_fit",
    "Modality": "MR",
    "MultibandAccelerationFactor": 4,
    "PartialFourier": 0.875,
    "PatientPosition": "HFS",
    "PercentPhaseFOV": 100,
    "PhaseEncodingDirection": "j-",
    "PhaseEncodingSteps": 74,
    "PhaseResolution": 1,
    "PixelBandwidth": 1565,
    "ProcedureStepDescription": "Ansari_Adaptation",
    "ProtocolName": "ep_bold_mb4_adaptation_1",
    "PulseSequenceDetails": "%CustomerSeq%_cmrr_mbep2d_bold",
    "ReceiveCoilActiveElements": "HEA;HEP",
    "ReceiveCoilName": "Head_32",
    "ReconMatrixPE": 84,
    "RepetitionTime": 1,
    "SAR": 0.0798336,
    "ScanOptions": "PFP_FS",
    "ScanningSequence": "EP",
    "SequenceName": "epfid2d1_84",
    "SequenceVariant": "SK_SS",
    "SeriesDescription": "ep_bold_mb4_adaptation_1",
    "SeriesNumber": 2,
    "ShimSetting": [
      5240,
      -6258,
      -3836,
      522,
      87,
      148,
      31,
      -11
    ],
    "SliceThickness": 2.5,
    "SliceTiming": [
      0,
      0.41,
      0.8175,
      0.245,
      0.655,
      0.0825,
      0.49,
      0.9,
      0.3275,
      0.735,
      0.165,
      0.5725,
      0,
      0.41,
      0.8175,
      0.245,
      0.655,
      0.0825,
      0.49,
      0.9,
      0.3275,
      0.735,
      0.165,
      0.5725,
      0,
      0.41,
      0.8175,
      0.245,
      0.655,
      0.0825,
      0.49,
      0.9,
      0.3275,
      0.735,
      0.165,
      0.5725,
      0,
      0.41,
      0.8175,
      0.245,
      0.655,
      0.0825,
      0.49,
      0.9,
      0.3275,
      0.735,
      0.165,
      0.5725
    ],
    "SoftwareVersions": "syngo_MR_E11",
    "SpacingBetweenSlices": 2.5,
    "StationName": "MRC35368",
    "TaskName": "Adaptation",
    "TotalReadoutTime": 0.0630806,
    "TxRefAmp": 227.682,
    "WipMemBlock": "0321a4d5-6686-4568-89d0-b08df25616d4||Sequence: R016 ve11c/master r/e634e98; Dec 19 2017 11:00:25 by eja",
    "dataset": "ds002116",
    "modality": "bold",
    "run_id": 1,
    "session_id": "01",
    "subject_id": "07",
    "task_id": "Adaptation"
  },
  "dummy_trs": 1,
  "dvars_nstd": 37.45942797263017,
  "dvars_std": 1.3619397874999992,
  "dvars_vstd": 1.043987751302084,
  "efc": 0.5358184463894163,
  "fber": 6060.79443359375,
  "fd_mean": 0.22177588012153157,
  "fd_num": 212,
  "fd_perc": 55.064935064935064,
  "fwhm_avg": 2.0588079486329023,
  "fwhm_x": 1.903092622502671,
  "fwhm_y": 2.298167223396036,
  "fwhm_z": 1.975164,
  "gcor": 0.0194062,
  "gsr_x": -0.016179485246539116,
  "gsr_y": 0.04974598065018654,
  "provenance": {
    "md5sum": "f652a77f2dc11f6f5ae305980cdcbe87",
    "settings": {
      "fd_thres": 0.2,
      "testing": false
    },
    "software": "mriqc",
    "version": "22.0.6",
    "webapi_port": null,
    "webapi_url": "https://mriqc.nimh.nih.gov/api/v1"
  },
  "size_t": 385,
  "size_x": 84,
  "size_y": 84,
  "size_z": 48,
  "snr": 4.939235685172904,
  "spacing_tr": 1.0,
  "spacing_x": 2.4761905670166016,
  "spacing_y": 2.4761905670166016,
  "spacing_z": 2.5,
  "summary_bg_k": 37.96566764775328,
  "summary_bg_mad": 2.2267871936392925,
  "summary_bg_mean": 9.074868202209473,
  "summary_bg_median": 3.107823610305786,
  "summary_bg_n": 200101.0,
  "summary_bg_p05": 1.096825361251831,
  "summary_bg_p95": 32.83773422241211,
  "summary_bg_stdv": 18.28125762939453,
  "summary_fg_k": 2.3733098613101493,
  "summary_fg_mad": 48.815598788777734,
  "summary_fg_mean": 254.4540557861328,
  "summary_fg_median": 249.89276123046875,
  "summary_fg_n": 79818.0,
  "summary_fg_p05": 184.11578063964845,
  "summary_fg_p95": 338.6263519287109,
  "summary_fg_stdv": 50.59309005737305,
  "tsnr": 47.5207633972168
}