{
  "aor": 0.0024843636363636365,
  "aqi": 0.00766948251948052,
  "bids_meta": {
    "AcquisitionMatrixPE": 84,
    "AcquisitionNumber": 1,
    "AcquisitionTime": "18:21:19.005000",
    "BandwidthPerPixelPhaseEncode": 15.664,
    "BaseResolution": 84,
    "BodyPartExamined": "BRAIN",
    "ConsistencyInfo": "N4_VE11C_LATEST_20160120",
    "ConversionSoftware": "dcm2niix",
    "ConversionSoftwareVersion": "v1.0.20181114  Clang4.0.1",
    "DerivedVendorReportedEchoSpacing": 0.000760008,
    "DeviceSerialNumber": "67007",
    "DwellTime": 3.8e-06,
    "EchoTime": 0.03,
    "EchoTrainLength": 74,
    "EffectiveEchoSpacing": 0.000760008,
    "FlipAngle": 40,
    "ImageComments": "Unaliased_MB4_PE3",
    "ImageOrientationPatientDICOM": [
      0.999662,
      -0.00298984,
      0.025831,
      6.29532e-08,
      0.993368,
      0.114976
    ],
    "ImageType": [
      "ORIGINAL",
      "PRIMARY",
      "FMRI",
      "NONE",
      "MB",
      "ND",
      "NORM",
      "MOSAIC"
    ],
    "ImagingFrequency": 123.211,
    "InPlanePhaseEncodingDirectionDICOM": "COL",
    "InstitutionAddress": "Perth_Drive_100_London_Ontario_CA_N6A_5K8",
    "InstitutionName": "Robarts_Research_Institute",
    "InstitutionalDepartmentName": "CFMM",
    "MRAcquisitionType": "2D",
    "MagneticFieldStrength": 3,
    "Manufacturer": "Siemens",
    "ManufacturersModelName": "Prisma_fit",
    "Modality": "MR",
    "MultibandAccelerationFactor": 4,
    "PartialFourier": 0.875,
    "PatientPosition": "HFS",
    "PercentPhaseFOV": 100,
    "PhaseEncodingDirection": "j-",
    "PhaseEncodingSteps": 74,
    "PhaseResolution": 1,
    "PixelBandwidth": 1565,
    "ProcedureStepDescription": "Ansari_Adaptation",
    "ProtocolName": "ep_bold_mb4_adaptation_2",
    "PulseSequenceDetails": "%CustomerSeq%_cmrr_mbep2d_bold",
    "ReceiveCoilActiveElements": "HEA;HEP",
    "ReceiveCoilName": "Head_32",
    "ReconMatrixPE": 84,
    "RepetitionTime": 1,
    "SAR": 0.0798336,
    "ScanOptions": "PFP_FS",
    "ScanningSequence": "EP",
    "SequenceName": "epfid2d1_84",
    "SequenceVariant": "SK_SS",
    "SeriesDescription": "ep_bold_mb4_adaptation_2",
    "SeriesNumber": 9,
    "ShimSetting": [
      5240,
      -6258,
      -3836,
      522,
      87,
      148,
      31,
      -11
    ],
    "SliceThickness": 2.5,
    "SliceTiming": [
      0,
      0.41,
      0.8175,
      0.245,
      0.655,
      0.0825,
      0.49,
      0.9,
      0.3275,
      0.735,
      0.165,
      0.5725,
      0,
      0.41,
      0.8175,
      0.245,
      0.655,
      0.0825,
      0.49,
      0.9,
      0.3275,
      0.735,
      0.165,
      0.5725,
      0,
      0.41,
      0.8175,
      0.245,
      0.655,
      0.0825,
      0.49,
      0.9,
      0.3275,
      0.735,
      0.165,
      0.5725,
      0,
      0.41,
      0.8175,
      0.245,
      0.655,
      0.0825,
      0.49,
      0.9,
      0.3275,
      0.735,
      0.165,
      0.5725
    ],
    "SoftwareVersions": "syngo_MR_E11",
    "SpacingBetweenSlices": 2.5,
    "StationName": "MRC35368",
    "TaskName": "Adaptation",
    "TotalReadoutTime": 0.0630806,
    "TxRefAmp": 227.682,
    "WipMemBlock": "d34f0907-80d6-4cea-8da3-0ba6fc7e6128||Sequence: R016 ve11c/master r/e634e98; Dec 19 2017 11:00:25 by eja",
    "dataset": "ds002116",
    "modality": "bold",
    "run_id": 2,
    "session_id": "01",
    "subject_id": "07",
    "task_id": "Adaptation"
  },
  "dummy_trs": 1,
  "dvars_nstd": 37.51641505440106,
  "dvars_std": 1.3791308994010414,
  "dvars_vstd": 1.0330555875260419,
  "efc": 0.5362695558548884,
  "fber": 5973.68505859375,
  "fd_mean": 0.22782999859058284,
  "fd_num": 216,
  "fd_perc": 56.103896103896105,
  "fwhm_avg": 2.0567220257020353,
  "fwhm_x": 1.8982868534481763,
  "fwhm_y": 2.29102722365793,
  "fwhm_z": 1.980852,
  "gcor": 0.0144127,
  "gsr_x": -0.015399965457618237,
  "gsr_y": 0.04874252527952194,
  "provenance": {
    "md5sum": "0a02b6704f2c3b146822dbd7a6b21a71",
    "settings": {
      "fd_thres": 0.2,
      "testing": false
    },
    "software": "mriqc",
    "version": "22.0.6",
    "webapi_port": null,
    "webapi_url": "https://mriqc.nimh.nih.gov/api/v1"
  },
  "size_t": 385,
  "size_x": 84,
  "size_y": 84,
  "size_z": 48,
  "snr": 4.92845208588433,
  "spacing_tr": 1.0,
  "spacing_x": 2.4761905670166016,
  "spacing_y": 2.4761905670166016,
  "spacing_z": 2.5,
  "summary_bg_k": 39.66623411844953,
  "summary_bg_mad": 2.2105477961560682,
  "summary_bg_mean": 9.077630996704102,
  "summary_bg_median": 3.123488187789917,
  "summary_bg_n": 199956.0,
  "summary_bg_p05": 1.0981256663799286,
  "summary_bg_p95": 33.0830020904541,
  "summary_bg_stdv": 18.259471893310547,
  "summary_fg_k": 2.4235275643489524,
  "summary_fg_mad": 48.75174617705697,
  "summary_fg_mean": 254.29791259765625,
  "summary_fg_median": 249.70228576660156,
  "summary_fg_n": 79997.0,
  "summary_fg_p05": 184.13266296386718,
  "summary_fg_p95": 338.77679443359375,
  "summary_fg_stdv": 50.66514205932617,
  "tsnr": 56.10353088378906
}