{
  "bids_meta": {
    "AcquisitionMatrixPE": 240,
    "AcquisitionNumber": 1,
    "AcquisitionTime": "18:49:53.315000",
    "BaseResolution": 256,
    "BodyPartExamined": "BRAIN",
    "ConsistencyInfo": "N4_VE11C_LATEST_20160120",
    "ConversionSoftware": "dcm2niix",
    "ConversionSoftwareVersion": "v1.0.20181114  Clang4.0.1",
    "DeviceSerialNumber": "67007",
    "DwellTime": 8.2e-06,
    "EchoTime": 0.00298,
    "FlipAngle": 9,
    "ImageOrientationPatientDICOM": [
      -0.0540887,
      0.998536,
      1.59931e-08,
      -0.0191413,
      -0.00103683,
      -0.999816
    ],
    "ImageType": [
      "ORIGINAL",
      "PRIMARY",
      "M",
      "ND",
      "NORM"
    ],
    "ImagingFrequency": 123.211,
    "InPlanePhaseEncodingDirectionDICOM": "ROW",
    "InstitutionAddress": "Perth_Drive_100_London_Ontario_CA_N6A_5K8",
    "InstitutionName": "Robarts-CFMM",
    "InstitutionalDepartmentName": "CFMM",
    "InversionTime": 0.9,
    "MRAcquisitionType": "3D",
    "MagneticFieldStrength": 3,
    "Manufacturer": "Siemens",
    "ManufacturersModelName": "Prisma_fit",
    "Modality": "MR",
    "PartialFourier": 1,
    "PatientPosition": "HFS",
    "PercentPhaseFOV": 93.75,
    "PhaseEncodingSteps": 247,
    "PhaseOversampling": 0.03,
    "PhaseResolution": 1,
    "PixelBandwidth": 240,
    "ProcedureStepDescription": "Ansari_Adaptation",
    "ProtocolName": "MPRAGE_SAG_iPAT2",
    "PulseSequenceDetails": "%SiemensSeq%_tfl",
    "ReceiveCoilActiveElements": "HEA;HEP",
    "ReceiveCoilName": "Head_32",
    "ReconMatrixPE": 256,
    "RepetitionTime": 2.3,
    "SAR": 0.0616369,
    "ScanOptions": "IR",
    "ScanningSequence": "GR_IR",
    "SequenceName": "_tfl3d1_16ns",
    "SequenceVariant": "SK_SP_MP_OSP",
    "SeriesDescription": "MPRAGE_SAG_iPAT2",
    "SeriesNumber": 10,
    "ShimSetting": [
      5259,
      -6207,
      -3802,
      303,
      48,
      -174,
      44,
      -39
    ],
    "SliceThickness": 1,
    "SoftwareVersions": "syngo_MR_E11",
    "StationName": "MRC35368",
    "TxRefAmp": 227.155,
    "dataset": "ds002116",
    "modality": "T1w",
    "session_id": "01",
    "subject_id": "31"
  },
  "cjv": 0.31628370817824697,
  "cnr": 4.1665980563606375,
  "efc": 0.5601432596776482,
  "fber": 2840.4844709948015,
  "fwhm_avg": 3.7522,
  "fwhm_x": 3.79604,
  "fwhm_y": 3.90807,
  "fwhm_z": 3.55249,
  "icvs_csf": 0.15675461243360078,
  "icvs_gm": 0.49592238960141327,
  "icvs_wm": 0.34732299796498595,
  "inu_med": 0.5019832253456116,
  "inu_range": 0.18379874825477588,
  "provenance": {
    "md5sum": "91eb9ba8b42e602d4ab2b4ccc1e47a3a",
    "settings": {
      "testing": false
    },
    "software": "mriqc",
    "version": "22.0.6",
    "warnings": {
      "large_rot_frame": true,
      "small_air_mask": false
    },
    "webapi_port": null,
    "webapi_url": "https://mriqc.nimh.nih.gov/api/v1"
  },
  "qi_1": 0.0,
  "qi_2": 0.016249457486709192,
  "rpve_csf": 27.782955812243543,
  "rpve_gm": 10.374960050421278,
  "rpve_wm": 16.06116833677785,
  "size_x": 192,
  "size_y": 240,
  "size_z": 256,
  "snr_csf": 2.631565296751364,
  "snr_gm": 12.869167853292346,
  "snr_total": 12.75104667671514,
  "snr_wm": 22.752406880101706,
  "snrd_csf": 28.408491988734607,
  "snrd_gm": 60.55927406137461,
  "snrd_total": 58.27062597260184,
  "snrd_wm": 85.84411186769633,
  "spacing_x": 1.0,
  "spacing_y": 1.0,
  "spacing_z": 1.0,
  "summary_bg_k": 6.8021609304477195,
  "summary_bg_mad": 7.631969862178984,
  "summary_bg_mean": 6.113935124864545,
  "summary_bg_median": 5.147685445845127,
  "summary_bg_n": 2991442.0,
  "summary_bg_p05": 0.0,
  "summary_bg_p95": 21.44277247786522,
  "summary_bg_stdv": 7.790047322988715,
  "summary_csf_k": 0.6134957291922074,
  "summary_csf_mad": 113.16369105989529,
  "summary_csf_mean": 340.31822617345233,
  "summary_csf_median": 330.9429222494364,
  "summary_csf_n": 18479.0,
  "summary_csf_p05": 135.50838170200586,
  "summary_csf_p95": 557.5156345523893,
  "summary_csf_stdv": 125.75555999650597,
  "summary_gm_k": 0.06498316686488614,
  "summary_gm_mad": 53.634326134899204,
  "summary_gm_mean": 706.563026539955,
  "summary_gm_median": 705.4814150333405,
  "summary_gm_n": 56802.0,
  "summary_gm_p05": 617.0477292016149,
  "summary_gm_p95": 799.2757939845324,
  "summary_gm_stdv": 54.81902272495913,
  "summary_wm_k": 1.1671326513979237,
  "summary_wm_mad": 39.52834045859598,
  "summary_wm_mean": 1000.7721593757949,
  "summary_wm_median": 1000.0355263724923,
  "summary_wm_n": 204948.0,
  "summary_wm_p05": 930.5240222141147,
  "summary_wm_p95": 1072.6001405194402,
  "summary_wm_stdv": 43.95284823752887,
  "tpm_overlap_csf": 0.14234188298684075,
  "tpm_overlap_gm": 0.46197563875784453,
  "tpm_overlap_wm": 0.4867054312150095,
  "wm2max": 0.4969872628245961
}