{
  "bids_meta": {
    "AcquisitionMatrixPE": 224,
    "AcquisitionNumber": 1,
    "AcquisitionTime": "12:53:46.795000",
    "BaseResolution": 256,
    "BodyPartExamined": "BRAIN",
    "ConsistencyInfo": "N4_VE11C_LATEST_20160120",
    "ConversionSoftware": "dcm2niix",
    "ConversionSoftwareVersion": "v1.0.20181114  Clang4.0.1",
    "DeviceSerialNumber": "67007",
    "DwellTime": 8.2e-06,
    "EchoTime": 0.00298,
    "FlipAngle": 9,
    "ImageOrientationPatientDICOM": [
      0,
      1,
      0,
      -0.0331552,
      0,
      -0.99945
    ],
    "ImageType": [
      "ORIGINAL",
      "PRIMARY",
      "M",
      "ND",
      "NORM"
    ],
    "ImagingFrequency": 123.211,
    "InPlanePhaseEncodingDirectionDICOM": "ROW",
    "InstitutionAddress": "Perth_Drive_100_London_Ontario_CA_N6A_5K8",
    "InstitutionName": "Robarts_Research_Institute",
    "InstitutionalDepartmentName": "CFMM",
    "InversionTime": 0.9,
    "MRAcquisitionType": "3D",
    "MagneticFieldStrength": 3,
    "Manufacturer": "Siemens",
    "ManufacturersModelName": "Prisma_fit",
    "Modality": "MR",
    "PartialFourier": 1,
    "PatientPosition": "HFS",
    "PercentPhaseFOV": 87.5,
    "PhaseEncodingSteps": 223,
    "PhaseResolution": 1,
    "PixelBandwidth": 240,
    "ProcedureStepDescription": "Ansari_Adaptation",
    "ProtocolName": "MPRAGE_SAG_iPAT2",
    "PulseSequenceDetails": "%SiemensSeq%_tfl",
    "ReceiveCoilActiveElements": "HEA;HEP;SP1",
    "ReceiveCoilName": "Spine_32",
    "ReconMatrixPE": 256,
    "RepetitionTime": 2.3,
    "SAR": 0.0889075,
    "ScanOptions": "IR",
    "ScanningSequence": "GR_IR",
    "SequenceName": "_tfl3d1_16ns",
    "SequenceVariant": "SK_SP_MP",
    "SeriesDescription": "MPRAGE_SAG_iPAT2",
    "SeriesNumber": 10,
    "ShimSetting": [
      5211,
      -6169,
      -4012,
      585,
      16,
      -109,
      124,
      16
    ],
    "SliceThickness": 1,
    "SoftwareVersions": "syngo_MR_E11",
    "StationName": "MRC35368",
    "TxRefAmp": 246.153,
    "dataset": "ds002116",
    "modality": "T1w",
    "session_id": "01",
    "subject_id": "22"
  },
  "cjv": 0.3323234524204038,
  "cnr": 3.944885023969885,
  "efc": 0.49240903540117764,
  "fber": 2451.184051263795,
  "fwhm_avg": 3.3297833333333333,
  "fwhm_x": 3.45444,
  "fwhm_y": 3.43898,
  "fwhm_z": 3.09593,
  "icvs_csf": 0.16174642282357835,
  "icvs_gm": 0.5127672182625191,
  "icvs_wm": 0.32548635891390254,
  "inu_med": 0.5040671527385712,
  "inu_range": 0.14572405070066452,
  "provenance": {
    "md5sum": "db49ed260f747b4b057179c8d69b2948",
    "settings": {
      "testing": false
    },
    "software": "mriqc",
    "version": "22.0.6",
    "warnings": {
      "large_rot_frame": true,
      "small_air_mask": false
    },
    "webapi_port": null,
    "webapi_url": "https://mriqc.nimh.nih.gov/api/v1"
  },
  "qi_1": 0.0,
  "qi_2": 0.020053874216510417,
  "rpve_csf": 34.36140491796592,
  "rpve_gm": 12.578676553871475,
  "rpve_wm": 20.721038008677848,
  "size_x": 192,
  "size_y": 224,
  "size_z": 256,
  "snr_csf": 2.5625722509858573,
  "snr_gm": 14.656010527955942,
  "snr_total": 12.734473556944364,
  "snr_wm": 20.98483789189129,
  "snrd_csf": 16.774270644672566,
  "snrd_gm": 37.87099142999087,
  "snrd_total": 35.663092869157595,
  "snrd_wm": 52.344016532809334,
  "spacing_x": 1.0,
  "spacing_y": 1.0,
  "spacing_z": 1.0,
  "summary_bg_k": 5231.83971510608,
  "summary_bg_mad": 12.516410333934566,
  "summary_bg_mean": 10.866677402073469,
  "summary_bg_median": 9.519177742302418,
  "summary_bg_n": 3255275.0,
  "summary_bg_p05": 0.0,
  "summary_bg_p95": 33.004448376595974,
  "summary_bg_stdv": 14.315556611276396,
  "summary_csf_k": 8.409018424431093,
  "summary_csf_mad": 93.66704605868316,
  "summary_csf_mean": 332.30222850398906,
  "summary_csf_median": 320.4731937367469,
  "summary_csf_n": 15216.0,
  "summary_csf_p05": 145.48013429157436,
  "summary_csf_p95": 551.2871978441253,
  "summary_csf_stdv": 125.05507411317237,
  "summary_gm_k": 0.1422459595933847,
  "summary_gm_mad": 48.15985046184699,
  "summary_gm_mean": 723.526807362305,
  "summary_gm_median": 723.5269914641976,
  "summary_gm_n": 39440.0,
  "summary_gm_p05": 641.5022518672049,
  "summary_gm_p95": 804.2315531261265,
  "summary_gm_stdv": 49.36662794582038,
  "summary_wm_k": 0.781146786609185,
  "summary_wm_mad": 43.7301743765862,
  "summary_wm_mean": 1000.5682097485605,
  "summary_wm_median": 1000.034785810858,
  "summary_wm_n": 135483.0,
  "summary_wm_p05": 922.9433427080512,
  "summary_wm_p95": 1079.0022712424397,
  "summary_wm_stdv": 47.65493545042708,
  "tpm_overlap_csf": 0.14129416336114406,
  "tpm_overlap_gm": 0.47648131027310364,
  "tpm_overlap_wm": 0.4838784326415438,
  "wm2max": 0.49000749012665124
}