{
  "aor": 0.003104715025906736,
  "aqi": 0.01463161958549223,
  "bids_meta": {
    "AcquisitionMatrixPE": 84,
    "AcquisitionNumber": 1,
    "AcquisitionTime": "16:45:47.852500",
    "BandwidthPerPixelPhaseEncode": 15.664,
    "BaseResolution": 84,
    "BodyPartExamined": "BRAIN",
    "ConsistencyInfo": "N4_VE11C_LATEST_20160120",
    "ConversionSoftware": "dcm2niix",
    "ConversionSoftwareVersion": "v1.0.20181114  Clang4.0.1",
    "DerivedVendorReportedEchoSpacing": 0.000760008,
    "DeviceSerialNumber": "67007",
    "DwellTime": 3.8e-06,
    "EchoTime": 0.03,
    "EchoTrainLength": 74,
    "EffectiveEchoSpacing": 0.000760008,
    "FlipAngle": 40,
    "ImageComments": "Unaliased_MB4_PE3",
    "ImageOrientationPatientDICOM": [
      0.998487,
      -0.02063,
      -0.0509713,
      -1.51214e-09,
      0.926954,
      -0.375174
    ],
    "ImageType": [
      "ORIGINAL",
      "PRIMARY",
      "M",
      "MB",
      "ND",
      "NORM",
      "MOSAIC"
    ],
    "ImagingFrequency": 123.211,
    "InPlanePhaseEncodingDirectionDICOM": "COL",
    "InstitutionAddress": "Perth_Drive_100_London_Ontario_CA_N6A_5K8",
    "InstitutionName": "Robarts-CFMM",
    "InstitutionalDepartmentName": "CFMM",
    "MRAcquisitionType": "2D",
    "MagneticFieldStrength": 3,
    "Manufacturer": "Siemens",
    "ManufacturersModelName": "Prisma_fit",
    "Modality": "MR",
    "MultibandAccelerationFactor": 4,
    "PartialFourier": 0.875,
    "PatientPosition": "HFS",
    "PercentPhaseFOV": 100,
    "PhaseEncodingDirection": "j-",
    "PhaseEncodingSteps": 74,
    "PhaseResolution": 1,
    "PixelBandwidth": 1565,
    "ProcedureStepDescription": "Ansari_Adaptation",
    "ProtocolName": "ep_bold_mb4_adaptation_4",
    "PulseSequenceDetails": "%CustomerSeq%_cmrr_mbep2d_bold",
    "ReceiveCoilActiveElements": "HEA;HEP",
    "ReceiveCoilName": "Head_32",
    "ReconMatrixPE": 84,
    "RepetitionTime": 1,
    "SAR": 0.0815034,
    "ScanOptions": "PFP_FS",
    "ScanningSequence": "EP",
    "SequenceName": "epfid2d1_84",
    "SequenceVariant": "SK_SS",
    "SeriesDescription": "ep_bold_mb4_adaptation_4",
    "SeriesNumber": 8,
    "ShimSetting": [
      5222,
      -6211,
      -3971,
      597,
      -15,
      267,
      72,
      0
    ],
    "SliceThickness": 2.5,
    "SliceTiming": [
      0,
      0.41,
      0.8175,
      0.245,
      0.655,
      0.0825,
      0.49,
      0.9,
      0.3275,
      0.735,
      0.165,
      0.5725,
      0,
      0.41,
      0.8175,
      0.245,
      0.655,
      0.0825,
      0.49,
      0.9,
      0.3275,
      0.735,
      0.165,
      0.5725,
      0,
      0.41,
      0.8175,
      0.245,
      0.655,
      0.0825,
      0.49,
      0.9,
      0.3275,
      0.735,
      0.165,
      0.5725,
      0,
      0.41,
      0.8175,
      0.245,
      0.655,
      0.0825,
      0.49,
      0.9,
      0.3275,
      0.735,
      0.165,
      0.5725
    ],
    "SoftwareVersions": "syngo_MR_E11",
    "SpacingBetweenSlices": 2.5,
    "StationName": "MRC35368",
    "TaskName": "Adaptation",
    "TotalReadoutTime": 0.0630806,
    "TxRefAmp": 231.395,
    "WipMemBlock": "6b7c245c-7294-4f28-8f73-0344253a322b||Sequence: R016 ve11c/master r/e634e98; Dec 19 2017 11:00:25 by eja",
    "dataset": "ds002116",
    "modality": "bold",
    "run_id": 4,
    "session_id": "01",
    "subject_id": "25",
    "task_id": "Adaptation"
  },
  "dummy_trs": 0,
  "dvars_nstd": 38.210228317948044,
  "dvars_std": 1.2731621366493515,
  "dvars_vstd": 1.0445082591948052,
  "efc": 0.5262468010066702,
  "fber": 7117.9677734375,
  "fd_mean": 0.4028100974610122,
  "fd_num": 324,
  "fd_perc": 83.93782383419689,
  "fwhm_avg": 1.9440031489371783,
  "fwhm_x": 1.8549418687437396,
  "fwhm_y": 2.065943578067795,
  "fwhm_z": 1.9111239999999998,
  "gcor": 0.0231478,
  "gsr_x": -0.017097461968660355,
  "gsr_y": 0.029430272057652473,
  "provenance": {
    "md5sum": "030ee49d645f7f452c0a1103ca0bfccf",
    "settings": {
      "fd_thres": 0.2,
      "testing": false
    },
    "software": "mriqc",
    "version": "22.0.6",
    "webapi_port": null,
    "webapi_url": "https://mriqc.nimh.nih.gov/api/v1"
  },
  "size_t": 386,
  "size_x": 84,
  "size_y": 84,
  "size_z": 48,
  "snr": 6.1886003003773205,
  "spacing_tr": 1.0,
  "spacing_x": 2.4761908054351807,
  "spacing_y": 2.4761905670166016,
  "spacing_z": 2.5,
  "summary_bg_k": 56.19466723205229,
  "summary_bg_mad": 1.940757786358921,
  "summary_bg_mean": 8.462122917175293,
  "summary_bg_median": 3.22296142578125,
  "summary_bg_n": 201813.0,
  "summary_bg_p05": 1.4190714597702025,
  "summary_bg_p95": 30.474075317382795,
  "summary_bg_stdv": 19.000144958496094,
  "summary_fg_k": 2.8498680146438486,
  "summary_fg_mad": 42.18602361128815,
  "summary_fg_mean": 281.71856689453125,
  "summary_fg_median": 278.4608154296875,
  "summary_fg_n": 77326.0,
  "summary_fg_p05": 219.35100936889648,
  "summary_fg_p95": 354.55626678466797,
  "summary_fg_stdv": 44.99547576904297,
  "tsnr": 49.17351150512695
}