{
  "aor": 0.0008616666666666667,
  "aqi": 0.012220416354166666,
  "bids_meta": {
    "AcquisitionMatrixPE": 84,
    "AcquisitionNumber": 1,
    "AcquisitionTime": "16:23:44.960000",
    "BandwidthPerPixelPhaseEncode": 15.664,
    "BaseResolution": 84,
    "BodyPartExamined": "BRAIN",
    "ConsistencyInfo": "N4_VE11C_LATEST_20160120",
    "ConversionSoftware": "dcm2niix",
    "ConversionSoftwareVersion": "v1.0.20181114  Clang4.0.1",
    "DerivedVendorReportedEchoSpacing": 0.000760008,
    "DeviceSerialNumber": "67007",
    "DwellTime": 3.8e-06,
    "EchoTime": 0.03,
    "EchoTrainLength": 74,
    "EffectiveEchoSpacing": 0.000760008,
    "FlipAngle": 40,
    "ImageComments": "Unaliased_MB4_PE3",
    "ImageOrientationPatientDICOM": [
      0.998487,
      -0.02063,
      -0.0509713,
      -1.51214e-09,
      0.926954,
      -0.375174
    ],
    "ImageType": [
      "ORIGINAL",
      "PRIMARY",
      "M",
      "MB",
      "ND",
      "NORM",
      "MOSAIC"
    ],
    "ImagingFrequency": 123.211,
    "InPlanePhaseEncodingDirectionDICOM": "COL",
    "InstitutionAddress": "Perth_Drive_100_London_Ontario_CA_N6A_5K8",
    "InstitutionName": "Robarts-CFMM",
    "InstitutionalDepartmentName": "CFMM",
    "MRAcquisitionType": "2D",
    "MagneticFieldStrength": 3,
    "Manufacturer": "Siemens",
    "ManufacturersModelName": "Prisma_fit",
    "Modality": "MR",
    "MultibandAccelerationFactor": 4,
    "PartialFourier": 0.875,
    "PatientPosition": "HFS",
    "PercentPhaseFOV": 100,
    "PhaseEncodingDirection": "j-",
    "PhaseEncodingSteps": 74,
    "PhaseResolution": 1,
    "PixelBandwidth": 1565,
    "ProcedureStepDescription": "Ansari_Adaptation",
    "ProtocolName": "ep_bold_mb4_adaptation_1",
    "PulseSequenceDetails": "%CustomerSeq%_cmrr_mbep2d_bold",
    "ReceiveCoilActiveElements": "HEA;HEP",
    "ReceiveCoilName": "Head_32",
    "ReconMatrixPE": 84,
    "RepetitionTime": 1,
    "SAR": 0.0815034,
    "ScanOptions": "PFP_FS",
    "ScanningSequence": "EP",
    "SequenceName": "epfid2d1_84",
    "SequenceVariant": "SK_SS",
    "SeriesDescription": "ep_bold_mb4_adaptation_1",
    "SeriesNumber": 2,
    "ShimSetting": [
      5222,
      -6211,
      -3971,
      597,
      -15,
      267,
      72,
      0
    ],
    "SliceThickness": 2.5,
    "SliceTiming": [
      0,
      0.4075,
      0.815,
      0.245,
      0.6525,
      0.0825,
      0.49,
      0.8975,
      0.3275,
      0.735,
      0.1625,
      0.57,
      0,
      0.4075,
      0.815,
      0.245,
      0.6525,
      0.0825,
      0.49,
      0.8975,
      0.3275,
      0.735,
      0.1625,
      0.57,
      0,
      0.4075,
      0.815,
      0.245,
      0.6525,
      0.0825,
      0.49,
      0.8975,
      0.3275,
      0.735,
      0.1625,
      0.57,
      0,
      0.4075,
      0.815,
      0.245,
      0.6525,
      0.0825,
      0.49,
      0.8975,
      0.3275,
      0.735,
      0.1625,
      0.57
    ],
    "SoftwareVersions": "syngo_MR_E11",
    "SpacingBetweenSlices": 2.5,
    "StationName": "MRC35368",
    "TaskName": "Adaptation",
    "TotalReadoutTime": 0.0630806,
    "TxRefAmp": 231.395,
    "WipMemBlock": "628e749a-30db-4d03-8364-ccf883c8a1d0||Sequence: R016 ve11c/master r/e634e98; Dec 19 2017 11:00:25 by eja",
    "dataset": "ds002116",
    "modality": "bold",
    "run_id": 1,
    "session_id": "01",
    "subject_id": "25",
    "task_id": "Adaptation"
  },
  "dummy_trs": 2,
  "dvars_nstd": 36.49416925018277,
  "dvars_std": 1.307936130835509,
  "dvars_vstd": 0.9824626067624035,
  "efc": 0.5247629368446827,
  "fber": 6959.83935546875,
  "fd_mean": 0.26205469141052623,
  "fd_num": 265,
  "fd_perc": 69.01041666666667,
  "fwhm_avg": 1.943332354537313,
  "fwhm_x": 1.8472930236069163,
  "fwhm_y": 2.0550720400050224,
  "fwhm_z": 1.9276319999999998,
  "gcor": 0.0136442,
  "gsr_x": -0.01636337861418724,
  "gsr_y": 0.025001758709549904,
  "provenance": {
    "md5sum": "69b5afa9634db39d1d16b63355d2f2e5",
    "settings": {
      "fd_thres": 0.2,
      "testing": false
    },
    "software": "mriqc",
    "version": "22.0.6",
    "webapi_port": null,
    "webapi_url": "https://mriqc.nimh.nih.gov/api/v1"
  },
  "size_t": 384,
  "size_x": 84,
  "size_y": 84,
  "size_z": 48,
  "snr": 6.120364421069983,
  "spacing_tr": 1.0,
  "spacing_x": 2.4761908054351807,
  "spacing_y": 2.4761905670166016,
  "spacing_z": 2.5,
  "summary_bg_k": 54.09729288405968,
  "summary_bg_mad": 1.9440271220863643,
  "summary_bg_mean": 8.010894775390625,
  "summary_bg_median": 3.2377240657806396,
  "summary_bg_n": 201938.0,
  "summary_bg_p05": 1.419369113445282,
  "summary_bg_p95": 28.471174335479734,
  "summary_bg_stdv": 17.30898094177246,
  "summary_fg_k": 3.0269949924330515,
  "summary_fg_mad": 42.57083598520143,
  "summary_fg_mean": 281.6025695800781,
  "summary_fg_median": 278.1291809082031,
  "summary_fg_n": 77007.0,
  "summary_fg_p05": 219.37677764892578,
  "summary_fg_p95": 355.43260498046874,
  "summary_fg_stdv": 45.44294357299805,
  "tsnr": 54.79972839355469
}