{
  "aor": 0.007699585492227979,
  "aqi": 0.017290252512953366,
  "bids_meta": {
    "AcquisitionMatrixPE": 84,
    "AcquisitionNumber": 1,
    "AcquisitionTime": "09:31:19.257500",
    "BandwidthPerPixelPhaseEncode": 15.664,
    "BaseResolution": 84,
    "BodyPartExamined": "BRAIN",
    "ConsistencyInfo": "N4_VE11C_LATEST_20160120",
    "ConversionSoftware": "dcm2niix",
    "ConversionSoftwareVersion": "v1.0.20181114  Clang4.0.1",
    "DerivedVendorReportedEchoSpacing": 0.000760008,
    "DeviceSerialNumber": "67007",
    "DwellTime": 3.8e-06,
    "EchoTime": 0.03,
    "EchoTrainLength": 74,
    "EffectiveEchoSpacing": 0.000760008,
    "FlipAngle": 40,
    "ImageComments": "Unaliased_MB4_PE3",
    "ImageOrientationPatientDICOM": [
      1,
      0,
      0,
      0,
      0.999925,
      -0.012217
    ],
    "ImageType": [
      "ORIGINAL",
      "PRIMARY",
      "M",
      "MB",
      "ND",
      "NORM",
      "MOSAIC"
    ],
    "ImagingFrequency": 123.211,
    "InPlanePhaseEncodingDirectionDICOM": "COL",
    "InstitutionAddress": "Perth_Drive_100_London_Ontario_CA_N6A_5K8",
    "InstitutionName": "Robarts_Research_Institute",
    "InstitutionalDepartmentName": "CFMM",
    "MRAcquisitionType": "2D",
    "MagneticFieldStrength": 3,
    "Manufacturer": "Siemens",
    "ManufacturersModelName": "Prisma_fit",
    "Modality": "MR",
    "MultibandAccelerationFactor": 4,
    "PartialFourier": 0.875,
    "PatientPosition": "HFS",
    "PercentPhaseFOV": 100,
    "PhaseEncodingDirection": "j-",
    "PhaseEncodingSteps": 74,
    "PhaseResolution": 1,
    "PixelBandwidth": 1565,
    "ProcedureStepDescription": "Ansari_Adaptation",
    "ProtocolName": "ep_bold_mb4_adaptation_3",
    "PulseSequenceDetails": "%CustomerSeq%_cmrr_mbep2d_bold",
    "ReceiveCoilActiveElements": "HEA;HEP",
    "ReceiveCoilName": "Head_32",
    "ReconMatrixPE": 84,
    "RepetitionTime": 1,
    "SAR": 0.0719667,
    "ScanOptions": "PFP_FS",
    "ScanningSequence": "EP",
    "SequenceName": "epfid2d1_84",
    "SequenceVariant": "SK_SS",
    "SeriesDescription": "ep_bold_mb4_adaptation_3",
    "SeriesNumber": 6,
    "ShimSetting": [
      5242,
      -6242,
      -3916,
      661,
      6,
      -101,
      116,
      12
    ],
    "SliceThickness": 2.5,
    "SliceTiming": [
      0,
      0.41,
      0.8175,
      0.245,
      0.655,
      0.0825,
      0.49,
      0.9,
      0.3275,
      0.735,
      0.165,
      0.5725,
      0,
      0.41,
      0.8175,
      0.245,
      0.655,
      0.0825,
      0.49,
      0.9,
      0.3275,
      0.735,
      0.165,
      0.5725,
      0,
      0.41,
      0.8175,
      0.245,
      0.655,
      0.0825,
      0.49,
      0.9,
      0.3275,
      0.735,
      0.165,
      0.5725,
      0,
      0.41,
      0.8175,
      0.245,
      0.655,
      0.0825,
      0.49,
      0.9,
      0.3275,
      0.735,
      0.165,
      0.5725
    ],
    "SoftwareVersions": "syngo_MR_E11",
    "SpacingBetweenSlices": 2.5,
    "StationName": "MRC35368",
    "TaskName": "Adaptation",
    "TotalReadoutTime": 0.0630806,
    "TxRefAmp": 230.352,
    "WipMemBlock": "f5b756b3-2d25-438b-ae65-8bb8f880fe0e||Sequence: R016 ve11c/master r/e634e98; Dec 19 2017 11:00:25 by eja",
    "dataset": "ds002116",
    "modality": "bold",
    "run_id": 3,
    "session_id": "01",
    "subject_id": "13",
    "task_id": "Adaptation"
  },
  "dummy_trs": 0,
  "dvars_nstd": 33.021396959116906,
  "dvars_std": 1.2932549223116885,
  "dvars_vstd": 1.0505966182597397,
  "efc": 0.5518982979780857,
  "fber": 7907.64111328125,
  "fd_mean": 0.24883703748039346,
  "fd_num": 189,
  "fd_perc": 48.96373056994819,
  "fwhm_avg": 2.1158253306369823,
  "fwhm_x": 1.949914543862176,
  "fwhm_y": 2.3286616453544307,
  "fwhm_z": 2.0688998026943395,
  "gcor": 0.0110802,
  "gsr_x": -0.005704060662537813,
  "gsr_y": 0.038005366921424866,
  "provenance": {
    "md5sum": "4ca07f26f1672f5df1c13c9c1a1c4817",
    "settings": {
      "fd_thres": 0.2,
      "testing": false
    },
    "software": "mriqc",
    "version": "22.0.6",
    "webapi_port": null,
    "webapi_url": "https://mriqc.nimh.nih.gov/api/v1"
  },
  "size_t": 386,
  "size_x": 84,
  "size_y": 84,
  "size_z": 48,
  "snr": 5.111731720033883,
  "spacing_tr": 1.0,
  "spacing_x": 2.4761905670166016,
  "spacing_y": 2.4761905670166016,
  "spacing_z": 2.500000238418579,
  "summary_bg_k": 39.691269061563354,
  "summary_bg_mad": 2.1971597444016178,
  "summary_bg_mean": 8.788288116455078,
  "summary_bg_median": 3.1160125732421875,
  "summary_bg_n": 191078.0,
  "summary_bg_p05": 1.100581955909729,
  "summary_bg_p95": 34.05298957824706,
  "summary_bg_stdv": 18.36310386657715,
  "summary_fg_k": 3.3455623675819437,
  "summary_fg_mad": 49.575495769362504,
  "summary_fg_mean": 290.2610168457031,
  "summary_fg_median": 285.6496276855469,
  "summary_fg_n": 88834.0,
  "summary_fg_p05": 213.01305236816407,
  "summary_fg_p95": 381.731266784668,
  "summary_fg_stdv": 55.8808708190918,
  "tsnr": 42.69192123413086
}