{
  "aor": 0.007921250000000001,
  "aqi": 0.014363602135416667,
  "bids_meta": {
    "AcquisitionMatrixPE": 84,
    "AcquisitionNumber": 1,
    "AcquisitionTime": "17:22:49.150000",
    "BandwidthPerPixelPhaseEncode": 15.664,
    "BaseResolution": 84,
    "BodyPartExamined": "BRAIN",
    "ConsistencyInfo": "N4_VE11C_LATEST_20160120",
    "ConversionSoftware": "dcm2niix",
    "ConversionSoftwareVersion": "v1.0.20181114  Clang4.0.1",
    "DerivedVendorReportedEchoSpacing": 0.000760008,
    "DeviceSerialNumber": "67007",
    "DwellTime": 3.8e-06,
    "EchoTime": 0.03,
    "EchoTrainLength": 74,
    "EffectiveEchoSpacing": 0.000760008,
    "FlipAngle": 40,
    "ImageComments": "Unaliased_MB4_PE3",
    "ImageOrientationPatientDICOM": [
      1,
      0,
      0,
      0,
      0.942057,
      -0.335452
    ],
    "ImageType": [
      "ORIGINAL",
      "PRIMARY",
      "M",
      "MB",
      "ND",
      "NORM",
      "MOSAIC"
    ],
    "ImagingFrequency": 123.211,
    "InPlanePhaseEncodingDirectionDICOM": "COL",
    "InstitutionAddress": "Perth_Drive_100_London_Ontario_CA_N6A_5K8",
    "InstitutionName": "Robarts_Research_Institute",
    "InstitutionalDepartmentName": "CFMM",
    "MRAcquisitionType": "2D",
    "MagneticFieldStrength": 3,
    "Manufacturer": "Siemens",
    "ManufacturersModelName": "Prisma_fit",
    "Modality": "MR",
    "MultibandAccelerationFactor": 4,
    "PartialFourier": 0.875,
    "PatientPosition": "HFS",
    "PercentPhaseFOV": 100,
    "PhaseEncodingDirection": "j-",
    "PhaseEncodingSteps": 74,
    "PhaseResolution": 1,
    "PixelBandwidth": 1565,
    "ProcedureStepDescription": "Ansari_Adaptation",
    "ProtocolName": "ep_bold_mb4_adaptation_3",
    "PulseSequenceDetails": "%CustomerSeq%_cmrr_mbep2d_bold",
    "ReceiveCoilActiveElements": "HEA;HEP",
    "ReceiveCoilName": "Head_32",
    "ReconMatrixPE": 84,
    "RepetitionTime": 1,
    "SAR": 0.0821392,
    "ScanOptions": "PFP_FS",
    "ScanningSequence": "EP",
    "SequenceName": "epfid2d1_84",
    "SequenceVariant": "SK_SS",
    "SeriesDescription": "ep_bold_mb4_adaptation_3",
    "SeriesNumber": 6,
    "ShimSetting": [
      5225,
      -6222,
      -3866,
      583,
      33,
      205,
      80,
      25
    ],
    "SliceThickness": 2.5,
    "SliceTiming": [
      0,
      0.4075,
      0.815,
      0.245,
      0.6525,
      0.08,
      0.49,
      0.8975,
      0.325,
      0.735,
      0.1625,
      0.57,
      0,
      0.4075,
      0.815,
      0.245,
      0.6525,
      0.08,
      0.49,
      0.8975,
      0.325,
      0.735,
      0.1625,
      0.57,
      0,
      0.4075,
      0.815,
      0.245,
      0.6525,
      0.08,
      0.49,
      0.8975,
      0.325,
      0.735,
      0.1625,
      0.57,
      0,
      0.4075,
      0.815,
      0.245,
      0.6525,
      0.08,
      0.49,
      0.8975,
      0.325,
      0.735,
      0.1625,
      0.57
    ],
    "SoftwareVersions": "syngo_MR_E11",
    "SpacingBetweenSlices": 2.5,
    "StationName": "MRC35368",
    "TaskName": "Adaptation",
    "TotalReadoutTime": 0.0630806,
    "TxRefAmp": 219.995,
    "WipMemBlock": "c7545c63-5dfb-49b9-8275-bc1a6587fe2b||Sequence: R016 ve11c/master r/e634e98; Dec 19 2017 11:00:25 by eja",
    "dataset": "ds002116",
    "modality": "bold",
    "run_id": 3,
    "session_id": "01",
    "subject_id": "41",
    "task_id": "Adaptation"
  },
  "dummy_trs": 2,
  "dvars_nstd": 30.707467226031344,
  "dvars_std": 1.3092591557963453,
  "dvars_vstd": 1.065171513394256,
  "efc": 0.5445490223568418,
  "fber": 6598.0107421875,
  "fd_mean": 0.20987591103755698,
  "fd_num": 188,
  "fd_perc": 48.958333333333336,
  "fwhm_avg": 2.054525539114969,
  "fwhm_x": 1.9218068525854677,
  "fwhm_y": 2.219053764759439,
  "fwhm_z": 2.022716,
  "gcor": 0.0182486,
  "gsr_x": -0.008083651773631573,
  "gsr_y": 0.02745511755347252,
  "provenance": {
    "md5sum": "c0e579e5dcb6f52cba1af3b2afa74457",
    "settings": {
      "fd_thres": 0.2,
      "testing": false
    },
    "software": "mriqc",
    "version": "22.0.6",
    "webapi_port": null,
    "webapi_url": "https://mriqc.nimh.nih.gov/api/v1"
  },
  "size_t": 384,
  "size_x": 84,
  "size_y": 84,
  "size_z": 48,
  "snr": 5.525943222814704,
  "spacing_tr": 1.0,
  "spacing_x": 2.4761905670166016,
  "spacing_y": 2.4761905670166016,
  "spacing_z": 2.5,
  "summary_bg_k": 54.34827436817601,
  "summary_bg_mad": 2.151853693564771,
  "summary_bg_mean": 7.34588098526001,
  "summary_bg_median": 3.1929101943969727,
  "summary_bg_n": 193459.0,
  "summary_bg_p05": 1.0736472725868225,
  "summary_bg_p95": 25.818232536315932,
  "summary_bg_stdv": 13.999902725219727,
  "summary_fg_k": 2.133812410085648,
  "summary_fg_mad": 47.46548649783375,
  "summary_fg_mean": 271.9474182128906,
  "summary_fg_median": 267.19049072265625,
  "summary_fg_n": 86023.0,
  "summary_fg_p05": 205.5342803955078,
  "summary_fg_p95": 352.8069580078125,
  "summary_fg_stdv": 48.35173416137695,
  "tsnr": 48.30148696899414
}