{
  "bids_meta": {
    "AcquisitionMatrixPE": 216,
    "AcquisitionNumber": 1,
    "AcquisitionTime": "18:11:18.237500",
    "BaseResolution": 256,
    "BodyPartExamined": "BRAIN",
    "ConsistencyInfo": "N4_VE11C_LATEST_20160120",
    "ConversionSoftware": "dcm2niix",
    "ConversionSoftwareVersion": "v1.0.20181114  Clang4.0.1",
    "DeviceSerialNumber": "67007",
    "DwellTime": 8.2e-06,
    "EchoTime": 0.00298,
    "FlipAngle": 9,
    "ImageOrientationPatientDICOM": [
      0,
      1,
      0,
      0,
      0,
      -1
    ],
    "ImageType": [
      "ORIGINAL",
      "PRIMARY",
      "M",
      "ND",
      "NORM"
    ],
    "ImagingFrequency": 123.211,
    "InPlanePhaseEncodingDirectionDICOM": "ROW",
    "InstitutionAddress": "Perth_Drive_100_London_Ontario_CA_N6A_5K8",
    "InstitutionName": "Robarts_Research_Institute",
    "InstitutionalDepartmentName": "CFMM",
    "InversionTime": 0.9,
    "MRAcquisitionType": "3D",
    "MagneticFieldStrength": 3,
    "Manufacturer": "Siemens",
    "ManufacturersModelName": "Prisma_fit",
    "Modality": "MR",
    "PartialFourier": 1,
    "PatientPosition": "HFS",
    "PercentPhaseFOV": 84.375,
    "PhaseEncodingSteps": 215,
    "PhaseResolution": 1,
    "PixelBandwidth": 240,
    "ProcedureStepDescription": "Ansari_Adaptation",
    "ProtocolName": "MPRAGE_SAG_iPAT2",
    "PulseSequenceDetails": "%SiemensSeq%_tfl",
    "ReceiveCoilActiveElements": "HEA;HEP;SP1",
    "ReceiveCoilName": "Spine_32",
    "ReconMatrixPE": 256,
    "RepetitionTime": 2.3,
    "SAR": 0.0998576,
    "ScanOptions": "IR",
    "ScanningSequence": "GR_IR",
    "SequenceName": "_tfl3d1_16ns",
    "SequenceVariant": "SK_SP_MP",
    "SeriesDescription": "MPRAGE_SAG_iPAT2",
    "SeriesNumber": 10,
    "ShimSetting": [
      5250,
      -6191,
      -3870,
      287,
      128,
      -41,
      72,
      -4
    ],
    "SliceThickness": 1,
    "SoftwareVersions": "syngo_MR_E11",
    "StationName": "MRC35368",
    "TxRefAmp": 227.4,
    "dataset": "ds002116",
    "modality": "T1w",
    "session_id": "01",
    "subject_id": "37"
  },
  "cjv": 0.28090729922192703,
  "cnr": 4.751910809006053,
  "efc": 0.566422563635678,
  "fber": 1599.1242074697639,
  "fwhm_avg": 3.5496499999999997,
  "fwhm_x": 3.61573,
  "fwhm_y": 3.64474,
  "fwhm_z": 3.38848,
  "icvs_csf": 0.16278404294090962,
  "icvs_gm": 0.5437024078287884,
  "icvs_wm": 0.29351354923030193,
  "inu_med": 0.505558967590332,
  "inu_range": 0.166155606508255,
  "provenance": {
    "md5sum": "ff01725bd03b4b9b3d9bdf3879a22ba6",
    "settings": {
      "testing": false
    },
    "software": "mriqc",
    "version": "22.0.6",
    "warnings": {
      "large_rot_frame": true,
      "small_air_mask": false
    },
    "webapi_port": null,
    "webapi_url": "https://mriqc.nimh.nih.gov/api/v1"
  },
  "qi_1": 0.0,
  "qi_2": 0.027743245635912538,
  "rpve_csf": 27.175235023302665,
  "rpve_gm": 9.4604536218155,
  "rpve_wm": 17.553345108559814,
  "size_x": 192,
  "size_y": 216,
  "size_z": 256,
  "snr_csf": 3.2180475643476116,
  "snr_gm": 15.74747643630817,
  "snr_total": 14.35695365680936,
  "snr_wm": 24.105336969772296,
  "snrd_csf": 26.03359133510231,
  "snrd_gm": 59.12927302620348,
  "snrd_total": 56.28604741833389,
  "snrd_wm": 83.69527789369586,
  "spacing_x": 1.0,
  "spacing_y": 1.0,
  "spacing_z": 1.0,
  "summary_bg_k": 1.5422375987104084,
  "summary_bg_mad": 7.8276388620540205,
  "summary_bg_mean": 8.536078496312685,
  "summary_bg_median": 5.2796621806919575,
  "summary_bg_n": 2114307.0,
  "summary_bg_p05": 0.0,
  "summary_bg_p95": 25.054396893829107,
  "summary_bg_stdv": 9.037459013350652,
  "summary_csf_k": 2.6919164210237234,
  "summary_csf_mad": 79.7470359218958,
  "summary_csf_mean": 321.7699348575411,
  "summary_csf_median": 311.05209732428193,
  "summary_csf_n": 33177.0,
  "summary_csf_p05": 184.973764449358,
  "summary_csf_p95": 498.4065094478427,
  "summary_csf_stdv": 96.657182127427,
  "summary_gm_k": 0.16933925138701822,
  "summary_gm_mad": 44.07197880514052,
  "summary_gm_mean": 706.2519815900619,
  "summary_gm_median": 706.4827956818044,
  "summary_gm_n": 70796.0,
  "summary_gm_p05": 631.3516029529274,
  "summary_gm_p95": 778.7421721639112,
  "summary_gm_stdv": 44.86292193891572,
  "summary_wm_k": 0.846107765696333,
  "summary_wm_mad": 38.3791505418285,
  "summary_wm_mean": 1000.0043123441391,
  "summary_wm_median": 1000.000014975667,
  "summary_wm_n": 145933.0,
  "summary_wm_p05": 932.7403185889125,
  "summary_wm_p95": 1067.7716786041856,
  "summary_wm_stdv": 41.484447613981935,
  "tpm_overlap_csf": 0.14966856979373055,
  "tpm_overlap_gm": 0.47430371580909947,
  "tpm_overlap_wm": 0.454010512307797,
  "wm2max": 0.5191103433383718
}