{
  "bids_meta": {
    "AcquisitionMatrixPE": 208,
    "AcquisitionNumber": 1,
    "AcquisitionTime": "18:10:7.387500",
    "BaseResolution": 256,
    "BodyPartExamined": "BRAIN",
    "ConsistencyInfo": "N4_VE11C_LATEST_20160120",
    "ConversionSoftware": "dcm2niix",
    "ConversionSoftwareVersion": "v1.0.20181114  Clang4.0.1",
    "DeviceSerialNumber": "67007",
    "DwellTime": 8.2e-06,
    "EchoTime": 0.00298,
    "FlipAngle": 9,
    "ImageOrientationPatientDICOM": [
      0.0923706,
      0.995725,
      0,
      0,
      0,
      -1
    ],
    "ImageType": [
      "ORIGINAL",
      "PRIMARY",
      "M",
      "ND",
      "NORM"
    ],
    "ImagingFrequency": 123.211,
    "InPlanePhaseEncodingDirectionDICOM": "ROW",
    "InstitutionAddress": "Perth_Drive_100_London_Ontario_CA_N6A_5K8",
    "InstitutionName": "Robarts_Research_Institute",
    "InstitutionalDepartmentName": "CFMM",
    "InversionTime": 0.9,
    "MRAcquisitionType": "3D",
    "MagneticFieldStrength": 3,
    "Manufacturer": "Siemens",
    "ManufacturersModelName": "Prisma_fit",
    "Modality": "MR",
    "PartialFourier": 1,
    "PatientPosition": "HFS",
    "PercentPhaseFOV": 81.25,
    "PhaseEncodingSteps": 207,
    "PhaseResolution": 1,
    "PixelBandwidth": 240,
    "ProcedureStepDescription": "Ansari_Adaptation",
    "ProtocolName": "MPRAGE_SAG_iPAT2",
    "PulseSequenceDetails": "%SiemensSeq%_tfl",
    "ReceiveCoilActiveElements": "HEA;HEP",
    "ReceiveCoilName": "Head_32",
    "ReconMatrixPE": 256,
    "RepetitionTime": 2.3,
    "SAR": 0.0922429,
    "ScanOptions": "IR",
    "ScanningSequence": "GR_IR",
    "SequenceName": "_tfl3d1_16ns",
    "SequenceVariant": "SK_SP_MP",
    "SeriesDescription": "MPRAGE_SAG_iPAT2",
    "SeriesNumber": 10,
    "ShimSetting": [
      5262,
      -6157,
      -3897,
      484,
      86,
      -122,
      86,
      0
    ],
    "SliceThickness": 1,
    "SoftwareVersions": "syngo_MR_E11",
    "StationName": "MRC35368",
    "TxRefAmp": 221.462,
    "dataset": "ds002116",
    "modality": "T1w",
    "session_id": "01",
    "subject_id": "43"
  },
  "cjv": 0.3472779003009675,
  "cnr": 3.8372881293023045,
  "efc": 0.5612819283471508,
  "fber": 1581.3474569532593,
  "fwhm_avg": 3.535486666666667,
  "fwhm_x": 3.55625,
  "fwhm_y": 3.69116,
  "fwhm_z": 3.35905,
  "icvs_csf": 0.14979045368199215,
  "icvs_gm": 0.5023390967347279,
  "icvs_wm": 0.34787044958328,
  "inu_med": 0.5499856472015381,
  "inu_range": 0.20537376403808594,
  "provenance": {
    "md5sum": "f914ef6106d15481770eedb80b4e4320",
    "settings": {
      "testing": false
    },
    "software": "mriqc",
    "version": "22.0.6",
    "warnings": {
      "large_rot_frame": true,
      "small_air_mask": false
    },
    "webapi_port": null,
    "webapi_url": "https://mriqc.nimh.nih.gov/api/v1"
  },
  "qi_1": 0.0,
  "qi_2": 0.01725721617373062,
  "rpve_csf": 32.00449064553817,
  "rpve_gm": 10.987959203255366,
  "rpve_wm": 16.512672610253095,
  "size_x": 192,
  "size_y": 208,
  "size_z": 256,
  "snr_csf": 2.5594389941133775,
  "snr_gm": 14.66524713367353,
  "snr_total": 12.09309073132627,
  "snr_wm": 19.054586066191902,
  "snrd_csf": 26.808493911356248,
  "snrd_gm": 57.17738097734406,
  "snrd_total": 54.40412085479047,
  "snrd_wm": 79.22648767567108,
  "spacing_x": 1.0,
  "spacing_y": 1.0,
  "spacing_z": 1.0,
  "summary_bg_k": 3.5394480375969977,
  "summary_bg_mad": 8.269452501156472,
  "summary_bg_mean": 8.077646404331759,
  "summary_bg_median": 5.5776609517633915,
  "summary_bg_n": 2257892.0,
  "summary_bg_p05": 0.0,
  "summary_bg_p95": 23.26985938474536,
  "summary_bg_stdv": 9.175233267514267,
  "summary_csf_k": 2.286482850470211,
  "summary_csf_mad": 116.03569337610004,
  "summary_csf_mean": 353.08381321962673,
  "summary_csf_median": 338.38993990793824,
  "summary_csf_n": 14882.0,
  "summary_csf_p05": 157.59911941476167,
  "summary_csf_p95": 587.217566061765,
  "summary_csf_stdv": 132.20810161664622,
  "summary_gm_k": 0.12103288236266918,
  "summary_gm_mad": 48.352594879373505,
  "summary_gm_mean": 721.6588129967705,
  "summary_gm_median": 721.7209059558809,
  "summary_gm_n": 38960.0,
  "summary_gm_p05": 640.1875818520784,
  "summary_gm_p95": 801.8704727726056,
  "summary_gm_stdv": 49.212375146910105,
  "summary_wm_k": 0.8362927840100354,
  "summary_wm_mad": 48.29992320739162,
  "summary_wm_mean": 1002.6205077266284,
  "summary_wm_median": 1000.0355294980109,
  "summary_wm_n": 143165.0,
  "summary_wm_p05": 921.2377461157739,
  "summary_wm_p95": 1092.5110164880753,
  "summary_wm_stdv": 52.48248549825178,
  "tpm_overlap_csf": 0.14102114129502405,
  "tpm_overlap_gm": 0.4733841177098601,
  "tpm_overlap_wm": 0.476456379531053,
  "wm2max": 0.4795057865756284
}