{
  "aor": 0.0034874545454545453,
  "aqi": 0.010031396311688312,
  "bids_meta": {
    "AcquisitionMatrixPE": 84,
    "AcquisitionNumber": 1,
    "AcquisitionTime": "19:47:27.032500",
    "BandwidthPerPixelPhaseEncode": 15.664,
    "BaseResolution": 84,
    "BodyPartExamined": "BRAIN",
    "ConsistencyInfo": "N4_VE11C_LATEST_20160120",
    "ConversionSoftware": "dcm2niix",
    "ConversionSoftwareVersion": "v1.0.20181114  Clang4.0.1",
    "DerivedVendorReportedEchoSpacing": 0.000760008,
    "DeviceSerialNumber": "67007",
    "DwellTime": 3.8e-06,
    "EchoTime": 0.03,
    "EchoTrainLength": 74,
    "EffectiveEchoSpacing": 0.000760008,
    "FlipAngle": 40,
    "ImageComments": "Unaliased_MB4_PE3",
    "ImageOrientationPatientDICOM": [
      0.999806,
      -0.00673203,
      -0.0184922,
      -3.91121e-08,
      0.939668,
      -0.342086
    ],
    "ImageType": [
      "ORIGINAL",
      "PRIMARY",
      "M",
      "MB",
      "ND",
      "NORM",
      "MOSAIC"
    ],
    "ImagingFrequency": 123.211,
    "InPlanePhaseEncodingDirectionDICOM": "COL",
    "InstitutionAddress": "Perth_Drive_100_London_Ontario_CA_N6A_5K8",
    "InstitutionName": "Robarts_Research_Institute",
    "InstitutionalDepartmentName": "CFMM",
    "MRAcquisitionType": "2D",
    "MagneticFieldStrength": 3,
    "Manufacturer": "Siemens",
    "ManufacturersModelName": "Prisma_fit",
    "Modality": "MR",
    "MultibandAccelerationFactor": 4,
    "PartialFourier": 0.875,
    "PatientPosition": "HFS",
    "PercentPhaseFOV": 100,
    "PhaseEncodingDirection": "j-",
    "PhaseEncodingSteps": 74,
    "PhaseResolution": 1,
    "PixelBandwidth": 1565,
    "ProcedureStepDescription": "Ansari_Adaptation",
    "ProtocolName": "ep_bold_mb4_adaptation_1",
    "PulseSequenceDetails": "%CustomerSeq%_cmrr_mbep2d_bold",
    "ReceiveCoilActiveElements": "HEA;HEP",
    "ReceiveCoilName": "Head_32",
    "ReconMatrixPE": 84,
    "RepetitionTime": 1,
    "SAR": 0.0569863,
    "ScanOptions": "PFP_FS",
    "ScanningSequence": "EP",
    "SequenceName": "epfid2d1_84",
    "SequenceVariant": "SK_SS",
    "SeriesDescription": "ep_bold_mb4_adaptation_1",
    "SeriesNumber": 2,
    "ShimSetting": [
      5245,
      -6204,
      -3822,
      494,
      -4,
      -23,
      118,
      50
    ],
    "SliceThickness": 2.5,
    "SliceTiming": [
      0,
      0.4075,
      0.8175,
      0.245,
      0.6525,
      0.0825,
      0.49,
      0.8975,
      0.3275,
      0.735,
      0.1625,
      0.5725,
      0,
      0.4075,
      0.8175,
      0.245,
      0.6525,
      0.0825,
      0.49,
      0.8975,
      0.3275,
      0.735,
      0.1625,
      0.5725,
      0,
      0.4075,
      0.8175,
      0.245,
      0.6525,
      0.0825,
      0.49,
      0.8975,
      0.3275,
      0.735,
      0.1625,
      0.5725,
      0,
      0.4075,
      0.8175,
      0.245,
      0.6525,
      0.0825,
      0.49,
      0.8975,
      0.3275,
      0.735,
      0.1625,
      0.5725
    ],
    "SoftwareVersions": "syngo_MR_E11",
    "SpacingBetweenSlices": 2.5,
    "StationName": "MRC35368",
    "TaskName": "Adaptation",
    "TotalReadoutTime": 0.0630806,
    "TxRefAmp": 235.585,
    "WipMemBlock": "ab9598fc-f9e2-43e9-9756-3232e6433630||Sequence: R016 ve11c/master r/e634e98; Dec 19 2017 11:00:25 by eja",
    "dataset": "ds002116",
    "modality": "bold",
    "run_id": 1,
    "session_id": "01",
    "subject_id": "53",
    "task_id": "Adaptation"
  },
  "dummy_trs": 1,
  "dvars_nstd": 33.37218763924479,
  "dvars_std": 1.2972220264322911,
  "dvars_vstd": 1.0169620699999997,
  "efc": 0.5457435465154861,
  "fber": 6602.70361328125,
  "fd_mean": 0.1988040792670953,
  "fd_num": 160,
  "fd_perc": 41.55844155844156,
  "fwhm_avg": 2.1585508061478946,
  "fwhm_x": 2.0761931930764566,
  "fwhm_y": 2.283091427199788,
  "fwhm_z": 2.1163677981674387,
  "gcor": 0.0192973,
  "gsr_x": -0.006953492760658264,
  "gsr_y": 0.032733846455812454,
  "provenance": {
    "md5sum": "4bea1971d216b162efbeaa3067ec8bed",
    "settings": {
      "fd_thres": 0.2,
      "testing": false
    },
    "software": "mriqc",
    "version": "22.0.6",
    "webapi_port": null,
    "webapi_url": "https://mriqc.nimh.nih.gov/api/v1"
  },
  "size_t": 385,
  "size_x": 84,
  "size_y": 84,
  "size_z": 48,
  "snr": 4.884453715919026,
  "spacing_tr": 1.0,
  "spacing_x": 2.4761905670166016,
  "spacing_y": 2.4761908054351807,
  "spacing_z": 2.500000238418579,
  "summary_bg_k": 24.910182119472715,
  "summary_bg_mad": 2.334772656361313,
  "summary_bg_mean": 12.260891914367676,
  "summary_bg_median": 3.295753240585327,
  "summary_bg_n": 199843.0,
  "summary_bg_p05": 1.209075152873993,
  "summary_bg_p95": 55.02089385986326,
  "summary_bg_stdv": 24.174646377563477,
  "summary_fg_k": 4.512342970578324,
  "summary_fg_mad": 46.09321525802156,
  "summary_fg_mean": 283.9852294921875,
  "summary_fg_median": 276.3778076171875,
  "summary_fg_n": 80700.0,
  "summary_fg_p05": 212.9277084350586,
  "summary_fg_p95": 380.3719650268555,
  "summary_fg_stdv": 56.58280563354492,
  "tsnr": 52.96075439453125
}