{
  "aor": 0.003542770448548813,
  "aqi": 0.008457204406332453,
  "bids_meta": {
    "AcquisitionMatrixPE": 84,
    "AcquisitionNumber": 1,
    "AcquisitionTime": "20:10:32.322500",
    "BandwidthPerPixelPhaseEncode": 15.664,
    "BaseResolution": 84,
    "BodyPartExamined": "BRAIN",
    "ConsistencyInfo": "N4_VE11C_LATEST_20160120",
    "ConversionSoftware": "dcm2niix",
    "ConversionSoftwareVersion": "v1.0.20181114  Clang4.0.1",
    "DerivedVendorReportedEchoSpacing": 0.000760008,
    "DeviceSerialNumber": "67007",
    "DwellTime": 3.8e-06,
    "EchoTime": 0.03,
    "EchoTrainLength": 74,
    "EffectiveEchoSpacing": 0.000760008,
    "FlipAngle": 40,
    "ImageComments": "Unaliased_MB4_PE3",
    "ImageOrientationPatientDICOM": [
      0.999806,
      -0.00673203,
      -0.0184922,
      -3.91121e-08,
      0.939668,
      -0.342086
    ],
    "ImageType": [
      "ORIGINAL",
      "PRIMARY",
      "M",
      "MB",
      "ND",
      "NORM",
      "MOSAIC"
    ],
    "ImagingFrequency": 123.211,
    "InPlanePhaseEncodingDirectionDICOM": "COL",
    "InstitutionAddress": "Perth_Drive_100_London_Ontario_CA_N6A_5K8",
    "InstitutionName": "Robarts_Research_Institute",
    "InstitutionalDepartmentName": "CFMM",
    "MRAcquisitionType": "2D",
    "MagneticFieldStrength": 3,
    "Manufacturer": "Siemens",
    "ManufacturersModelName": "Prisma_fit",
    "Modality": "MR",
    "MultibandAccelerationFactor": 4,
    "PartialFourier": 0.875,
    "PatientPosition": "HFS",
    "PercentPhaseFOV": 100,
    "PhaseEncodingDirection": "j-",
    "PhaseEncodingSteps": 74,
    "PhaseResolution": 1,
    "PixelBandwidth": 1565,
    "ProcedureStepDescription": "Ansari_Adaptation",
    "ProtocolName": "ep_bold_mb4_adaptation_4",
    "PulseSequenceDetails": "%CustomerSeq%_cmrr_mbep2d_bold",
    "ReceiveCoilActiveElements": "HEA;HEP",
    "ReceiveCoilName": "Head_32",
    "ReconMatrixPE": 84,
    "RepetitionTime": 1,
    "SAR": 0.0569863,
    "ScanOptions": "PFP_FS",
    "ScanningSequence": "EP",
    "SequenceName": "epfid2d1_84",
    "SequenceVariant": "SK_SS",
    "SeriesDescription": "ep_bold_mb4_adaptation_4",
    "SeriesNumber": 8,
    "ShimSetting": [
      5245,
      -6204,
      -3822,
      494,
      -4,
      -23,
      118,
      50
    ],
    "SliceThickness": 2.5,
    "SliceTiming": [
      0,
      0.4075,
      0.8175,
      0.245,
      0.6525,
      0.0825,
      0.49,
      0.8975,
      0.3275,
      0.735,
      0.1625,
      0.5725,
      0,
      0.4075,
      0.8175,
      0.245,
      0.6525,
      0.0825,
      0.49,
      0.8975,
      0.3275,
      0.735,
      0.1625,
      0.5725,
      0,
      0.4075,
      0.8175,
      0.245,
      0.6525,
      0.0825,
      0.49,
      0.8975,
      0.3275,
      0.735,
      0.1625,
      0.5725,
      0,
      0.4075,
      0.8175,
      0.245,
      0.6525,
      0.0825,
      0.49,
      0.8975,
      0.3275,
      0.735,
      0.1625,
      0.5725
    ],
    "SoftwareVersions": "syngo_MR_E11",
    "SpacingBetweenSlices": 2.5,
    "StationName": "MRC35368",
    "TaskName": "Adaptation",
    "TotalReadoutTime": 0.0630806,
    "TxRefAmp": 235.585,
    "WipMemBlock": "4ff28d74-9faa-48d1-8bc4-98fd86abf003||Sequence: R016 ve11c/master r/e634e98; Dec 19 2017 11:00:25 by eja",
    "dataset": "ds002116",
    "modality": "bold",
    "run_id": 4,
    "session_id": "01",
    "subject_id": "53",
    "task_id": "Adaptation"
  },
  "dummy_trs": 7,
  "dvars_nstd": 31.017044062407415,
  "dvars_std": 1.2768480483597884,
  "dvars_vstd": 1.0206619467460325,
  "efc": 0.5461534723093368,
  "fber": 6323.67919921875,
  "fd_mean": 0.12900253416420826,
  "fd_num": 28,
  "fd_perc": 7.387862796833773,
  "fwhm_avg": 2.1416893078081096,
  "fwhm_x": 2.0591024244725733,
  "fwhm_y": 2.2522497005314035,
  "fwhm_z": 2.1137157984203534,
  "gcor": 0.0222602,
  "gsr_x": -0.007642301730811596,
  "gsr_y": 0.03015807643532753,
  "provenance": {
    "md5sum": "cea1a06317b097255ae07ec17dda6f00",
    "settings": {
      "fd_thres": 0.2,
      "testing": false
    },
    "software": "mriqc",
    "version": "22.0.6",
    "webapi_port": null,
    "webapi_url": "https://mriqc.nimh.nih.gov/api/v1"
  },
  "size_t": 379,
  "size_x": 84,
  "size_y": 84,
  "size_z": 48,
  "snr": 4.847227610151511,
  "spacing_tr": 1.0,
  "spacing_x": 2.4761905670166016,
  "spacing_y": 2.4761908054351807,
  "spacing_z": 2.500000238418579,
  "summary_bg_k": 21.71086302436259,
  "summary_bg_mad": 2.308246109671914,
  "summary_bg_mean": 12.55787181854248,
  "summary_bg_median": 3.358856678009033,
  "summary_bg_n": 200275.0,
  "summary_bg_p05": 1.2645331859588624,
  "summary_bg_p95": 56.446627807617176,
  "summary_bg_stdv": 24.391319274902344,
  "summary_fg_k": 4.778530026619684,
  "summary_fg_mad": 46.28528210426047,
  "summary_fg_mean": 283.3218078613281,
  "summary_fg_median": 275.8242492675781,
  "summary_fg_n": 80297.0,
  "summary_fg_p05": 212.0299041748047,
  "summary_fg_p95": 379.32017822265624,
  "summary_fg_stdv": 56.90315246582031,
  "tsnr": 58.5546875
}