{
  "aor": 0.0012222597402597403,
  "aqi": 0.009164130701298703,
  "bids_meta": {
    "AcquisitionMatrixPE": 84,
    "AcquisitionNumber": 1,
    "AcquisitionTime": "18:12:8.360000",
    "BandwidthPerPixelPhaseEncode": 15.664,
    "BaseResolution": 84,
    "BodyPartExamined": "BRAIN",
    "ConsistencyInfo": "N4_VE11C_LATEST_20160120",
    "ConversionSoftware": "dcm2niix",
    "ConversionSoftwareVersion": "v1.0.20181114  Clang4.0.1",
    "DerivedVendorReportedEchoSpacing": 0.000760008,
    "DeviceSerialNumber": "67007",
    "DwellTime": 3.8e-06,
    "EchoTime": 0.03,
    "EchoTrainLength": 74,
    "EffectiveEchoSpacing": 0.000760008,
    "FlipAngle": 40,
    "ImageComments": "Unaliased_MB4_PE3",
    "ImageOrientationPatientDICOM": [
      0.999509,
      -0.0162449,
      -0.0268054,
      3.63954e-08,
      0.85521,
      -0.518282
    ],
    "ImageType": [
      "ORIGINAL",
      "PRIMARY",
      "M",
      "MB",
      "ND",
      "NORM",
      "MOSAIC"
    ],
    "ImagingFrequency": 123.211,
    "InPlanePhaseEncodingDirectionDICOM": "COL",
    "InstitutionAddress": "Perth_Drive_100_London_Ontario_CA_N6A_5K8",
    "InstitutionName": "Robarts_Research_Institute",
    "InstitutionalDepartmentName": "CFMM",
    "MRAcquisitionType": "2D",
    "MagneticFieldStrength": 3,
    "Manufacturer": "Siemens",
    "ManufacturersModelName": "Prisma_fit",
    "Modality": "MR",
    "MultibandAccelerationFactor": 4,
    "PartialFourier": 0.875,
    "PatientPosition": "HFS",
    "PercentPhaseFOV": 100,
    "PhaseEncodingDirection": "j-",
    "PhaseEncodingSteps": 74,
    "PhaseResolution": 1,
    "PixelBandwidth": 1565,
    "ProcedureStepDescription": "Ansari_Adaptation",
    "ProtocolName": "ep_bold_mb4_adaptation_4",
    "PulseSequenceDetails": "%CustomerSeq%_cmrr_mbep2d_bold",
    "ReceiveCoilActiveElements": "HEA;HEP",
    "ReceiveCoilName": "Head_32",
    "ReconMatrixPE": 84,
    "RepetitionTime": 1,
    "SAR": 0.0439844,
    "ScanOptions": "PFP_FS",
    "ScanningSequence": "EP",
    "SequenceName": "epfid2d1_84",
    "SequenceVariant": "SK_SS",
    "SeriesDescription": "ep_bold_mb4_adaptation_4",
    "SeriesNumber": 8,
    "ShimSetting": [
      5244,
      -6128,
      -4010,
      667,
      -5,
      94,
      11,
      12
    ],
    "SliceThickness": 2.5,
    "SliceTiming": [
      0,
      0.4075,
      0.815,
      0.245,
      0.6525,
      0.08,
      0.49,
      0.8975,
      0.325,
      0.7325,
      0.1625,
      0.57,
      0,
      0.4075,
      0.815,
      0.245,
      0.6525,
      0.08,
      0.49,
      0.8975,
      0.325,
      0.7325,
      0.1625,
      0.57,
      0,
      0.4075,
      0.815,
      0.245,
      0.6525,
      0.08,
      0.49,
      0.8975,
      0.325,
      0.7325,
      0.1625,
      0.57,
      0,
      0.4075,
      0.815,
      0.245,
      0.6525,
      0.08,
      0.49,
      0.8975,
      0.325,
      0.7325,
      0.1625,
      0.57
    ],
    "SoftwareVersions": "syngo_MR_E11",
    "SpacingBetweenSlices": 2.5,
    "StationName": "MRC35368",
    "TaskName": "Adaptation",
    "TotalReadoutTime": 0.0630806,
    "TxRefAmp": 237.371,
    "WipMemBlock": "007481b0-0b3f-45ed-a151-64dec2465d7e||Sequence: R016 ve11c/master r/e634e98; Dec 19 2017 11:00:25 by eja",
    "dataset": "ds002116",
    "modality": "bold",
    "run_id": 4,
    "session_id": "01",
    "subject_id": "12",
    "task_id": "Adaptation"
  },
  "dummy_trs": 1,
  "dvars_nstd": 29.49632542838539,
  "dvars_std": 1.2220900539583326,
  "dvars_vstd": 1.0111873688020832,
  "efc": 0.5215889277462905,
  "fber": 5405.662109375,
  "fd_mean": 0.15673246763419713,
  "fd_num": 90,
  "fd_perc": 23.376623376623378,
  "fwhm_avg": 1.9903985042112495,
  "fwhm_x": 1.8837080078290789,
  "fwhm_y": 2.136515690863841,
  "fwhm_z": 1.950971813940829,
  "gcor": 0.0356215,
  "gsr_x": -0.011455275118350983,
  "gsr_y": 0.03330592066049576,
  "provenance": {
    "md5sum": "2bc4a4e89264f7f59d7abe792e333916",
    "settings": {
      "fd_thres": 0.2,
      "testing": false
    },
    "software": "mriqc",
    "version": "22.0.6",
    "webapi_port": null,
    "webapi_url": "https://mriqc.nimh.nih.gov/api/v1"
  },
  "size_t": 385,
  "size_x": 84,
  "size_y": 84,
  "size_z": 48,
  "snr": 5.412765835116611,
  "spacing_tr": 1.0,
  "spacing_x": 2.4761905670166016,
  "spacing_y": 2.4761905670166016,
  "spacing_z": 2.500000238418579,
  "summary_bg_k": 18.08594477147238,
  "summary_bg_mad": 1.956551887520094,
  "summary_bg_mean": 11.080147743225098,
  "summary_bg_median": 3.013730049133301,
  "summary_bg_n": 212836.0,
  "summary_bg_p05": 1.1924280524253845,
  "summary_bg_p95": 52.85859298706055,
  "summary_bg_stdv": 20.891387939453125,
  "summary_fg_k": 3.806406758312548,
  "summary_fg_mad": 38.380555000374905,
  "summary_fg_mean": 231.74331665039062,
  "summary_fg_median": 227.76959228515625,
  "summary_fg_n": 67942.0,
  "summary_fg_p05": 175.36587677001953,
  "summary_fg_p95": 298.0308074951172,
  "summary_fg_stdv": 42.07976531982422,
  "tsnr": 53.11217498779297
}