{
  "aor": 0.002051813471502591,
  "aqi": 0.015021001476683938,
  "bids_meta": {
    "AcquisitionMatrixPE": 84,
    "AcquisitionNumber": 1,
    "AcquisitionTime": "17:50:4.147500",
    "BandwidthPerPixelPhaseEncode": 15.664,
    "BaseResolution": 84,
    "BodyPartExamined": "BRAIN",
    "ConsistencyInfo": "N4_VE11C_LATEST_20160120",
    "ConversionSoftware": "dcm2niix",
    "ConversionSoftwareVersion": "v1.0.20181114  Clang4.0.1",
    "DerivedVendorReportedEchoSpacing": 0.000760008,
    "DeviceSerialNumber": "67007",
    "DwellTime": 3.8e-06,
    "EchoTime": 0.03,
    "EchoTrainLength": 74,
    "EffectiveEchoSpacing": 0.000760008,
    "FlipAngle": 40,
    "ImageComments": "Unaliased_MB4_PE3",
    "ImageOrientationPatientDICOM": [
      0.999509,
      -0.0162449,
      -0.0268054,
      3.63954e-08,
      0.85521,
      -0.518282
    ],
    "ImageType": [
      "ORIGINAL",
      "PRIMARY",
      "M",
      "MB",
      "ND",
      "NORM",
      "MOSAIC"
    ],
    "ImagingFrequency": 123.211,
    "InPlanePhaseEncodingDirectionDICOM": "COL",
    "InstitutionAddress": "Perth_Drive_100_London_Ontario_CA_N6A_5K8",
    "InstitutionName": "Robarts_Research_Institute",
    "InstitutionalDepartmentName": "CFMM",
    "MRAcquisitionType": "2D",
    "MagneticFieldStrength": 3,
    "Manufacturer": "Siemens",
    "ManufacturersModelName": "Prisma_fit",
    "Modality": "MR",
    "MultibandAccelerationFactor": 4,
    "PartialFourier": 0.875,
    "PatientPosition": "HFS",
    "PercentPhaseFOV": 100,
    "PhaseEncodingDirection": "j-",
    "PhaseEncodingSteps": 74,
    "PhaseResolution": 1,
    "PixelBandwidth": 1565,
    "ProcedureStepDescription": "Ansari_Adaptation",
    "ProtocolName": "ep_bold_mb4_adaptation_1",
    "PulseSequenceDetails": "%CustomerSeq%_cmrr_mbep2d_bold",
    "ReceiveCoilActiveElements": "HEA;HEP",
    "ReceiveCoilName": "Head_32",
    "ReconMatrixPE": 84,
    "RepetitionTime": 1,
    "SAR": 0.0439844,
    "ScanOptions": "PFP_FS",
    "ScanningSequence": "EP",
    "SequenceName": "epfid2d1_84",
    "SequenceVariant": "SK_SS",
    "SeriesDescription": "ep_bold_mb4_adaptation_1",
    "SeriesNumber": 2,
    "ShimSetting": [
      5244,
      -6128,
      -4010,
      667,
      -5,
      94,
      11,
      12
    ],
    "SliceThickness": 2.5,
    "SliceTiming": [
      0,
      0.4075,
      0.815,
      0.245,
      0.6525,
      0.08,
      0.49,
      0.8975,
      0.325,
      0.735,
      0.1625,
      0.57,
      0,
      0.4075,
      0.815,
      0.245,
      0.6525,
      0.08,
      0.49,
      0.8975,
      0.325,
      0.735,
      0.1625,
      0.57,
      0,
      0.4075,
      0.815,
      0.245,
      0.6525,
      0.08,
      0.49,
      0.8975,
      0.325,
      0.735,
      0.1625,
      0.57,
      0,
      0.4075,
      0.815,
      0.245,
      0.6525,
      0.08,
      0.49,
      0.8975,
      0.325,
      0.735,
      0.1625,
      0.57
    ],
    "SoftwareVersions": "syngo_MR_E11",
    "SpacingBetweenSlices": 2.5,
    "StationName": "MRC35368",
    "TaskName": "Adaptation",
    "TotalReadoutTime": 0.0630806,
    "TxRefAmp": 237.371,
    "WipMemBlock": "9b7a0ff8-8c95-4715-8d9b-34b3f783b34e||Sequence: R016 ve11c/master r/e634e98; Dec 19 2017 11:00:25 by eja",
    "dataset": "ds002116",
    "modality": "bold",
    "run_id": 1,
    "session_id": "01",
    "subject_id": "12",
    "task_id": "Adaptation"
  },
  "dummy_trs": 0,
  "dvars_nstd": 32.18082056428571,
  "dvars_std": 1.2094175394805187,
  "dvars_vstd": 0.9937424254545454,
  "efc": 0.5189665821660011,
  "fber": 5534.5234375,
  "fd_mean": 0.2075270045663108,
  "fd_num": 178,
  "fd_perc": 46.1139896373057,
  "fwhm_avg": 2.027250245862481,
  "fwhm_x": 1.906674737755895,
  "fwhm_y": 2.1941081887513603,
  "fwhm_z": 1.9809678110801876,
  "gcor": 0.0244367,
  "gsr_x": -0.0108991963788867,
  "gsr_y": 0.03390258178114891,
  "provenance": {
    "md5sum": "051f58ce00ff9090436f31d8da797f8d",
    "settings": {
      "fd_thres": 0.2,
      "testing": false
    },
    "software": "mriqc",
    "version": "22.0.6",
    "webapi_port": null,
    "webapi_url": "https://mriqc.nimh.nih.gov/api/v1"
  },
  "size_t": 386,
  "size_x": 84,
  "size_y": 84,
  "size_z": 48,
  "snr": 5.39874408143914,
  "spacing_tr": 1.0,
  "spacing_x": 2.4761905670166016,
  "spacing_y": 2.4761905670166016,
  "spacing_z": 2.500000238418579,
  "summary_bg_k": 19.724088998524287,
  "summary_bg_mad": 1.9564498201948373,
  "summary_bg_mean": 10.49946117401123,
  "summary_bg_median": 2.9719202518463135,
  "summary_bg_n": 212891.0,
  "summary_bg_p05": 1.163458228111267,
  "summary_bg_p95": 48.75732231140137,
  "summary_bg_stdv": 19.847976684570312,
  "summary_fg_k": 3.793802414326814,
  "summary_fg_mad": 38.43712309802159,
  "summary_fg_mean": 231.09564208984375,
  "summary_fg_median": 227.1531524658203,
  "summary_fg_n": 67980.0,
  "summary_fg_p05": 174.73500137329103,
  "summary_fg_p95": 297.72999114990233,
  "summary_fg_stdv": 42.07487487792969,
  "tsnr": 45.18071365356445
}