{
  "aor": 0.0028815324675324676,
  "aqi": 0.010867544727272726,
  "bids_meta": {
    "AcquisitionMatrixPE": 84,
    "AcquisitionNumber": 1,
    "AcquisitionTime": "18:44:55.277500",
    "BandwidthPerPixelPhaseEncode": 15.664,
    "BaseResolution": 84,
    "BodyPartExamined": "BRAIN",
    "ConsistencyInfo": "N4_VE11C_LATEST_20160120",
    "ConversionSoftware": "dcm2niix",
    "ConversionSoftwareVersion": "v1.0.20181114  Clang4.0.1",
    "DerivedVendorReportedEchoSpacing": 0.000760008,
    "DeviceSerialNumber": "67007",
    "DwellTime": 3.8e-06,
    "EchoTime": 0.03,
    "EchoTrainLength": 74,
    "EffectiveEchoSpacing": 0.000760008,
    "FlipAngle": 40,
    "ImageComments": "Unaliased_MB4_PE3",
    "ImageOrientationPatientDICOM": [
      0.998342,
      0.0229618,
      -0.0527876,
      -0.0278863,
      0.995131,
      -0.0945305
    ],
    "ImageType": [
      "ORIGINAL",
      "PRIMARY",
      "M",
      "MB",
      "ND",
      "NORM",
      "MOSAIC"
    ],
    "ImagingFrequency": 123.211,
    "InPlanePhaseEncodingDirectionDICOM": "COL",
    "InstitutionAddress": "Perth_Drive_100_London_Ontario_CA_N6A_5K8",
    "InstitutionName": "Robarts_Research_Institute",
    "InstitutionalDepartmentName": "CFMM",
    "MRAcquisitionType": "2D",
    "MagneticFieldStrength": 3,
    "Manufacturer": "Siemens",
    "ManufacturersModelName": "Prisma_fit",
    "Modality": "MR",
    "MultibandAccelerationFactor": 4,
    "PartialFourier": 0.875,
    "PatientPosition": "HFS",
    "PercentPhaseFOV": 100,
    "PhaseEncodingDirection": "j-",
    "PhaseEncodingSteps": 74,
    "PhaseResolution": 1,
    "PixelBandwidth": 1565,
    "ProcedureStepDescription": "Ansari_Adaptation",
    "ProtocolName": "ep_bold_mb4_adaptation_1",
    "PulseSequenceDetails": "%CustomerSeq%_cmrr_mbep2d_bold",
    "ReceiveCoilActiveElements": "HEA;HEP",
    "ReceiveCoilName": "Head_32",
    "ReconMatrixPE": 84,
    "RepetitionTime": 1,
    "SAR": 0.113361,
    "ScanOptions": "PFP_FS",
    "ScanningSequence": "EP",
    "SequenceName": "epfid2d1_84",
    "SequenceVariant": "SK_SS",
    "SeriesDescription": "ep_bold_mb4_adaptation_1",
    "SeriesNumber": 2,
    "ShimSetting": [
      5211,
      -6243,
      -4083,
      771,
      29,
      -8,
      72,
      -108
    ],
    "SliceThickness": 2.5,
    "SliceTiming": [
      0,
      0.4075,
      0.815,
      0.245,
      0.6525,
      0.08,
      0.49,
      0.8975,
      0.325,
      0.735,
      0.1625,
      0.57,
      0,
      0.4075,
      0.815,
      0.245,
      0.6525,
      0.08,
      0.49,
      0.8975,
      0.325,
      0.735,
      0.1625,
      0.57,
      0,
      0.4075,
      0.815,
      0.245,
      0.6525,
      0.08,
      0.49,
      0.8975,
      0.325,
      0.735,
      0.1625,
      0.57,
      0,
      0.4075,
      0.815,
      0.245,
      0.6525,
      0.08,
      0.49,
      0.8975,
      0.325,
      0.735,
      0.1625,
      0.57
    ],
    "SoftwareVersions": "syngo_MR_E11",
    "SpacingBetweenSlices": 2.5,
    "StationName": "MRC35368",
    "TaskName": "Adaptation",
    "TotalReadoutTime": 0.0630806,
    "TxRefAmp": 237.543,
    "WipMemBlock": "e3847396-e50d-4dfc-8232-b45694467d14||Sequence: R016 ve11c/master r/e634e98; Dec 19 2017 11:00:25 by eja",
    "dataset": "ds002116",
    "modality": "bold",
    "run_id": 1,
    "session_id": "01",
    "subject_id": "27",
    "task_id": "Adaptation"
  },
  "dummy_trs": 1,
  "dvars_nstd": 34.95337359106771,
  "dvars_std": 1.325575288593751,
  "dvars_vstd": 1.0285583786718748,
  "efc": 0.48150782538154374,
  "fber": 7480.49560546875,
  "fd_mean": 0.1707673718908629,
  "fd_num": 129,
  "fd_perc": 33.506493506493506,
  "fwhm_avg": 2.1161095630356144,
  "fwhm_x": 1.9728812737889923,
  "fwhm_y": 2.3086874153178503,
  "fwhm_z": 2.06676,
  "gcor": 0.010459,
  "gsr_x": -0.01041923277080059,
  "gsr_y": 0.02083112671971321,
  "provenance": {
    "md5sum": "c5c6a030ebcde260604230728126d4a5",
    "settings": {
      "fd_thres": 0.2,
      "testing": false
    },
    "software": "mriqc",
    "version": "22.0.6",
    "webapi_port": null,
    "webapi_url": "https://mriqc.nimh.nih.gov/api/v1"
  },
  "size_t": 385,
  "size_x": 84,
  "size_y": 84,
  "size_z": 48,
  "snr": 5.741431674426315,
  "spacing_tr": 1.0,
  "spacing_x": 2.4761905670166016,
  "spacing_y": 2.4761905670166016,
  "spacing_z": 2.5,
  "summary_bg_k": 57.39783314199978,
  "summary_bg_mad": 1.3918531433651131,
  "summary_bg_mean": 6.265649318695068,
  "summary_bg_median": 2.7717034816741943,
  "summary_bg_n": 218625.0,
  "summary_bg_p05": 1.2249388217926025,
  "summary_bg_p95": 24.51071624755858,
  "summary_bg_stdv": 13.029685974121094,
  "summary_fg_k": 3.134006674191429,
  "summary_fg_mad": 38.55920657690595,
  "summary_fg_mean": 246.90170288085938,
  "summary_fg_median": 243.68521118164062,
  "summary_fg_n": 64642.0,
  "summary_fg_p05": 188.0490623474121,
  "summary_fg_p95": 315.78288116455076,
  "summary_fg_stdv": 42.442955017089844,
  "tsnr": 54.294639587402344
}