{
  "aor": 0.0011101298701298703,
  "aqi": 0.006988236285714285,
  "bids_meta": {
    "AcquisitionMatrixPE": 84,
    "AcquisitionNumber": 1,
    "AcquisitionTime": "10:43:33.220000",
    "BandwidthPerPixelPhaseEncode": 15.664,
    "BaseResolution": 84,
    "BodyPartExamined": "BRAIN",
    "ConsistencyInfo": "N4_VE11C_LATEST_20160120",
    "ConversionSoftware": "dcm2niix",
    "ConversionSoftwareVersion": "v1.0.20181114  Clang4.0.1",
    "DerivedVendorReportedEchoSpacing": 0.000760008,
    "DeviceSerialNumber": "67007",
    "DwellTime": 3.8e-06,
    "EchoTime": 0.03,
    "EchoTrainLength": 74,
    "EffectiveEchoSpacing": 0.000760008,
    "FlipAngle": 40,
    "ImageComments": "Unaliased_MB4_PE3",
    "ImageOrientationPatientDICOM": [
      1,
      0,
      0,
      0,
      0.903335,
      -0.428935
    ],
    "ImageType": [
      "ORIGINAL",
      "PRIMARY",
      "M",
      "MB",
      "ND",
      "NORM",
      "MOSAIC"
    ],
    "ImagingFrequency": 123.211,
    "InPlanePhaseEncodingDirectionDICOM": "COL",
    "InstitutionAddress": "Perth_Drive_100_London_Ontario_CA_N6A_5K8",
    "InstitutionName": "Robarts_Research_Institute",
    "InstitutionalDepartmentName": "CFMM",
    "MRAcquisitionType": "2D",
    "MagneticFieldStrength": 3,
    "Manufacturer": "Siemens",
    "ManufacturersModelName": "Prisma_fit",
    "Modality": "MR",
    "MultibandAccelerationFactor": 4,
    "PartialFourier": 0.875,
    "PatientPosition": "HFS",
    "PercentPhaseFOV": 100,
    "PhaseEncodingDirection": "j-",
    "PhaseEncodingSteps": 74,
    "PhaseResolution": 1,
    "PixelBandwidth": 1565,
    "ProcedureStepDescription": "Ansari_Adaptation",
    "ProtocolName": "ep_bold_mb4_adaptation_1",
    "PulseSequenceDetails": "%CustomerSeq%_cmrr_mbep2d_bold",
    "ReceiveCoilActiveElements": "HEA;HEP",
    "ReceiveCoilName": "Head_32",
    "ReconMatrixPE": 84,
    "RepetitionTime": 1,
    "SAR": 0.0718023,
    "ScanOptions": "PFP_FS",
    "ScanningSequence": "EP",
    "SequenceName": "epfid2d1_84",
    "SequenceVariant": "SK_SS",
    "SeriesDescription": "ep_bold_mb4_adaptation_1",
    "SeriesNumber": 4,
    "ShimSetting": [
      5227,
      -6167,
      -3883,
      507,
      94,
      280,
      -72,
      55
    ],
    "SliceThickness": 2.5,
    "SliceTiming": [
      0,
      0.41,
      0.8175,
      0.245,
      0.655,
      0.0825,
      0.49,
      0.9,
      0.3275,
      0.735,
      0.165,
      0.5725,
      0,
      0.41,
      0.8175,
      0.245,
      0.655,
      0.0825,
      0.49,
      0.9,
      0.3275,
      0.735,
      0.165,
      0.5725,
      0,
      0.41,
      0.8175,
      0.245,
      0.655,
      0.0825,
      0.49,
      0.9,
      0.3275,
      0.735,
      0.165,
      0.5725,
      0,
      0.41,
      0.8175,
      0.245,
      0.655,
      0.0825,
      0.49,
      0.9,
      0.3275,
      0.735,
      0.165,
      0.5725
    ],
    "SoftwareVersions": "syngo_MR_E11",
    "SpacingBetweenSlices": 2.5,
    "StationName": "MRC35368",
    "TaskName": "Adaptation",
    "TotalReadoutTime": 0.0630806,
    "TxRefAmp": 222.328,
    "WipMemBlock": "503b7b70-319d-41dd-a4ff-77caa58aa829||Sequence: R016 ve11c/master r/e634e98; Dec 19 2017 11:00:25 by eja",
    "dataset": "ds002116",
    "modality": "bold",
    "run_id": 1,
    "session_id": "01",
    "subject_id": "28",
    "task_id": "Adaptation"
  },
  "dummy_trs": 1,
  "dvars_nstd": 28.39882270520833,
  "dvars_std": 1.24006472203125,
  "dvars_vstd": 1.009401306119792,
  "efc": 0.5333524999204765,
  "fber": 7224.80322265625,
  "fd_mean": 0.16419464137611353,
  "fd_num": 100,
  "fd_perc": 25.974025974025974,
  "fwhm_avg": 2.047534123249621,
  "fwhm_x": 1.9447776209736745,
  "fwhm_y": 2.171948941977761,
  "fwhm_z": 2.025875806797427,
  "gcor": 0.0266424,
  "gsr_x": -0.00968831218779087,
  "gsr_y": 0.0319305844604969,
  "provenance": {
    "md5sum": "3719b20de3f55db04c155ed1b298065e",
    "settings": {
      "fd_thres": 0.2,
      "testing": false
    },
    "software": "mriqc",
    "version": "22.0.6",
    "webapi_port": null,
    "webapi_url": "https://mriqc.nimh.nih.gov/api/v1"
  },
  "size_t": 385,
  "size_x": 84,
  "size_y": 84,
  "size_z": 48,
  "snr": 5.652467486259461,
  "spacing_tr": 1.0,
  "spacing_x": 2.4761905670166016,
  "spacing_y": 2.4761908054351807,
  "spacing_z": 2.500000238418579,
  "summary_bg_k": 62.46691092698528,
  "summary_bg_mad": 1.9829107963601322,
  "summary_bg_mean": 8.063934326171875,
  "summary_bg_median": 3.112776041030884,
  "summary_bg_n": 199275.0,
  "summary_bg_p05": 1.1396417498588562,
  "summary_bg_p95": 30.318798255920395,
  "summary_bg_stdv": 17.589344024658203,
  "summary_fg_k": 2.5989305208143207,
  "summary_fg_mad": 45.06928857632323,
  "summary_fg_mean": 277.3724365234375,
  "summary_fg_median": 272.9653625488281,
  "summary_fg_n": 80925.0,
  "summary_fg_p05": 211.151416015625,
  "summary_fg_p95": 356.82900390625,
  "summary_fg_stdv": 48.29106521606445,
  "tsnr": 64.00874328613281
}