{
  "bids_meta": {
    "AcquisitionMatrixPE": 240,
    "AcquisitionNumber": 1,
    "AcquisitionTime": "17:50:9.020000",
    "BaseResolution": 256,
    "BodyPartExamined": "BRAIN",
    "ConsistencyInfo": "N4_VE11C_LATEST_20160120",
    "ConversionSoftware": "dcm2niix",
    "ConversionSoftwareVersion": "v1.0.20181114  Clang4.0.1",
    "DeviceSerialNumber": "67007",
    "DwellTime": 8.2e-06,
    "EchoTime": 0.00298,
    "FlipAngle": 9,
    "ImageOrientationPatientDICOM": [
      0.139468,
      0.990227,
      -1.87009e-08,
      0.0738255,
      -0.010398,
      -0.997217
    ],
    "ImageType": [
      "ORIGINAL",
      "PRIMARY",
      "M",
      "ND",
      "NORM"
    ],
    "ImagingFrequency": 123.211,
    "InPlanePhaseEncodingDirectionDICOM": "ROW",
    "InstitutionAddress": "Perth_Drive_100_London_Ontario_CA_N6A_5K8",
    "InstitutionName": "Robarts_Research_Institute",
    "InstitutionalDepartmentName": "CFMM",
    "InversionTime": 0.9,
    "MRAcquisitionType": "3D",
    "MagneticFieldStrength": 3,
    "Manufacturer": "Siemens",
    "ManufacturersModelName": "Prisma_fit",
    "Modality": "MR",
    "PartialFourier": 1,
    "PatientPosition": "HFS",
    "PercentPhaseFOV": 93.75,
    "PhaseEncodingSteps": 247,
    "PhaseOversampling": 0.03,
    "PhaseResolution": 1,
    "PixelBandwidth": 240,
    "ProcedureStepDescription": "Ansari_Adaptation",
    "ProtocolName": "MPRAGE_SAG_iPAT2",
    "PulseSequenceDetails": "%SiemensSeq%_tfl",
    "ReceiveCoilActiveElements": "HEA;HEP",
    "ReceiveCoilName": "Head_32",
    "ReconMatrixPE": 256,
    "RepetitionTime": 2.3,
    "SAR": 0.0514655,
    "ScanOptions": "IR",
    "ScanningSequence": "GR_IR",
    "SequenceName": "_tfl3d1_16ns",
    "SequenceVariant": "SK_SP_MP_OSP",
    "SeriesDescription": "MPRAGE_SAG_iPAT2",
    "SeriesNumber": 10,
    "ShimSetting": [
      5270,
      -6154,
      -3855,
      338,
      -91,
      -192,
      76,
      -146
    ],
    "SliceThickness": 1,
    "SoftwareVersions": "syngo_MR_E11",
    "StationName": "MRC35368",
    "TxRefAmp": 218.563,
    "dataset": "ds002116",
    "modality": "T1w",
    "session_id": "01",
    "subject_id": "33"
  },
  "cjv": 0.31412229328083446,
  "cnr": 4.083335384420045,
  "efc": 0.5070358774040297,
  "fber": 4969.19781688572,
  "fwhm_avg": 3.6505300000000003,
  "fwhm_x": 3.65411,
  "fwhm_y": 3.76329,
  "fwhm_z": 3.53419,
  "icvs_csf": 0.17171462180694935,
  "icvs_gm": 0.5072112802535442,
  "icvs_wm": 0.32107409793950636,
  "inu_med": 0.5054013729095459,
  "inu_range": 0.18085694909095762,
  "provenance": {
    "md5sum": "4635bb07f679c04536249b7884c60ec1",
    "settings": {
      "testing": false
    },
    "software": "mriqc",
    "version": "22.0.6",
    "warnings": {
      "large_rot_frame": true,
      "small_air_mask": false
    },
    "webapi_port": null,
    "webapi_url": "https://mriqc.nimh.nih.gov/api/v1"
  },
  "qi_1": 0.0,
  "qi_2": 0.034507567004104886,
  "rpve_csf": 32.021197497570725,
  "rpve_gm": 12.433044923279086,
  "rpve_wm": 20.381493139488374,
  "size_x": 192,
  "size_y": 240,
  "size_z": 256,
  "snr_csf": 2.536539586004496,
  "snr_gm": 14.161108258944152,
  "snr_total": 12.999771217168345,
  "snr_wm": 22.301665806556382,
  "snrd_csf": 23.654892002581978,
  "snrd_gm": 53.61794404465025,
  "snrd_total": 50.75609206445523,
  "snrd_wm": 74.99544014613346,
  "spacing_x": 1.0,
  "spacing_y": 1.0,
  "spacing_z": 1.0,
  "summary_bg_k": 7854.5580963781,
  "summary_bg_mad": 8.73568295864914,
  "summary_bg_mean": 7.402719485603248,
  "summary_bg_median": 5.892128616571426,
  "summary_bg_n": 3396154.0,
  "summary_bg_p05": 0.0,
  "summary_bg_p95": 23.757364742457867,
  "summary_bg_stdv": 17.712615348420524,
  "summary_csf_k": 1.3066421529100136,
  "summary_csf_mad": 101.97229915192362,
  "summary_csf_mean": 327.4102216347312,
  "summary_csf_median": 315.4177312627435,
  "summary_csf_n": 20788.0,
  "summary_csf_p05": 127.09812436662615,
  "summary_csf_p95": 551.6127716712646,
  "summary_csf_stdv": 124.346628129894,
  "summary_gm_k": 0.09418523922515787,
  "summary_gm_mad": 49.44620546466148,
  "summary_gm_mean": 715.3909832503587,
  "summary_gm_median": 714.9493755325675,
  "summary_gm_n": 55355.0,
  "summary_gm_p05": 632.0063342377543,
  "summary_gm_p95": 799.0255184844136,
  "summary_gm_stdv": 50.48636763260385,
  "summary_wm_k": 1.011892107359949,
  "summary_wm_mad": 40.09454486149221,
  "summary_wm_mean": 1000.0287664912616,
  "summary_wm_median": 999.9999823868275,
  "summary_wm_n": 152838.0,
  "summary_wm_p05": 926.3861447349191,
  "summary_wm_p95": 1072.8961889892817,
  "summary_wm_stdv": 44.83955232841025,
  "tpm_overlap_csf": 0.15167566061064694,
  "tpm_overlap_gm": 0.4826389631064303,
  "tpm_overlap_wm": 0.4923727437196538,
  "wm2max": 0.4576901135754663
}