{
  "bids_meta": {
    "AcquisitionMatrixPE": 240,
    "AcquisitionNumber": 1,
    "AcquisitionTime": "17:20:14.190000",
    "BaseResolution": 256,
    "BodyPartExamined": "BRAIN",
    "ConsistencyInfo": "N4_VE11B_LATEST_20150530",
    "ConversionSoftware": "dcm2niix",
    "ConversionSoftwareVersion": "v1.0.20181114  Clang4.0.1",
    "DeviceSerialNumber": "67007",
    "DwellTime": 8.2e-06,
    "EchoTime": 0.00298,
    "FlipAngle": 9,
    "ImageOrientationPatientDICOM": [
      -0.026177,
      0.999657,
      0,
      0,
      0,
      -1
    ],
    "ImageType": [
      "ORIGINAL",
      "PRIMARY",
      "M",
      "ND",
      "NORM"
    ],
    "ImagingFrequency": 123.211,
    "InPlanePhaseEncodingDirectionDICOM": "ROW",
    "InstitutionAddress": "Perth_Drive_100_London_Ontario_CA_N6A_5K8",
    "InstitutionName": "Robarts_Research_Institute",
    "InstitutionalDepartmentName": "CFMM",
    "InversionTime": 0.9,
    "MRAcquisitionType": "3D",
    "MagneticFieldStrength": 3,
    "Manufacturer": "Siemens",
    "ManufacturersModelName": "Prisma_fit",
    "Modality": "MR",
    "PartialFourier": 1,
    "PatientPosition": "HFS",
    "PercentPhaseFOV": 93.75,
    "PhaseEncodingSteps": 247,
    "PhaseOversampling": 0.03,
    "PhaseResolution": 1,
    "PixelBandwidth": 240,
    "ProcedureStepDescription": "Ansari_Adaptation",
    "ProtocolName": "MPRAGE_SAG_iPAT2",
    "PulseSequenceDetails": "%SiemensSeq%_tfl",
    "ReceiveCoilActiveElements": "HEA;HEP",
    "ReceiveCoilName": "Head_32",
    "ReconMatrixPE": 256,
    "RepetitionTime": 2.3,
    "SAR": 0.0803182,
    "ScanOptions": "IR",
    "ScanningSequence": "GR_IR",
    "SequenceName": "_tfl3d1_16ns",
    "SequenceVariant": "SK_SP_MP_OSP",
    "SeriesDescription": "MPRAGE_SAG_iPAT2",
    "SeriesNumber": 10,
    "ShimSetting": [
      5239,
      -6209,
      -3843,
      419,
      -7,
      -188,
      240,
      -7
    ],
    "SliceThickness": 1,
    "SoftwareVersions": "syngo_MR_E11",
    "StationName": "MRC35368",
    "TxRefAmp": 222.981,
    "dataset": "ds002116",
    "modality": "T1w",
    "session_id": "01",
    "subject_id": "02"
  },
  "cjv": 0.3062635208965075,
  "cnr": 4.308078629851462,
  "efc": 0.5532854233162048,
  "fber": 2012.5419473140496,
  "fwhm_avg": 3.4337933333333335,
  "fwhm_x": 3.4436,
  "fwhm_y": 3.56439,
  "fwhm_z": 3.29339,
  "icvs_csf": 0.16694719520026124,
  "icvs_gm": 0.5063241701624857,
  "icvs_wm": 0.32672863463725316,
  "inu_med": 0.587399423122406,
  "inu_range": 0.23635956645011902,
  "provenance": {
    "md5sum": "79b167a170528f3400b4b1f28b366207",
    "settings": {
      "testing": false
    },
    "software": "mriqc",
    "version": "22.0.6",
    "warnings": {
      "large_rot_frame": true,
      "small_air_mask": false
    },
    "webapi_port": null,
    "webapi_url": "https://mriqc.nimh.nih.gov/api/v1"
  },
  "qi_1": 0.0,
  "qi_2": 0.031637677203907935,
  "rpve_csf": 27.002901015240123,
  "rpve_gm": 10.068743752024908,
  "rpve_wm": 16.289788478916815,
  "size_x": 192,
  "size_y": 240,
  "size_z": 256,
  "snr_csf": 2.6506788093672804,
  "snr_gm": 14.796124019036835,
  "snr_total": 12.819999419451696,
  "snr_wm": 21.01319542995097,
  "snrd_csf": 25.588390802634684,
  "snrd_gm": 54.894789002319406,
  "snrd_total": 52.69241141852558,
  "snrd_wm": 77.59405445062264,
  "spacing_x": 1.0,
  "spacing_y": 1.0,
  "spacing_z": 1.0,
  "summary_bg_k": 0.6235180204335098,
  "summary_bg_mad": 8.44312658341292,
  "summary_bg_mean": 8.050846542912394,
  "summary_bg_median": 5.694802340120077,
  "summary_bg_n": 2927429.0,
  "summary_bg_p05": 0.0,
  "summary_bg_p95": 21.43712218478322,
  "summary_bg_stdv": 7.759117978466641,
  "summary_csf_k": 3.0644018758924094,
  "summary_csf_mad": 100.94107386666275,
  "summary_csf_mean": 350.0393212425315,
  "summary_csf_median": 329.7725826445967,
  "summary_csf_n": 26098.0,
  "summary_csf_p05": 182.4458697481081,
  "summary_csf_p95": 578.5193725034588,
  "summary_csf_stdv": 124.4082321298777,
  "summary_gm_k": 0.16164634275011602,
  "summary_gm_mad": 46.78675240489962,
  "summary_gm_mean": 707.0507886909148,
  "summary_gm_median": 707.4613047242165,
  "summary_gm_n": 49503.0,
  "summary_gm_p05": 627.3350730724633,
  "summary_gm_p95": 784.2141821235418,
  "summary_gm_stdv": 47.81347859325833,
  "summary_wm_k": 1.0485426763392711,
  "summary_wm_mad": 42.80718955666678,
  "summary_wm_mean": 999.9695095576153,
  "summary_wm_median": 1000.0000363998115,
  "summary_wm_n": 174552.0,
  "summary_wm_p05": 921.5423455610871,
  "summary_wm_p95": 1077.2607305683196,
  "summary_wm_stdv": 47.58901021280906,
  "tpm_overlap_csf": 0.1371780119226915,
  "tpm_overlap_gm": 0.4672225272638143,
  "tpm_overlap_wm": 0.4721775891857645,
  "wm2max": 0.5208108951394914
}