{
  "aor": 0.0012717922077922078,
  "aqi": 0.006657772415584416,
  "bids_meta": {
    "AcquisitionMatrixPE": 84,
    "AcquisitionNumber": 1,
    "AcquisitionTime": "18:22:56.342500",
    "BandwidthPerPixelPhaseEncode": 15.664,
    "BaseResolution": 84,
    "BodyPartExamined": "BRAIN",
    "ConsistencyInfo": "N4_VE11C_LATEST_20160120",
    "ConversionSoftware": "dcm2niix",
    "ConversionSoftwareVersion": "v1.0.20181114  Clang4.0.1",
    "DerivedVendorReportedEchoSpacing": 0.000760008,
    "DeviceSerialNumber": "67007",
    "DwellTime": 3.8e-06,
    "EchoTime": 0.03,
    "EchoTrainLength": 74,
    "EffectiveEchoSpacing": 0.000760008,
    "FlipAngle": 40,
    "ImageComments": "Unaliased_MB4_PE3",
    "ImageOrientationPatientDICOM": [
      1,
      0,
      0,
      0,
      0.981627,
      -0.190809
    ],
    "ImageType": [
      "ORIGINAL",
      "PRIMARY",
      "M",
      "MB",
      "ND",
      "NORM",
      "MOSAIC"
    ],
    "ImagingFrequency": 123.22,
    "InPlanePhaseEncodingDirectionDICOM": "COL",
    "InstitutionAddress": "Perth_Drive_100_London_Ontario_CA_N6A_5K8",
    "InstitutionName": "Robarts_Research_Institute",
    "InstitutionalDepartmentName": "CFMM",
    "MRAcquisitionType": "2D",
    "MagneticFieldStrength": 3,
    "Manufacturer": "Siemens",
    "ManufacturersModelName": "Prisma_fit",
    "Modality": "MR",
    "MultibandAccelerationFactor": 4,
    "PartialFourier": 0.875,
    "PatientPosition": "HFS",
    "PercentPhaseFOV": 100,
    "PhaseEncodingDirection": "j-",
    "PhaseEncodingSteps": 74,
    "PhaseResolution": 1,
    "PixelBandwidth": 1565,
    "ProcedureStepDescription": "Ansari_Adaptation",
    "ProtocolName": "ep_bold_mb4_adaptation_4",
    "PulseSequenceDetails": "%CustomerSeq%_cmrr_mbep2d_bold",
    "ReceiveCoilActiveElements": "HEA;HEP",
    "ReceiveCoilName": "Head_32",
    "ReconMatrixPE": 84,
    "RepetitionTime": 1,
    "SAR": 0.0969098,
    "ScanOptions": "PFP_FS",
    "ScanningSequence": "EP",
    "SequenceName": "epfid2d1_84",
    "SequenceVariant": "SK_SS",
    "SeriesDescription": "ep_bold_mb4_adaptation_4",
    "SeriesNumber": 12,
    "ShimSetting": [
      5224,
      -6372,
      -4011,
      257,
      57,
      551,
      41,
      -5
    ],
    "SliceThickness": 2.5,
    "SliceTiming": [
      0,
      0.4075,
      0.815,
      0.245,
      0.6525,
      0.08,
      0.49,
      0.8975,
      0.325,
      0.735,
      0.1625,
      0.57,
      0,
      0.4075,
      0.815,
      0.245,
      0.6525,
      0.08,
      0.49,
      0.8975,
      0.325,
      0.735,
      0.1625,
      0.57,
      0,
      0.4075,
      0.815,
      0.245,
      0.6525,
      0.08,
      0.49,
      0.8975,
      0.325,
      0.735,
      0.1625,
      0.57,
      0,
      0.4075,
      0.815,
      0.245,
      0.6525,
      0.08,
      0.49,
      0.8975,
      0.325,
      0.735,
      0.1625,
      0.57
    ],
    "SoftwareVersions": "syngo_MR_E11",
    "SpacingBetweenSlices": 2.5,
    "StationName": "MRC35368",
    "TaskName": "Adaptation",
    "TotalReadoutTime": 0.0630806,
    "TxRefAmp": 225.968,
    "WipMemBlock": "c78b4e84-12be-494f-9ef2-e0dbca3f40a6||Sequence: R016 ve11c/master r/e634e98; Dec 19 2017 11:00:25 by eja",
    "dataset": "ds002116",
    "modality": "bold",
    "run_id": 4,
    "session_id": "01",
    "subject_id": "64",
    "task_id": "Adaptation"
  },
  "dummy_trs": 1,
  "dvars_nstd": 30.60457885234373,
  "dvars_std": 1.3548185613802073,
  "dvars_vstd": 1.0215252315625005,
  "efc": 0.5349818248106307,
  "fber": 6937.59375,
  "fd_mean": 0.1539776791769145,
  "fd_num": 86,
  "fd_perc": 22.337662337662337,
  "fwhm_avg": 1.9939865408519142,
  "fwhm_x": 1.8460291630572845,
  "fwhm_y": 2.0986066537927974,
  "fwhm_z": 2.037323805705661,
  "gcor": 0.0295077,
  "gsr_x": -0.01356697641313076,
  "gsr_y": 0.02548508159816265,
  "provenance": {
    "md5sum": "2c75108371758c15a9f9b76ca44594f6",
    "settings": {
      "fd_thres": 0.2,
      "testing": false
    },
    "software": "mriqc",
    "version": "22.0.6",
    "webapi_port": null,
    "webapi_url": "https://mriqc.nimh.nih.gov/api/v1"
  },
  "size_t": 385,
  "size_x": 84,
  "size_y": 84,
  "size_z": 48,
  "snr": 5.843868610800709,
  "spacing_tr": 1.0,
  "spacing_x": 2.4761905670166016,
  "spacing_y": 2.4761905670166016,
  "spacing_z": 2.500000238418579,
  "summary_bg_k": 64.60442384264456,
  "summary_bg_mad": 1.9381927593607382,
  "summary_bg_mean": 7.468142032623291,
  "summary_bg_median": 3.292302131652832,
  "summary_bg_n": 197220.0,
  "summary_bg_p05": 1.4130721986293793,
  "summary_bg_p95": 28.087914371490474,
  "summary_bg_stdv": 15.452674865722656,
  "summary_fg_k": 2.214284155264602,
  "summary_fg_mad": 46.202528214561774,
  "summary_fg_mean": 284.8602294921875,
  "summary_fg_median": 281.1301574707031,
  "summary_fg_n": 82765.0,
  "summary_fg_p05": 218.12561950683593,
  "summary_fg_p95": 363.49302978515624,
  "summary_fg_stdv": 48.1065673828125,
  "tsnr": 68.11983489990234
}