{
  "aor": 0.0003663376623376623,
  "aqi": 0.007585315168831169,
  "bids_meta": {
    "AcquisitionMatrixPE": 84,
    "AcquisitionNumber": 1,
    "AcquisitionTime": "17:20:13.502500",
    "BandwidthPerPixelPhaseEncode": 15.664,
    "BaseResolution": 84,
    "BodyPartExamined": "BRAIN",
    "ConsistencyInfo": "N4_VE11C_LATEST_20160120",
    "ConversionSoftware": "dcm2niix",
    "ConversionSoftwareVersion": "v1.0.20181114  Clang4.0.1",
    "DerivedVendorReportedEchoSpacing": 0.000760008,
    "DeviceSerialNumber": "67007",
    "DwellTime": 3.8e-06,
    "EchoTime": 0.03,
    "EchoTrainLength": 74,
    "EffectiveEchoSpacing": 0.000760008,
    "FlipAngle": 40,
    "ImageComments": "Unaliased_MB4_PE3",
    "ImageOrientationPatientDICOM": [
      0.997643,
      -0.0531235,
      0.043436,
      0.0645147,
      0.941797,
      -0.329934
    ],
    "ImageType": [
      "ORIGINAL",
      "PRIMARY",
      "M",
      "MB",
      "ND",
      "NORM",
      "MOSAIC"
    ],
    "ImagingFrequency": 123.211,
    "InPlanePhaseEncodingDirectionDICOM": "COL",
    "InstitutionAddress": "Perth_Drive_100_London_Ontario_CA_N6A_5K8",
    "InstitutionName": "Robarts_Research_Institute",
    "InstitutionalDepartmentName": "CFMM",
    "MRAcquisitionType": "2D",
    "MagneticFieldStrength": 3,
    "Manufacturer": "Siemens",
    "ManufacturersModelName": "Prisma_fit",
    "Modality": "MR",
    "MultibandAccelerationFactor": 4,
    "PartialFourier": 0.875,
    "PatientPosition": "HFS",
    "PercentPhaseFOV": 100,
    "PhaseEncodingDirection": "j-",
    "PhaseEncodingSteps": 74,
    "PhaseResolution": 1,
    "PixelBandwidth": 1565,
    "ProcedureStepDescription": "Ansari_Adaptation",
    "ProtocolName": "ep_bold_mb4_adaptation_1",
    "PulseSequenceDetails": "%CustomerSeq%_cmrr_mbep2d_bold",
    "ReceiveCoilActiveElements": "HEA;HEP",
    "ReceiveCoilName": "Head_32",
    "ReconMatrixPE": 84,
    "RepetitionTime": 1,
    "SAR": 0.0516545,
    "ScanOptions": "PFP_FS",
    "ScanningSequence": "EP",
    "SequenceName": "epfid2d1_84",
    "SequenceVariant": "SK_SS",
    "SeriesDescription": "ep_bold_mb4_adaptation_1",
    "SeriesNumber": 2,
    "ShimSetting": [
      5272,
      -6217,
      -3844,
      528,
      28,
      -55,
      192,
      -8
    ],
    "SliceThickness": 2.5,
    "SliceTiming": [
      0,
      0.4075,
      0.815,
      0.245,
      0.6525,
      0.08,
      0.49,
      0.8975,
      0.325,
      0.735,
      0.1625,
      0.57,
      0,
      0.4075,
      0.815,
      0.245,
      0.6525,
      0.08,
      0.49,
      0.8975,
      0.325,
      0.735,
      0.1625,
      0.57,
      0,
      0.4075,
      0.815,
      0.245,
      0.6525,
      0.08,
      0.49,
      0.8975,
      0.325,
      0.735,
      0.1625,
      0.57,
      0,
      0.4075,
      0.815,
      0.245,
      0.6525,
      0.08,
      0.49,
      0.8975,
      0.325,
      0.735,
      0.1625,
      0.57
    ],
    "SoftwareVersions": "syngo_MR_E11",
    "SpacingBetweenSlices": 2.5,
    "StationName": "MRC35368",
    "TaskName": "Adaptation",
    "TotalReadoutTime": 0.0630806,
    "TxRefAmp": 218.563,
    "WipMemBlock": "164760ce-65bc-4d1f-9f50-eb8886c78dba||Sequence: R016 ve11c/master r/e634e98; Dec 19 2017 11:00:25 by eja",
    "dataset": "ds002116",
    "modality": "bold",
    "run_id": 1,
    "session_id": "01",
    "subject_id": "33",
    "task_id": "Adaptation"
  },
  "dummy_trs": 1,
  "dvars_nstd": 29.235478833645832,
  "dvars_std": 1.2607176908072923,
  "dvars_vstd": 0.9898507912760418,
  "efc": 0.50695659984777,
  "fber": 7022.857421875,
  "fd_mean": 0.18141307879922963,
  "fd_num": 144,
  "fd_perc": 37.4025974025974,
  "fwhm_avg": 2.0276625906814,
  "fwhm_x": 1.9011864687264344,
  "fwhm_y": 2.179505112363921,
  "fwhm_z": 2.002296190953845,
  "gcor": 0.0242752,
  "gsr_x": -0.011704334989190102,
  "gsr_y": 0.024496261030435562,
  "provenance": {
    "md5sum": "8f48d7b9e3ed6f079e7ba67b6896bfe8",
    "settings": {
      "fd_thres": 0.2,
      "testing": false
    },
    "software": "mriqc",
    "version": "22.0.6",
    "webapi_port": null,
    "webapi_url": "https://mriqc.nimh.nih.gov/api/v1"
  },
  "size_t": 385,
  "size_x": 84,
  "size_y": 84,
  "size_z": 48,
  "snr": 5.293988812343505,
  "spacing_tr": 1.0,
  "spacing_x": 2.4761905670166016,
  "spacing_y": 2.4761905670166016,
  "spacing_z": 2.499999761581421,
  "summary_bg_k": 86.6257446112376,
  "summary_bg_mad": 1.7028565251812604,
  "summary_bg_mean": 7.01399040222168,
  "summary_bg_median": 2.8620681762695312,
  "summary_bg_n": 209312.0,
  "summary_bg_p05": 1.1420815289020538,
  "summary_bg_p95": 24.95570211410522,
  "summary_bg_stdv": 14.216192245483398,
  "summary_fg_k": 3.9350385524626024,
  "summary_fg_mad": 41.91391760109245,
  "summary_fg_mean": 250.9834442138672,
  "summary_fg_median": 246.47540283203125,
  "summary_fg_n": 71823.0,
  "summary_fg_p05": 187.7396713256836,
  "summary_fg_p95": 326.5748382568358,
  "summary_fg_stdv": 46.557273864746094,
  "tsnr": 59.699134826660156
}