{
  "bids_meta": {
    "AcquisitionMatrixPE": 216,
    "AcquisitionNumber": 1,
    "AcquisitionTime": "17:38:10.275000",
    "BaseResolution": 256,
    "BodyPartExamined": "BRAIN",
    "ConsistencyInfo": "N4_VE11C_LATEST_20160120",
    "ConversionSoftware": "dcm2niix",
    "ConversionSoftwareVersion": "v1.0.20181114  Clang4.0.1",
    "DeviceSerialNumber": "67007",
    "DwellTime": 8.2e-06,
    "EchoTime": 0.00298,
    "FlipAngle": 9,
    "ImageOrientationPatientDICOM": [
      -0.0331552,
      0.99945,
      0,
      0,
      0,
      -1
    ],
    "ImageType": [
      "ORIGINAL",
      "PRIMARY",
      "M",
      "ND",
      "NORM"
    ],
    "ImagingFrequency": 123.211,
    "InPlanePhaseEncodingDirectionDICOM": "ROW",
    "InstitutionAddress": "Perth_Drive_100_London_Ontario_CA_N6A_5K8",
    "InstitutionName": "Robarts_Research_Institute",
    "InstitutionalDepartmentName": "CFMM",
    "InversionTime": 0.9,
    "MRAcquisitionType": "3D",
    "MagneticFieldStrength": 3,
    "Manufacturer": "Siemens",
    "ManufacturersModelName": "Prisma_fit",
    "Modality": "MR",
    "PartialFourier": 1,
    "PatientPosition": "HFS",
    "PercentPhaseFOV": 84.375,
    "PhaseEncodingSteps": 215,
    "PhaseResolution": 1,
    "PixelBandwidth": 240,
    "ProcedureStepDescription": "Ansari_Adaptation",
    "ProtocolName": "MPRAGE_SAG_iPAT2",
    "PulseSequenceDetails": "%SiemensSeq%_tfl",
    "ReceiveCoilActiveElements": "HEA;HEP",
    "ReceiveCoilName": "Head_32",
    "ReconMatrixPE": 256,
    "RepetitionTime": 2.3,
    "SAR": 0.0817886,
    "ScanOptions": "IR",
    "ScanningSequence": "GR_IR",
    "SequenceName": "_tfl3d1_16ns",
    "SequenceVariant": "SK_SP_MP",
    "SeriesDescription": "MPRAGE_SAG_iPAT2",
    "SeriesNumber": 10,
    "ShimSetting": [
      5231,
      -6174,
      -3871,
      480,
      14,
      -96,
      77,
      31
    ],
    "SliceThickness": 1,
    "SoftwareVersions": "syngo_MR_E11",
    "StationName": "MRC35368",
    "TxRefAmp": 219.995,
    "dataset": "ds002116",
    "modality": "T1w",
    "session_id": "01",
    "subject_id": "41"
  },
  "cjv": 0.29752389697929676,
  "cnr": 4.395880376224785,
  "efc": 0.5797140938438637,
  "fber": 3352.503137376104,
  "fwhm_avg": 3.7174300000000002,
  "fwhm_x": 3.71977,
  "fwhm_y": 3.88679,
  "fwhm_z": 3.54573,
  "icvs_csf": 0.15875204945343138,
  "icvs_gm": 0.48588570147451116,
  "icvs_wm": 0.35536224907205743,
  "inu_med": 0.4669572412967682,
  "inu_range": 0.1565729320049286,
  "provenance": {
    "md5sum": "0b3096f91c5d584e40c9c07db7802028",
    "settings": {
      "testing": false
    },
    "software": "mriqc",
    "version": "22.0.6",
    "warnings": {
      "large_rot_frame": true,
      "small_air_mask": false
    },
    "webapi_port": null,
    "webapi_url": "https://mriqc.nimh.nih.gov/api/v1"
  },
  "qi_1": 0.0,
  "qi_2": 0.023197898298438668,
  "rpve_csf": 26.34483473758908,
  "rpve_gm": 9.966810805970207,
  "rpve_wm": 14.889061159533767,
  "size_x": 192,
  "size_y": 216,
  "size_z": 256,
  "snr_csf": 2.746442561523231,
  "snr_gm": 13.428421383945535,
  "snr_total": 13.790219694816706,
  "snr_wm": 25.19579513898135,
  "snrd_csf": 32.04863107314606,
  "snrd_gm": 66.89815613697107,
  "snrd_total": 64.46770964968381,
  "snrd_wm": 94.4563417389343,
  "spacing_x": 1.0,
  "spacing_y": 1.0,
  "spacing_z": 1.0,
  "summary_bg_k": 3.81912820260397,
  "summary_bg_mad": 0.0,
  "summary_bg_mean": 5.061682760167265,
  "summary_bg_median": 0.0,
  "summary_bg_n": 2140962.0,
  "summary_bg_p05": 0.0,
  "summary_bg_p95": 18.726345662027597,
  "summary_bg_stdv": 6.935864790427902,
  "summary_csf_k": 1.5709064721081303,
  "summary_csf_mad": 103.90658206719063,
  "summary_csf_mean": 349.2307770157848,
  "summary_csf_median": 339.2957128342241,
  "summary_csf_n": 19288.0,
  "summary_csf_p05": 146.3551127575338,
  "summary_csf_p95": 560.8655714195218,
  "summary_csf_stdv": 123.53686982587277,
  "summary_gm_k": 0.3558730207954359,
  "summary_gm_mad": 49.57458904919731,
  "summary_gm_mean": 709.326460995189,
  "summary_gm_median": 708.2442155480385,
  "summary_gm_n": 53159.0,
  "summary_gm_p05": 623.6300948150456,
  "summary_gm_p95": 797.762071788311,
  "summary_gm_stdv": 52.741683754349516,
  "summary_wm_k": 0.706885153818265,
  "summary_wm_mad": 37.229735673757425,
  "summary_wm_mean": 1000.1979570018664,
  "summary_wm_median": 1000.0000227428973,
  "summary_wm_n": 220203.0,
  "summary_wm_p05": 935.7248855233192,
  "summary_wm_p95": 1065.0321124233305,
  "summary_wm_stdv": 39.68907298190545,
  "tpm_overlap_csf": 0.14747793885173371,
  "tpm_overlap_gm": 0.4788583052527151,
  "tpm_overlap_wm": 0.5164229487551294,
  "wm2max": 0.49907199053923096
}