{
  "aor": 0.0015915885416666667,
  "aqi": 0.007711324947916667,
  "bids_meta": {
    "AcquisitionMatrixPE": 84,
    "AcquisitionNumber": 1,
    "AcquisitionTime": "17:36:45.700000",
    "BandwidthPerPixelPhaseEncode": 15.664,
    "BaseResolution": 84,
    "BodyPartExamined": "BRAIN",
    "ConsistencyInfo": "N4_VE11C_LATEST_20160120",
    "ConversionSoftware": "dcm2niix",
    "ConversionSoftwareVersion": "v1.0.20181114  Clang4.0.1",
    "DerivedVendorReportedEchoSpacing": 0.000760008,
    "DeviceSerialNumber": "67007",
    "DwellTime": 3.8e-06,
    "EchoTime": 0.03,
    "EchoTrainLength": 74,
    "EffectiveEchoSpacing": 0.000760008,
    "FlipAngle": 40,
    "ImageComments": "Unaliased_MB4_PE3",
    "ImageOrientationPatientDICOM": [
      0.999227,
      -0.0392226,
      0.00259493,
      0.03664,
      0.905459,
      -0.42285
    ],
    "ImageType": [
      "ORIGINAL",
      "PRIMARY",
      "M",
      "MB",
      "ND",
      "NORM",
      "MOSAIC"
    ],
    "ImagingFrequency": 123.211,
    "InPlanePhaseEncodingDirectionDICOM": "COL",
    "InstitutionAddress": "Perth_Drive_100_London_Ontario_CA_N6A_5K8",
    "InstitutionName": "Robarts_Research_Institute",
    "InstitutionalDepartmentName": "CFMM",
    "MRAcquisitionType": "2D",
    "MagneticFieldStrength": 3,
    "Manufacturer": "Siemens",
    "ManufacturersModelName": "Prisma_fit",
    "Modality": "MR",
    "MultibandAccelerationFactor": 4,
    "PartialFourier": 0.875,
    "PatientPosition": "HFS",
    "PercentPhaseFOV": 100,
    "PhaseEncodingDirection": "j-",
    "PhaseEncodingSteps": 74,
    "PhaseResolution": 1,
    "PixelBandwidth": 1565,
    "ProcedureStepDescription": "Ansari_Adaptation",
    "ProtocolName": "ep_bold_mb4_adaptation_3",
    "PulseSequenceDetails": "%CustomerSeq%_cmrr_mbep2d_bold",
    "ReceiveCoilActiveElements": "HEA;HEP",
    "ReceiveCoilName": "Head_32",
    "ReconMatrixPE": 84,
    "RepetitionTime": 1,
    "SAR": 0.0923636,
    "ScanOptions": "PFP_FS",
    "ScanningSequence": "EP",
    "SequenceName": "epfid2d1_84",
    "SequenceVariant": "SK_SS",
    "SeriesDescription": "ep_bold_mb4_adaptation_3",
    "SeriesNumber": 6,
    "ShimSetting": [
      5223,
      -6178,
      -3832,
      703,
      37,
      123,
      10,
      61
    ],
    "SliceThickness": 2.5,
    "SliceTiming": [
      0,
      0.4075,
      0.815,
      0.245,
      0.6525,
      0.08,
      0.49,
      0.8975,
      0.325,
      0.735,
      0.1625,
      0.57,
      0,
      0.4075,
      0.815,
      0.245,
      0.6525,
      0.08,
      0.49,
      0.8975,
      0.325,
      0.735,
      0.1625,
      0.57,
      0,
      0.4075,
      0.815,
      0.245,
      0.6525,
      0.08,
      0.49,
      0.8975,
      0.325,
      0.735,
      0.1625,
      0.57,
      0,
      0.4075,
      0.815,
      0.245,
      0.6525,
      0.08,
      0.49,
      0.8975,
      0.325,
      0.735,
      0.1625,
      0.57
    ],
    "SoftwareVersions": "syngo_MR_E11",
    "SpacingBetweenSlices": 2.5,
    "StationName": "MRC35368",
    "TaskName": "Adaptation",
    "TotalReadoutTime": 0.0630806,
    "TxRefAmp": 215.673,
    "WipMemBlock": "a51b66be-0e3d-4e97-99da-cce86bec674e||Sequence: R016 ve11c/master r/e634e98; Dec 19 2017 11:00:25 by eja",
    "dataset": "ds002116",
    "modality": "bold",
    "run_id": 3,
    "session_id": "01",
    "subject_id": "52",
    "task_id": "Adaptation"
  },
  "dummy_trs": 2,
  "dvars_nstd": 34.099894755430824,
  "dvars_std": 1.3901561414360308,
  "dvars_vstd": 1.0107878835509136,
  "efc": 0.5067036332632028,
  "fber": 7285.22265625,
  "fd_mean": 0.205849299601152,
  "fd_num": 198,
  "fd_perc": 51.5625,
  "fwhm_avg": 1.9472293737720427,
  "fwhm_x": 1.8443128169663936,
  "fwhm_y": 2.049975304349735,
  "fwhm_z": 1.9474,
  "gcor": 0.0300988,
  "gsr_x": -0.012532263062894344,
  "gsr_y": 0.017808591946959496,
  "provenance": {
    "md5sum": "264031780067c8159e8f5933d53cbb9f",
    "settings": {
      "fd_thres": 0.2,
      "testing": false
    },
    "software": "mriqc",
    "version": "22.0.6",
    "webapi_port": null,
    "webapi_url": "https://mriqc.nimh.nih.gov/api/v1"
  },
  "size_t": 384,
  "size_x": 84,
  "size_y": 84,
  "size_z": 48,
  "snr": 5.701344117300361,
  "spacing_tr": 1.0,
  "spacing_x": 2.4761905670166016,
  "spacing_y": 2.4761908054351807,
  "spacing_z": 2.5,
  "summary_bg_k": 55.71907820074003,
  "summary_bg_mad": 1.7080234294586927,
  "summary_bg_mean": 7.091978073120117,
  "summary_bg_median": 3.0121140480041504,
  "summary_bg_n": 208410.0,
  "summary_bg_p05": 1.1827640891075135,
  "summary_bg_p95": 27.220852851867658,
  "summary_bg_stdv": 15.065564155578613,
  "summary_fg_k": 4.165788545338636,
  "summary_fg_mad": 41.999182612102395,
  "summary_fg_mean": 267.91851806640625,
  "summary_fg_median": 264.41937255859375,
  "summary_fg_n": 72029.0,
  "summary_fg_p05": 206.2080810546875,
  "summary_fg_p95": 341.32203369140603,
  "summary_fg_stdv": 46.37810516357422,
  "tsnr": 64.12049865722656
}