{
  "aor": 0.006976675324675324,
  "aqi": 0.008730684675324675,
  "bids_meta": {
    "AcquisitionMatrixPE": 84,
    "AcquisitionNumber": 1,
    "AcquisitionTime": "18:03:40.285000",
    "BandwidthPerPixelPhaseEncode": 15.664,
    "BaseResolution": 84,
    "BodyPartExamined": "BRAIN",
    "ConsistencyInfo": "N4_VE11C_LATEST_20160120",
    "ConversionSoftware": "dcm2niix",
    "ConversionSoftwareVersion": "v1.0.20181114  Clang4.0.1",
    "DerivedVendorReportedEchoSpacing": 0.000760008,
    "DeviceSerialNumber": "67007",
    "DwellTime": 3.8e-06,
    "EchoTime": 0.03,
    "EchoTrainLength": 74,
    "EffectiveEchoSpacing": 0.000760008,
    "FlipAngle": 40,
    "ImageComments": "Unaliased_MB4_PE3",
    "ImageOrientationPatientDICOM": [
      0.999227,
      -0.0392226,
      0.00259493,
      0.03664,
      0.905459,
      -0.42285
    ],
    "ImageType": [
      "ORIGINAL",
      "PRIMARY",
      "M",
      "MB",
      "ND",
      "NORM",
      "MOSAIC"
    ],
    "ImagingFrequency": 123.211,
    "InPlanePhaseEncodingDirectionDICOM": "COL",
    "InstitutionAddress": "Perth_Drive_100_London_Ontario_CA_N6A_5K8",
    "InstitutionName": "Robarts_Research_Institute",
    "InstitutionalDepartmentName": "CFMM",
    "MRAcquisitionType": "2D",
    "MagneticFieldStrength": 3,
    "Manufacturer": "Siemens",
    "ManufacturersModelName": "Prisma_fit",
    "Modality": "MR",
    "MultibandAccelerationFactor": 4,
    "PartialFourier": 0.875,
    "PatientPosition": "HFS",
    "PercentPhaseFOV": 100,
    "PhaseEncodingDirection": "j-",
    "PhaseEncodingSteps": 74,
    "PhaseResolution": 1,
    "PixelBandwidth": 1565,
    "ProcedureStepDescription": "Ansari_Adaptation",
    "ProtocolName": "ep_bold_mb4_adaptation_5",
    "PulseSequenceDetails": "%CustomerSeq%_cmrr_mbep2d_bold",
    "ReceiveCoilActiveElements": "HEA;HEP",
    "ReceiveCoilName": "Head_32",
    "ReconMatrixPE": 84,
    "RepetitionTime": 1,
    "SAR": 0.0923636,
    "ScanOptions": "PFP_FS",
    "ScanningSequence": "EP",
    "SequenceName": "epfid2d1_84",
    "SequenceVariant": "SK_SS",
    "SeriesDescription": "ep_bold_mb4_adaptation_5",
    "SeriesNumber": 14,
    "ShimSetting": [
      5223,
      -6178,
      -3832,
      703,
      37,
      123,
      10,
      61
    ],
    "SliceThickness": 2.5,
    "SliceTiming": [
      0,
      0.41,
      0.8175,
      0.245,
      0.655,
      0.0825,
      0.49,
      0.9,
      0.3275,
      0.735,
      0.165,
      0.5725,
      0,
      0.41,
      0.8175,
      0.245,
      0.655,
      0.0825,
      0.49,
      0.9,
      0.3275,
      0.735,
      0.165,
      0.5725,
      0,
      0.41,
      0.8175,
      0.245,
      0.655,
      0.0825,
      0.49,
      0.9,
      0.3275,
      0.735,
      0.165,
      0.5725,
      0,
      0.41,
      0.8175,
      0.245,
      0.655,
      0.0825,
      0.49,
      0.9,
      0.3275,
      0.735,
      0.165,
      0.5725
    ],
    "SoftwareVersions": "syngo_MR_E11",
    "SpacingBetweenSlices": 2.5,
    "StationName": "MRC35368",
    "TaskName": "Adaptation",
    "TotalReadoutTime": 0.0630806,
    "TxRefAmp": 215.673,
    "WipMemBlock": "7d300fc3-cc07-4bf7-aaa0-072dcc952fba||Sequence: R016 ve11c/master r/e634e98; Dec 19 2017 11:00:25 by eja",
    "dataset": "ds002116",
    "modality": "bold",
    "run_id": 5,
    "session_id": "01",
    "subject_id": "52",
    "task_id": "Adaptation"
  },
  "dummy_trs": 1,
  "dvars_nstd": 33.0288367670833,
  "dvars_std": 1.4269457243489587,
  "dvars_vstd": 1.0976264794531252,
  "efc": 0.5092046023264895,
  "fber": 6755.6923828125,
  "fd_mean": 0.23392183211684592,
  "fd_num": 184,
  "fd_perc": 47.79220779220779,
  "fwhm_avg": 1.9612222838195839,
  "fwhm_x": 1.869520892964844,
  "fwhm_y": 2.0477339584939074,
  "fwhm_z": 1.966412,
  "gcor": 0.04802,
  "gsr_x": -0.013004912063479424,
  "gsr_y": 0.01624256744980812,
  "provenance": {
    "md5sum": "0552361409e52c2a0edb696d87f10bca",
    "settings": {
      "fd_thres": 0.2,
      "testing": false
    },
    "software": "mriqc",
    "version": "22.0.6",
    "webapi_port": null,
    "webapi_url": "https://mriqc.nimh.nih.gov/api/v1"
  },
  "size_t": 385,
  "size_x": 84,
  "size_y": 84,
  "size_z": 48,
  "snr": 5.610405182907409,
  "spacing_tr": 1.0,
  "spacing_x": 2.4761905670166016,
  "spacing_y": 2.4761908054351807,
  "spacing_z": 2.5,
  "summary_bg_k": 50.931347686568934,
  "summary_bg_mad": 1.771673850668473,
  "summary_bg_mean": 7.486529350280762,
  "summary_bg_median": 3.088463544845581,
  "summary_bg_n": 208089.0,
  "summary_bg_p05": 1.205376935005188,
  "summary_bg_p95": 29.07107315063475,
  "summary_bg_stdv": 16.016969680786133,
  "summary_fg_k": 4.307381201791974,
  "summary_fg_mad": 42.13987327367598,
  "summary_fg_mean": 265.34576416015625,
  "summary_fg_median": 261.9653015136719,
  "summary_fg_n": 72153.0,
  "summary_fg_p05": 203.57715759277343,
  "summary_fg_p95": 339.09874877929684,
  "summary_fg_stdv": 46.69243621826172,
  "tsnr": 58.075801849365234
}