{
  "aor": 0.005460130208333334,
  "aqi": 0.009446231223958332,
  "bids_meta": {
    "AcquisitionMatrixPE": 84,
    "AcquisitionNumber": 1,
    "AcquisitionTime": "17:44:10.637500",
    "BandwidthPerPixelPhaseEncode": 15.664,
    "BaseResolution": 84,
    "BodyPartExamined": "BRAIN",
    "ConsistencyInfo": "N4_VE11C_LATEST_20160120",
    "ConversionSoftware": "dcm2niix",
    "ConversionSoftwareVersion": "v1.0.20181114  Clang4.0.1",
    "DerivedVendorReportedEchoSpacing": 0.000760008,
    "DeviceSerialNumber": "67007",
    "DwellTime": 3.8e-06,
    "EchoTime": 0.03,
    "EchoTrainLength": 74,
    "EffectiveEchoSpacing": 0.000760008,
    "FlipAngle": 40,
    "ImageComments": "Unaliased_MB4_PE3",
    "ImageOrientationPatientDICOM": [
      0.999227,
      -0.0392226,
      0.00259493,
      0.03664,
      0.905459,
      -0.42285
    ],
    "ImageType": [
      "ORIGINAL",
      "PRIMARY",
      "M",
      "MB",
      "ND",
      "NORM",
      "MOSAIC"
    ],
    "ImagingFrequency": 123.211,
    "InPlanePhaseEncodingDirectionDICOM": "COL",
    "InstitutionAddress": "Perth_Drive_100_London_Ontario_CA_N6A_5K8",
    "InstitutionName": "Robarts_Research_Institute",
    "InstitutionalDepartmentName": "CFMM",
    "MRAcquisitionType": "2D",
    "MagneticFieldStrength": 3,
    "Manufacturer": "Siemens",
    "ManufacturersModelName": "Prisma_fit",
    "Modality": "MR",
    "MultibandAccelerationFactor": 4,
    "PartialFourier": 0.875,
    "PatientPosition": "HFS",
    "PercentPhaseFOV": 100,
    "PhaseEncodingDirection": "j-",
    "PhaseEncodingSteps": 74,
    "PhaseResolution": 1,
    "PixelBandwidth": 1565,
    "ProcedureStepDescription": "Ansari_Adaptation",
    "ProtocolName": "ep_bold_mb4_adaptation_4",
    "PulseSequenceDetails": "%CustomerSeq%_cmrr_mbep2d_bold",
    "ReceiveCoilActiveElements": "HEA;HEP",
    "ReceiveCoilName": "Head_32",
    "ReconMatrixPE": 84,
    "RepetitionTime": 1,
    "SAR": 0.0923636,
    "ScanOptions": "PFP_FS",
    "ScanningSequence": "EP",
    "SequenceName": "epfid2d1_84",
    "SequenceVariant": "SK_SS",
    "SeriesDescription": "ep_bold_mb4_adaptation_4",
    "SeriesNumber": 8,
    "ShimSetting": [
      5223,
      -6178,
      -3832,
      703,
      37,
      123,
      10,
      61
    ],
    "SliceThickness": 2.5,
    "SliceTiming": [
      0,
      0.4075,
      0.815,
      0.245,
      0.6525,
      0.0825,
      0.49,
      0.8975,
      0.325,
      0.735,
      0.1625,
      0.57,
      0,
      0.4075,
      0.815,
      0.245,
      0.6525,
      0.0825,
      0.49,
      0.8975,
      0.325,
      0.735,
      0.1625,
      0.57,
      0,
      0.4075,
      0.815,
      0.245,
      0.6525,
      0.0825,
      0.49,
      0.8975,
      0.325,
      0.735,
      0.1625,
      0.57,
      0,
      0.4075,
      0.815,
      0.245,
      0.6525,
      0.0825,
      0.49,
      0.8975,
      0.325,
      0.735,
      0.1625,
      0.57
    ],
    "SoftwareVersions": "syngo_MR_E11",
    "SpacingBetweenSlices": 2.5,
    "StationName": "MRC35368",
    "TaskName": "Adaptation",
    "TotalReadoutTime": 0.0630806,
    "TxRefAmp": 215.673,
    "WipMemBlock": "25a4f3a4-31da-4f61-88a8-5e3903a8b22b||Sequence: R016 ve11c/master r/e634e98; Dec 19 2017 11:00:25 by eja",
    "dataset": "ds002116",
    "modality": "bold",
    "run_id": 4,
    "session_id": "01",
    "subject_id": "52",
    "task_id": "Adaptation"
  },
  "dummy_trs": 2,
  "dvars_nstd": 34.51090330597909,
  "dvars_std": 1.4199660972323775,
  "dvars_vstd": 1.0533112125326363,
  "efc": 0.5082507555448007,
  "fber": 6939.8017578125,
  "fd_mean": 0.21234199636318413,
  "fd_num": 175,
  "fd_perc": 45.572916666666664,
  "fwhm_avg": 1.9530197581424271,
  "fwhm_x": 1.861496470182255,
  "fwhm_y": 2.050762804245026,
  "fwhm_z": 1.9468,
  "gcor": 0.042034,
  "gsr_x": -0.013706930913031101,
  "gsr_y": 0.016020799055695534,
  "provenance": {
    "md5sum": "975c250bfca82e4cb9da5d0f9aa68e44",
    "settings": {
      "fd_thres": 0.2,
      "testing": false
    },
    "software": "mriqc",
    "version": "22.0.6",
    "webapi_port": null,
    "webapi_url": "https://mriqc.nimh.nih.gov/api/v1"
  },
  "size_t": 384,
  "size_x": 84,
  "size_y": 84,
  "size_z": 48,
  "snr": 5.696412340966165,
  "spacing_tr": 1.0,
  "spacing_x": 2.4761905670166016,
  "spacing_y": 2.4761908054351807,
  "spacing_z": 2.5,
  "summary_bg_k": 48.962965185849505,
  "summary_bg_mad": 1.7893556229420344,
  "summary_bg_mean": 7.43105936050415,
  "summary_bg_median": 3.0748746395111084,
  "summary_bg_n": 208469.0,
  "summary_bg_p05": 1.195741319656372,
  "summary_bg_p95": 28.852877044677708,
  "summary_bg_stdv": 15.720279693603516,
  "summary_fg_k": 4.308661020935277,
  "summary_fg_mad": 42.06408718004814,
  "summary_fg_mean": 267.2979431152344,
  "summary_fg_median": 264.02349853515625,
  "summary_fg_n": 71911.0,
  "summary_fg_p05": 205.66783142089844,
  "summary_fg_p95": 340.6629180908203,
  "summary_fg_stdv": 46.34876251220703,
  "tsnr": 57.51971435546875
}