{
  "aor": 0.0017905958549222797,
  "aqi": 0.0074294113212435235,
  "bids_meta": {
    "AcquisitionMatrixPE": 84,
    "AcquisitionNumber": 1,
    "AcquisitionTime": "17:59:19.265000",
    "BandwidthPerPixelPhaseEncode": 15.664,
    "BaseResolution": 84,
    "BodyPartExamined": "BRAIN",
    "ConsistencyInfo": "N4_VE11C_LATEST_20160120",
    "ConversionSoftware": "dcm2niix",
    "ConversionSoftwareVersion": "v1.0.20181114  Clang4.0.1",
    "DerivedVendorReportedEchoSpacing": 0.000760008,
    "DeviceSerialNumber": "67007",
    "DwellTime": 3.8e-06,
    "EchoTime": 0.03,
    "EchoTrainLength": 74,
    "EffectiveEchoSpacing": 0.000760008,
    "FlipAngle": 40,
    "ImageComments": "Unaliased_MB4_PE3",
    "ImageOrientationPatientDICOM": [
      0.999743,
      0.021515,
      -0.0071988,
      -0.0226874,
      0.94808,
      -0.317223
    ],
    "ImageType": [
      "ORIGINAL",
      "PRIMARY",
      "M",
      "MB",
      "ND",
      "NORM",
      "MOSAIC"
    ],
    "ImagingFrequency": 123.211,
    "InPlanePhaseEncodingDirectionDICOM": "COL",
    "InstitutionAddress": "Perth_Drive_100_London_Ontario_CA_N6A_5K8",
    "InstitutionName": "Robarts_Research_Institute",
    "InstitutionalDepartmentName": "CFMM",
    "MRAcquisitionType": "2D",
    "MagneticFieldStrength": 3,
    "Manufacturer": "Siemens",
    "ManufacturersModelName": "Prisma_fit",
    "Modality": "MR",
    "MultibandAccelerationFactor": 4,
    "PartialFourier": 0.875,
    "PatientPosition": "HFS",
    "PercentPhaseFOV": 100,
    "PhaseEncodingDirection": "j-",
    "PhaseEncodingSteps": 74,
    "PhaseResolution": 1,
    "PixelBandwidth": 1565,
    "ProcedureStepDescription": "Ansari_Adaptation",
    "ProtocolName": "ep_bold_mb4_adaptation_1",
    "PulseSequenceDetails": "%CustomerSeq%_cmrr_mbep2d_bold",
    "ReceiveCoilActiveElements": "HEA;HEP",
    "ReceiveCoilName": "Head_32",
    "ReconMatrixPE": 84,
    "RepetitionTime": 1,
    "SAR": 0.0622518,
    "ScanOptions": "PFP_FS",
    "ScanningSequence": "EP",
    "SequenceName": "epfid2d1_84",
    "SequenceVariant": "SK_SS",
    "SeriesDescription": "ep_bold_mb4_adaptation_1",
    "SeriesNumber": 2,
    "ShimSetting": [
      5239,
      -6185,
      -3786,
      727,
      -29,
      -6,
      170,
      44
    ],
    "SliceThickness": 2.5,
    "SliceTiming": [
      0,
      0.41,
      0.8175,
      0.245,
      0.655,
      0.0825,
      0.49,
      0.9,
      0.3275,
      0.735,
      0.165,
      0.5725,
      0,
      0.41,
      0.8175,
      0.245,
      0.655,
      0.0825,
      0.49,
      0.9,
      0.3275,
      0.735,
      0.165,
      0.5725,
      0,
      0.41,
      0.8175,
      0.245,
      0.655,
      0.0825,
      0.49,
      0.9,
      0.3275,
      0.735,
      0.165,
      0.5725,
      0,
      0.41,
      0.8175,
      0.245,
      0.655,
      0.0825,
      0.49,
      0.9,
      0.3275,
      0.735,
      0.165,
      0.5725
    ],
    "SoftwareVersions": "syngo_MR_E11",
    "SpacingBetweenSlices": 2.5,
    "StationName": "MRC35368",
    "TaskName": "Adaptation",
    "TotalReadoutTime": 0.0630806,
    "TxRefAmp": 217.807,
    "WipMemBlock": "2bc39d20-3e60-4600-ae58-5f468edfa9d3||Sequence: R016 ve11c/master r/e634e98; Dec 19 2017 11:00:25 by eja",
    "dataset": "ds002116",
    "modality": "bold",
    "run_id": 1,
    "session_id": "01",
    "subject_id": "15",
    "task_id": "Adaptation"
  },
  "dummy_trs": 0,
  "dvars_nstd": 20.34564526542858,
  "dvars_std": 1.1081829279999993,
  "dvars_vstd": 1.0111696878441556,
  "efc": 0.5187236643973094,
  "fber": 7797.04833984375,
  "fd_mean": 0.12251236225586495,
  "fd_num": 17,
  "fd_perc": 4.404145077720207,
  "fwhm_avg": 1.9748518362682106,
  "fwhm_x": 1.8420876247403208,
  "fwhm_y": 2.1121758840643117,
  "fwhm_z": 1.970292,
  "gcor": 0.00894343,
  "gsr_x": -0.015560811385512352,
  "gsr_y": 0.026463016867637634,
  "provenance": {
    "md5sum": "f832fd357564dcf302a1e749c3a8980e",
    "settings": {
      "fd_thres": 0.2,
      "testing": false
    },
    "software": "mriqc",
    "version": "22.0.6",
    "webapi_port": null,
    "webapi_url": "https://mriqc.nimh.nih.gov/api/v1"
  },
  "size_t": 386,
  "size_x": 84,
  "size_y": 84,
  "size_z": 48,
  "snr": 5.790599700303361,
  "spacing_tr": 1.0,
  "spacing_x": 2.4761905670166016,
  "spacing_y": 2.4761905670166016,
  "spacing_z": 2.5,
  "summary_bg_k": 41.20915080429138,
  "summary_bg_mad": 1.9783982717740645,
  "summary_bg_mean": 8.90346908569336,
  "summary_bg_median": 3.232442855834961,
  "summary_bg_n": 205892.0,
  "summary_bg_p05": 1.4106265544891359,
  "summary_bg_p95": 33.334030723571765,
  "summary_bg_stdv": 19.16968536376953,
  "summary_fg_k": 2.5389611630416304,
  "summary_fg_mad": 48.859090957434304,
  "summary_fg_mean": 298.7450256347656,
  "summary_fg_median": 294.7547912597656,
  "summary_fg_n": 74811.0,
  "summary_fg_p05": 227.87094116210938,
  "summary_fg_p95": 382.38609313964844,
  "summary_fg_stdv": 50.90195083618164,
  "tsnr": 61.11812210083008
}