{
  "aor": 0.0025599214659685864,
  "aqi": 0.00934560887434555,
  "bids_meta": {
    "AcquisitionMatrixPE": 84,
    "AcquisitionNumber": 1,
    "AcquisitionTime": "17:24:18.197500",
    "BandwidthPerPixelPhaseEncode": 15.664,
    "BaseResolution": 84,
    "BodyPartExamined": "BRAIN",
    "ConsistencyInfo": "N4_VE11C_LATEST_20160120",
    "ConversionSoftware": "dcm2niix",
    "ConversionSoftwareVersion": "v1.0.20181114  Clang4.0.1",
    "DerivedVendorReportedEchoSpacing": 0.000760008,
    "DeviceSerialNumber": "67007",
    "DwellTime": 3.8e-06,
    "EchoTime": 0.03,
    "EchoTrainLength": 74,
    "EffectiveEchoSpacing": 0.000760008,
    "FlipAngle": 40,
    "ImageComments": "Unaliased_MB4_PE3",
    "ImageOrientationPatientDICOM": [
      0.998711,
      0.00919169,
      0.0499157,
      4.36541e-08,
      0.983465,
      -0.1811
    ],
    "ImageType": [
      "ORIGINAL",
      "PRIMARY",
      "M",
      "MB",
      "ND",
      "NORM",
      "MOSAIC"
    ],
    "ImagingFrequency": 123.211,
    "InPlanePhaseEncodingDirectionDICOM": "COL",
    "InstitutionAddress": "Perth_Drive_100_London_Ontario_CA_N6A_5K8",
    "InstitutionName": "Robarts_Research_Institute",
    "InstitutionalDepartmentName": "CFMM",
    "MRAcquisitionType": "2D",
    "MagneticFieldStrength": 3,
    "Manufacturer": "Siemens",
    "ManufacturersModelName": "Prisma_fit",
    "Modality": "MR",
    "MultibandAccelerationFactor": 4,
    "PartialFourier": 0.875,
    "PatientPosition": "HFS",
    "PercentPhaseFOV": 100,
    "PhaseEncodingDirection": "j-",
    "PhaseEncodingSteps": 74,
    "PhaseResolution": 1,
    "PixelBandwidth": 1565,
    "ProcedureStepDescription": "Ansari_Adaptation",
    "ProtocolName": "ep_bold_mb4_adaptation_1",
    "PulseSequenceDetails": "%CustomerSeq%_cmrr_mbep2d_bold",
    "ReceiveCoilActiveElements": "HEA;HEP",
    "ReceiveCoilName": "Head_32",
    "ReconMatrixPE": 84,
    "RepetitionTime": 1,
    "SAR": 0.105384,
    "ScanOptions": "PFP_FS",
    "ScanningSequence": "EP",
    "SequenceName": "epfid2d1_84",
    "SequenceVariant": "SK_SS",
    "SeriesDescription": "ep_bold_mb4_adaptation_1",
    "SeriesNumber": 2,
    "ShimSetting": [
      5244,
      -6214,
      -3964,
      736,
      6,
      136,
      170,
      39
    ],
    "SliceThickness": 2.5,
    "SliceTiming": [
      0,
      0.4075,
      0.815,
      0.245,
      0.6525,
      0.08,
      0.49,
      0.8975,
      0.325,
      0.735,
      0.1625,
      0.57,
      0,
      0.4075,
      0.815,
      0.245,
      0.6525,
      0.08,
      0.49,
      0.8975,
      0.325,
      0.735,
      0.1625,
      0.57,
      0,
      0.4075,
      0.815,
      0.245,
      0.6525,
      0.08,
      0.49,
      0.8975,
      0.325,
      0.735,
      0.1625,
      0.57,
      0,
      0.4075,
      0.815,
      0.245,
      0.6525,
      0.08,
      0.49,
      0.8975,
      0.325,
      0.735,
      0.1625,
      0.57
    ],
    "SoftwareVersions": "syngo_MR_E11",
    "SpacingBetweenSlices": 2.5,
    "StationName": "MRC35368",
    "TaskName": "Adaptation",
    "TotalReadoutTime": 0.0630806,
    "TxRefAmp": 219.709,
    "WipMemBlock": "111ed09d-ecd4-4668-9ccd-b389e684c307||Sequence: R016 ve11c/master r/e634e98; Dec 19 2017 11:00:25 by eja",
    "dataset": "ds002116",
    "modality": "bold",
    "run_id": 1,
    "session_id": "01",
    "subject_id": "42",
    "task_id": "Adaptation"
  },
  "dummy_trs": 4,
  "dvars_nstd": 38.42550940501312,
  "dvars_std": 1.4334459456430435,
  "dvars_vstd": 1.0340189238320217,
  "efc": 0.5022915441550595,
  "fber": 7857.8388671875,
  "fd_mean": 0.2370492447201681,
  "fd_num": 216,
  "fd_perc": 56.544502617801044,
  "fwhm_avg": 1.9927725879592233,
  "fwhm_x": 1.8414778170703807,
  "fwhm_y": 2.17438413396166,
  "fwhm_z": 1.9624558128456293,
  "gcor": 0.0381251,
  "gsr_x": -0.018558289855718613,
  "gsr_y": 0.029061146080493927,
  "provenance": {
    "md5sum": "ac3d8f07543f5bdd6f21ba5c6d5820fb",
    "settings": {
      "fd_thres": 0.2,
      "testing": false
    },
    "software": "mriqc",
    "version": "22.0.6",
    "webapi_port": null,
    "webapi_url": "https://mriqc.nimh.nih.gov/api/v1"
  },
  "size_t": 382,
  "size_x": 84,
  "size_y": 84,
  "size_z": 48,
  "snr": 5.748776690418177,
  "spacing_tr": 1.0,
  "spacing_x": 2.4761905670166016,
  "spacing_y": 2.4761908054351807,
  "spacing_z": 2.500000238418579,
  "summary_bg_k": 57.63948281875657,
  "summary_bg_mad": 1.592612944396656,
  "summary_bg_mean": 7.103418350219727,
  "summary_bg_median": 2.862504005432129,
  "summary_bg_n": 210166.0,
  "summary_bg_p05": 1.1866896450519562,
  "summary_bg_p95": 25.50672483444214,
  "summary_bg_stdv": 16.061059951782227,
  "summary_fg_k": 4.454208361906862,
  "summary_fg_mad": 41.11142204907449,
  "summary_fg_mean": 265.678955078125,
  "summary_fg_median": 261.0875244140625,
  "summary_fg_n": 70653.0,
  "summary_fg_p05": 205.59234313964845,
  "summary_fg_p95": 339.4957580566405,
  "summary_fg_stdv": 45.41586685180664,
  "tsnr": 59.64914321899414
}