{
  "aor": 0.004139116883116883,
  "aqi": 0.016078601324675326,
  "bids_meta": {
    "AcquisitionMatrixPE": 84,
    "AcquisitionNumber": 1,
    "AcquisitionTime": "16:31:8.880000",
    "BandwidthPerPixelPhaseEncode": 15.664,
    "BaseResolution": 84,
    "BodyPartExamined": "BRAIN",
    "ConsistencyInfo": "N4_VE11C_LATEST_20160120",
    "ConversionSoftware": "dcm2niix",
    "ConversionSoftwareVersion": "v1.0.20181114  Clang4.0.1",
    "DerivedVendorReportedEchoSpacing": 0.000760008,
    "DeviceSerialNumber": "67007",
    "DwellTime": 3.8e-06,
    "EchoTime": 0.03,
    "EchoTrainLength": 74,
    "EffectiveEchoSpacing": 0.000760008,
    "FlipAngle": 40,
    "ImageComments": "Unaliased_MB4_PE3",
    "ImageOrientationPatientDICOM": [
      0.998487,
      -0.02063,
      -0.0509713,
      -1.51214e-09,
      0.926954,
      -0.375174
    ],
    "ImageType": [
      "ORIGINAL",
      "PRIMARY",
      "M",
      "MB",
      "ND",
      "NORM",
      "MOSAIC"
    ],
    "ImagingFrequency": 123.211,
    "InPlanePhaseEncodingDirectionDICOM": "COL",
    "InstitutionAddress": "Perth_Drive_100_London_Ontario_CA_N6A_5K8",
    "InstitutionName": "Robarts-CFMM",
    "InstitutionalDepartmentName": "CFMM",
    "MRAcquisitionType": "2D",
    "MagneticFieldStrength": 3,
    "Manufacturer": "Siemens",
    "ManufacturersModelName": "Prisma_fit",
    "Modality": "MR",
    "MultibandAccelerationFactor": 4,
    "PartialFourier": 0.875,
    "PatientPosition": "HFS",
    "PercentPhaseFOV": 100,
    "PhaseEncodingDirection": "j-",
    "PhaseEncodingSteps": 74,
    "PhaseResolution": 1,
    "PixelBandwidth": 1565,
    "ProcedureStepDescription": "Ansari_Adaptation",
    "ProtocolName": "ep_bold_mb4_adaptation_2",
    "PulseSequenceDetails": "%CustomerSeq%_cmrr_mbep2d_bold",
    "ReceiveCoilActiveElements": "HEA;HEP",
    "ReceiveCoilName": "Head_32",
    "ReconMatrixPE": 84,
    "RepetitionTime": 1,
    "SAR": 0.0815034,
    "ScanOptions": "PFP_FS",
    "ScanningSequence": "EP",
    "SequenceName": "epfid2d1_84",
    "SequenceVariant": "SK_SS",
    "SeriesDescription": "ep_bold_mb4_adaptation_2",
    "SeriesNumber": 4,
    "ShimSetting": [
      5222,
      -6211,
      -3971,
      597,
      -15,
      267,
      72,
      0
    ],
    "SliceThickness": 2.5,
    "SliceTiming": [
      0,
      0.4075,
      0.815,
      0.245,
      0.6525,
      0.08,
      0.49,
      0.8975,
      0.325,
      0.735,
      0.1625,
      0.57,
      0,
      0.4075,
      0.815,
      0.245,
      0.6525,
      0.08,
      0.49,
      0.8975,
      0.325,
      0.735,
      0.1625,
      0.57,
      0,
      0.4075,
      0.815,
      0.245,
      0.6525,
      0.08,
      0.49,
      0.8975,
      0.325,
      0.735,
      0.1625,
      0.57,
      0,
      0.4075,
      0.815,
      0.245,
      0.6525,
      0.08,
      0.49,
      0.8975,
      0.325,
      0.735,
      0.1625,
      0.57
    ],
    "SoftwareVersions": "syngo_MR_E11",
    "SpacingBetweenSlices": 2.5,
    "StationName": "MRC35368",
    "TaskName": "Adaptation",
    "TotalReadoutTime": 0.0630806,
    "TxRefAmp": 231.395,
    "WipMemBlock": "f2733fa6-6d6c-4700-91af-f96ce2ccf929||Sequence: R016 ve11c/master r/e634e98; Dec 19 2017 11:00:25 by eja",
    "dataset": "ds002116",
    "modality": "bold",
    "run_id": 2,
    "session_id": "01",
    "subject_id": "25",
    "task_id": "Adaptation"
  },
  "dummy_trs": 1,
  "dvars_nstd": 35.664994046119766,
  "dvars_std": 1.3077615963020828,
  "dvars_vstd": 1.022234625833334,
  "efc": 0.525183010295221,
  "fber": 7126.4951171875,
  "fd_mean": 0.2903812019426961,
  "fd_num": 264,
  "fd_perc": 68.57142857142857,
  "fwhm_avg": 1.9568680201682493,
  "fwhm_x": 1.8610439833169923,
  "fwhm_y": 2.0899360771877555,
  "fwhm_z": 1.919624,
  "gcor": 0.0136641,
  "gsr_x": -0.016049133613705635,
  "gsr_y": 0.028022225946187973,
  "provenance": {
    "md5sum": "0fd0fcf2e079b45bd8fd9f173d019db1",
    "settings": {
      "fd_thres": 0.2,
      "testing": false
    },
    "software": "mriqc",
    "version": "22.0.6",
    "webapi_port": null,
    "webapi_url": "https://mriqc.nimh.nih.gov/api/v1"
  },
  "size_t": 385,
  "size_x": 84,
  "size_y": 84,
  "size_z": 48,
  "snr": 6.100216615390366,
  "spacing_tr": 1.0,
  "spacing_x": 2.4761908054351807,
  "spacing_y": 2.4761905670166016,
  "spacing_z": 2.5,
  "summary_bg_k": 50.78678456333549,
  "summary_bg_mad": 1.9295438128174274,
  "summary_bg_mean": 8.146153450012207,
  "summary_bg_median": 3.2053983211517334,
  "summary_bg_n": 201697.0,
  "summary_bg_p05": 1.3972747087478639,
  "summary_bg_p95": 29.158180236816328,
  "summary_bg_stdv": 17.637462615966797,
  "summary_fg_k": 2.852139012976954,
  "summary_fg_mad": 42.33063931383022,
  "summary_fg_mean": 280.0671081542969,
  "summary_fg_median": 276.646484375,
  "summary_fg_n": 77426.0,
  "summary_fg_p05": 217.83771133422852,
  "summary_fg_p95": 354.0329360961914,
  "summary_fg_stdv": 45.349979400634766,
  "tsnr": 45.61882019042969
}