{
  "bids_meta": {
    "AcquisitionMatrixPE": 240,
    "AcquisitionNumber": 1,
    "AcquisitionTime": "18:28:37.127500",
    "BaseResolution": 256,
    "BodyPartExamined": "BRAIN",
    "ConsistencyInfo": "N4_VE11C_LATEST_20160120",
    "ConversionSoftware": "dcm2niix",
    "ConversionSoftwareVersion": "v1.0.20181114  Clang4.0.1",
    "DeviceSerialNumber": "67007",
    "DwellTime": 8.2e-06,
    "EchoTime": 0.00298,
    "FlipAngle": 9,
    "ImageOrientationPatientDICOM": [
      0,
      1,
      0,
      0,
      0,
      -1
    ],
    "ImageType": [
      "ORIGINAL",
      "PRIMARY",
      "M",
      "ND",
      "NORM"
    ],
    "ImagingFrequency": 123.211,
    "InPlanePhaseEncodingDirectionDICOM": "ROW",
    "InstitutionAddress": "Perth_Drive_100_London_Ontario_CA_N6A_5K8",
    "InstitutionName": "Robarts_Research_Institute",
    "InstitutionalDepartmentName": "CFMM",
    "InversionTime": 0.9,
    "MRAcquisitionType": "3D",
    "MagneticFieldStrength": 3,
    "Manufacturer": "Siemens",
    "ManufacturersModelName": "Prisma_fit",
    "Modality": "MR",
    "PartialFourier": 1,
    "PatientPosition": "HFS",
    "PercentPhaseFOV": 93.75,
    "PhaseEncodingSteps": 247,
    "PhaseOversampling": 0.03,
    "PhaseResolution": 1,
    "PixelBandwidth": 240,
    "ProcedureStepDescription": "Ansari_Adaptation",
    "ProtocolName": "MPRAGE_SAG_iPAT2",
    "PulseSequenceDetails": "%SiemensSeq%_tfl",
    "ReceiveCoilActiveElements": "HEA;HEP;SP1",
    "ReceiveCoilName": "Spine_32",
    "ReconMatrixPE": 256,
    "RepetitionTime": 2.3,
    "SAR": 0.0456528,
    "ScanOptions": "IR",
    "ScanningSequence": "GR_IR",
    "SequenceName": "_tfl3d1_16ns",
    "SequenceVariant": "SK_SP_MP_OSP",
    "SeriesDescription": "MPRAGE_SAG_iPAT2",
    "SeriesNumber": 12,
    "ShimSetting": [
      5241,
      -6124,
      -3956,
      462,
      -27,
      -139,
      38,
      19
    ],
    "SliceThickness": 1,
    "SoftwareVersions": "syngo_MR_E11",
    "StationName": "MRC35368",
    "TxRefAmp": 238.857,
    "dataset": "ds002116",
    "modality": "T1w",
    "session_id": "01",
    "subject_id": "12"
  },
  "cjv": 0.3130577936411662,
  "cnr": 4.194369685286261,
  "efc": 0.5547513952343485,
  "fber": 1502.876346595806,
  "fwhm_avg": 3.6123733333333337,
  "fwhm_x": 3.64434,
  "fwhm_y": 3.79306,
  "fwhm_z": 3.39972,
  "icvs_csf": 0.18275415983704685,
  "icvs_gm": 0.5052945915558926,
  "icvs_wm": 0.3119512486070606,
  "inu_med": 0.5229226350784302,
  "inu_range": 0.1827940940856933,
  "provenance": {
    "md5sum": "3e3adbfc2a01cafbb2eb4ab232abd91d",
    "settings": {
      "testing": false
    },
    "software": "mriqc",
    "version": "22.0.6",
    "warnings": {
      "large_rot_frame": true,
      "small_air_mask": false
    },
    "webapi_port": null,
    "webapi_url": "https://mriqc.nimh.nih.gov/api/v1"
  },
  "qi_1": 0.0,
  "qi_2": 0.015154418730478776,
  "rpve_csf": 29.451253642849966,
  "rpve_gm": 12.246716201823345,
  "rpve_wm": 20.94324801475266,
  "size_x": 192,
  "size_y": 240,
  "size_z": 256,
  "snr_csf": 3.023671352059034,
  "snr_gm": 14.624201894534757,
  "snr_total": 13.515482102719103,
  "snr_wm": 22.898573061563518,
  "snrd_csf": 29.4425768429345,
  "snrd_gm": 67.98403294736293,
  "snrd_total": 63.93547518634582,
  "snrd_wm": 94.37981576874003,
  "spacing_x": 1.0,
  "spacing_y": 1.0,
  "spacing_z": 1.0,
  "summary_bg_k": 1.8813444866382731,
  "summary_bg_mad": 6.941488400035792,
  "summary_bg_mean": 9.384366502400242,
  "summary_bg_median": 4.68196277692914,
  "summary_bg_n": 2541233.0,
  "summary_bg_p05": 0.0,
  "summary_bg_p95": 29.643808521330357,
  "summary_bg_stdv": 10.625127478360257,
  "summary_csf_k": 2.136810219965634,
  "summary_csf_mad": 78.46566445565321,
  "summary_csf_mean": 333.6630204911073,
  "summary_csf_median": 311.9584038108587,
  "summary_csf_n": 20868.0,
  "summary_csf_p05": 201.92839847337456,
  "summary_csf_p95": 536.5374139174819,
  "summary_csf_stdv": 103.16958850202558,
  "summary_gm_k": 0.14577999918495443,
  "summary_gm_mad": 48.20691115383973,
  "summary_gm_mean": 718.818529834343,
  "summary_gm_median": 720.3238533101976,
  "summary_gm_n": 44215.0,
  "summary_gm_p05": 634.5482258610427,
  "summary_gm_p95": 797.0200943797827,
  "summary_gm_stdv": 49.25504398553385,
  "summary_wm_k": 1.1562760946604227,
  "summary_wm_mad": 39.34788452174985,
  "summary_wm_mean": 1000.2127043361361,
  "summary_wm_median": 999.9999944381416,
  "summary_wm_n": 139461.0,
  "summary_wm_p05": 930.184427946806,
  "summary_wm_p95": 1071.8332023471594,
  "summary_wm_stdv": 43.67068666294183,
  "tpm_overlap_csf": 0.17022904942289713,
  "tpm_overlap_gm": 0.4898405834569524,
  "tpm_overlap_wm": 0.4918282722687295,
  "wm2max": 0.667524260109818
}