{
  "bids_meta": {
    "AcquisitionMatrixPE": 216,
    "AcquisitionNumber": 1,
    "AcquisitionTime": "17:43:8.152500",
    "BaseResolution": 256,
    "BodyPartExamined": "BRAIN",
    "ConsistencyInfo": "N4_VE11C_LATEST_20160120",
    "ConversionSoftware": "dcm2niix",
    "ConversionSoftwareVersion": "v1.0.20181114  Clang4.0.1",
    "DeviceSerialNumber": "67007",
    "DwellTime": 8.2e-06,
    "EchoTime": 0.00298,
    "FlipAngle": 9,
    "ImageOrientationPatientDICOM": [
      -0.104447,
      0.99453,
      1.18583e-08,
      0.0417321,
      0.00438278,
      -0.999119
    ],
    "ImageType": [
      "ORIGINAL",
      "PRIMARY",
      "M",
      "ND",
      "NORM"
    ],
    "ImagingFrequency": 123.211,
    "InPlanePhaseEncodingDirectionDICOM": "ROW",
    "InstitutionAddress": "Perth_Drive_100_London_Ontario_CA_N6A_5K8",
    "InstitutionName": "Robarts_Research_Institute",
    "InstitutionalDepartmentName": "CFMM",
    "InversionTime": 0.9,
    "MRAcquisitionType": "3D",
    "MagneticFieldStrength": 3,
    "Manufacturer": "Siemens",
    "ManufacturersModelName": "Prisma_fit",
    "Modality": "MR",
    "PartialFourier": 1,
    "PatientPosition": "HFS",
    "PercentPhaseFOV": 84.375,
    "PhaseEncodingSteps": 215,
    "PhaseResolution": 1,
    "PixelBandwidth": 240,
    "ProcedureStepDescription": "Ansari_Adaptation",
    "ProtocolName": "MPRAGE_SAG_iPAT2",
    "PulseSequenceDetails": "%SiemensSeq%_tfl",
    "ReceiveCoilActiveElements": "HEA;HEP;SP1",
    "ReceiveCoilName": "Spine_32",
    "ReconMatrixPE": 256,
    "RepetitionTime": 2.3,
    "SAR": 0.106227,
    "ScanOptions": "IR",
    "ScanningSequence": "GR_IR",
    "SequenceName": "_tfl3d1_16ns",
    "SequenceVariant": "SK_SP_MP",
    "SeriesDescription": "MPRAGE_SAG_iPAT2",
    "SeriesNumber": 8,
    "ShimSetting": [
      5252,
      -6191,
      -3934,
      531,
      -7,
      -35,
      169,
      18
    ],
    "SliceThickness": 1,
    "SoftwareVersions": "syngo_MR_E11",
    "StationName": "MRC35368",
    "TxRefAmp": 221.307,
    "dataset": "ds002116",
    "modality": "T1w",
    "session_id": "01",
    "subject_id": "42"
  },
  "cjv": 0.33309397081141695,
  "cnr": 4.007016707204523,
  "efc": 0.5324341141880606,
  "fber": 1412.746556912552,
  "fwhm_avg": 3.397503333333333,
  "fwhm_x": 3.41286,
  "fwhm_y": 3.50837,
  "fwhm_z": 3.27128,
  "icvs_csf": 0.1652417304538828,
  "icvs_gm": 0.5194439006841675,
  "icvs_wm": 0.31531436886194975,
  "inu_med": 0.605605274438858,
  "inu_range": 0.22214735150337228,
  "provenance": {
    "md5sum": "b0ffb287034aa1c7e714a753838b5465",
    "settings": {
      "testing": false
    },
    "software": "mriqc",
    "version": "22.0.6",
    "warnings": {
      "large_rot_frame": true,
      "small_air_mask": false
    },
    "webapi_port": null,
    "webapi_url": "https://mriqc.nimh.nih.gov/api/v1"
  },
  "qi_1": 0.0,
  "qi_2": 0.025413515183858586,
  "rpve_csf": 30.403721967152673,
  "rpve_gm": 10.88223244425229,
  "rpve_wm": 17.881503582181303,
  "size_x": 192,
  "size_y": 216,
  "size_z": 256,
  "snr_csf": 2.8908310698976094,
  "snr_gm": 15.184398915024511,
  "snr_total": 12.633571143053715,
  "snr_wm": 19.825483444239023,
  "snrd_csf": 23.470001652402313,
  "snrd_gm": 50.07837537000605,
  "snrd_total": 47.709113685583326,
  "snrd_wm": 69.57896403434161,
  "spacing_x": 1.0,
  "spacing_y": 1.0,
  "spacing_z": 1.0,
  "summary_bg_k": 2.016842104348793,
  "summary_bg_mad": 9.416064588325122,
  "summary_bg_mean": 9.97231719340326,
  "summary_bg_median": 6.3510390520095825,
  "summary_bg_n": 2236972.0,
  "summary_bg_p05": 0.0,
  "summary_bg_p95": 28.002308547496796,
  "summary_bg_stdv": 10.063110137439072,
  "summary_csf_k": 2.339529242281662,
  "summary_csf_mad": 97.31716753501931,
  "summary_csf_mean": 355.0336503352317,
  "summary_csf_median": 337.3267787396908,
  "summary_csf_n": 20019.0,
  "summary_csf_p05": 193.27366569638252,
  "summary_csf_p95": 567.1946984283626,
  "summary_csf_stdv": 116.68559847077465,
  "summary_gm_k": 0.062267007431923815,
  "summary_gm_mad": 47.29432440954209,
  "summary_gm_mean": 719.4949217025752,
  "summary_gm_median": 719.7603689283133,
  "summary_gm_n": 48372.0,
  "summary_gm_p05": 640.8054061681032,
  "summary_gm_p95": 796.5862901881337,
  "summary_gm_stdv": 47.400817975918926,
  "summary_wm_k": 1.001405198540362,
  "summary_wm_mad": 46.06381596902233,
  "summary_wm_mean": 1001.2537445910845,
  "summary_wm_median": 1000.0360525473952,
  "summary_wm_n": 127234.0,
  "summary_wm_p05": 922.3079950585961,
  "summary_wm_p95": 1085.2337980121374,
  "summary_wm_stdv": 50.44175217434047,
  "tpm_overlap_csf": 0.15396309810045397,
  "tpm_overlap_gm": 0.48914893292804207,
  "tpm_overlap_wm": 0.46997915258073514,
  "wm2max": 0.47179761770208417
}