{
  "bids_meta": {
    "AcquisitionMatrixPE": 224,
    "AcquisitionNumber": 1,
    "AcquisitionTime": "16:20:57.132500",
    "BaseResolution": 256,
    "BodyPartExamined": "BRAIN",
    "ConsistencyInfo": "N4_VE11C_LATEST_20160120",
    "ConversionSoftware": "dcm2niix",
    "ConversionSoftwareVersion": "v1.0.20181114  Clang4.0.1",
    "DeviceSerialNumber": "67007",
    "DwellTime": 8.2e-06,
    "EchoTime": 0.00298,
    "FlipAngle": 9,
    "ImageOrientationPatientDICOM": [
      0.0854169,
      0.996345,
      2.75778e-08,
      0.0608254,
      -0.00521455,
      -0.998135
    ],
    "ImageType": [
      "ORIGINAL",
      "PRIMARY",
      "M",
      "ND",
      "NORM"
    ],
    "ImagingFrequency": 123.211,
    "InPlanePhaseEncodingDirectionDICOM": "ROW",
    "InstitutionAddress": "Perth_Drive_100_London_Ontario_CA_N6A_5K8",
    "InstitutionName": "Robarts_Research_Institute",
    "InstitutionalDepartmentName": "CFMM",
    "InversionTime": 0.9,
    "MRAcquisitionType": "3D",
    "MagneticFieldStrength": 3,
    "Manufacturer": "Siemens",
    "ManufacturersModelName": "Prisma_fit",
    "Modality": "MR",
    "PartialFourier": 1,
    "PatientPosition": "HFS",
    "PercentPhaseFOV": 87.5,
    "PhaseEncodingSteps": 223,
    "PhaseResolution": 1,
    "PixelBandwidth": 240,
    "ProcedureStepDescription": "Ansari_Adaptation",
    "ProtocolName": "MPRAGE_SAG_iPAT2",
    "PulseSequenceDetails": "%SiemensSeq%_tfl",
    "ReceiveCoilActiveElements": "HEA;HEP;SP1",
    "ReceiveCoilName": "Spine_32",
    "ReconMatrixPE": 256,
    "RepetitionTime": 2.3,
    "SAR": 0.0972454,
    "ScanOptions": "IR",
    "ScanningSequence": "GR_IR",
    "SequenceName": "_tfl3d1_16ns",
    "SequenceVariant": "SK_SP_MP",
    "SeriesDescription": "MPRAGE_SAG_iPAT2",
    "SeriesNumber": 10,
    "ShimSetting": [
      5263,
      -6169,
      -3871,
      413,
      -1,
      -120,
      11,
      -32
    ],
    "SliceThickness": 1,
    "SoftwareVersions": "syngo_MR_E11",
    "StationName": "MRC35368",
    "TxRefAmp": 243.121,
    "dataset": "ds002116",
    "modality": "T1w",
    "session_id": "01",
    "subject_id": "18"
  },
  "cjv": 0.35102170838355246,
  "cnr": 3.829540884143852,
  "efc": 0.5555375917388417,
  "fber": 1415.0159904079155,
  "fwhm_avg": 3.5175631907606295,
  "fwhm_x": 3.587959572281888,
  "fwhm_y": 3.65142,
  "fwhm_z": 3.31331,
  "icvs_csf": 0.1649843564969944,
  "icvs_gm": 0.501795499313591,
  "icvs_wm": 0.3332201441894146,
  "inu_med": 0.4900349974632263,
  "inu_range": 0.1436827033758163,
  "provenance": {
    "md5sum": "d108d6256d2c8c3e47c034a001e9a329",
    "settings": {
      "testing": false
    },
    "software": "mriqc",
    "version": "22.0.6",
    "warnings": {
      "large_rot_frame": true,
      "small_air_mask": false
    },
    "webapi_port": null,
    "webapi_url": "https://mriqc.nimh.nih.gov/api/v1"
  },
  "qi_1": 0.0,
  "qi_2": 0.015284159829430629,
  "rpve_csf": 27.763712694617467,
  "rpve_gm": 10.387890034403746,
  "rpve_wm": 16.284057690013125,
  "size_x": 192,
  "size_y": 224,
  "size_z": 256,
  "snr_csf": 3.5078928547698314,
  "snr_gm": 14.026135196751925,
  "snr_total": 12.648345025817202,
  "snr_wm": 20.41100702592985,
  "snrd_csf": 22.5691633348069,
  "snrd_gm": 53.777135151169844,
  "snrd_total": 50.20616988050106,
  "snrd_wm": 74.27221115552643,
  "spacing_x": 1.0000001192092896,
  "spacing_y": 1.0,
  "spacing_z": 1.0,
  "summary_bg_k": 6.293673302786495,
  "summary_bg_mad": 8.82074750236268,
  "summary_bg_mean": 8.864363613563885,
  "summary_bg_median": 5.949503779411316,
  "summary_bg_n": 2525073.0,
  "summary_bg_p05": 0.0,
  "summary_bg_p95": 30.78868205845356,
  "summary_bg_stdv": 11.275752839611707,
  "summary_csf_k": 9.269474575637412,
  "summary_csf_mad": 53.861689436302115,
  "summary_csf_mean": 318.25299170738356,
  "summary_csf_median": 303.87090553343296,
  "summary_csf_n": 45505.0,
  "summary_csf_p05": 213.46075872555377,
  "summary_csf_p95": 489.25744329988925,
  "summary_csf_stdv": 86.62395894677817,
  "summary_gm_k": 0.12854976652403538,
  "summary_gm_mad": 50.44364977913658,
  "summary_gm_mean": 723.6855296633829,
  "summary_gm_median": 724.0546099543571,
  "summary_gm_n": 49930.0,
  "summary_gm_p05": 637.6548005377874,
  "summary_gm_p95": 808.202904034406,
  "summary_gm_stdv": 51.621301881408286,
  "summary_wm_k": 0.6651823434386985,
  "summary_wm_mad": 46.41918373118361,
  "summary_wm_mean": 1001.3764303726246,
  "summary_wm_median": 1000.0000321231782,
  "summary_wm_n": 171481.0,
  "summary_wm_p05": 924.3297809287906,
  "summary_wm_p95": 1083.6277446225286,
  "summary_wm_stdv": 48.99303180257231,
  "tpm_overlap_csf": 0.15450384888644053,
  "tpm_overlap_gm": 0.4554998194191459,
  "tpm_overlap_wm": 0.4453448485537371,
  "wm2max": 0.45613826791953593
}