{
  "bids_meta": {
    "AcquisitionMatrixPE": 240,
    "AcquisitionNumber": 1,
    "AcquisitionTime": "18:29:2.370000",
    "BaseResolution": 256,
    "BodyPartExamined": "BRAIN",
    "ConsistencyInfo": "N4_VE11C_LATEST_20160120",
    "ConversionSoftware": "dcm2niix",
    "ConversionSoftwareVersion": "v1.0.20181114  Clang4.0.1",
    "DeviceSerialNumber": "67007",
    "DwellTime": 8.2e-06,
    "EchoTime": 0.00298,
    "FlipAngle": 9,
    "ImageOrientationPatientDICOM": [
      -0.0139622,
      0.999903,
      0,
      0,
      0,
      -1
    ],
    "ImageType": [
      "ORIGINAL",
      "PRIMARY",
      "M",
      "ND",
      "NORM"
    ],
    "ImagingFrequency": 123.211,
    "InPlanePhaseEncodingDirectionDICOM": "ROW",
    "InstitutionAddress": "Perth_Drive_100_London_Ontario_CA_N6A_5K8",
    "InstitutionName": "Robarts_Research_Institute",
    "InstitutionalDepartmentName": "CFMM",
    "InversionTime": 0.9,
    "MRAcquisitionType": "3D",
    "MagneticFieldStrength": 3,
    "Manufacturer": "Siemens",
    "ManufacturersModelName": "Prisma_fit",
    "Modality": "MR",
    "PartialFourier": 1,
    "PatientPosition": "HFS",
    "PercentPhaseFOV": 93.75,
    "PhaseEncodingSteps": 247,
    "PhaseOversampling": 0.03,
    "PhaseResolution": 1,
    "PixelBandwidth": 240,
    "ProcedureStepDescription": "Ansari_Adaptation",
    "ProtocolName": "MPRAGE_SAG_iPAT2",
    "PulseSequenceDetails": "%SiemensSeq%_tfl",
    "ReceiveCoilActiveElements": "HEA;HEP",
    "ReceiveCoilName": "Head_32",
    "ReconMatrixPE": 256,
    "RepetitionTime": 2.3,
    "SAR": 0.062024,
    "ScanOptions": "IR",
    "ScanningSequence": "GR_IR",
    "SequenceName": "_tfl3d1_16ns",
    "SequenceVariant": "SK_SP_MP_OSP",
    "SeriesDescription": "MPRAGE_SAG_iPAT2",
    "SeriesNumber": 10,
    "ShimSetting": [
      5231,
      -6200,
      -3813,
      426,
      -50,
      -93,
      159,
      38
    ],
    "SliceThickness": 1,
    "SoftwareVersions": "syngo_MR_E11",
    "StationName": "MRC35368",
    "TxRefAmp": 217.807,
    "dataset": "ds002116",
    "modality": "T1w",
    "session_id": "01",
    "subject_id": "15"
  },
  "cjv": 0.3074254681314482,
  "cnr": 4.3500236292563095,
  "efc": 0.524968545562939,
  "fber": 4126.131714891457,
  "fwhm_avg": 3.5296466666666664,
  "fwhm_x": 3.47197,
  "fwhm_y": 3.72686,
  "fwhm_z": 3.39011,
  "icvs_csf": 0.15166176701543624,
  "icvs_gm": 0.5245247105003883,
  "icvs_wm": 0.3238135224841755,
  "inu_med": 0.5076990127563477,
  "inu_range": 0.1789606988430023,
  "provenance": {
    "md5sum": "ec7692fd492b14b1bdc1879e3e28557a",
    "settings": {
      "testing": false
    },
    "software": "mriqc",
    "version": "22.0.6",
    "warnings": {
      "large_rot_frame": true,
      "small_air_mask": false
    },
    "webapi_port": null,
    "webapi_url": "https://mriqc.nimh.nih.gov/api/v1"
  },
  "qi_1": 0.0,
  "qi_2": 0.021676263616723354,
  "rpve_csf": 33.59174113598035,
  "rpve_gm": 11.555778760939102,
  "rpve_wm": 19.477149766885237,
  "size_x": 192,
  "size_y": 240,
  "size_z": 256,
  "snr_csf": 2.481083590732084,
  "snr_gm": 14.971082405329394,
  "snr_total": 13.728292960907938,
  "snr_wm": 23.732712886662338,
  "snrd_csf": 35.4043394440764,
  "snrd_gm": 77.44110264266037,
  "snrd_total": 73.4430173776126,
  "snrd_wm": 107.48361004610108,
  "spacing_x": 1.0,
  "spacing_y": 1.0,
  "spacing_z": 1.0,
  "summary_bg_k": 4.0737284720740075,
  "summary_bg_mad": 0.0,
  "summary_bg_mean": 4.627264203356932,
  "summary_bg_median": 0.0,
  "summary_bg_n": 3152064.0,
  "summary_bg_p05": 0.0,
  "summary_bg_p95": 15.873016091063619,
  "summary_bg_stdv": 6.095405767630882,
  "summary_csf_k": 1.0923542217640803,
  "summary_csf_mad": 123.69586933235425,
  "summary_csf_mean": 350.82985096396584,
  "summary_csf_median": 329.402876785025,
  "summary_csf_n": 18036.0,
  "summary_csf_p05": 158.27664616517723,
  "summary_csf_p95": 584.9282015347853,
  "summary_csf_stdv": 132.76205044948634,
  "summary_gm_k": 0.17618400800203826,
  "summary_gm_mad": 46.84261041939126,
  "summary_gm_mean": 720.9563098166874,
  "summary_gm_median": 720.5139932688326,
  "summary_gm_n": 70298.0,
  "summary_gm_p05": 642.3885197844356,
  "summary_gm_p95": 800.3673579334279,
  "summary_gm_stdv": 48.12670513938448,
  "summary_wm_k": 0.6606250894356873,
  "summary_wm_mad": 39.08780505809491,
  "summary_wm_mean": 998.6477870694413,
  "summary_wm_median": 1000.0302480533719,
  "summary_wm_n": 163393.0,
  "summary_wm_p05": 926.2887504417449,
  "summary_wm_p95": 1064.7014507558197,
  "summary_wm_stdv": 42.1370785811648,
  "tpm_overlap_csf": 0.13572002130788677,
  "tpm_overlap_gm": 0.48023926753568197,
  "tpm_overlap_wm": 0.48479937117413124,
  "wm2max": 0.5773937330889413
}