{
  "aor": 0.000397578125,
  "aqi": 0.007381654036458333,
  "bids_meta": {
    "AcquisitionMatrixPE": 84,
    "AcquisitionNumber": 1,
    "AcquisitionTime": "18:54:15.795000",
    "BandwidthPerPixelPhaseEncode": 15.664,
    "BaseResolution": 84,
    "BodyPartExamined": "BRAIN",
    "ConsistencyInfo": "N4_VE11C_LATEST_20160120",
    "ConversionSoftware": "dcm2niix",
    "ConversionSoftwareVersion": "v1.0.20181114  Clang4.0.1",
    "DerivedVendorReportedEchoSpacing": 0.000760008,
    "DeviceSerialNumber": "67007",
    "DwellTime": 3.8e-06,
    "EchoTime": 0.03,
    "EchoTrainLength": 74,
    "EffectiveEchoSpacing": 0.000760008,
    "FlipAngle": 40,
    "ImageComments": "Unaliased_MB4_PE3",
    "ImageOrientationPatientDICOM": [
      1,
      0,
      0,
      0,
      0.891007,
      -0.45399
    ],
    "ImageType": [
      "ORIGINAL",
      "PRIMARY",
      "FMRI",
      "NONE",
      "MB",
      "ND",
      "NORM",
      "MOSAIC"
    ],
    "ImagingFrequency": 123.211,
    "InPlanePhaseEncodingDirectionDICOM": "COL",
    "InstitutionAddress": "Perth_Drive_100_London_Ontario_CA_N6A_5K8",
    "InstitutionName": "Robarts_Research_Institute",
    "InstitutionalDepartmentName": "CFMM",
    "MRAcquisitionType": "2D",
    "MagneticFieldStrength": 3,
    "Manufacturer": "Siemens",
    "ManufacturersModelName": "Prisma_fit",
    "Modality": "MR",
    "MultibandAccelerationFactor": 4,
    "PartialFourier": 0.875,
    "PatientPosition": "HFS",
    "PercentPhaseFOV": 100,
    "PhaseEncodingDirection": "j-",
    "PhaseEncodingSteps": 74,
    "PhaseResolution": 1,
    "PixelBandwidth": 1565,
    "ProcedureStepDescription": "Ansari_Adaptation",
    "ProtocolName": "ep_bold_mb4_adaptation_2",
    "PulseSequenceDetails": "%CustomerSeq%_cmrr_mbep2d_bold",
    "ReceiveCoilActiveElements": "HEA;HEP",
    "ReceiveCoilName": "Head_32",
    "ReconMatrixPE": 84,
    "RepetitionTime": 1,
    "SAR": 0.0988939,
    "ScanOptions": "PFP_FS",
    "ScanningSequence": "EP",
    "SequenceName": "epfid2d1_84",
    "SequenceVariant": "SK_SS",
    "SeriesDescription": "ep_bold_mb4_adaptation_2",
    "SeriesNumber": 9,
    "ShimSetting": [
      5204,
      -6232,
      -3970,
      424,
      107,
      538,
      27,
      37
    ],
    "SliceThickness": 2.5,
    "SliceTiming": [
      0,
      0.4075,
      0.8175,
      0.245,
      0.6525,
      0.0825,
      0.49,
      0.8975,
      0.3275,
      0.735,
      0.1625,
      0.5725,
      0,
      0.4075,
      0.8175,
      0.245,
      0.6525,
      0.0825,
      0.49,
      0.8975,
      0.3275,
      0.735,
      0.1625,
      0.5725,
      0,
      0.4075,
      0.8175,
      0.245,
      0.6525,
      0.0825,
      0.49,
      0.8975,
      0.3275,
      0.735,
      0.1625,
      0.5725,
      0,
      0.4075,
      0.8175,
      0.245,
      0.6525,
      0.0825,
      0.49,
      0.8975,
      0.3275,
      0.735,
      0.1625,
      0.5725
    ],
    "SoftwareVersions": "syngo_MR_E11",
    "SpacingBetweenSlices": 2.5,
    "StationName": "MRC35368",
    "TaskName": "Adaptation",
    "TotalReadoutTime": 0.0630806,
    "TxRefAmp": 250.256,
    "WipMemBlock": "e64b6310-00fa-4eb4-aa24-9d733bfb0fcf||Sequence: R016 ve11c/master r/e634e98; Dec 19 2017 11:00:25 by eja",
    "dataset": "ds002116",
    "modality": "bold",
    "run_id": 2,
    "session_id": "01",
    "subject_id": "08",
    "task_id": "Adaptation"
  },
  "dummy_trs": 2,
  "dvars_nstd": 32.17926776389032,
  "dvars_std": 1.2729759866057446,
  "dvars_vstd": 0.9977809644125332,
  "efc": 0.5182780900173033,
  "fber": 5704.14453125,
  "fd_mean": 0.18524715951833873,
  "fd_num": 169,
  "fd_perc": 44.010416666666664,
  "fwhm_avg": 2.0608871161552167,
  "fwhm_x": 1.948476851607218,
  "fwhm_y": 2.182800496858432,
  "fwhm_z": 2.0513839999999997,
  "gcor": 0.01175,
  "gsr_x": -0.015099910087883472,
  "gsr_y": 0.02229098230600357,
  "provenance": {
    "md5sum": "36d0e8a7913da6f4302e237da7ec083d",
    "settings": {
      "fd_thres": 0.2,
      "testing": false
    },
    "software": "mriqc",
    "version": "22.0.6",
    "webapi_port": null,
    "webapi_url": "https://mriqc.nimh.nih.gov/api/v1"
  },
  "size_t": 384,
  "size_x": 84,
  "size_y": 84,
  "size_z": 48,
  "snr": 5.967669555020983,
  "spacing_tr": 1.0,
  "spacing_x": 2.4761905670166016,
  "spacing_y": 2.4761905670166016,
  "spacing_z": 2.5,
  "summary_bg_k": 26.128646066464988,
  "summary_bg_mad": 1.8753873318861132,
  "summary_bg_mean": 8.221837043762207,
  "summary_bg_median": 2.729550361633301,
  "summary_bg_n": 210726.0,
  "summary_bg_p05": 1.0771726369857788,
  "summary_bg_p95": 33.00010395050049,
  "summary_bg_stdv": 15.344762802124023,
  "summary_fg_k": 3.012370925143556,
  "summary_fg_mad": 33.346876595685906,
  "summary_fg_mean": 214.5244140625,
  "summary_fg_median": 211.37643432617188,
  "summary_fg_n": 70527.0,
  "summary_fg_p05": 165.76900787353514,
  "summary_fg_p95": 272.3740051269531,
  "summary_fg_stdv": 35.420013427734375,
  "tsnr": 59.74578857421875
}