{
  "bids_meta": {
    "AcquisitionMatrixPE": 240,
    "AcquisitionNumber": 1,
    "AcquisitionTime": "17:53:11.645000",
    "BaseResolution": 256,
    "BodyPartExamined": "BRAIN",
    "ConsistencyInfo": "N4_VE11C_LATEST_20160120",
    "ConversionSoftware": "dcm2niix",
    "ConversionSoftwareVersion": "v1.0.20181114  Clang4.0.1",
    "DeviceSerialNumber": "67007",
    "DwellTime": 8.2e-06,
    "EchoTime": 0.00298,
    "FlipAngle": 9,
    "ImageOrientationPatientDICOM": [
      -0.0296461,
      0.99956,
      7.22798e-09,
      -0.0348649,
      -0.00103406,
      -0.999391
    ],
    "ImageType": [
      "ORIGINAL",
      "PRIMARY",
      "M",
      "ND",
      "NORM"
    ],
    "ImagingFrequency": 123.211,
    "InPlanePhaseEncodingDirectionDICOM": "ROW",
    "InstitutionAddress": "Perth_Drive_100_London_Ontario_CA_N6A_5K8",
    "InstitutionName": "Robarts_Research_Institute",
    "InstitutionalDepartmentName": "CFMM",
    "InversionTime": 0.9,
    "MRAcquisitionType": "3D",
    "MagneticFieldStrength": 3,
    "Manufacturer": "Siemens",
    "ManufacturersModelName": "Prisma_fit",
    "Modality": "MR",
    "PartialFourier": 1,
    "PatientPosition": "HFS",
    "PercentPhaseFOV": 93.75,
    "PhaseEncodingSteps": 247,
    "PhaseOversampling": 0.03,
    "PhaseResolution": 1,
    "PixelBandwidth": 240,
    "ProcedureStepDescription": "Ansari_Adaptation",
    "ProtocolName": "MPRAGE_SAG_iPAT2",
    "PulseSequenceDetails": "%SiemensSeq%_tfl",
    "ReceiveCoilActiveElements": "HEA;HEP",
    "ReceiveCoilName": "Head_32",
    "ReconMatrixPE": 256,
    "RepetitionTime": 2.3,
    "SAR": 0.0866658,
    "ScanOptions": "IR",
    "ScanningSequence": "GR_IR",
    "SequenceName": "_tfl3d1_16ns",
    "SequenceVariant": "SK_SP_MP_OSP",
    "SeriesDescription": "MPRAGE_SAG_iPAT2",
    "SeriesNumber": 11,
    "ShimSetting": [
      5219,
      -6236,
      -3875,
      482,
      -22,
      -191,
      -82,
      83
    ],
    "SliceThickness": 1,
    "SoftwareVersions": "syngo_MR_E11",
    "StationName": "MRC35368",
    "TxRefAmp": 220.759,
    "dataset": "ds002116",
    "modality": "T1w",
    "session_id": "01",
    "subject_id": "16"
  },
  "cjv": 0.44690496718944206,
  "cnr": 3.013478430434507,
  "efc": 0.5376382472374833,
  "fber": 1675.8299851204076,
  "fwhm_avg": 3.6598433333333333,
  "fwhm_x": 3.54094,
  "fwhm_y": 3.90116,
  "fwhm_z": 3.53743,
  "icvs_csf": 0.13461715054474202,
  "icvs_gm": 0.4839267103272867,
  "icvs_wm": 0.3814561391279713,
  "inu_med": 0.734092652797699,
  "inu_range": 0.3317178934812546,
  "provenance": {
    "md5sum": "837073b1b0b921013531bedf4369ddea",
    "settings": {
      "testing": false
    },
    "software": "mriqc",
    "version": "22.0.6",
    "warnings": {
      "large_rot_frame": true,
      "small_air_mask": false
    },
    "webapi_port": null,
    "webapi_url": "https://mriqc.nimh.nih.gov/api/v1"
  },
  "qi_1": 0.00014282192932851945,
  "qi_2": 0.012067182792467228,
  "rpve_csf": 35.87449878117038,
  "rpve_gm": 11.347330489346776,
  "rpve_wm": 15.032140144933132,
  "size_x": 192,
  "size_y": 240,
  "size_z": 256,
  "snr_csf": 2.861179651209164,
  "snr_gm": 14.759329706330655,
  "snr_total": 10.578798360957771,
  "snr_wm": 14.115885725333497,
  "snrd_csf": 13.729147698867818,
  "snrd_gm": 27.838615567162698,
  "snrd_total": 26.5090910420253,
  "snrd_wm": 37.95950986004537,
  "spacing_x": 1.0,
  "spacing_y": 1.0,
  "spacing_z": 1.0,
  "summary_bg_k": 8.9241265673916,
  "summary_bg_mad": 17.259442822907957,
  "summary_bg_mean": 16.516978694978093,
  "summary_bg_median": 11.641317278146744,
  "summary_bg_n": 3894348.0,
  "summary_bg_p05": 0.0,
  "summary_bg_p95": 52.223742216825485,
  "summary_bg_stdv": 18.457269199041775,
  "summary_csf_k": 5.60227990437564,
  "summary_csf_mad": 111.86576950389414,
  "summary_csf_mean": 379.0207732707591,
  "summary_csf_median": 361.69176329672337,
  "summary_csf_n": 19950.0,
  "summary_csf_p05": 213.07575154304504,
  "summary_csf_p95": 590.9518291547894,
  "summary_csf_stdv": 126.41034199785398,
  "summary_gm_k": 0.08595373966411657,
  "summary_gm_mad": 49.37376213116704,
  "summary_gm_mean": 733.2185412812296,
  "summary_gm_median": 733.4029885232449,
  "summary_gm_n": 44751.0,
  "summary_gm_p05": 650.8505512923002,
  "summary_gm_p95": 813.8830550312996,
  "summary_gm_stdv": 49.69025076384116,
  "summary_wm_k": 0.30291135743085285,
  "summary_wm_mad": 69.78585859664952,
  "summary_wm_mean": 1008.0992581966981,
  "summary_wm_median": 1000.0360077917576,
  "summary_wm_n": 168264.0,
  "summary_wm_p05": 906.5810984969139,
  "summary_wm_p95": 1136.920599192381,
  "summary_wm_stdv": 70.84451203544826,
  "tpm_overlap_csf": 0.1479474539257374,
  "tpm_overlap_gm": 0.45760136205557056,
  "tpm_overlap_wm": 0.45412782946701574,
  "wm2max": 0.4651731195654876
}