{
  "bids_meta": {
    "AcquisitionMatrixPE": 240,
    "AcquisitionNumber": 1,
    "AcquisitionTime": "11:13:1.127500",
    "BaseResolution": 256,
    "BodyPartExamined": "BRAIN",
    "ConsistencyInfo": "N4_VE11C_LATEST_20160120",
    "ConversionSoftware": "dcm2niix",
    "ConversionSoftwareVersion": "v1.0.20181114  Clang4.0.1",
    "DeviceSerialNumber": "67007",
    "DwellTime": 8.2e-06,
    "EchoTime": 0.00298,
    "FlipAngle": 9,
    "ImageOrientationPatientDICOM": [
      0,
      1,
      0,
      0,
      0,
      -1
    ],
    "ImageType": [
      "ORIGINAL",
      "PRIMARY",
      "M",
      "ND",
      "NORM"
    ],
    "ImagingFrequency": 123.211,
    "InPlanePhaseEncodingDirectionDICOM": "ROW",
    "InstitutionAddress": "Perth_Drive_100_London_Ontario_CA_N6A_5K8",
    "InstitutionName": "Robarts_Research_Institute",
    "InstitutionalDepartmentName": "CFMM",
    "InversionTime": 0.9,
    "MRAcquisitionType": "3D",
    "MagneticFieldStrength": 3,
    "Manufacturer": "Siemens",
    "ManufacturersModelName": "Prisma_fit",
    "Modality": "MR",
    "PartialFourier": 1,
    "PatientPosition": "HFS",
    "PercentPhaseFOV": 93.75,
    "PhaseEncodingSteps": 239,
    "PhaseResolution": 1,
    "PixelBandwidth": 240,
    "ProcedureStepDescription": "Ansari_Adaptation",
    "ProtocolName": "MPRAGE_SAG_iPAT2",
    "PulseSequenceDetails": "%SiemensSeq%_tfl",
    "ReceiveCoilActiveElements": "HEA;HEP",
    "ReceiveCoilName": "Head_32",
    "ReconMatrixPE": 256,
    "RepetitionTime": 2.3,
    "SAR": 0.0715295,
    "ScanOptions": "IR",
    "ScanningSequence": "GR_IR",
    "SequenceName": "_tfl3d1_16ns",
    "SequenceVariant": "SK_SP_MP",
    "SeriesDescription": "MPRAGE_SAG_iPAT2",
    "SeriesNumber": 12,
    "ShimSetting": [
      5244,
      -6148,
      -3869,
      322,
      95,
      -63,
      24,
      24
    ],
    "SliceThickness": 1,
    "SoftwareVersions": "syngo_MR_E11",
    "StationName": "MRC35368",
    "TxRefAmp": 222.328,
    "dataset": "ds002116",
    "modality": "T1w",
    "session_id": "01",
    "subject_id": "28"
  },
  "cjv": 0.2925129478118942,
  "cnr": 4.490109351716807,
  "efc": 0.562131447747549,
  "fber": 2877.2159875655298,
  "fwhm_avg": 3.500223333333333,
  "fwhm_x": 3.53999,
  "fwhm_y": 3.57249,
  "fwhm_z": 3.38819,
  "icvs_csf": 0.1406172370940655,
  "icvs_gm": 0.5451468761647098,
  "icvs_wm": 0.3142358867412247,
  "inu_med": 0.5197427868843079,
  "inu_range": 0.20082315206527707,
  "provenance": {
    "md5sum": "ebdb2c0f4cd98a3968bf9b0e9cef1ce4",
    "settings": {
      "testing": false
    },
    "software": "mriqc",
    "version": "22.0.6",
    "warnings": {
      "large_rot_frame": true,
      "small_air_mask": false
    },
    "webapi_port": null,
    "webapi_url": "https://mriqc.nimh.nih.gov/api/v1"
  },
  "qi_1": 0.0,
  "qi_2": 0.022632265791498553,
  "rpve_csf": 35.30266296484574,
  "rpve_gm": 10.847303661510397,
  "rpve_wm": 18.812656093153986,
  "size_x": 192,
  "size_y": 240,
  "size_z": 256,
  "snr_csf": 2.897764613834954,
  "snr_gm": 15.367713245673448,
  "snr_total": 13.191223740087603,
  "snr_wm": 21.308193360754405,
  "snrd_csf": 31.647381378590428,
  "snrd_gm": 67.88506752731713,
  "snrd_total": 65.3217076796261,
  "snrd_wm": 96.43267413297072,
  "spacing_x": 1.0,
  "spacing_y": 1.0,
  "spacing_z": 1.0,
  "summary_bg_k": 4.108034873746246,
  "summary_bg_mad": 6.793950197362824,
  "summary_bg_mean": 5.358525236657223,
  "summary_bg_median": 4.582449771463871,
  "summary_bg_n": 2464701.0,
  "summary_bg_p05": 0.0,
  "summary_bg_p95": 17.851035676896572,
  "summary_bg_stdv": 6.789456418549527,
  "summary_csf_k": 4.598375192003405,
  "summary_csf_mad": 86.4961122141864,
  "summary_csf_mean": 344.293871715835,
  "summary_csf_median": 328.1923168413341,
  "summary_csf_n": 18109.0,
  "summary_csf_p05": 185.21304449439054,
  "summary_csf_p95": 549.8939725756645,
  "summary_csf_stdv": 113.25393842171565,
  "summary_gm_k": 0.21029549491451904,
  "summary_gm_mad": 44.26207852461004,
  "summary_gm_mean": 703.7291605111045,
  "summary_gm_median": 703.9873954877257,
  "summary_gm_n": 80924.0,
  "summary_gm_p05": 627.3219848895445,
  "summary_gm_p95": 778.4693029671907,
  "summary_gm_stdv": 45.809225779905404,
  "summary_wm_k": 0.8576067724132432,
  "summary_wm_mad": 42.33543593132804,
  "summary_wm_mean": 998.7128773325516,
  "summary_wm_median": 1000.0341691561043,
  "summary_wm_n": 159445.0,
  "summary_wm_p05": 919.1573504284024,
  "summary_wm_p95": 1072.8335652269418,
  "summary_wm_stdv": 46.931760766181455,
  "tpm_overlap_csf": 0.1510915591265456,
  "tpm_overlap_gm": 0.47758535471291697,
  "tpm_overlap_wm": 0.4764267525429111,
  "wm2max": 0.4839873553896824
}