{
  "bids_meta": {
    "AcquisitionMatrixPE": 224,
    "AcquisitionNumber": 1,
    "AcquisitionTime": "18:01:8.347500",
    "BaseResolution": 256,
    "BodyPartExamined": "BRAIN",
    "ConsistencyInfo": "N4_VE11C_LATEST_20160120",
    "ConversionSoftware": "dcm2niix",
    "ConversionSoftwareVersion": "v1.0.20181114  Clang4.0.1",
    "DeviceSerialNumber": "67007",
    "DwellTime": 8.2e-06,
    "EchoTime": 0.00298,
    "FlipAngle": 9,
    "ImageOrientationPatientDICOM": [
      0.158158,
      0.987414,
      0,
      0,
      0,
      -1
    ],
    "ImageType": [
      "ORIGINAL",
      "PRIMARY",
      "M",
      "ND",
      "NORM"
    ],
    "ImagingFrequency": 123.22,
    "InPlanePhaseEncodingDirectionDICOM": "ROW",
    "InstitutionAddress": "Perth_Drive_100_London_Ontario_CA_N6A_5K8",
    "InstitutionName": "Robarts_Research_Institute",
    "InstitutionalDepartmentName": "CFMM",
    "InversionTime": 0.9,
    "MRAcquisitionType": "3D",
    "MagneticFieldStrength": 3,
    "Manufacturer": "Siemens",
    "ManufacturersModelName": "Prisma_fit",
    "Modality": "MR",
    "PartialFourier": 1,
    "PatientPosition": "HFS",
    "PercentPhaseFOV": 87.5,
    "PhaseEncodingSteps": 223,
    "PhaseResolution": 1,
    "PixelBandwidth": 240,
    "ProcedureStepDescription": "Ansari_Adaptation",
    "ProtocolName": "MPRAGE_SAG_iPAT2",
    "PulseSequenceDetails": "%SiemensSeq%_tfl",
    "ReceiveCoilActiveElements": "HEA;HEP",
    "ReceiveCoilName": "Head_32",
    "ReconMatrixPE": 256,
    "RepetitionTime": 2.3,
    "SAR": 0.0719202,
    "ScanOptions": "IR",
    "ScanningSequence": "GR_IR",
    "SequenceName": "_tfl3d1_16ns",
    "SequenceVariant": "SK_SP_MP",
    "SeriesDescription": "MPRAGE_SAG_iPAT2",
    "SeriesNumber": 6,
    "ShimSetting": [
      5205,
      -6345,
      -4002,
      194,
      106,
      354,
      -32,
      -40
    ],
    "SliceThickness": 1,
    "SoftwareVersions": "syngo_MR_E11",
    "StationName": "MRC35368",
    "TxRefAmp": 221.207,
    "dataset": "ds002116",
    "modality": "T1w",
    "session_id": "01",
    "subject_id": "65"
  },
  "cjv": 0.2777133243189854,
  "cnr": 4.683707716562264,
  "efc": 0.5266607784288422,
  "fber": 2167.91538280724,
  "fwhm_avg": 3.4884633333333332,
  "fwhm_x": 3.49902,
  "fwhm_y": 3.65236,
  "fwhm_z": 3.31401,
  "icvs_csf": 0.15079725234425412,
  "icvs_gm": 0.5331549050108169,
  "icvs_wm": 0.3160478426449291,
  "inu_med": 0.5463333129882812,
  "inu_range": 0.19175003468990326,
  "provenance": {
    "md5sum": "c9eba2851f8bfbb6f09ff3f15ba53cd2",
    "settings": {
      "testing": false
    },
    "software": "mriqc",
    "version": "22.0.6",
    "warnings": {
      "large_rot_frame": true,
      "small_air_mask": false
    },
    "webapi_port": null,
    "webapi_url": "https://mriqc.nimh.nih.gov/api/v1"
  },
  "qi_1": 0.0,
  "qi_2": 0.03098234399708021,
  "rpve_csf": 33.12180132770796,
  "rpve_gm": 10.981483107777317,
  "rpve_wm": 18.951239884242813,
  "size_x": 192,
  "size_y": 224,
  "size_z": 256,
  "snr_csf": 2.546570846987726,
  "snr_gm": 15.28369556384863,
  "snr_total": 13.961825040053206,
  "snr_wm": 24.055208709323264,
  "snrd_csf": 28.390969050638148,
  "snrd_gm": 65.99978519563933,
  "snrd_total": 62.662231116699786,
  "snrd_wm": 93.59593910382189,
  "spacing_x": 1.0,
  "spacing_y": 1.0,
  "spacing_z": 1.0,
  "summary_bg_k": 4878.968767224238,
  "summary_bg_mad": 6.999838831780402,
  "summary_bg_mean": 7.081966501280838,
  "summary_bg_median": 4.721319545060396,
  "summary_bg_n": 2746133.0,
  "summary_bg_p05": 0.0,
  "summary_bg_p95": 24.40370362251997,
  "summary_bg_stdv": 10.296039656016726,
  "summary_csf_k": 9.407054890399039,
  "summary_csf_mad": 83.52080424283434,
  "summary_csf_mean": 328.6628047645382,
  "summary_csf_median": 303.34478077013046,
  "summary_csf_n": 18342.0,
  "summary_csf_p05": 179.50364936562255,
  "summary_csf_p95": 547.60715270089,
  "summary_csf_stdv": 119.1156774160816,
  "summary_gm_k": 0.3241964555284125,
  "summary_gm_mad": 43.97626019316584,
  "summary_gm_mean": 705.5319053585987,
  "summary_gm_median": 705.1781267253682,
  "summary_gm_n": 73828.0,
  "summary_gm_p05": 629.744316721335,
  "summary_gm_p95": 782.512727715075,
  "summary_gm_stdv": 46.13892941963329,
  "summary_wm_k": 0.994865630143078,
  "summary_wm_mad": 37.90821808899257,
  "summary_wm_mean": 999.1226074149992,
  "summary_wm_median": 1000.0306638982147,
  "summary_wm_n": 159695.0,
  "summary_wm_p05": 929.3028444796801,
  "summary_wm_p95": 1064.565583653748,
  "summary_wm_stdv": 41.57218276145359,
  "tpm_overlap_csf": 0.13374826604099457,
  "tpm_overlap_gm": 0.46846276393843017,
  "tpm_overlap_wm": 0.4668541900271146,
  "wm2max": 0.5391302910599475
}