{
  "aor": 0.00048464751958224544,
  "aqi": 0.005754001592689296,
  "bids_meta": {
    "AcquisitionMatrixPE": 84,
    "AcquisitionNumber": 1,
    "AcquisitionTime": "16:40:55.540000",
    "BandwidthPerPixelPhaseEncode": 15.664,
    "BaseResolution": 84,
    "BodyPartExamined": "BRAIN",
    "ConsistencyInfo": "N4_VE11C_LATEST_20160120",
    "ConversionSoftware": "dcm2niix",
    "ConversionSoftwareVersion": "v1.0.20181114  Clang4.0.1",
    "DerivedVendorReportedEchoSpacing": 0.000760008,
    "DeviceSerialNumber": "67007",
    "DwellTime": 3.8e-06,
    "EchoTime": 0.03,
    "EchoTrainLength": 74,
    "EffectiveEchoSpacing": 0.000760008,
    "FlipAngle": 40,
    "ImageComments": "Unaliased_MB4_PE3",
    "ImageOrientationPatientDICOM": [
      1,
      0,
      0,
      0,
      0.964095,
      -0.265556
    ],
    "ImageType": [
      "ORIGINAL",
      "PRIMARY",
      "M",
      "MB",
      "ND",
      "NORM",
      "MOSAIC"
    ],
    "ImagingFrequency": 123.211,
    "InPlanePhaseEncodingDirectionDICOM": "COL",
    "InstitutionAddress": "Perth_Drive_100_London_Ontario_CA_N6A_5K8",
    "InstitutionName": "Robarts_Research_Institute",
    "InstitutionalDepartmentName": "CFMM",
    "MRAcquisitionType": "2D",
    "MagneticFieldStrength": 3,
    "Manufacturer": "Siemens",
    "ManufacturersModelName": "Prisma_fit",
    "Modality": "MR",
    "MultibandAccelerationFactor": 4,
    "PartialFourier": 0.875,
    "PatientPosition": "HFS",
    "PercentPhaseFOV": 100,
    "PhaseEncodingDirection": "j-",
    "PhaseEncodingSteps": 74,
    "PhaseResolution": 1,
    "PixelBandwidth": 1565,
    "ProcedureStepDescription": "Ansari_Adaptation",
    "ProtocolName": "ep_bold_mb4_adaptation_4",
    "PulseSequenceDetails": "%CustomerSeq%_cmrr_mbep2d_bold",
    "ReceiveCoilActiveElements": "HEA;HEP",
    "ReceiveCoilName": "Head_32",
    "ReconMatrixPE": 84,
    "RepetitionTime": 1,
    "SAR": 0.0907768,
    "ScanOptions": "PFP_FS",
    "ScanningSequence": "EP",
    "SequenceName": "epfid2d1_84",
    "SequenceVariant": "SK_SS",
    "SeriesDescription": "ep_bold_mb4_adaptation_4",
    "SeriesNumber": 8,
    "ShimSetting": [
      5232,
      -6249,
      -3987,
      755,
      -48,
      413,
      211,
      -4
    ],
    "SliceThickness": 2.5,
    "SliceTiming": [
      0,
      0.4075,
      0.815,
      0.245,
      0.6525,
      0.08,
      0.49,
      0.8975,
      0.325,
      0.735,
      0.1625,
      0.57,
      0,
      0.4075,
      0.815,
      0.245,
      0.6525,
      0.08,
      0.49,
      0.8975,
      0.325,
      0.735,
      0.1625,
      0.57,
      0,
      0.4075,
      0.815,
      0.245,
      0.6525,
      0.08,
      0.49,
      0.8975,
      0.325,
      0.735,
      0.1625,
      0.57,
      0,
      0.4075,
      0.815,
      0.245,
      0.6525,
      0.08,
      0.49,
      0.8975,
      0.325,
      0.735,
      0.1625,
      0.57
    ],
    "SoftwareVersions": "syngo_MR_E11",
    "SpacingBetweenSlices": 2.5,
    "StationName": "MRC35368",
    "TaskName": "Adaptation",
    "TotalReadoutTime": 0.0630806,
    "TxRefAmp": 230.748,
    "WipMemBlock": "d901def4-1a72-498d-a7be-5cc7c60b6ede||Sequence: R016 ve11c/master r/e634e98; Dec 19 2017 11:00:25 by eja",
    "dataset": "ds002116",
    "modality": "bold",
    "run_id": 4,
    "session_id": "01",
    "subject_id": "54",
    "task_id": "Adaptation"
  },
  "dummy_trs": 3,
  "dvars_nstd": 27.806622939659693,
  "dvars_std": 1.284592637120419,
  "dvars_vstd": 1.0065950558638737,
  "efc": 0.4956453232287988,
  "fber": 6447.0361328125,
  "fd_mean": 0.17163951496525076,
  "fd_num": 150,
  "fd_perc": 39.1644908616188,
  "fwhm_avg": 2.0663394874608154,
  "fwhm_x": 1.9177764681179168,
  "fwhm_y": 2.2535179942645294,
  "fwhm_z": 2.027724,
  "gcor": 0.0106858,
  "gsr_x": -0.017191002145409584,
  "gsr_y": 0.020889868959784508,
  "provenance": {
    "md5sum": "624ab7b16bb97c7ce466970eb7ab2a6d",
    "settings": {
      "fd_thres": 0.2,
      "testing": false
    },
    "software": "mriqc",
    "version": "22.0.6",
    "webapi_port": null,
    "webapi_url": "https://mriqc.nimh.nih.gov/api/v1"
  },
  "size_t": 383,
  "size_x": 84,
  "size_y": 84,
  "size_z": 48,
  "snr": 6.218454072490621,
  "spacing_tr": 1.0,
  "spacing_x": 2.4761905670166016,
  "spacing_y": 2.4761905670166016,
  "spacing_z": 2.5,
  "summary_bg_k": 69.93292656670832,
  "summary_bg_mad": 1.6505813527238773,
  "summary_bg_mean": 6.891798496246338,
  "summary_bg_median": 3.0247936248779297,
  "summary_bg_n": 213458.0,
  "summary_bg_p05": 1.2540374517440795,
  "summary_bg_p95": 24.937972927093487,
  "summary_bg_stdv": 15.25818920135498,
  "summary_fg_k": 2.549406191265864,
  "summary_fg_mad": 37.280299279900355,
  "summary_fg_mean": 252.85887145996094,
  "summary_fg_median": 249.537841796875,
  "summary_fg_n": 68206.0,
  "summary_fg_p05": 196.60881423950195,
  "summary_fg_p95": 318.1516799926758,
  "summary_fg_stdv": 40.12830352783203,
  "tsnr": 70.18965911865234
}