{
  "aor": 0.0005543636363636364,
  "aqi": 0.0066574770129870136,
  "bids_meta": {
    "AcquisitionMatrixPE": 84,
    "AcquisitionNumber": 1,
    "AcquisitionTime": "16:26:41.435000",
    "BandwidthPerPixelPhaseEncode": 15.664,
    "BaseResolution": 84,
    "BodyPartExamined": "BRAIN",
    "ConsistencyInfo": "N4_VE11C_LATEST_20160120",
    "ConversionSoftware": "dcm2niix",
    "ConversionSoftwareVersion": "v1.0.20181114  Clang4.0.1",
    "DerivedVendorReportedEchoSpacing": 0.000760008,
    "DeviceSerialNumber": "67007",
    "DwellTime": 3.8e-06,
    "EchoTime": 0.03,
    "EchoTrainLength": 74,
    "EffectiveEchoSpacing": 0.000760008,
    "FlipAngle": 40,
    "ImageComments": "Unaliased_MB4_PE3",
    "ImageOrientationPatientDICOM": [
      1,
      0,
      0,
      0,
      0.964095,
      -0.265556
    ],
    "ImageType": [
      "ORIGINAL",
      "PRIMARY",
      "M",
      "MB",
      "ND",
      "NORM",
      "MOSAIC"
    ],
    "ImagingFrequency": 123.211,
    "InPlanePhaseEncodingDirectionDICOM": "COL",
    "InstitutionAddress": "Perth_Drive_100_London_Ontario_CA_N6A_5K8",
    "InstitutionName": "Robarts_Research_Institute",
    "InstitutionalDepartmentName": "CFMM",
    "MRAcquisitionType": "2D",
    "MagneticFieldStrength": 3,
    "Manufacturer": "Siemens",
    "ManufacturersModelName": "Prisma_fit",
    "Modality": "MR",
    "MultibandAccelerationFactor": 4,
    "PartialFourier": 0.875,
    "PatientPosition": "HFS",
    "PercentPhaseFOV": 100,
    "PhaseEncodingDirection": "j-",
    "PhaseEncodingSteps": 74,
    "PhaseResolution": 1,
    "PixelBandwidth": 1565,
    "ProcedureStepDescription": "Ansari_Adaptation",
    "ProtocolName": "ep_bold_mb4_adaptation_2",
    "PulseSequenceDetails": "%CustomerSeq%_cmrr_mbep2d_bold",
    "ReceiveCoilActiveElements": "HEA;HEP",
    "ReceiveCoilName": "Head_32",
    "ReconMatrixPE": 84,
    "RepetitionTime": 1,
    "SAR": 0.0907768,
    "ScanOptions": "PFP_FS",
    "ScanningSequence": "EP",
    "SequenceName": "epfid2d1_84",
    "SequenceVariant": "SK_SS",
    "SeriesDescription": "ep_bold_mb4_adaptation_2",
    "SeriesNumber": 4,
    "ShimSetting": [
      5232,
      -6249,
      -3987,
      755,
      -48,
      413,
      211,
      -4
    ],
    "SliceThickness": 2.5,
    "SliceTiming": [
      0,
      0.4075,
      0.815,
      0.245,
      0.6525,
      0.08,
      0.49,
      0.8975,
      0.325,
      0.735,
      0.1625,
      0.57,
      0,
      0.4075,
      0.815,
      0.245,
      0.6525,
      0.08,
      0.49,
      0.8975,
      0.325,
      0.735,
      0.1625,
      0.57,
      0,
      0.4075,
      0.815,
      0.245,
      0.6525,
      0.08,
      0.49,
      0.8975,
      0.325,
      0.735,
      0.1625,
      0.57,
      0,
      0.4075,
      0.815,
      0.245,
      0.6525,
      0.08,
      0.49,
      0.8975,
      0.325,
      0.735,
      0.1625,
      0.57
    ],
    "SoftwareVersions": "syngo_MR_E11",
    "SpacingBetweenSlices": 2.5,
    "StationName": "MRC35368",
    "TaskName": "Adaptation",
    "TotalReadoutTime": 0.0630806,
    "TxRefAmp": 230.748,
    "WipMemBlock": "1b197f2f-805a-4859-8d08-29cfc8030b10||Sequence: R016 ve11c/master r/e634e98; Dec 19 2017 11:00:25 by eja",
    "dataset": "ds002116",
    "modality": "bold",
    "run_id": 2,
    "session_id": "01",
    "subject_id": "54",
    "task_id": "Adaptation"
  },
  "dummy_trs": 1,
  "dvars_nstd": 29.515657926796834,
  "dvars_std": 1.3074868099739592,
  "dvars_vstd": 1.0047669588541652,
  "efc": 0.49470251367110457,
  "fber": 6495.7705078125,
  "fd_mean": 0.17642220244342197,
  "fd_num": 160,
  "fd_perc": 41.55844155844156,
  "fwhm_avg": 2.0787192180359466,
  "fwhm_x": 1.9344028136619122,
  "fwhm_y": 2.252766840445928,
  "fwhm_z": 2.048988,
  "gcor": 0.0133163,
  "gsr_x": -0.01642479933798313,
  "gsr_y": 0.022671395912766457,
  "provenance": {
    "md5sum": "5ed6e65ffac2e5e8ae4e270413e39355",
    "settings": {
      "fd_thres": 0.2,
      "testing": false
    },
    "software": "mriqc",
    "version": "22.0.6",
    "webapi_port": null,
    "webapi_url": "https://mriqc.nimh.nih.gov/api/v1"
  },
  "size_t": 385,
  "size_x": 84,
  "size_y": 84,
  "size_z": 48,
  "snr": 6.2169446998514415,
  "spacing_tr": 1.0,
  "spacing_x": 2.4761905670166016,
  "spacing_y": 2.4761905670166016,
  "spacing_z": 2.5,
  "summary_bg_k": 70.8205958625905,
  "summary_bg_mad": 1.6361788136153599,
  "summary_bg_mean": 6.737645149230957,
  "summary_bg_median": 3.007265329360962,
  "summary_bg_n": 213580.0,
  "summary_bg_p05": 1.2326361775398256,
  "summary_bg_p95": 24.24058189392089,
  "summary_bg_stdv": 14.851977348327637,
  "summary_fg_k": 2.3589187645831666,
  "summary_fg_mad": 37.60831732902179,
  "summary_fg_mean": 252.52810668945312,
  "summary_fg_median": 249.0082244873047,
  "summary_fg_n": 68002.0,
  "summary_fg_p05": 195.88768157958984,
  "summary_fg_p95": 317.93128509521483,
  "summary_fg_stdv": 40.0528564453125,
  "tsnr": 66.33683013916016
}