{
  "aor": 0.005401269430051814,
  "aqi": 0.009522186683937823,
  "bids_meta": {
    "AcquisitionMatrixPE": 84,
    "AcquisitionNumber": 1,
    "AcquisitionTime": "19:26:54.247500",
    "BandwidthPerPixelPhaseEncode": 15.664,
    "BaseResolution": 84,
    "BodyPartExamined": "BRAIN",
    "ConsistencyInfo": "N4_VE11C_LATEST_20160120",
    "ConversionSoftware": "dcm2niix",
    "ConversionSoftwareVersion": "v1.0.20181114  Clang4.0.1",
    "DerivedVendorReportedEchoSpacing": 0.000760008,
    "DeviceSerialNumber": "67007",
    "DwellTime": 3.8e-06,
    "EchoTime": 0.03,
    "EchoTrainLength": 74,
    "EffectiveEchoSpacing": 0.000760008,
    "FlipAngle": 40,
    "ImageComments": "Unaliased_MB4_PE3",
    "ImageOrientationPatientDICOM": [
      0.998914,
      0.0140248,
      0.0444278,
      -3.52279e-08,
      0.953614,
      -0.301033
    ],
    "ImageType": [
      "ORIGINAL",
      "PRIMARY",
      "M",
      "MB",
      "ND",
      "NORM",
      "MOSAIC"
    ],
    "ImagingFrequency": 123.211,
    "InPlanePhaseEncodingDirectionDICOM": "COL",
    "InstitutionAddress": "Perth_Drive_100_London_Ontario_CA_N6A_5K8",
    "InstitutionName": "Robarts_Research_Institute",
    "InstitutionalDepartmentName": "CFMM",
    "MRAcquisitionType": "2D",
    "MagneticFieldStrength": 3,
    "Manufacturer": "Siemens",
    "ManufacturersModelName": "Prisma_fit",
    "Modality": "MR",
    "MultibandAccelerationFactor": 4,
    "PartialFourier": 0.875,
    "PatientPosition": "HFS",
    "PercentPhaseFOV": 100,
    "PhaseEncodingDirection": "j-",
    "PhaseEncodingSteps": 74,
    "PhaseResolution": 1,
    "PixelBandwidth": 1565,
    "ProcedureStepDescription": "Ansari_Adaptation",
    "ProtocolName": "ep_bold_mb4_adaptation_5",
    "PulseSequenceDetails": "%CustomerSeq%_cmrr_mbep2d_bold",
    "ReceiveCoilActiveElements": "HEA;HEP",
    "ReceiveCoilName": "Head_32",
    "ReconMatrixPE": 84,
    "RepetitionTime": 1,
    "SAR": 0.0778038,
    "ScanOptions": "PFP_FS",
    "ScanningSequence": "EP",
    "SequenceName": "epfid2d1_84",
    "SequenceVariant": "SK_SS",
    "SeriesDescription": "ep_bold_mb4_adaptation_5",
    "SeriesNumber": 14,
    "ShimSetting": [
      5262,
      -6222,
      -3980,
      727,
      23,
      320,
      192,
      79
    ],
    "SliceThickness": 2.5,
    "SliceTiming": [
      0,
      0.4075,
      0.815,
      0.245,
      0.6525,
      0.08,
      0.49,
      0.8975,
      0.325,
      0.735,
      0.1625,
      0.57,
      0,
      0.4075,
      0.815,
      0.245,
      0.6525,
      0.08,
      0.49,
      0.8975,
      0.325,
      0.735,
      0.1625,
      0.57,
      0,
      0.4075,
      0.815,
      0.245,
      0.6525,
      0.08,
      0.49,
      0.8975,
      0.325,
      0.735,
      0.1625,
      0.57,
      0,
      0.4075,
      0.815,
      0.245,
      0.6525,
      0.08,
      0.49,
      0.8975,
      0.325,
      0.735,
      0.1625,
      0.57
    ],
    "SoftwareVersions": "syngo_MR_E11",
    "SpacingBetweenSlices": 2.5,
    "StationName": "MRC35368",
    "TaskName": "Adaptation",
    "TotalReadoutTime": 0.0630806,
    "TxRefAmp": 224.934,
    "WipMemBlock": "0e18c127-22fe-41a6-8c1e-2728387d6947||Sequence: R016 ve11c/master r/e634e98; Dec 19 2017 11:00:25 by eja",
    "dataset": "ds002116",
    "modality": "bold",
    "run_id": 5,
    "session_id": "01",
    "subject_id": "48",
    "task_id": "Adaptation"
  },
  "dummy_trs": 0,
  "dvars_nstd": 29.32562176090913,
  "dvars_std": 1.2657983546233755,
  "dvars_vstd": 1.0694279916363643,
  "efc": 0.523599185125474,
  "fber": 7643.9892578125,
  "fd_mean": 0.2261487848333765,
  "fd_num": 154,
  "fd_perc": 39.89637305699482,
  "fwhm_avg": 1.9369448684877602,
  "fwhm_x": 1.8200253349248505,
  "fwhm_y": 2.06150127053843,
  "fwhm_z": 1.929308,
  "gcor": 0.0385493,
  "gsr_x": -0.0029264818876981735,
  "gsr_y": 0.025805722922086716,
  "provenance": {
    "md5sum": "308d61611bfda1adb738ad15ce2735fc",
    "settings": {
      "fd_thres": 0.2,
      "testing": false
    },
    "software": "mriqc",
    "version": "22.0.6",
    "webapi_port": null,
    "webapi_url": "https://mriqc.nimh.nih.gov/api/v1"
  },
  "size_t": 386,
  "size_x": 84,
  "size_y": 84,
  "size_z": 48,
  "snr": 5.487719686472586,
  "spacing_tr": 1.0,
  "spacing_x": 2.4761908054351807,
  "spacing_y": 2.4761905670166016,
  "spacing_z": 2.5,
  "summary_bg_k": 63.112499146823566,
  "summary_bg_mad": 1.7608954527513867,
  "summary_bg_mean": 6.66349983215332,
  "summary_bg_median": 3.0907645225524902,
  "summary_bg_n": 200608.0,
  "summary_bg_p05": 1.326045173406601,
  "summary_bg_p95": 24.410511875152576,
  "summary_bg_stdv": 13.4492826461792,
  "summary_fg_k": 2.163119648997016,
  "summary_fg_mad": 51.38740553171693,
  "summary_fg_mean": 279.59893798828125,
  "summary_fg_median": 276.6047668457031,
  "summary_fg_n": 80105.0,
  "summary_fg_p05": 208.9088562011719,
  "summary_fg_p95": 359.95081787109376,
  "summary_fg_stdv": 50.40400314331055,
  "tsnr": 52.28387451171875
}