{
  "aor": 0.0033419270833333335,
  "aqi": 0.006971486119791666,
  "bids_meta": {
    "AcquisitionMatrixPE": 84,
    "AcquisitionNumber": 1,
    "AcquisitionTime": "18:46:24.555000",
    "BandwidthPerPixelPhaseEncode": 15.664,
    "BaseResolution": 84,
    "BodyPartExamined": "BRAIN",
    "ConsistencyInfo": "N4_VE11C_LATEST_20160120",
    "ConversionSoftware": "dcm2niix",
    "ConversionSoftwareVersion": "v1.0.20181114  Clang4.0.1",
    "DerivedVendorReportedEchoSpacing": 0.000760008,
    "DeviceSerialNumber": "67007",
    "DwellTime": 3.8e-06,
    "EchoTime": 0.03,
    "EchoTrainLength": 74,
    "EffectiveEchoSpacing": 0.000760008,
    "FlipAngle": 40,
    "ImageComments": "Unaliased_MB4_PE3",
    "ImageOrientationPatientDICOM": [
      0.998914,
      0.0140248,
      0.0444278,
      -3.52279e-08,
      0.953614,
      -0.301033
    ],
    "ImageType": [
      "ORIGINAL",
      "PRIMARY",
      "M",
      "MB",
      "ND",
      "NORM",
      "MOSAIC"
    ],
    "ImagingFrequency": 123.211,
    "InPlanePhaseEncodingDirectionDICOM": "COL",
    "InstitutionAddress": "Perth_Drive_100_London_Ontario_CA_N6A_5K8",
    "InstitutionName": "Robarts_Research_Institute",
    "InstitutionalDepartmentName": "CFMM",
    "MRAcquisitionType": "2D",
    "MagneticFieldStrength": 3,
    "Manufacturer": "Siemens",
    "ManufacturersModelName": "Prisma_fit",
    "Modality": "MR",
    "MultibandAccelerationFactor": 4,
    "PartialFourier": 0.875,
    "PatientPosition": "HFS",
    "PercentPhaseFOV": 100,
    "PhaseEncodingDirection": "j-",
    "PhaseEncodingSteps": 74,
    "PhaseResolution": 1,
    "PixelBandwidth": 1565,
    "ProcedureStepDescription": "Ansari_Adaptation",
    "ProtocolName": "ep_bold_mb4_adaptation_1",
    "PulseSequenceDetails": "%CustomerSeq%_cmrr_mbep2d_bold",
    "ReceiveCoilActiveElements": "HEA;HEP",
    "ReceiveCoilName": "Head_32",
    "ReconMatrixPE": 84,
    "RepetitionTime": 1,
    "SAR": 0.0778038,
    "ScanOptions": "PFP_FS",
    "ScanningSequence": "EP",
    "SequenceName": "epfid2d1_84",
    "SequenceVariant": "SK_SS",
    "SeriesDescription": "ep_bold_mb4_adaptation_1",
    "SeriesNumber": 2,
    "ShimSetting": [
      5262,
      -6222,
      -3980,
      727,
      23,
      320,
      192,
      79
    ],
    "SliceThickness": 2.5,
    "SliceTiming": [
      0,
      0.4075,
      0.815,
      0.245,
      0.6525,
      0.08,
      0.49,
      0.8975,
      0.325,
      0.735,
      0.1625,
      0.57,
      0,
      0.4075,
      0.815,
      0.245,
      0.6525,
      0.08,
      0.49,
      0.8975,
      0.325,
      0.735,
      0.1625,
      0.57,
      0,
      0.4075,
      0.815,
      0.245,
      0.6525,
      0.08,
      0.49,
      0.8975,
      0.325,
      0.735,
      0.1625,
      0.57,
      0,
      0.4075,
      0.815,
      0.245,
      0.6525,
      0.08,
      0.49,
      0.8975,
      0.325,
      0.735,
      0.1625,
      0.57
    ],
    "SoftwareVersions": "syngo_MR_E11",
    "SpacingBetweenSlices": 2.5,
    "StationName": "MRC35368",
    "TaskName": "Adaptation",
    "TotalReadoutTime": 0.0630806,
    "TxRefAmp": 224.934,
    "WipMemBlock": "23fc2a48-ddb3-44c4-ba09-6262f14d7c6d||Sequence: R016 ve11c/master r/e634e98; Dec 19 2017 11:00:25 by eja",
    "dataset": "ds002116",
    "modality": "bold",
    "run_id": 1,
    "session_id": "01",
    "subject_id": "48",
    "task_id": "Adaptation"
  },
  "dummy_trs": 2,
  "dvars_nstd": 28.54361021185377,
  "dvars_std": 1.2464018631592684,
  "dvars_vstd": 1.0311506269451693,
  "efc": 0.5284467668508105,
  "fber": 7253.85205078125,
  "fd_mean": 0.1929152685601148,
  "fd_num": 176,
  "fd_perc": 45.833333333333336,
  "fwhm_avg": 1.9708131105480013,
  "fwhm_x": 1.843811870223631,
  "fwhm_y": 2.1003714614203726,
  "fwhm_z": 1.9682559999999998,
  "gcor": 0.0169372,
  "gsr_x": -0.006299668923020363,
  "gsr_y": 0.026039427146315575,
  "provenance": {
    "md5sum": "4430dbcfde48a9819d59c6ebae8c3997",
    "settings": {
      "fd_thres": 0.2,
      "testing": false
    },
    "software": "mriqc",
    "version": "22.0.6",
    "webapi_port": null,
    "webapi_url": "https://mriqc.nimh.nih.gov/api/v1"
  },
  "size_t": 384,
  "size_x": 84,
  "size_y": 84,
  "size_z": 48,
  "snr": 5.4305343067680445,
  "spacing_tr": 1.0,
  "spacing_x": 2.4761908054351807,
  "spacing_y": 2.4761905670166016,
  "spacing_z": 2.5,
  "summary_bg_k": 60.656038469070516,
  "summary_bg_mad": 1.7985220640798936,
  "summary_bg_mean": 6.784550666809082,
  "summary_bg_median": 3.1501166820526123,
  "summary_bg_n": 198400.0,
  "summary_bg_p05": 1.3796815633773805,
  "summary_bg_p95": 24.495061588287342,
  "summary_bg_stdv": 13.619778633117676,
  "summary_fg_k": 1.9698208705351048,
  "summary_fg_mad": 52.013127192508655,
  "summary_fg_mean": 278.89935302734375,
  "summary_fg_median": 275.80743408203125,
  "summary_fg_n": 81342.0,
  "summary_fg_p05": 207.74502258300782,
  "summary_fg_p95": 359.84699401855465,
  "summary_fg_stdv": 50.78795623779297,
  "tsnr": 59.379512786865234
}