{
  "bids_meta": {
    "AcquisitionMatrixPE": 256,
    "AcquisitionNumber": 1,
    "AcquisitionTime": "17:53:18.055000",
    "BaseResolution": 256,
    "BodyPartExamined": "BRAIN",
    "ConsistencyInfo": "N4_VE11C_LATEST_20160120",
    "ConversionSoftware": "dcm2niix",
    "ConversionSoftwareVersion": "v1.0.20181114  Clang4.0.1",
    "DeviceSerialNumber": "67007",
    "DwellTime": 8.2e-06,
    "EchoTime": 0.00298,
    "FlipAngle": 9,
    "ImageOrientationPatientDICOM": [
      0,
      1,
      0,
      0,
      0,
      -1
    ],
    "ImageType": [
      "ORIGINAL",
      "PRIMARY",
      "M",
      "ND",
      "NORM"
    ],
    "ImagingFrequency": 123.211,
    "InPlanePhaseEncodingDirectionDICOM": "ROW",
    "InstitutionAddress": "Perth_Drive_100_London_Ontario_CA_N6A_5K8",
    "InstitutionName": "Robarts",
    "InstitutionalDepartmentName": "CFMM",
    "InversionTime": 0.9,
    "MRAcquisitionType": "3D",
    "MagneticFieldStrength": 3,
    "Manufacturer": "Siemens",
    "ManufacturersModelName": "Prisma_fit",
    "Modality": "MR",
    "PartialFourier": 1,
    "PatientPosition": "HFS",
    "PercentPhaseFOV": 100,
    "PhaseEncodingSteps": 255,
    "PhaseResolution": 1,
    "PixelBandwidth": 240,
    "ProcedureStepDescription": "Ansari_Adaptation",
    "ProtocolName": "MPRAGE_SAG_iPAT2",
    "PulseSequenceDetails": "%SiemensSeq%_tfl",
    "ReceiveCoilActiveElements": "HEA;HEP;SP1",
    "ReceiveCoilName": "Spine_32",
    "ReconMatrixPE": 256,
    "RepetitionTime": 2.3,
    "SAR": 0.0550291,
    "ScanOptions": "IR",
    "ScanningSequence": "GR_IR",
    "SequenceName": "_tfl3d1_16ns",
    "SequenceVariant": "SK_SP_MP",
    "SeriesDescription": "MPRAGE_SAG_iPAT2",
    "SeriesNumber": 10,
    "ShimSetting": [
      5238,
      -6127,
      -3883,
      327,
      3,
      -81,
      -49,
      4
    ],
    "SliceThickness": 1,
    "SoftwareVersions": "syngo_MR_E11",
    "StationName": "MRC35368",
    "TxRefAmp": 252.965,
    "dataset": "ds002116",
    "modality": "T1w",
    "session_id": "01",
    "subject_id": "34"
  },
  "cjv": 0.30757685138026425,
  "cnr": 4.264076381574461,
  "efc": 0.5684008474897696,
  "fber": 1797.1694017474813,
  "fwhm_avg": 3.8277300000000003,
  "fwhm_x": 3.87589,
  "fwhm_y": 4.00864,
  "fwhm_z": 3.59866,
  "icvs_csf": 0.1970975793253238,
  "icvs_gm": 0.4947693580744148,
  "icvs_wm": 0.3081330626002614,
  "inu_med": 0.48840655386447906,
  "inu_range": 0.14786875247955322,
  "provenance": {
    "md5sum": "5b5b9c3c6635236f4149cabfba736dfe",
    "settings": {
      "testing": false
    },
    "software": "mriqc",
    "version": "22.0.6",
    "warnings": {
      "large_rot_frame": true,
      "small_air_mask": false
    },
    "webapi_port": null,
    "webapi_url": "https://mriqc.nimh.nih.gov/api/v1"
  },
  "qi_1": 0.0,
  "qi_2": 0.009100853017873086,
  "rpve_csf": 27.07474447812906,
  "rpve_gm": 12.001087662086766,
  "rpve_wm": 20.56653546480166,
  "size_x": 192,
  "size_y": 256,
  "size_z": 256,
  "snr_csf": 2.41334561102294,
  "snr_gm": 14.224031490759126,
  "snr_total": 13.283211299721593,
  "snr_wm": 23.21225679738271,
  "snrd_csf": 19.639681314265285,
  "snrd_gm": 52.33900753601194,
  "snrd_total": 48.477889306675074,
  "snrd_wm": 73.45497906974798,
  "spacing_x": 1.0,
  "spacing_y": 1.0,
  "spacing_z": 1.0,
  "summary_bg_k": 3.910293942187778,
  "summary_bg_mad": 8.918883468197428,
  "summary_bg_mean": 10.938467643772398,
  "summary_bg_median": 6.015695482492447,
  "summary_bg_n": 2615930.0,
  "summary_bg_p05": 0.0,
  "summary_bg_p95": 42.16455651819706,
  "summary_bg_stdv": 13.405470082150705,
  "summary_csf_k": 2.901972451574757,
  "summary_csf_mad": 84.68885256847469,
  "summary_csf_mean": 277.09233081087643,
  "summary_csf_median": 267.3703201264143,
  "summary_csf_n": 31498.0,
  "summary_csf_p05": 107.64950345568359,
  "summary_csf_p95": 486.7135150462387,
  "summary_csf_stdv": 110.7864843844675,
  "summary_gm_k": 0.2097962003112377,
  "summary_gm_mad": 48.972778316284064,
  "summary_gm_mean": 711.2151368381931,
  "summary_gm_median": 712.5317858308554,
  "summary_gm_n": 54852.0,
  "summary_gm_p05": 625.9604590237141,
  "summary_gm_p95": 790.5444186106324,
  "summary_gm_stdv": 50.09306195820128,
  "summary_wm_k": 0.9981874197929641,
  "summary_wm_mad": 39.44578915707318,
  "summary_wm_mean": 1001.2514270482123,
  "summary_wm_median": 999.9999976828694,
  "summary_wm_n": 169299.0,
  "summary_wm_p05": 933.4992185309529,
  "summary_wm_p95": 1073.31218476519,
  "summary_wm_stdv": 43.08056097486194,
  "tpm_overlap_csf": 0.14865169481748433,
  "tpm_overlap_gm": 0.48698934905895147,
  "tpm_overlap_wm": 0.4808896926770018,
  "wm2max": 0.6154143878838872
}