{
  "bids_meta": {
    "AcquisitionMatrixPE": 240,
    "AcquisitionNumber": 1,
    "AcquisitionTime": "15:19:36.470000",
    "BaseResolution": 256,
    "BodyPartExamined": "BRAIN",
    "ConsistencyInfo": "N4_VE11C_LATEST_20160120",
    "ConversionSoftware": "dcm2niix",
    "ConversionSoftwareVersion": "v1.0.20181114  Clang4.0.1",
    "DeviceSerialNumber": "67007",
    "DwellTime": 8.2e-06,
    "EchoTime": 0.00298,
    "FlipAngle": 9,
    "ImageOrientationPatientDICOM": [
      0.0471064,
      0.99889,
      0,
      0,
      0,
      -1
    ],
    "ImageType": [
      "ORIGINAL",
      "PRIMARY",
      "M",
      "ND",
      "NORM"
    ],
    "ImagingFrequency": 123.22,
    "InPlanePhaseEncodingDirectionDICOM": "ROW",
    "InstitutionAddress": "Perth_Drive_100_London_Ontario_CA_N6A_5K8",
    "InstitutionName": "Robarts_Research_Institute",
    "InstitutionalDepartmentName": "CFMM",
    "InversionTime": 0.9,
    "MRAcquisitionType": "3D",
    "MagneticFieldStrength": 3,
    "Manufacturer": "Siemens",
    "ManufacturersModelName": "Prisma_fit",
    "Modality": "MR",
    "PartialFourier": 1,
    "PatientPosition": "HFS",
    "PercentPhaseFOV": 93.75,
    "PhaseEncodingSteps": 239,
    "PhaseResolution": 1,
    "PixelBandwidth": 240,
    "ProcedureStepDescription": "Ansari_Adaptation",
    "ProtocolName": "MPRAGE_SAG_iPAT2",
    "PulseSequenceDetails": "%SiemensSeq%_tfl",
    "ReceiveCoilActiveElements": "HEA;HEP",
    "ReceiveCoilName": "Head_32",
    "ReconMatrixPE": 256,
    "RepetitionTime": 2.3,
    "SAR": 0.072634,
    "ScanOptions": "IR",
    "ScanningSequence": "GR_IR",
    "SequenceName": "_tfl3d1_16ns",
    "SequenceVariant": "SK_SP_MP",
    "SeriesDescription": "MPRAGE_SAG_iPAT2",
    "SeriesNumber": 10,
    "ShimSetting": [
      5200,
      -6329,
      -3984,
      106,
      141,
      333,
      -31,
      -67
    ],
    "SliceThickness": 1,
    "SoftwareVersions": "syngo_MR_E11",
    "StationName": "MRC35368",
    "TxRefAmp": 232.9,
    "dataset": "ds002116",
    "modality": "T1w",
    "session_id": "01",
    "subject_id": "61"
  },
  "cjv": 0.29907163427631006,
  "cnr": 4.256401798544851,
  "efc": 0.5555058322368494,
  "fber": 2062.527792516892,
  "fwhm_avg": 3.6562666666666668,
  "fwhm_x": 3.56777,
  "fwhm_y": 3.90339,
  "fwhm_z": 3.49764,
  "icvs_csf": 0.2023008123839236,
  "icvs_gm": 0.48779096181984777,
  "icvs_wm": 0.3099082257962286,
  "inu_med": 0.44834384322166443,
  "inu_range": 0.1297038495540619,
  "provenance": {
    "md5sum": "5a22b80a8e7b6d3e74c150a6b5c49cb8",
    "settings": {
      "testing": false
    },
    "software": "mriqc",
    "version": "22.0.6",
    "warnings": {
      "large_rot_frame": true,
      "small_air_mask": false
    },
    "webapi_port": null,
    "webapi_url": "https://mriqc.nimh.nih.gov/api/v1"
  },
  "qi_1": 0.0,
  "qi_2": 0.019639956010462416,
  "rpve_csf": 26.229767431454363,
  "rpve_gm": 11.797740314403368,
  "rpve_wm": 19.665091640672586,
  "size_x": 192,
  "size_y": 240,
  "size_z": 256,
  "snr_csf": 3.0866040626508546,
  "snr_gm": 14.676528716509111,
  "snr_total": 13.962271907160549,
  "snr_wm": 24.123682942321683,
  "snrd_csf": 30.526956353802493,
  "snrd_gm": 72.14331845249414,
  "snrd_total": 67.70244054543004,
  "snrd_wm": 100.43704682999349,
  "spacing_x": 1.0,
  "spacing_y": 1.0,
  "spacing_z": 1.0,
  "summary_bg_k": 3919.6876219206783,
  "summary_bg_mad": 6.522856280247083,
  "summary_bg_mean": 7.674384378122968,
  "summary_bg_median": 4.399599703028798,
  "summary_bg_n": 2740099.0,
  "summary_bg_p05": 0.0,
  "summary_bg_p95": 23.763107378035784,
  "summary_bg_stdv": 16.332561248959657,
  "summary_csf_k": 2.0838775093389312,
  "summary_csf_mad": 77.61027202904764,
  "summary_csf_mean": 312.99618682837234,
  "summary_csf_median": 303.94120822660625,
  "summary_csf_n": 38223.0,
  "summary_csf_p05": 158.00095364637676,
  "summary_csf_p95": 491.092803019099,
  "summary_csf_stdv": 98.46978301628018,
  "summary_gm_k": 0.4403442986399506,
  "summary_gm_mad": 45.89434807958278,
  "summary_gm_mean": 717.7600515605913,
  "summary_gm_median": 718.2939275633544,
  "summary_gm_n": 48538.0,
  "summary_gm_p05": 635.8264607945457,
  "summary_gm_p95": 797.7541230381466,
  "summary_gm_stdv": 48.9411728144283,
  "summary_wm_k": 0.7984663038805251,
  "summary_wm_mad": 38.35595728863854,
  "summary_wm_mean": 999.5321337471186,
  "summary_wm_median": 1000.0000330992043,
  "summary_wm_n": 155635.0,
  "summary_wm_p05": 931.0027179960161,
  "summary_wm_p95": 1066.1520980950445,
  "summary_wm_stdv": 41.45290844851099,
  "tpm_overlap_csf": 0.1363687913841104,
  "tpm_overlap_gm": 0.46809290781041735,
  "tpm_overlap_wm": 0.4587782186761091,
  "wm2max": 0.6428899949554271
}