{
  "bids_meta": {
    "AcquisitionMatrixPE": 240,
    "AcquisitionNumber": 1,
    "AcquisitionTime": "10:03:54.905000",
    "BaseResolution": 256,
    "BodyPartExamined": "BRAIN",
    "ConsistencyInfo": "N4_VE11C_LATEST_20160120",
    "ConversionSoftware": "dcm2niix",
    "ConversionSoftwareVersion": "v1.0.20181114  Clang4.0.1",
    "DeviceSerialNumber": "67007",
    "DwellTime": 8.2e-06,
    "EchoTime": 0.00298,
    "FlipAngle": 9,
    "ImageOrientationPatientDICOM": [
      0,
      1,
      0,
      0,
      0,
      -1
    ],
    "ImageType": [
      "ORIGINAL",
      "PRIMARY",
      "M",
      "ND",
      "NORM"
    ],
    "ImagingFrequency": 123.211,
    "InPlanePhaseEncodingDirectionDICOM": "ROW",
    "InstitutionAddress": "Perth_Drive_100_London_Ontario_CA_N6A_5K8",
    "InstitutionName": "Robarts_Research_Institute",
    "InstitutionalDepartmentName": "CFMM",
    "InversionTime": 0.9,
    "MRAcquisitionType": "3D",
    "MagneticFieldStrength": 3,
    "Manufacturer": "Siemens",
    "ManufacturersModelName": "Prisma_fit",
    "Modality": "MR",
    "PartialFourier": 1,
    "PatientPosition": "HFS",
    "PercentPhaseFOV": 93.75,
    "PhaseEncodingSteps": 247,
    "PhaseOversampling": 0.03,
    "PhaseResolution": 1,
    "PixelBandwidth": 240,
    "ProcedureStepDescription": "Ansari_Adaptation",
    "ProtocolName": "MPRAGE_SAG_iPAT2",
    "PulseSequenceDetails": "%SiemensSeq%_tfl",
    "ReceiveCoilActiveElements": "HEA;HEP",
    "ReceiveCoilName": "Head_32",
    "ReconMatrixPE": 256,
    "RepetitionTime": 2.3,
    "SAR": 0.0741337,
    "ScanOptions": "IR",
    "ScanningSequence": "GR_IR",
    "SequenceName": "_tfl3d1_16ns",
    "SequenceVariant": "SK_SP_MP_OSP",
    "SeriesDescription": "MPRAGE_SAG_iPAT2",
    "SeriesNumber": 12,
    "ShimSetting": [
      5241,
      -6234,
      -3909,
      486,
      19,
      -139,
      136,
      -8
    ],
    "SliceThickness": 1,
    "SoftwareVersions": "syngo_MR_E11",
    "StationName": "MRC35368",
    "TxRefAmp": 231.865,
    "dataset": "ds002116",
    "modality": "T1w",
    "session_id": "01",
    "subject_id": "13"
  },
  "cjv": 0.33551979973334384,
  "cnr": 3.9603127092484676,
  "efc": 0.550102075657446,
  "fber": 5219.136259040105,
  "fwhm_avg": 3.651526666666667,
  "fwhm_x": 3.68977,
  "fwhm_y": 3.7874,
  "fwhm_z": 3.47741,
  "icvs_csf": 0.18582879140490766,
  "icvs_gm": 0.48731244359606585,
  "icvs_wm": 0.3268587649990265,
  "inu_med": 0.5608987808227539,
  "inu_range": 0.2277710884809494,
  "provenance": {
    "md5sum": "4a852af046d0432318318bc3f8ffafca",
    "settings": {
      "testing": false
    },
    "software": "mriqc",
    "version": "22.0.6",
    "warnings": {
      "large_rot_frame": true,
      "small_air_mask": false
    },
    "webapi_port": null,
    "webapi_url": "https://mriqc.nimh.nih.gov/api/v1"
  },
  "qi_1": 0.0,
  "qi_2": 0.02175440461185737,
  "rpve_csf": 24.248973229441816,
  "rpve_gm": 10.238659183811938,
  "rpve_wm": 16.0954681715439,
  "size_x": 192,
  "size_y": 240,
  "size_z": 256,
  "snr_csf": 2.9983190412197978,
  "snr_gm": 14.786740347021844,
  "snr_total": 12.903122764124214,
  "snr_wm": 20.924308904131006,
  "snrd_csf": 25.962367226468306,
  "snrd_gm": 57.378129162805344,
  "snrd_total": 54.09674032023267,
  "snrd_wm": 78.94972457142437,
  "spacing_x": 1.0,
  "spacing_y": 1.0,
  "spacing_z": 1.0,
  "summary_bg_k": 5.760040614277564,
  "summary_bg_mad": 8.298515448494118,
  "summary_bg_mean": 5.831166875123531,
  "summary_bg_median": 5.597263611853123,
  "summary_bg_n": 3011387.0,
  "summary_bg_p05": 0.0,
  "summary_bg_p95": 22.833281718194485,
  "summary_bg_stdv": 7.765794347684205,
  "summary_csf_k": 1.8864287965011348,
  "summary_csf_mad": 91.41539240087171,
  "summary_csf_mean": 339.3753302577789,
  "summary_csf_median": 328.86144855991006,
  "summary_csf_n": 41983.0,
  "summary_csf_p05": 172.67558242566884,
  "summary_csf_p95": 534.6630585677923,
  "summary_csf_stdv": 109.68063351932783,
  "summary_gm_k": 0.2078666553282189,
  "summary_gm_mad": 48.07870061429132,
  "summary_gm_mean": 726.0920393542145,
  "summary_gm_median": 726.8002377264202,
  "summary_gm_n": 50306.0,
  "summary_gm_p05": 644.5293471775949,
  "summary_gm_p95": 805.2063510194421,
  "summary_gm_stdv": 49.15167216310363,
  "summary_wm_k": 0.8929689006248358,
  "summary_wm_mad": 43.600136721453225,
  "summary_wm_mean": 1001.6108869345558,
  "summary_wm_median": 1000.0444319844246,
  "summary_wm_n": 193510.0,
  "summary_wm_p05": 926.3027050346136,
  "summary_wm_p95": 1082.4930134415627,
  "summary_wm_stdv": 47.79330359737953,
  "tpm_overlap_csf": 0.15794011796614754,
  "tpm_overlap_gm": 0.48183472317908965,
  "tpm_overlap_wm": 0.48312938845168385,
  "wm2max": 0.4153352274823807
}