{
  "bids_meta": {
    "AcquisitionMatrixPE": 224,
    "AcquisitionNumber": 1,
    "AcquisitionTime": "19:54:10.790000",
    "BaseResolution": 256,
    "BodyPartExamined": "BRAIN",
    "ConsistencyInfo": "N4_VE11C_LATEST_20160120",
    "ConversionSoftware": "dcm2niix",
    "ConversionSoftwareVersion": "v1.0.20181114  Clang4.0.1",
    "DeviceSerialNumber": "67007",
    "DwellTime": 8.2e-06,
    "EchoTime": 0.00298,
    "FlipAngle": 9,
    "ImageOrientationPatientDICOM": [
      0,
      1,
      0,
      0,
      0,
      -1
    ],
    "ImageType": [
      "ORIGINAL",
      "PRIMARY",
      "M",
      "ND",
      "NORM"
    ],
    "ImagingFrequency": 123.211,
    "InPlanePhaseEncodingDirectionDICOM": "ROW",
    "InstitutionAddress": "Perth_Drive_100_London_Ontario_CA_N6A_5K8",
    "InstitutionName": "Robarts_Research_Institute",
    "InstitutionalDepartmentName": "CFMM",
    "InversionTime": 0.9,
    "MRAcquisitionType": "3D",
    "MagneticFieldStrength": 3,
    "Manufacturer": "Siemens",
    "ManufacturersModelName": "Prisma_fit",
    "Modality": "MR",
    "PartialFourier": 1,
    "PatientPosition": "HFS",
    "PercentPhaseFOV": 87.5,
    "PhaseEncodingSteps": 223,
    "PhaseResolution": 1,
    "PixelBandwidth": 240,
    "ProcedureStepDescription": "Ansari_Adaptation",
    "ProtocolName": "MPRAGE_SAG_iPAT2",
    "PulseSequenceDetails": "%SiemensSeq%_tfl",
    "ReceiveCoilActiveElements": "HEA;HEP",
    "ReceiveCoilName": "Head_32",
    "ReconMatrixPE": 256,
    "RepetitionTime": 2.3,
    "SAR": 0.0712816,
    "ScanOptions": "IR",
    "ScanningSequence": "GR_IR",
    "SequenceName": "_tfl3d1_16ns",
    "SequenceVariant": "SK_SP_MP",
    "SeriesDescription": "MPRAGE_SAG_iPAT2",
    "SeriesNumber": 10,
    "ShimSetting": [
      5217,
      -6149,
      -3887,
      391,
      72,
      -109,
      50,
      45
    ],
    "SliceThickness": 1,
    "SoftwareVersions": "syngo_MR_E11",
    "StationName": "MRC35368",
    "TxRefAmp": 220.5,
    "dataset": "ds002116",
    "modality": "T1w",
    "session_id": "01",
    "subject_id": "35"
  },
  "cjv": 0.2747098331311606,
  "cnr": 4.732239791385221,
  "efc": 0.5464549874728403,
  "fber": 1942.5655570247934,
  "fwhm_avg": 3.7419166666666666,
  "fwhm_x": 3.66687,
  "fwhm_y": 3.9938,
  "fwhm_z": 3.56508,
  "icvs_csf": 0.17846490244071805,
  "icvs_gm": 0.49439957319860267,
  "icvs_wm": 0.3271355243606793,
  "inu_med": 0.45800070464611053,
  "inu_range": 0.1302891850471497,
  "provenance": {
    "md5sum": "4a5fc88c4f1acd2ebb1567ca6e5f8eca",
    "settings": {
      "testing": false
    },
    "software": "mriqc",
    "version": "22.0.6",
    "warnings": {
      "large_rot_frame": true,
      "small_air_mask": false
    },
    "webapi_port": null,
    "webapi_url": "https://mriqc.nimh.nih.gov/api/v1"
  },
  "qi_1": 0.0,
  "qi_2": 0.028152352529245455,
  "rpve_csf": 29.036039239307236,
  "rpve_gm": 11.942987041511092,
  "rpve_wm": 19.453262121837085,
  "size_x": 192,
  "size_y": 224,
  "size_z": 256,
  "snr_csf": 2.9930991579310926,
  "snr_gm": 12.805569778666891,
  "snr_total": 13.709952123319269,
  "snr_wm": 25.331187433359826,
  "snrd_csf": 31.056166057659425,
  "snrd_gm": 72.34294286090918,
  "snrd_total": 69.7204221715957,
  "snrd_wm": 105.76215759621853,
  "spacing_x": 1.0,
  "spacing_y": 1.0,
  "spacing_z": 1.0,
  "summary_bg_k": 0.9049119373285861,
  "summary_bg_mad": 6.194431033310618,
  "summary_bg_mean": 5.9072335991666405,
  "summary_bg_median": 4.178080240264535,
  "summary_bg_n": 2409183.0,
  "summary_bg_p05": 0.0,
  "summary_bg_p95": 20.33701309002936,
  "summary_bg_stdv": 6.856649796792234,
  "summary_csf_k": 2.044915212395807,
  "summary_csf_mad": 80.91731929274962,
  "summary_csf_mean": 305.94805603071796,
  "summary_csf_median": 293.64156655501574,
  "summary_csf_n": 24148.0,
  "summary_csf_p05": 167.84399762554096,
  "summary_csf_p95": 490.0058039663358,
  "summary_csf_stdv": 98.10416259512597,
  "summary_gm_k": 0.262358820847044,
  "summary_gm_mad": 50.62203904043247,
  "summary_gm_mean": 685.970268113066,
  "summary_gm_median": 684.0153749641031,
  "summary_gm_n": 54396.0,
  "summary_gm_p05": 600.1217372920364,
  "summary_gm_p95": 777.2405196628533,
  "summary_gm_stdv": 53.41496703304741,
  "summary_wm_k": 0.7601252379065331,
  "summary_wm_mad": 36.182040870066,
  "summary_wm_mean": 998.5719802092455,
  "summary_wm_median": 999.9999865125865,
  "summary_wm_n": 165551.0,
  "summary_wm_p05": 930.9648196287453,
  "summary_wm_p95": 1060.2916212379932,
  "summary_wm_stdv": 39.47690841266243,
  "tpm_overlap_csf": 0.1526457843459717,
  "tpm_overlap_gm": 0.47457030401524375,
  "tpm_overlap_wm": 0.49772562300149914,
  "wm2max": 0.6017284496123686
}