{
  "bids_meta": {
    "AcquisitionMatrixPE": 216,
    "AcquisitionNumber": 1,
    "AcquisitionTime": "16:48:37.430000",
    "BaseResolution": 256,
    "BodyPartExamined": "BRAIN",
    "ConsistencyInfo": "N4_VE11C_LATEST_20160120",
    "ConversionSoftware": "dcm2niix",
    "ConversionSoftwareVersion": "v1.0.20181114  Clang4.0.1",
    "DeviceSerialNumber": "67007",
    "DwellTime": 8.2e-06,
    "EchoTime": 0.00298,
    "FlipAngle": 9,
    "ImageOrientationPatientDICOM": [
      0.0854169,
      0.996345,
      0,
      0,
      0,
      -1
    ],
    "ImageType": [
      "ORIGINAL",
      "PRIMARY",
      "M",
      "ND",
      "NORM"
    ],
    "ImagingFrequency": 123.211,
    "InPlanePhaseEncodingDirectionDICOM": "ROW",
    "InstitutionAddress": "Perth_Drive_100_London_Ontario_CA_N6A_5K8",
    "InstitutionName": "Robarts_Research_Institute",
    "InstitutionalDepartmentName": "CFMM",
    "InversionTime": 0.9,
    "MRAcquisitionType": "3D",
    "MagneticFieldStrength": 3,
    "Manufacturer": "Siemens",
    "ManufacturersModelName": "Prisma_fit",
    "Modality": "MR",
    "PartialFourier": 1,
    "PatientPosition": "HFS",
    "PercentPhaseFOV": 84.375,
    "PhaseEncodingSteps": 215,
    "PhaseResolution": 1,
    "PixelBandwidth": 240,
    "ProcedureStepDescription": "Ansari_Adaptation",
    "ProtocolName": "MPRAGE_SAG_iPAT2",
    "PulseSequenceDetails": "%SiemensSeq%_tfl",
    "ReceiveCoilActiveElements": "HEA;HEP;SP1",
    "ReceiveCoilName": "Spine_32",
    "ReconMatrixPE": 256,
    "RepetitionTime": 2.3,
    "SAR": 0.09147,
    "ScanOptions": "IR",
    "ScanningSequence": "GR_IR",
    "SequenceName": "_tfl3d1_16ns",
    "SequenceVariant": "SK_SP_MP",
    "SeriesDescription": "MPRAGE_SAG_iPAT2",
    "SeriesNumber": 10,
    "ShimSetting": [
      5233,
      -6204,
      -3914,
      445,
      -29,
      73,
      209,
      -6
    ],
    "SliceThickness": 1,
    "SoftwareVersions": "syngo_MR_E11",
    "StationName": "MRC35368",
    "TxRefAmp": 230.944,
    "dataset": "ds002116",
    "modality": "T1w",
    "session_id": "01",
    "subject_id": "54"
  },
  "cjv": 0.30144747027210567,
  "cnr": 4.374236219438063,
  "efc": 0.5218592438753729,
  "fber": 1638.3619426024857,
  "fwhm_avg": 3.48861,
  "fwhm_x": 3.4462,
  "fwhm_y": 3.68896,
  "fwhm_z": 3.33067,
  "icvs_csf": 0.12751172733254706,
  "icvs_gm": 0.565478005592546,
  "icvs_wm": 0.30701026707490686,
  "inu_med": 0.5232387781143188,
  "inu_range": 0.21010940819978718,
  "provenance": {
    "md5sum": "8369ffb62342b6ce5f7ea447e2b4209b",
    "settings": {
      "testing": false
    },
    "software": "mriqc",
    "version": "22.0.6",
    "warnings": {
      "large_rot_frame": true,
      "small_air_mask": false
    },
    "webapi_port": null,
    "webapi_url": "https://mriqc.nimh.nih.gov/api/v1"
  },
  "qi_1": 0.0,
  "qi_2": 0.017477519103831808,
  "rpve_csf": 39.88338603892918,
  "rpve_gm": 10.848639979816321,
  "rpve_wm": 19.14787218773222,
  "size_x": 192,
  "size_y": 216,
  "size_z": 256,
  "snr_csf": 2.2814698290363586,
  "snr_gm": 17.480179185602623,
  "snr_total": 13.824262781864093,
  "snr_wm": 21.711139330953298,
  "snrd_csf": 27.89350783881243,
  "snrd_gm": 64.0592810152398,
  "snrd_total": 60.15278101616705,
  "snrd_wm": 88.50555419444892,
  "spacing_x": 1.0,
  "spacing_y": 1.0,
  "spacing_z": 1.0,
  "summary_bg_k": 2.120077428493313,
  "summary_bg_mad": 7.402206727645031,
  "summary_bg_mean": 9.991457096815639,
  "summary_bg_median": 4.992712566629052,
  "summary_bg_n": 2296040.0,
  "summary_bg_p05": 0.0,
  "summary_bg_p95": 36.03436026349664,
  "summary_bg_stdv": 12.304847848451356,
  "summary_csf_k": 7.747106153025083,
  "summary_csf_mad": 96.45856965589611,
  "summary_csf_mean": 334.57703131564676,
  "summary_csf_median": 315.16110443882644,
  "summary_csf_n": 12886.0,
  "summary_csf_p05": 142.0984916673042,
  "summary_csf_p95": 581.6044980566949,
  "summary_csf_stdv": 138.13414114549545,
  "summary_gm_k": 0.0927284292859829,
  "summary_gm_mad": 40.919030978907315,
  "summary_gm_mean": 722.9095524862105,
  "summary_gm_median": 723.7882689759135,
  "summary_gm_n": 85832.0,
  "summary_gm_p05": 653.0219952054322,
  "summary_gm_p95": 789.2517238091677,
  "summary_gm_stdv": 41.40598588668535,
  "summary_wm_k": 0.7951491064134224,
  "summary_wm_mad": 42.344300597273744,
  "summary_wm_mean": 998.1199019770845,
  "summary_wm_median": 1000.0000132676214,
  "summary_wm_n": 129877.0,
  "summary_wm_p05": 919.4963994603604,
  "summary_wm_p95": 1070.2701168451458,
  "summary_wm_stdv": 46.0591288287728,
  "tpm_overlap_csf": 0.12939379685474034,
  "tpm_overlap_gm": 0.48294121780207644,
  "tpm_overlap_wm": 0.46160828134526005,
  "wm2max": 0.5236893254448054
}