{
  "aor": 0.009722441558441559,
  "aqi": 0.01922058485714286,
  "bids_meta": {
    "AcquisitionMatrixPE": 84,
    "AcquisitionNumber": 1,
    "AcquisitionTime": "19:22:53.962500",
    "BandwidthPerPixelPhaseEncode": 15.664,
    "BaseResolution": 84,
    "BodyPartExamined": "BRAIN",
    "ConsistencyInfo": "N4_VE11C_LATEST_20160120",
    "ConversionSoftware": "dcm2niix",
    "ConversionSoftwareVersion": "v1.0.20181114  Clang4.0.1",
    "DerivedVendorReportedEchoSpacing": 0.000760008,
    "DeviceSerialNumber": "67007",
    "DwellTime": 3.8e-06,
    "EchoTime": 0.03,
    "EchoTrainLength": 74,
    "EffectiveEchoSpacing": 0.000760008,
    "FlipAngle": 40,
    "ImageComments": "Unaliased_MB4_PE3",
    "ImageOrientationPatientDICOM": [
      0.998342,
      0.0229618,
      -0.0527876,
      -0.0278863,
      0.995131,
      -0.0945305
    ],
    "ImageType": [
      "ORIGINAL",
      "PRIMARY",
      "M",
      "MB",
      "ND",
      "NORM",
      "MOSAIC"
    ],
    "ImagingFrequency": 123.211,
    "InPlanePhaseEncodingDirectionDICOM": "COL",
    "InstitutionAddress": "Perth_Drive_100_London_Ontario_CA_N6A_5K8",
    "InstitutionName": "Robarts_Research_Institute",
    "InstitutionalDepartmentName": "CFMM",
    "MRAcquisitionType": "2D",
    "MagneticFieldStrength": 3,
    "Manufacturer": "Siemens",
    "ManufacturersModelName": "Prisma_fit",
    "Modality": "MR",
    "MultibandAccelerationFactor": 4,
    "PartialFourier": 0.875,
    "PatientPosition": "HFS",
    "PercentPhaseFOV": 100,
    "PhaseEncodingDirection": "j-",
    "PhaseEncodingSteps": 74,
    "PhaseResolution": 1,
    "PixelBandwidth": 1565,
    "ProcedureStepDescription": "Ansari_Adaptation",
    "ProtocolName": "ep_bold_mb4_adaptation_4",
    "PulseSequenceDetails": "%CustomerSeq%_cmrr_mbep2d_bold",
    "ReceiveCoilActiveElements": "HEA;HEP",
    "ReceiveCoilName": "Head_32",
    "ReconMatrixPE": 84,
    "RepetitionTime": 1,
    "SAR": 0.113361,
    "ScanOptions": "PFP_FS",
    "ScanningSequence": "EP",
    "SequenceName": "epfid2d1_84",
    "SequenceVariant": "SK_SS",
    "SeriesDescription": "ep_bold_mb4_adaptation_4",
    "SeriesNumber": 12,
    "ShimSetting": [
      5211,
      -6243,
      -4083,
      771,
      29,
      -8,
      72,
      -108
    ],
    "SliceThickness": 2.5,
    "SliceTiming": [
      0,
      0.4075,
      0.815,
      0.245,
      0.6525,
      0.08,
      0.49,
      0.8975,
      0.325,
      0.735,
      0.1625,
      0.57,
      0,
      0.4075,
      0.815,
      0.245,
      0.6525,
      0.08,
      0.49,
      0.8975,
      0.325,
      0.735,
      0.1625,
      0.57,
      0,
      0.4075,
      0.815,
      0.245,
      0.6525,
      0.08,
      0.49,
      0.8975,
      0.325,
      0.735,
      0.1625,
      0.57,
      0,
      0.4075,
      0.815,
      0.245,
      0.6525,
      0.08,
      0.49,
      0.8975,
      0.325,
      0.735,
      0.1625,
      0.57
    ],
    "SoftwareVersions": "syngo_MR_E11",
    "SpacingBetweenSlices": 2.5,
    "StationName": "MRC35368",
    "TaskName": "Adaptation",
    "TotalReadoutTime": 0.0630806,
    "TxRefAmp": 237.543,
    "WipMemBlock": "09b2e975-1c34-4ae4-bbbc-1d19f9dd919d||Sequence: R016 ve11c/master r/e634e98; Dec 19 2017 11:00:25 by eja",
    "dataset": "ds002116",
    "modality": "bold",
    "run_id": 4,
    "session_id": "01",
    "subject_id": "27",
    "task_id": "Adaptation"
  },
  "dummy_trs": 1,
  "dvars_nstd": 36.54163470869789,
  "dvars_std": 1.3306138518489596,
  "dvars_vstd": 1.0794738513281243,
  "efc": 0.4837688748474329,
  "fber": 6937.99169921875,
  "fd_mean": 0.2785398966958798,
  "fd_num": 140,
  "fd_perc": 36.36363636363637,
  "fwhm_avg": 2.1303441014719704,
  "fwhm_x": 1.9734183891539065,
  "fwhm_y": 2.3102099152620053,
  "fwhm_z": 2.107404,
  "gcor": 0.0331232,
  "gsr_x": -0.011254752986133099,
  "gsr_y": 0.020470930263400078,
  "provenance": {
    "md5sum": "56dd02898d7ac6829a59138e43df91eb",
    "settings": {
      "fd_thres": 0.2,
      "testing": false
    },
    "software": "mriqc",
    "version": "22.0.6",
    "webapi_port": null,
    "webapi_url": "https://mriqc.nimh.nih.gov/api/v1"
  },
  "size_t": 385,
  "size_x": 84,
  "size_y": 84,
  "size_z": 48,
  "snr": 5.762733049787272,
  "spacing_tr": 1.0,
  "spacing_x": 2.4761905670166016,
  "spacing_y": 2.4761905670166016,
  "spacing_z": 2.5,
  "summary_bg_k": 54.15690475232728,
  "summary_bg_mad": 1.4631161080094508,
  "summary_bg_mean": 6.570919036865234,
  "summary_bg_median": 2.8678510189056396,
  "summary_bg_n": 218369.0,
  "summary_bg_p05": 1.2591907978057861,
  "summary_bg_p95": 26.2410045623779,
  "summary_bg_stdv": 13.586677551269531,
  "summary_fg_k": 3.259293126658947,
  "summary_fg_mad": 38.095723713264086,
  "summary_fg_mean": 247.2875518798828,
  "summary_fg_median": 244.1283416748047,
  "summary_fg_n": 64745.0,
  "summary_fg_p05": 188.4865692138672,
  "summary_fg_p95": 315.28480224609376,
  "summary_fg_stdv": 42.36296463012695,
  "tsnr": 41.2887077331543
}