{
  "aor": 0.0007838441558441558,
  "aqi": 0.007586946155844157,
  "bids_meta": {
    "AcquisitionMatrixPE": 84,
    "AcquisitionNumber": 1,
    "AcquisitionTime": "14:41:26.985000",
    "BandwidthPerPixelPhaseEncode": 15.664,
    "BaseResolution": 84,
    "BodyPartExamined": "BRAIN",
    "ConsistencyInfo": "N4_VE11C_LATEST_20160120",
    "ConversionSoftware": "dcm2niix",
    "ConversionSoftwareVersion": "v1.0.20181114  Clang4.0.1",
    "DerivedVendorReportedEchoSpacing": 0.000760008,
    "DeviceSerialNumber": "67007",
    "DwellTime": 3.8e-06,
    "EchoTime": 0.03,
    "EchoTrainLength": 74,
    "EffectiveEchoSpacing": 0.000760008,
    "FlipAngle": 40,
    "ImageComments": "Unaliased_MB4_PE3",
    "ImageOrientationPatientDICOM": [
      1,
      0,
      0,
      0,
      0.870356,
      -0.492424
    ],
    "ImageType": [
      "ORIGINAL",
      "PRIMARY",
      "M",
      "MB",
      "ND",
      "NORM",
      "MOSAIC"
    ],
    "ImagingFrequency": 123.211,
    "InPlanePhaseEncodingDirectionDICOM": "COL",
    "InstitutionAddress": "Perth_Drive_100_London_Ontario_CA_N6A_5K8",
    "InstitutionName": "Robarts_Research_Institute",
    "InstitutionalDepartmentName": "CFMM",
    "MRAcquisitionType": "2D",
    "MagneticFieldStrength": 3,
    "Manufacturer": "Siemens",
    "ManufacturersModelName": "Prisma_fit",
    "Modality": "MR",
    "MultibandAccelerationFactor": 4,
    "PartialFourier": 0.875,
    "PatientPosition": "HFS",
    "PercentPhaseFOV": 100,
    "PhaseEncodingDirection": "j-",
    "PhaseEncodingSteps": 74,
    "PhaseResolution": 1,
    "PixelBandwidth": 1565,
    "ProcedureStepDescription": "Ansari_Adaptation",
    "ProtocolName": "ep_bold_mb4_adaptation_1",
    "PulseSequenceDetails": "%CustomerSeq%_cmrr_mbep2d_bold",
    "ReceiveCoilActiveElements": "HEA;HEP",
    "ReceiveCoilName": "Head_32",
    "ReconMatrixPE": 84,
    "RepetitionTime": 1,
    "SAR": 0.0891252,
    "ScanOptions": "PFP_FS",
    "ScanningSequence": "EP",
    "SequenceName": "epfid2d1_84",
    "SequenceVariant": "SK_SS",
    "SeriesDescription": "ep_bold_mb4_adaptation_1",
    "SeriesNumber": 2,
    "ShimSetting": [
      5243,
      -6130,
      -3958,
      656,
      -35,
      12,
      158,
      -21
    ],
    "SliceThickness": 2.5,
    "SliceTiming": [
      0,
      0.4075,
      0.815,
      0.245,
      0.6525,
      0.08,
      0.49,
      0.8975,
      0.325,
      0.735,
      0.1625,
      0.57,
      0,
      0.4075,
      0.815,
      0.245,
      0.6525,
      0.08,
      0.49,
      0.8975,
      0.325,
      0.735,
      0.1625,
      0.57,
      0,
      0.4075,
      0.815,
      0.245,
      0.6525,
      0.08,
      0.49,
      0.8975,
      0.325,
      0.735,
      0.1625,
      0.57,
      0,
      0.4075,
      0.815,
      0.245,
      0.6525,
      0.08,
      0.49,
      0.8975,
      0.325,
      0.735,
      0.1625,
      0.57
    ],
    "SoftwareVersions": "syngo_MR_E11",
    "SpacingBetweenSlices": 2.5,
    "StationName": "MRC35368",
    "TaskName": "Adaptation",
    "TotalReadoutTime": 0.0630806,
    "TxRefAmp": 246.1,
    "WipMemBlock": "6814eac1-5de9-4af5-835b-7a09b89a7b55||Sequence: R016 ve11c/master r/e634e98; Dec 19 2017 11:00:25 by eja",
    "dataset": "ds002116",
    "modality": "bold",
    "run_id": 1,
    "session_id": "01",
    "subject_id": "38",
    "task_id": "Adaptation"
  },
  "dummy_trs": 1,
  "dvars_nstd": 24.443331857656265,
  "dvars_std": 1.1241918783333331,
  "dvars_vstd": 0.9971926197135415,
  "efc": 0.544426624484783,
  "fber": 5484.9189453125,
  "fd_mean": 0.14021776091291804,
  "fd_num": 48,
  "fd_perc": 12.467532467532468,
  "fwhm_avg": 1.9797519890816033,
  "fwhm_x": 1.883744353981592,
  "fwhm_y": 2.1549876132632177,
  "fwhm_z": 1.900524,
  "gcor": 0.0186074,
  "gsr_x": -0.014027162455022335,
  "gsr_y": 0.04465249925851822,
  "provenance": {
    "md5sum": "f77ecfacddb2d13a1475a7a3edeadf03",
    "settings": {
      "fd_thres": 0.2,
      "testing": false
    },
    "software": "mriqc",
    "version": "22.0.6",
    "webapi_port": null,
    "webapi_url": "https://mriqc.nimh.nih.gov/api/v1"
  },
  "size_t": 385,
  "size_x": 84,
  "size_y": 84,
  "size_z": 48,
  "snr": 5.378424664545261,
  "spacing_tr": 1.0,
  "spacing_x": 2.4761905670166016,
  "spacing_y": 2.4761905670166016,
  "spacing_z": 2.5,
  "summary_bg_k": 13.574370050455851,
  "summary_bg_mad": 2.4302717062203065,
  "summary_bg_mean": 13.135499954223633,
  "summary_bg_median": 3.2070324420928955,
  "summary_bg_n": 204362.0,
  "summary_bg_p05": 1.1389888405799866,
  "summary_bg_p95": 60.781969642638856,
  "summary_bg_stdv": 24.12891387939453,
  "summary_fg_k": 4.023763698384272,
  "summary_fg_mad": 40.04368648071636,
  "summary_fg_mean": 251.8397674560547,
  "summary_fg_median": 246.9825897216797,
  "summary_fg_n": 74106.0,
  "summary_fg_p05": 192.24864196777344,
  "summary_fg_p95": 325.891845703125,
  "summary_fg_stdv": 45.92068099975586,
  "tsnr": 56.98636245727539
}