{
  "bids_meta": {
    "AcquisitionMatrixPE": 208,
    "AcquisitionNumber": 1,
    "AcquisitionTime": "17:06:46.247500",
    "BaseResolution": 256,
    "BodyPartExamined": "BRAIN",
    "ConsistencyInfo": "N4_VE11C_LATEST_20160120",
    "ConversionSoftware": "dcm2niix",
    "ConversionSoftwareVersion": "v1.0.20181114  Clang4.0.1",
    "DeviceSerialNumber": "67007",
    "DwellTime": 8.2e-06,
    "EchoTime": 0.00298,
    "FlipAngle": 9,
    "ImageOrientationPatientDICOM": [
      0,
      1,
      0,
      0,
      0,
      -1
    ],
    "ImageType": [
      "ORIGINAL",
      "PRIMARY",
      "M",
      "ND",
      "NORM"
    ],
    "ImagingFrequency": 123.22,
    "InPlanePhaseEncodingDirectionDICOM": "ROW",
    "InstitutionAddress": "Perth_Drive_100_London_Ontario_CA_N6A_5K8",
    "InstitutionName": "Robarts_Research_Institute",
    "InstitutionalDepartmentName": "CFMM",
    "InversionTime": 0.9,
    "MRAcquisitionType": "3D",
    "MagneticFieldStrength": 3,
    "Manufacturer": "Siemens",
    "ManufacturersModelName": "Prisma_fit",
    "Modality": "MR",
    "PartialFourier": 1,
    "PatientPosition": "HFS",
    "PercentPhaseFOV": 81.25,
    "PhaseEncodingSteps": 207,
    "PhaseResolution": 1,
    "PixelBandwidth": 240,
    "ProcedureStepDescription": "Ansari_Adaptation",
    "ProtocolName": "MPRAGE_SAG_iPAT2",
    "PulseSequenceDetails": "%SiemensSeq%_tfl",
    "ReceiveCoilActiveElements": "HEA;HEP;SP1",
    "ReceiveCoilName": "Spine_32",
    "ReconMatrixPE": 256,
    "RepetitionTime": 2.3,
    "SAR": 0.111519,
    "ScanOptions": "IR",
    "ScanningSequence": "GR_IR",
    "SequenceName": "_tfl3d1_16ns",
    "SequenceVariant": "SK_SP_MP",
    "SeriesDescription": "MPRAGE_SAG_iPAT2",
    "SeriesNumber": 6,
    "ShimSetting": [
      5183,
      -6360,
      -4003,
      116,
      163,
      157,
      -158,
      -106
    ],
    "SliceThickness": 1,
    "SoftwareVersions": "syngo_MR_E11",
    "StationName": "MRC35368",
    "TxRefAmp": 235.482,
    "dataset": "ds002116",
    "modality": "T1w",
    "session_id": "01",
    "subject_id": "62"
  },
  "cjv": 0.2950729161877465,
  "cnr": 4.4576298442061315,
  "efc": 0.5473678718388624,
  "fber": 879.7878784533558,
  "fwhm_avg": 3.53051,
  "fwhm_x": 3.53181,
  "fwhm_y": 3.68611,
  "fwhm_z": 3.37361,
  "icvs_csf": 0.19030816311670928,
  "icvs_gm": 0.5101016100270428,
  "icvs_wm": 0.2995902268562479,
  "inu_med": 0.4996746778488159,
  "inu_range": 0.15427002608776086,
  "provenance": {
    "md5sum": "f0cfe59f59f4ae39193b521a42dc0aeb",
    "settings": {
      "testing": false
    },
    "software": "mriqc",
    "version": "22.0.6",
    "warnings": {
      "large_rot_frame": true,
      "small_air_mask": false
    },
    "webapi_port": null,
    "webapi_url": "https://mriqc.nimh.nih.gov/api/v1"
  },
  "qi_1": 0.0,
  "qi_2": 0.023206709790710513,
  "rpve_csf": 26.289583861635677,
  "rpve_gm": 10.847002727430992,
  "rpve_wm": 19.097225408741636,
  "size_x": 192,
  "size_y": 208,
  "size_z": 256,
  "snr_csf": 3.840795391504581,
  "snr_gm": 15.640541762692953,
  "snr_total": 14.324601082766897,
  "snr_wm": 23.492466094103154,
  "snrd_csf": 14.309957783488622,
  "snrd_gm": 32.28466085299262,
  "snrd_total": 30.556621645752518,
  "snrd_wm": 45.075246300776314,
  "spacing_x": 1.0,
  "spacing_y": 1.0,
  "spacing_z": 1.0,
  "summary_bg_k": 0.15740376623581476,
  "summary_bg_mad": 14.534541543092143,
  "summary_bg_mean": 12.334970571083577,
  "summary_bg_median": 9.803399294614792,
  "summary_bg_n": 2493736.0,
  "summary_bg_p05": 0.0,
  "summary_bg_p95": 36.79826691746712,
  "summary_bg_stdv": 11.97141326714394,
  "summary_csf_k": 3.3591181467601388,
  "summary_csf_mad": 58.92808690840619,
  "summary_csf_mean": 332.2476360897924,
  "summary_csf_median": 317.473851069808,
  "summary_csf_n": 41255.0,
  "summary_csf_p05": 225.78720397129655,
  "summary_csf_p95": 495.5795941241084,
  "summary_csf_stdv": 82.65735895413651,
  "summary_gm_k": 0.2839341764218588,
  "summary_gm_mad": 44.18289983570401,
  "summary_gm_mean": 715.9547544817615,
  "summary_gm_median": 716.2519810721278,
  "summary_gm_n": 44800.0,
  "summary_gm_p05": 640.0625191628933,
  "summary_gm_p95": 790.8430626615882,
  "summary_gm_stdv": 45.79406506571547,
  "summary_wm_k": 0.8279800580409229,
  "summary_wm_mad": 39.54869818428333,
  "summary_wm_mean": 999.6195019617296,
  "summary_wm_median": 1000.0177671760321,
  "summary_wm_n": 133746.0,
  "summary_wm_p05": 929.9731896072626,
  "summary_wm_p95": 1067.9666905477643,
  "summary_wm_stdv": 42.567435222310515,
  "tpm_overlap_csf": 0.1653765186466069,
  "tpm_overlap_gm": 0.4745535445627754,
  "tpm_overlap_wm": 0.46869969487544816,
  "wm2max": 0.50021320446308
}