{
  "bids_meta": {
    "AcquisitionMatrixPE": 240,
    "AcquisitionNumber": 1,
    "AcquisitionTime": "15:42:18.222500",
    "BaseResolution": 256,
    "BodyPartExamined": "BRAIN",
    "ConsistencyInfo": "N4_VE11B_LATEST_20150530",
    "ConversionSoftware": "dcm2niix",
    "ConversionSoftwareVersion": "v1.0.20181114  Clang4.0.1",
    "DeviceSerialNumber": "67007",
    "DwellTime": 8.2e-06,
    "EchoTime": 0.00298,
    "FlipAngle": 9,
    "ImageOrientationPatientDICOM": [
      0.0349412,
      0.999389,
      -1.75366e-09,
      0.0487902,
      -0.00170583,
      -0.998808
    ],
    "ImageType": [
      "ORIGINAL",
      "PRIMARY",
      "M",
      "ND",
      "NORM"
    ],
    "ImagingFrequency": 123.211,
    "InPlanePhaseEncodingDirectionDICOM": "ROW",
    "InstitutionAddress": "Perth_Drive_100_London_Ontario_CA_N6A_5K8",
    "InstitutionName": "Robarts_Research_Institute",
    "InstitutionalDepartmentName": "CFMM",
    "InversionTime": 0.9,
    "MRAcquisitionType": "3D",
    "MagneticFieldStrength": 3,
    "Manufacturer": "Siemens",
    "ManufacturersModelName": "Prisma_fit",
    "Modality": "MR",
    "PartialFourier": 1,
    "PatientPosition": "HFS",
    "PercentPhaseFOV": 93.75,
    "PhaseEncodingSteps": 247,
    "PhaseOversampling": 0.03,
    "PhaseResolution": 1,
    "PixelBandwidth": 240,
    "ProcedureStepDescription": "Ansari_Adaptation",
    "ProtocolName": "MPRAGE_SAG_iPAT2",
    "PulseSequenceDetails": "%SiemensSeq%_tfl",
    "ReceiveCoilActiveElements": "HEA;HEP",
    "ReceiveCoilName": "Head_32",
    "ReconMatrixPE": 256,
    "RepetitionTime": 2.3,
    "SAR": 0.0842557,
    "ScanOptions": "IR",
    "ScanningSequence": "GR_IR",
    "SequenceName": "_tfl3d1_16ns",
    "SequenceVariant": "SK_SP_MP_OSP",
    "SeriesDescription": "MPRAGE_SAG_iPAT2",
    "SeriesNumber": 10,
    "ShimSetting": [
      5264,
      -6208,
      -3807,
      342,
      69,
      -193,
      151,
      -50
    ],
    "SliceThickness": 1,
    "SoftwareVersions": "syngo_MR_E11",
    "StationName": "MRC35368",
    "TxRefAmp": 216.486,
    "dataset": "ds002116",
    "modality": "T1w",
    "session_id": "01",
    "subject_id": "01"
  },
  "cjv": 0.3276211147667252,
  "cnr": 4.090913832324613,
  "efc": 0.507336722155969,
  "fber": 1773.5739308612601,
  "fwhm_avg": 3.6318133333333336,
  "fwhm_x": 3.64585,
  "fwhm_y": 3.80505,
  "fwhm_z": 3.44454,
  "icvs_csf": 0.18376119368285354,
  "icvs_gm": 0.4908570895797023,
  "icvs_wm": 0.32538171673744415,
  "inu_med": 0.5127102732658386,
  "inu_range": 0.18253013491630554,
  "provenance": {
    "md5sum": "c67f779c015687a95693be847d9ef18f",
    "settings": {
      "testing": false
    },
    "software": "mriqc",
    "version": "22.0.6",
    "warnings": {
      "large_rot_frame": true,
      "small_air_mask": false
    },
    "webapi_port": null,
    "webapi_url": "https://mriqc.nimh.nih.gov/api/v1"
  },
  "qi_1": 0.0,
  "qi_2": 0.026106041340093568,
  "rpve_csf": 30.964382650205415,
  "rpve_gm": 13.106878142681095,
  "rpve_wm": 21.185422972325874,
  "size_x": 192,
  "size_y": 240,
  "size_z": 256,
  "snr_csf": 3.055275107331057,
  "snr_gm": 14.802628294965812,
  "snr_total": 13.419132423559931,
  "snr_wm": 22.399493868382926,
  "snrd_csf": 23.611593963950565,
  "snrd_gm": 51.061741147130526,
  "snrd_total": 48.3392252227182,
  "snrd_wm": 70.3443405570735,
  "spacing_x": 1.0,
  "spacing_y": 1.0,
  "spacing_z": 1.0,
  "summary_bg_k": 1.5080089793783245,
  "summary_bg_mad": 9.313599587118574,
  "summary_bg_mean": 10.097648921271773,
  "summary_bg_median": 6.2819274589419365,
  "summary_bg_n": 3509897.0,
  "summary_bg_p05": 0.0,
  "summary_bg_p95": 27.71641620621085,
  "summary_bg_stdv": 9.601736415186682,
  "summary_csf_k": 0.9247916024077814,
  "summary_csf_mad": 94.92707271486239,
  "summary_csf_mean": 351.0260375794318,
  "summary_csf_median": 335.6689260341227,
  "summary_csf_n": 17785.0,
  "summary_csf_p05": 192.09581912085415,
  "summary_csf_p95": 553.2859383590519,
  "summary_csf_stdv": 109.86227991097694,
  "summary_gm_k": 0.22471902856333736,
  "summary_gm_mad": 47.33560229716858,
  "summary_gm_mean": 725.4835587964714,
  "summary_gm_median": 725.9077823571861,
  "summary_gm_n": 37828.0,
  "summary_gm_p05": 643.7249841168523,
  "summary_gm_p95": 805.4328420571983,
  "summary_gm_stdv": 49.03846620894645,
  "summary_wm_k": 0.427316909842971,
  "summary_wm_mad": 42.4741080071891,
  "summary_wm_mean": 1000.1824145864783,
  "summary_wm_median": 1000.0345289446414,
  "summary_wm_n": 149134.0,
  "summary_wm_p05": 927.1710736379027,
  "summary_wm_p95": 1073.5883059501648,
  "summary_wm_stdv": 44.64525770134837,
  "tpm_overlap_csf": 0.1542543018896011,
  "tpm_overlap_gm": 0.4741975256022641,
  "tpm_overlap_wm": 0.49373315319292355,
  "wm2max": 0.4961809836963968
}