{
  "aor": 0.007415958549222798,
  "aqi": 0.00956839549222798,
  "bids_meta": {
    "AcquisitionMatrixPE": 84,
    "AcquisitionNumber": 1,
    "AcquisitionTime": "18:03:53.602500",
    "BandwidthPerPixelPhaseEncode": 15.664,
    "BaseResolution": 84,
    "BodyPartExamined": "BRAIN",
    "ConsistencyInfo": "N4_VE11C_LATEST_20160120",
    "ConversionSoftware": "dcm2niix",
    "ConversionSoftwareVersion": "v1.0.20181114  Clang4.0.1",
    "DerivedVendorReportedEchoSpacing": 0.000760008,
    "DeviceSerialNumber": "67007",
    "DwellTime": 3.8e-06,
    "EchoTime": 0.03,
    "EchoTrainLength": 74,
    "EffectiveEchoSpacing": 0.000760008,
    "FlipAngle": 40,
    "ImageComments": "Unaliased_MB4_PE3",
    "ImageOrientationPatientDICOM": [
      1,
      0,
      0,
      0,
      0.926529,
      -0.376224
    ],
    "ImageType": [
      "ORIGINAL",
      "PRIMARY",
      "M",
      "MB",
      "ND",
      "NORM",
      "MOSAIC"
    ],
    "ImagingFrequency": 123.211,
    "InPlanePhaseEncodingDirectionDICOM": "COL",
    "InstitutionAddress": "Perth_Drive_100_London_Ontario_CA_N6A_5K8",
    "InstitutionName": "Robarts_Research_Institute",
    "InstitutionalDepartmentName": "CFMM",
    "MRAcquisitionType": "2D",
    "MagneticFieldStrength": 3,
    "Manufacturer": "Siemens",
    "ManufacturersModelName": "Prisma_fit",
    "Modality": "MR",
    "MultibandAccelerationFactor": 4,
    "PartialFourier": 0.875,
    "PatientPosition": "HFS",
    "PercentPhaseFOV": 100,
    "PhaseEncodingDirection": "j-",
    "PhaseEncodingSteps": 74,
    "PhaseResolution": 1,
    "PixelBandwidth": 1565,
    "ProcedureStepDescription": "Ansari_Adaptation",
    "ProtocolName": "ep_bold_mb4_adaptation_4",
    "PulseSequenceDetails": "%CustomerSeq%_cmrr_mbep2d_bold",
    "ReceiveCoilActiveElements": "HEA;HEP",
    "ReceiveCoilName": "Head_32",
    "ReconMatrixPE": 84,
    "RepetitionTime": 1,
    "SAR": 0.0978933,
    "ScanOptions": "PFP_FS",
    "ScanningSequence": "EP",
    "SequenceName": "epfid2d1_84",
    "SequenceVariant": "SK_SS",
    "SeriesDescription": "ep_bold_mb4_adaptation_4",
    "SeriesNumber": 8,
    "ShimSetting": [
      5236,
      -6221,
      -3874,
      413,
      162,
      210,
      85,
      28
    ],
    "SliceThickness": 2.5,
    "SliceTiming": [
      0,
      0.4075,
      0.8175,
      0.245,
      0.6525,
      0.0825,
      0.49,
      0.8975,
      0.3275,
      0.735,
      0.1625,
      0.5725,
      0,
      0.4075,
      0.8175,
      0.245,
      0.6525,
      0.0825,
      0.49,
      0.8975,
      0.3275,
      0.735,
      0.1625,
      0.5725,
      0,
      0.4075,
      0.8175,
      0.245,
      0.6525,
      0.0825,
      0.49,
      0.8975,
      0.3275,
      0.735,
      0.1625,
      0.5725,
      0,
      0.4075,
      0.8175,
      0.245,
      0.6525,
      0.0825,
      0.49,
      0.8975,
      0.3275,
      0.735,
      0.1625,
      0.5725
    ],
    "SoftwareVersions": "syngo_MR_E11",
    "SpacingBetweenSlices": 2.5,
    "StationName": "MRC35368",
    "TaskName": "Adaptation",
    "TotalReadoutTime": 0.0630806,
    "TxRefAmp": 225.806,
    "WipMemBlock": "c7941dac-9753-4447-a96f-02e1d5de4a12||Sequence: R016 ve11c/master r/e634e98; Dec 19 2017 11:00:25 by eja",
    "dataset": "ds002116",
    "modality": "bold",
    "run_id": 4,
    "session_id": "01",
    "subject_id": "37",
    "task_id": "Adaptation"
  },
  "dummy_trs": 0,
  "dvars_nstd": 34.360826274519475,
  "dvars_std": 1.4673316244675332,
  "dvars_vstd": 1.1075641425974028,
  "efc": 0.535574342530982,
  "fber": 6777.41064453125,
  "fd_mean": 0.22247458019943947,
  "fd_num": 192,
  "fd_perc": 49.740932642487046,
  "fwhm_avg": 2.1399052297703216,
  "fwhm_x": 2.0406345405345867,
  "fwhm_y": 2.2353691487763787,
  "fwhm_z": 2.143712,
  "gcor": 0.01633,
  "gsr_x": -0.006303036119788885,
  "gsr_y": 0.029365086928009987,
  "provenance": {
    "md5sum": "6e685f9a31b89fd912ec39a28fdd676d",
    "settings": {
      "fd_thres": 0.2,
      "testing": false
    },
    "software": "mriqc",
    "version": "22.0.6",
    "webapi_port": null,
    "webapi_url": "https://mriqc.nimh.nih.gov/api/v1"
  },
  "size_t": 386,
  "size_x": 84,
  "size_y": 84,
  "size_z": 48,
  "snr": 5.335980489213624,
  "spacing_tr": 1.0,
  "spacing_x": 2.4761905670166016,
  "spacing_y": 2.4761905670166016,
  "spacing_z": 2.5,
  "summary_bg_k": 53.636743528661604,
  "summary_bg_mad": 1.9297384035102545,
  "summary_bg_mean": 7.875988006591797,
  "summary_bg_median": 3.1040639877319336,
  "summary_bg_n": 197780.0,
  "summary_bg_p05": 1.0942865908145905,
  "summary_bg_p95": 30.1199701309204,
  "summary_bg_stdv": 16.83002281188965,
  "summary_fg_k": 2.937019187974583,
  "summary_fg_mad": 46.67984486813004,
  "summary_fg_mean": 266.38916015625,
  "summary_fg_median": 262.16455078125,
  "summary_fg_n": 82185.0,
  "summary_fg_p05": 199.78641357421876,
  "summary_fg_p95": 347.33753662109376,
  "summary_fg_stdv": 49.131168365478516,
  "tsnr": 54.24668502807617
}