{
  "aor": 0.001761848958333333,
  "aqi": 0.007932046927083334,
  "bids_meta": {
    "AcquisitionMatrixPE": 84,
    "AcquisitionNumber": 1,
    "AcquisitionTime": "17:16:18.060000",
    "BandwidthPerPixelPhaseEncode": 15.664,
    "BaseResolution": 84,
    "BodyPartExamined": "BRAIN",
    "ConsistencyInfo": "N4_VE11C_LATEST_20160120",
    "ConversionSoftware": "dcm2niix",
    "ConversionSoftwareVersion": "v1.0.20181114  Clang4.0.1",
    "DerivedVendorReportedEchoSpacing": 0.000760008,
    "DeviceSerialNumber": "67007",
    "DwellTime": 3.8e-06,
    "EchoTime": 0.03,
    "EchoTrainLength": 74,
    "EffectiveEchoSpacing": 0.000760008,
    "FlipAngle": 40,
    "ImageComments": "Unaliased_MB4_PE3",
    "ImageOrientationPatientDICOM": [
      0.998485,
      -0.0205553,
      -0.0510432,
      -5.8059e-08,
      0.927609,
      -0.373554
    ],
    "ImageType": [
      "ORIGINAL",
      "PRIMARY",
      "M",
      "MB",
      "ND",
      "NORM",
      "MOSAIC"
    ],
    "ImagingFrequency": 123.22,
    "InPlanePhaseEncodingDirectionDICOM": "COL",
    "InstitutionAddress": "Perth_Drive_100_London_Ontario_CA_N6A_5K8",
    "InstitutionName": "Robarts_Research_Institute",
    "InstitutionalDepartmentName": "CFMM",
    "MRAcquisitionType": "2D",
    "MagneticFieldStrength": 3,
    "Manufacturer": "Siemens",
    "ManufacturersModelName": "Prisma_fit",
    "Modality": "MR",
    "MultibandAccelerationFactor": 4,
    "PartialFourier": 0.875,
    "PatientPosition": "HFS",
    "PercentPhaseFOV": 100,
    "PhaseEncodingDirection": "j-",
    "PhaseEncodingSteps": 74,
    "PhaseResolution": 1,
    "PixelBandwidth": 1565,
    "ProcedureStepDescription": "Ansari_Adaptation",
    "ProtocolName": "ep_bold_mb4_adaptation_2",
    "PulseSequenceDetails": "%CustomerSeq%_cmrr_mbep2d_bold",
    "ReceiveCoilActiveElements": "HEA;HEP",
    "ReceiveCoilName": "Head_32",
    "ReconMatrixPE": 84,
    "RepetitionTime": 1,
    "SAR": 0.103876,
    "ScanOptions": "PFP_FS",
    "ScanningSequence": "EP",
    "SequenceName": "epfid2d1_84",
    "SequenceVariant": "SK_SS",
    "SeriesDescription": "ep_bold_mb4_adaptation_2",
    "SeriesNumber": 5,
    "ShimSetting": [
      5198,
      -6401,
      -4032,
      138,
      136,
      825,
      -118,
      -148
    ],
    "SliceThickness": 2.5,
    "SliceTiming": [
      0,
      0.4075,
      0.815,
      0.245,
      0.6525,
      0.08,
      0.49,
      0.8975,
      0.325,
      0.735,
      0.1625,
      0.57,
      0,
      0.4075,
      0.815,
      0.245,
      0.6525,
      0.08,
      0.49,
      0.8975,
      0.325,
      0.735,
      0.1625,
      0.57,
      0,
      0.4075,
      0.815,
      0.245,
      0.6525,
      0.08,
      0.49,
      0.8975,
      0.325,
      0.735,
      0.1625,
      0.57,
      0,
      0.4075,
      0.815,
      0.245,
      0.6525,
      0.08,
      0.49,
      0.8975,
      0.325,
      0.735,
      0.1625,
      0.57
    ],
    "SoftwareVersions": "syngo_MR_E11",
    "SpacingBetweenSlices": 2.5,
    "StationName": "MRC35368",
    "TaskName": "Adaptation",
    "TotalReadoutTime": 0.0630806,
    "TxRefAmp": 235.823,
    "WipMemBlock": "241be670-1900-48ab-9060-b2a8ce5d9d58||Sequence: R016 ve11c/master r/e634e98; Dec 19 2017 11:00:25 by eja",
    "dataset": "ds002116",
    "modality": "bold",
    "run_id": 2,
    "session_id": "01",
    "subject_id": "63",
    "task_id": "Adaptation"
  },
  "dummy_trs": 2,
  "dvars_nstd": 30.337867373080982,
  "dvars_std": 1.3033798046736302,
  "dvars_vstd": 1.0204759920626634,
  "efc": 0.5457829510524934,
  "fber": 5849.07177734375,
  "fd_mean": 0.16685183452777158,
  "fd_num": 129,
  "fd_perc": 33.59375,
  "fwhm_avg": 2.0948996278286116,
  "fwhm_x": 2.005718003353779,
  "fwhm_y": 2.2193808801320563,
  "fwhm_z": 2.0596,
  "gcor": 0.0267236,
  "gsr_x": -0.014130394905805588,
  "gsr_y": 0.029613865539431572,
  "provenance": {
    "md5sum": "dd93e68169e0423844ef6c647cb4e354",
    "settings": {
      "fd_thres": 0.2,
      "testing": false
    },
    "software": "mriqc",
    "version": "22.0.6",
    "webapi_port": null,
    "webapi_url": "https://mriqc.nimh.nih.gov/api/v1"
  },
  "size_t": 384,
  "size_x": 84,
  "size_y": 84,
  "size_z": 48,
  "snr": 5.397558617877747,
  "spacing_tr": 1.0,
  "spacing_x": 2.4761905670166016,
  "spacing_y": 2.4761905670166016,
  "spacing_z": 2.5,
  "summary_bg_k": 45.404058698039435,
  "summary_bg_mad": 2.0794707278119455,
  "summary_bg_mean": 8.425895690917969,
  "summary_bg_median": 3.267451763153076,
  "summary_bg_n": 193903.0,
  "summary_bg_p05": 1.2512732028961182,
  "summary_bg_p95": 31.762148666381822,
  "summary_bg_stdv": 17.951570510864258,
  "summary_fg_k": 3.354942052368078,
  "summary_fg_mad": 42.846991461295445,
  "summary_fg_mean": 264.9159851074219,
  "summary_fg_median": 260.04461669921875,
  "summary_fg_n": 84169.0,
  "summary_fg_p05": 201.59983825683594,
  "summary_fg_p95": 344.06412353515617,
  "summary_fg_stdv": 48.17790603637695,
  "tsnr": 60.77268600463867
}