{
  "aor": 0.006484,
  "aqi": 0.011335063350649351,
  "bids_meta": {
    "AcquisitionMatrixPE": 84,
    "AcquisitionNumber": 1,
    "AcquisitionTime": "17:31:38.150000",
    "BandwidthPerPixelPhaseEncode": 15.664,
    "BaseResolution": 84,
    "BodyPartExamined": "BRAIN",
    "ConsistencyInfo": "N4_VE11C_LATEST_20160120",
    "ConversionSoftware": "dcm2niix",
    "ConversionSoftwareVersion": "v1.0.20181114  Clang4.0.1",
    "DerivedVendorReportedEchoSpacing": 0.000760008,
    "DeviceSerialNumber": "67007",
    "DwellTime": 3.8e-06,
    "EchoTime": 0.03,
    "EchoTrainLength": 74,
    "EffectiveEchoSpacing": 0.000760008,
    "FlipAngle": 40,
    "ImageComments": "Unaliased_MB4_PE3",
    "ImageOrientationPatientDICOM": [
      0.998711,
      0.00919169,
      0.0499157,
      4.36541e-08,
      0.983465,
      -0.1811
    ],
    "ImageType": [
      "ORIGINAL",
      "PRIMARY",
      "M",
      "MB",
      "ND",
      "NORM",
      "MOSAIC"
    ],
    "ImagingFrequency": 123.211,
    "InPlanePhaseEncodingDirectionDICOM": "COL",
    "InstitutionAddress": "Perth_Drive_100_London_Ontario_CA_N6A_5K8",
    "InstitutionName": "Robarts_Research_Institute",
    "InstitutionalDepartmentName": "CFMM",
    "MRAcquisitionType": "2D",
    "MagneticFieldStrength": 3,
    "Manufacturer": "Siemens",
    "ManufacturersModelName": "Prisma_fit",
    "Modality": "MR",
    "MultibandAccelerationFactor": 4,
    "PartialFourier": 0.875,
    "PatientPosition": "HFS",
    "PercentPhaseFOV": 100,
    "PhaseEncodingDirection": "j-",
    "PhaseEncodingSteps": 74,
    "PhaseResolution": 1,
    "PixelBandwidth": 1565,
    "ProcedureStepDescription": "Ansari_Adaptation",
    "ProtocolName": "ep_bold_mb4_adaptation_2",
    "PulseSequenceDetails": "%CustomerSeq%_cmrr_mbep2d_bold",
    "ReceiveCoilActiveElements": "HEA;HEP",
    "ReceiveCoilName": "Head_32",
    "ReconMatrixPE": 84,
    "RepetitionTime": 1,
    "SAR": 0.105384,
    "ScanOptions": "PFP_FS",
    "ScanningSequence": "EP",
    "SequenceName": "epfid2d1_84",
    "SequenceVariant": "SK_SS",
    "SeriesDescription": "ep_bold_mb4_adaptation_2",
    "SeriesNumber": 4,
    "ShimSetting": [
      5244,
      -6214,
      -3964,
      736,
      6,
      136,
      170,
      39
    ],
    "SliceThickness": 2.5,
    "SliceTiming": [
      0,
      0.4075,
      0.8175,
      0.245,
      0.6525,
      0.0825,
      0.49,
      0.8975,
      0.3275,
      0.735,
      0.165,
      0.5725,
      0,
      0.4075,
      0.8175,
      0.245,
      0.6525,
      0.0825,
      0.49,
      0.8975,
      0.3275,
      0.735,
      0.165,
      0.5725,
      0,
      0.4075,
      0.8175,
      0.245,
      0.6525,
      0.0825,
      0.49,
      0.8975,
      0.3275,
      0.735,
      0.165,
      0.5725,
      0,
      0.4075,
      0.8175,
      0.245,
      0.6525,
      0.0825,
      0.49,
      0.8975,
      0.3275,
      0.735,
      0.165,
      0.5725
    ],
    "SoftwareVersions": "syngo_MR_E11",
    "SpacingBetweenSlices": 2.5,
    "StationName": "MRC35368",
    "TaskName": "Adaptation",
    "TotalReadoutTime": 0.0630806,
    "TxRefAmp": 219.709,
    "WipMemBlock": "1361aec2-2489-4398-aa75-bbae93e6020e||Sequence: R016 ve11c/master r/e634e98; Dec 19 2017 11:00:25 by eja",
    "dataset": "ds002116",
    "modality": "bold",
    "run_id": 2,
    "session_id": "01",
    "subject_id": "42",
    "task_id": "Adaptation"
  },
  "dummy_trs": 1,
  "dvars_nstd": 38.70029189190105,
  "dvars_std": 1.4518803231770845,
  "dvars_vstd": 1.072112668619791,
  "efc": 0.5032114555913323,
  "fber": 7763.46826171875,
  "fd_mean": 0.2772005760381358,
  "fd_num": 232,
  "fd_perc": 60.25974025974026,
  "fwhm_avg": 2.014835047363019,
  "fwhm_x": 1.860014354852003,
  "fwhm_y": 2.205762975943243,
  "fwhm_z": 1.9787278112938107,
  "gcor": 0.0186578,
  "gsr_x": -0.018963318318128586,
  "gsr_y": 0.029326491057872772,
  "provenance": {
    "md5sum": "5ee6e125cb79cd86d264729045af124b",
    "settings": {
      "fd_thres": 0.2,
      "testing": false
    },
    "software": "mriqc",
    "version": "22.0.6",
    "webapi_port": null,
    "webapi_url": "https://mriqc.nimh.nih.gov/api/v1"
  },
  "size_t": 385,
  "size_x": 84,
  "size_y": 84,
  "size_z": 48,
  "snr": 5.723879603740064,
  "spacing_tr": 1.0,
  "spacing_x": 2.4761905670166016,
  "spacing_y": 2.4761908054351807,
  "spacing_z": 2.500000238418579,
  "summary_bg_k": 60.421255335218675,
  "summary_bg_mad": 1.5941627770809432,
  "summary_bg_mean": 7.19392204284668,
  "summary_bg_median": 2.8762946128845215,
  "summary_bg_n": 209982.0,
  "summary_bg_p05": 1.1966780185699466,
  "summary_bg_p95": 25.83322553634643,
  "summary_bg_stdv": 16.355670928955078,
  "summary_fg_k": 4.381967631137687,
  "summary_fg_mad": 41.372759647160684,
  "summary_fg_mean": 265.02130126953125,
  "summary_fg_median": 260.5574035644531,
  "summary_fg_n": 70885.0,
  "summary_fg_p05": 204.61168518066407,
  "summary_fg_p95": 339.22557373046874,
  "summary_fg_stdv": 45.52079772949219,
  "tsnr": 52.854671478271484
}