{
  "aor": 0.0009130829015544041,
  "aqi": 0.016980680518134717,
  "bids_meta": {
    "AcquisitionMatrixPE": 84,
    "AcquisitionNumber": 1,
    "AcquisitionTime": "14:10:58.487500",
    "BandwidthPerPixelPhaseEncode": 15.664,
    "BaseResolution": 84,
    "BodyPartExamined": "BRAIN",
    "ConsistencyInfo": "N4_VE11C_LATEST_20160120",
    "ConversionSoftware": "dcm2niix",
    "ConversionSoftwareVersion": "v1.0.20181114  Clang4.0.1",
    "DerivedVendorReportedEchoSpacing": 0.000760008,
    "DeviceSerialNumber": "67007",
    "DwellTime": 3.8e-06,
    "EchoTime": 0.03,
    "EchoTrainLength": 74,
    "EffectiveEchoSpacing": 0.000760008,
    "FlipAngle": 40,
    "ImageComments": "Unaliased_MB4_PE3",
    "ImageOrientationPatientDICOM": [
      1,
      0,
      0,
      0,
      0.875464,
      -0.483282
    ],
    "ImageType": [
      "ORIGINAL",
      "PRIMARY",
      "M",
      "MB",
      "ND",
      "NORM",
      "MOSAIC"
    ],
    "ImagingFrequency": 123.211,
    "InPlanePhaseEncodingDirectionDICOM": "COL",
    "InstitutionAddress": "Perth_Drive_100_London_Ontario_CA_N6A_5K8",
    "InstitutionName": "Robarts_Research_Institute",
    "InstitutionalDepartmentName": "CFMM",
    "MRAcquisitionType": "2D",
    "MagneticFieldStrength": 3,
    "Manufacturer": "Siemens",
    "ManufacturersModelName": "Prisma_fit",
    "Modality": "MR",
    "MultibandAccelerationFactor": 4,
    "PartialFourier": 0.875,
    "PatientPosition": "HFS",
    "PercentPhaseFOV": 100,
    "PhaseEncodingDirection": "j-",
    "PhaseEncodingSteps": 74,
    "PhaseResolution": 1,
    "PixelBandwidth": 1565,
    "ProcedureStepDescription": "Ansari_Adaptation",
    "ProtocolName": "ep_bold_mb4_adaptation_1",
    "PulseSequenceDetails": "%CustomerSeq%_cmrr_mbep2d_bold",
    "ReceiveCoilActiveElements": "HEA;HEP",
    "ReceiveCoilName": "Head_32",
    "ReconMatrixPE": 84,
    "RepetitionTime": 1,
    "SAR": 0.0856787,
    "ScanOptions": "PFP_FS",
    "ScanningSequence": "EP",
    "SequenceName": "epfid2d1_84",
    "SequenceVariant": "SK_SS",
    "SeriesDescription": "ep_bold_mb4_adaptation_1",
    "SeriesNumber": 2,
    "ShimSetting": [
      5234,
      -6190,
      -3934,
      620,
      78,
      177,
      10,
      44
    ],
    "SliceThickness": 2.5,
    "SliceTiming": [
      0,
      0.4075,
      0.815,
      0.245,
      0.6525,
      0.08,
      0.49,
      0.8975,
      0.325,
      0.735,
      0.1625,
      0.57,
      0,
      0.4075,
      0.815,
      0.245,
      0.6525,
      0.08,
      0.49,
      0.8975,
      0.325,
      0.735,
      0.1625,
      0.57,
      0,
      0.4075,
      0.815,
      0.245,
      0.6525,
      0.08,
      0.49,
      0.8975,
      0.325,
      0.735,
      0.1625,
      0.57,
      0,
      0.4075,
      0.815,
      0.245,
      0.6525,
      0.08,
      0.49,
      0.8975,
      0.325,
      0.735,
      0.1625,
      0.57
    ],
    "SoftwareVersions": "syngo_MR_E11",
    "SpacingBetweenSlices": 2.5,
    "StationName": "MRC35368",
    "TaskName": "Adaptation",
    "TotalReadoutTime": 0.0630806,
    "TxRefAmp": 219.98,
    "WipMemBlock": "4080e14b-89fe-4b76-b750-fc409bd46ab4||Sequence: R016 ve11c/master r/e634e98; Dec 19 2017 11:00:25 by eja",
    "dataset": "ds002116",
    "modality": "bold",
    "run_id": 1,
    "session_id": "01",
    "subject_id": "51",
    "task_id": "Adaptation"
  },
  "dummy_trs": 0,
  "dvars_nstd": 32.531562062025955,
  "dvars_std": 1.1781568153246758,
  "dvars_vstd": 1.0736481095064938,
  "efc": 0.4985086427084793,
  "fber": 6970.3974609375,
  "fd_mean": 0.28161154756432033,
  "fd_num": 236,
  "fd_perc": 61.13989637305699,
  "fwhm_avg": 2.0545062123372144,
  "fwhm_x": 1.9336153136907976,
  "fwhm_y": 2.1965593233208454,
  "fwhm_z": 2.033344,
  "gcor": 0.027872,
  "gsr_x": -0.01748255081474781,
  "gsr_y": 0.022723138332366943,
  "provenance": {
    "md5sum": "cce636511e5d9af87a77f4e17ffb6d4b",
    "settings": {
      "fd_thres": 0.2,
      "testing": false
    },
    "software": "mriqc",
    "version": "22.0.6",
    "webapi_port": null,
    "webapi_url": "https://mriqc.nimh.nih.gov/api/v1"
  },
  "size_t": 386,
  "size_x": 84,
  "size_y": 84,
  "size_z": 48,
  "snr": 5.703382088212852,
  "spacing_tr": 1.0,
  "spacing_x": 2.4761905670166016,
  "spacing_y": 2.4761908054351807,
  "spacing_z": 2.5,
  "summary_bg_k": 53.68917969324694,
  "summary_bg_mad": 1.6659398782606432,
  "summary_bg_mean": 6.582395553588867,
  "summary_bg_median": 2.9920926094055176,
  "summary_bg_n": 211638.0,
  "summary_bg_p05": 1.2853042483329773,
  "summary_bg_p95": 23.327482986450196,
  "summary_bg_stdv": 13.276765823364258,
  "summary_fg_k": 2.710520568125391,
  "summary_fg_mad": 42.29173955622035,
  "summary_fg_mean": 257.1932373046875,
  "summary_fg_median": 254.4241943359375,
  "summary_fg_n": 69884.0,
  "summary_fg_p05": 195.1412780761719,
  "summary_fg_p95": 329.4575393676757,
  "summary_fg_stdv": 44.60903549194336,
  "tsnr": 42.3539924621582
}