{
  "bids_meta": {
    "AcquisitionMatrixPE": 248,
    "AcquisitionNumber": 1,
    "AcquisitionTime": "13:10:52.012500",
    "BaseResolution": 256,
    "BodyPartExamined": "BRAIN",
    "ConsistencyInfo": "N4_VE11C_LATEST_20160120",
    "ConversionSoftware": "dcm2niix",
    "ConversionSoftwareVersion": "v1.0.20181114  Clang4.0.1",
    "DeviceSerialNumber": "67007",
    "DwellTime": 8.2e-06,
    "EchoTime": 0.00298,
    "FlipAngle": 9,
    "ImageOrientationPatientDICOM": [
      0.0139622,
      0.999903,
      0,
      0,
      0,
      -1
    ],
    "ImageType": [
      "ORIGINAL",
      "PRIMARY",
      "M",
      "ND",
      "NORM"
    ],
    "ImagingFrequency": 123.211,
    "InPlanePhaseEncodingDirectionDICOM": "ROW",
    "InstitutionAddress": "Perth_Drive_100_London_Ontario_CA_N6A_5K8",
    "InstitutionName": "Robarts_Research_Institute",
    "InstitutionalDepartmentName": "CFMM",
    "InversionTime": 0.9,
    "MRAcquisitionType": "3D",
    "MagneticFieldStrength": 3,
    "Manufacturer": "Siemens",
    "ManufacturersModelName": "Prisma_fit",
    "Modality": "MR",
    "PartialFourier": 1,
    "PatientPosition": "HFS",
    "PercentPhaseFOV": 96.875,
    "PhaseEncodingSteps": 247,
    "PhaseResolution": 1,
    "PixelBandwidth": 240,
    "ProcedureStepDescription": "Ansari_Adaptation",
    "ProtocolName": "MPRAGE_SAG_iPAT2",
    "PulseSequenceDetails": "%SiemensSeq%_tfl",
    "ReceiveCoilActiveElements": "HEA;HEP;SP1",
    "ReceiveCoilName": "Spine_32",
    "ReconMatrixPE": 256,
    "RepetitionTime": 2.3,
    "SAR": 0.0574714,
    "ScanOptions": "IR",
    "ScanningSequence": "GR_IR",
    "SequenceName": "_tfl3d1_16ns",
    "SequenceVariant": "SK_SP_MP",
    "SeriesDescription": "MPRAGE_SAG_iPAT2",
    "SeriesNumber": 10,
    "ShimSetting": [
      5245,
      -6173,
      -3926,
      378,
      -1,
      -5,
      22,
      -24
    ],
    "SliceThickness": 1,
    "SoftwareVersions": "syngo_MR_E11",
    "StationName": "MRC35368",
    "TxRefAmp": 248.095,
    "dataset": "ds002116",
    "modality": "T1w",
    "session_id": "01",
    "subject_id": "26"
  },
  "cjv": 0.3153559555370396,
  "cnr": 4.176854848310525,
  "efc": 0.5667540165872416,
  "fber": 4109.131236346843,
  "fwhm_avg": 3.868373333333333,
  "fwhm_x": 3.89747,
  "fwhm_y": 4.04826,
  "fwhm_z": 3.65939,
  "icvs_csf": 0.19321736947848245,
  "icvs_gm": 0.4766536482465426,
  "icvs_wm": 0.33012898227497495,
  "inu_med": 0.44083963334560394,
  "inu_range": 0.12654983103275297,
  "provenance": {
    "md5sum": "e991e599b43436a692233bbfed8eecdc",
    "settings": {
      "testing": false
    },
    "software": "mriqc",
    "version": "22.0.6",
    "warnings": {
      "large_rot_frame": true,
      "small_air_mask": false
    },
    "webapi_port": null,
    "webapi_url": "https://mriqc.nimh.nih.gov/api/v1"
  },
  "qi_1": 0.0,
  "qi_2": 0.015233300730305715,
  "rpve_csf": 24.200643845477085,
  "rpve_gm": 10.810781851093461,
  "rpve_wm": 17.118091013756445,
  "size_x": 192,
  "size_y": 248,
  "size_z": 256,
  "snr_csf": 2.5682366507445313,
  "snr_gm": 13.063713994788912,
  "snr_total": 13.424719136257911,
  "snr_wm": 24.64220676324029,
  "snrd_csf": 33.404101299396345,
  "snrd_gm": 81.58610541744727,
  "snrd_total": 76.47368937798842,
  "snrd_wm": 114.43086141712165,
  "spacing_x": 1.0,
  "spacing_y": 1.0,
  "spacing_z": 1.0,
  "summary_bg_k": 5.856955950395106,
  "summary_bg_mad": 5.725172255399266,
  "summary_bg_mean": 7.756362264996021,
  "summary_bg_median": 3.861570004373789,
  "summary_bg_n": 2803161.0,
  "summary_bg_p05": 0.0,
  "summary_bg_p95": 28.61961060203612,
  "summary_bg_stdv": 9.843169645405625,
  "summary_csf_k": 1.7241224872354426,
  "summary_csf_mad": 93.01593151651846,
  "summary_csf_mean": 309.23299500721754,
  "summary_csf_median": 291.91514007747173,
  "summary_csf_n": 33984.0,
  "summary_csf_p05": 143.12982542160898,
  "summary_csf_p95": 523.0472130607814,
  "summary_csf_stdv": 113.66197311700982,
  "summary_gm_k": 0.14948517072297873,
  "summary_gm_mad": 53.5557252751906,
  "summary_gm_mean": 712.3824167305322,
  "summary_gm_median": 712.972912453115,
  "summary_gm_n": 53813.0,
  "summary_gm_p05": 620.6031803358346,
  "summary_gm_p95": 800.6892083119601,
  "summary_gm_stdv": 54.57607906642447,
  "summary_wm_k": 1.2556533130759329,
  "summary_wm_mad": 36.95997278802058,
  "summary_wm_mean": 1001.0272471434298,
  "summary_wm_median": 999.999989233911,
  "summary_wm_n": 206680.0,
  "summary_wm_p05": 937.3350177705288,
  "summary_wm_p95": 1068.0418303236365,
  "summary_wm_stdv": 40.58068255169352,
  "tpm_overlap_csf": 0.14893288738318228,
  "tpm_overlap_gm": 0.47448444292832864,
  "tpm_overlap_wm": 0.4845085226055076,
  "wm2max": 0.6733813896843421
}