{
  "aor": 0.000662051948051948,
  "aqi": 0.005859834675324675,
  "bids_meta": {
    "AcquisitionMatrixPE": 84,
    "AcquisitionNumber": 1,
    "AcquisitionTime": "17:28:29.307500",
    "BandwidthPerPixelPhaseEncode": 15.664,
    "BaseResolution": 84,
    "BodyPartExamined": "BRAIN",
    "ConsistencyInfo": "N4_VE11C_LATEST_20160120",
    "ConversionSoftware": "dcm2niix",
    "ConversionSoftwareVersion": "v1.0.20181114  Clang4.0.1",
    "DerivedVendorReportedEchoSpacing": 0.000760008,
    "DeviceSerialNumber": "67007",
    "DwellTime": 3.8e-06,
    "EchoTime": 0.03,
    "EchoTrainLength": 74,
    "EffectiveEchoSpacing": 0.000760008,
    "FlipAngle": 40,
    "ImageComments": "Unaliased_MB4_PE3",
    "ImageOrientationPatientDICOM": [
      1,
      0,
      0,
      0,
      0.99961,
      0.0279216
    ],
    "ImageType": [
      "ORIGINAL",
      "PRIMARY",
      "M",
      "MB",
      "ND",
      "NORM",
      "MOSAIC"
    ],
    "ImagingFrequency": 123.211,
    "InPlanePhaseEncodingDirectionDICOM": "COL",
    "InstitutionAddress": "Perth_Drive_100_London_Ontario_CA_N6A_5K8",
    "InstitutionName": "Robarts_Research_Institute",
    "InstitutionalDepartmentName": "CFMM",
    "MRAcquisitionType": "2D",
    "MagneticFieldStrength": 3,
    "Manufacturer": "Siemens",
    "ManufacturersModelName": "Prisma_fit",
    "Modality": "MR",
    "MultibandAccelerationFactor": 4,
    "PartialFourier": 0.875,
    "PatientPosition": "HFS",
    "PercentPhaseFOV": 100,
    "PhaseEncodingDirection": "j-",
    "PhaseEncodingSteps": 74,
    "PhaseResolution": 1,
    "PixelBandwidth": 1565,
    "ProcedureStepDescription": "Ansari_Adaptation",
    "ProtocolName": "ep_bold_mb4_adaptation_3",
    "PulseSequenceDetails": "%CustomerSeq%_cmrr_mbep2d_bold",
    "ReceiveCoilActiveElements": "HEA;HEP",
    "ReceiveCoilName": "Head_32",
    "ReconMatrixPE": 84,
    "RepetitionTime": 1,
    "SAR": 0.0634263,
    "ScanOptions": "PFP_FS",
    "ScanningSequence": "EP",
    "SequenceName": "epfid2d1_84",
    "SequenceVariant": "SK_SS",
    "SeriesDescription": "ep_bold_mb4_adaptation_3",
    "SeriesNumber": 6,
    "ShimSetting": [
      5236,
      -6224,
      -3938,
      644,
      -3,
      95,
      218,
      -13
    ],
    "SliceThickness": 2.5,
    "SliceTiming": [
      0,
      0.41,
      0.8175,
      0.245,
      0.655,
      0.0825,
      0.49,
      0.9,
      0.3275,
      0.735,
      0.165,
      0.5725,
      0,
      0.41,
      0.8175,
      0.245,
      0.655,
      0.0825,
      0.49,
      0.9,
      0.3275,
      0.735,
      0.165,
      0.5725,
      0,
      0.41,
      0.8175,
      0.245,
      0.655,
      0.0825,
      0.49,
      0.9,
      0.3275,
      0.735,
      0.165,
      0.5725,
      0,
      0.41,
      0.8175,
      0.245,
      0.655,
      0.0825,
      0.49,
      0.9,
      0.3275,
      0.735,
      0.165,
      0.5725
    ],
    "SoftwareVersions": "syngo_MR_E11",
    "SpacingBetweenSlices": 2.5,
    "StationName": "MRC35368",
    "TaskName": "Adaptation",
    "TotalReadoutTime": 0.0630806,
    "TxRefAmp": 232.16,
    "WipMemBlock": "4ee9ad4c-c707-47ae-884e-3c4caf3fca44||Sequence: R016 ve11c/master r/e634e98; Dec 19 2017 11:00:25 by eja",
    "dataset": "ds002116",
    "modality": "bold",
    "run_id": 3,
    "session_id": "01",
    "subject_id": "49",
    "task_id": "Adaptation"
  },
  "dummy_trs": 1,
  "dvars_nstd": 23.905424093411465,
  "dvars_std": 1.1166971031510418,
  "dvars_vstd": 1.002835356510417,
  "efc": 0.5382624501981165,
  "fber": 6126.2578125,
  "fd_mean": 0.16001830414861742,
  "fd_num": 114,
  "fd_perc": 29.61038961038961,
  "fwhm_avg": 2.1066757416311503,
  "fwhm_x": 1.933728390609727,
  "fwhm_y": 2.4207668342837247,
  "fwhm_z": 1.965532,
  "gcor": 0.0183436,
  "gsr_x": -0.007707680109888315,
  "gsr_y": 0.04579688236117363,
  "provenance": {
    "md5sum": "3b6540174af5347828015648080cccbc",
    "settings": {
      "fd_thres": 0.2,
      "testing": false
    },
    "software": "mriqc",
    "version": "22.0.6",
    "webapi_port": null,
    "webapi_url": "https://mriqc.nimh.nih.gov/api/v1"
  },
  "size_t": 385,
  "size_x": 84,
  "size_y": 84,
  "size_z": 48,
  "snr": 5.474055805262984,
  "spacing_tr": 1.0,
  "spacing_x": 2.4761905670166016,
  "spacing_y": 2.4761905670166016,
  "spacing_z": 2.5,
  "summary_bg_k": 28.569294897022182,
  "summary_bg_mad": 2.170342018632806,
  "summary_bg_mean": 9.608643531799316,
  "summary_bg_median": 3.063753843307495,
  "summary_bg_n": 201008.0,
  "summary_bg_p05": 1.142029768228531,
  "summary_bg_p95": 37.81690578460693,
  "summary_bg_stdv": 18.881427764892578,
  "summary_fg_k": 3.0809184917062726,
  "summary_fg_mad": 41.466892762260805,
  "summary_fg_mean": 254.73585510253906,
  "summary_fg_median": 250.13323974609375,
  "summary_fg_n": 77819.0,
  "summary_fg_p05": 192.7568588256836,
  "summary_fg_p95": 329.5358703613281,
  "summary_fg_stdv": 45.69402313232422,
  "tsnr": 64.5219497680664
}