{
  "aor": 0.000384987012987013,
  "aqi": 0.006706389116883116,
  "bids_meta": {
    "AcquisitionMatrixPE": 84,
    "AcquisitionNumber": 1,
    "AcquisitionTime": "18:26:20.155000",
    "BandwidthPerPixelPhaseEncode": 15.664,
    "BaseResolution": 84,
    "BodyPartExamined": "BRAIN",
    "ConsistencyInfo": "N4_VE11C_LATEST_20160120",
    "ConversionSoftware": "dcm2niix",
    "ConversionSoftwareVersion": "v1.0.20181114  Clang4.0.1",
    "DerivedVendorReportedEchoSpacing": 0.000760008,
    "DeviceSerialNumber": "67007",
    "DwellTime": 3.8e-06,
    "EchoTime": 0.03,
    "EchoTrainLength": 74,
    "EffectiveEchoSpacing": 0.000760008,
    "FlipAngle": 40,
    "ImageComments": "Unaliased_MB4_PE3",
    "ImageOrientationPatientDICOM": [
      0.998804,
      0.0228157,
      -0.0432498,
      -0.0383702,
      0.913969,
      -0.403965
    ],
    "ImageType": [
      "ORIGINAL",
      "PRIMARY",
      "M",
      "MB",
      "ND",
      "NORM",
      "MOSAIC"
    ],
    "ImagingFrequency": 123.211,
    "InPlanePhaseEncodingDirectionDICOM": "COL",
    "InstitutionAddress": "Perth_Drive_100_London_Ontario_CA_N6A_5K8",
    "InstitutionName": "Robarts-CFMM",
    "InstitutionalDepartmentName": "CFMM",
    "MRAcquisitionType": "2D",
    "MagneticFieldStrength": 3,
    "Manufacturer": "Siemens",
    "ManufacturersModelName": "Prisma_fit",
    "Modality": "MR",
    "MultibandAccelerationFactor": 4,
    "PartialFourier": 0.875,
    "PatientPosition": "HFS",
    "PercentPhaseFOV": 100,
    "PhaseEncodingDirection": "j-",
    "PhaseEncodingSteps": 74,
    "PhaseResolution": 1,
    "PixelBandwidth": 1565,
    "ProcedureStepDescription": "Ansari_Adaptation",
    "ProtocolName": "ep_bold_mb4_adaptation_2",
    "PulseSequenceDetails": "%CustomerSeq%_cmrr_mbep2d_bold",
    "ReceiveCoilActiveElements": "HEA;HEP",
    "ReceiveCoilName": "Head_32",
    "ReconMatrixPE": 84,
    "RepetitionTime": 1,
    "SAR": 0.0618633,
    "ScanOptions": "PFP_FS",
    "ScanningSequence": "EP",
    "SequenceName": "epfid2d1_84",
    "SequenceVariant": "SK_SS",
    "SeriesDescription": "ep_bold_mb4_adaptation_2",
    "SeriesNumber": 4,
    "ShimSetting": [
      5255,
      -6208,
      -3763,
      537,
      85,
      33,
      7,
      -10
    ],
    "SliceThickness": 2.5,
    "SliceTiming": [
      0,
      0.41,
      0.8175,
      0.245,
      0.655,
      0.0825,
      0.49,
      0.9,
      0.3275,
      0.735,
      0.165,
      0.5725,
      0,
      0.41,
      0.8175,
      0.245,
      0.655,
      0.0825,
      0.49,
      0.9,
      0.3275,
      0.735,
      0.165,
      0.5725,
      0,
      0.41,
      0.8175,
      0.245,
      0.655,
      0.0825,
      0.49,
      0.9,
      0.3275,
      0.735,
      0.165,
      0.5725,
      0,
      0.41,
      0.8175,
      0.245,
      0.655,
      0.0825,
      0.49,
      0.9,
      0.3275,
      0.735,
      0.165,
      0.5725
    ],
    "SoftwareVersions": "syngo_MR_E11",
    "SpacingBetweenSlices": 2.5,
    "StationName": "MRC35368",
    "TaskName": "Adaptation",
    "TotalReadoutTime": 0.0630806,
    "TxRefAmp": 227.155,
    "WipMemBlock": "9b8903ea-1c46-4555-ac8b-cc247377e9b0||Sequence: R016 ve11c/master r/e634e98; Dec 19 2017 11:00:25 by eja",
    "dataset": "ds002116",
    "modality": "bold",
    "run_id": 2,
    "session_id": "01",
    "subject_id": "31",
    "task_id": "Adaptation"
  },
  "dummy_trs": 1,
  "dvars_nstd": 33.41084284570314,
  "dvars_std": 1.291339205911458,
  "dvars_vstd": 0.9971984952343752,
  "efc": 0.570819921749443,
  "fber": 4850.98388671875,
  "fd_mean": 0.25531117204956705,
  "fd_num": 247,
  "fd_perc": 64.15584415584415,
  "fwhm_avg": 2.1545626389891317,
  "fwhm_x": 2.0683101164425293,
  "fwhm_y": 2.2925578005248655,
  "fwhm_z": 2.10282,
  "gcor": 0.0131789,
  "gsr_x": -0.023502301424741745,
  "gsr_y": 0.03166307136416435,
  "provenance": {
    "md5sum": "6937503400c9317f1934218f9b5279be",
    "settings": {
      "fd_thres": 0.2,
      "testing": false
    },
    "software": "mriqc",
    "version": "22.0.6",
    "webapi_port": null,
    "webapi_url": "https://mriqc.nimh.nih.gov/api/v1"
  },
  "size_t": 385,
  "size_x": 84,
  "size_y": 84,
  "size_z": 48,
  "snr": 5.205155827835113,
  "spacing_tr": 1.0,
  "spacing_x": 2.4761905670166016,
  "spacing_y": 2.4761905670166016,
  "spacing_z": 2.5,
  "summary_bg_k": 21.681692003094575,
  "summary_bg_mad": 3.005531899994967,
  "summary_bg_mean": 12.862770080566406,
  "summary_bg_median": 4.0293073654174805,
  "summary_bg_n": 188503.0,
  "summary_bg_p05": 1.6481868386268617,
  "summary_bg_p95": 52.498262405395465,
  "summary_bg_stdv": 24.356582641601562,
  "summary_fg_k": 3.167630174071946,
  "summary_fg_mad": 53.65598872064399,
  "summary_fg_mean": 303.0543212890625,
  "summary_fg_median": 296.88812255859375,
  "summary_fg_n": 88572.0,
  "summary_fg_p05": 225.9297836303711,
  "summary_fg_p95": 400.26056518554685,
  "summary_fg_stdv": 57.03699493408203,
  "tsnr": 60.884010314941406
}