{
  "aor": 0.00042748051948051947,
  "aqi": 0.00575914722077922,
  "bids_meta": {
    "AcquisitionMatrixPE": 84,
    "AcquisitionNumber": 1,
    "AcquisitionTime": "18:56:19.622500",
    "BandwidthPerPixelPhaseEncode": 15.664,
    "BaseResolution": 84,
    "BodyPartExamined": "BRAIN",
    "ConsistencyInfo": "N4_VE11C_LATEST_20160120",
    "ConversionSoftware": "dcm2niix",
    "ConversionSoftwareVersion": "v1.0.20181114  Clang4.0.1",
    "DerivedVendorReportedEchoSpacing": 0.000760008,
    "DeviceSerialNumber": "67007",
    "DwellTime": 3.8e-06,
    "EchoTime": 0.03,
    "EchoTrainLength": 74,
    "EffectiveEchoSpacing": 0.000760008,
    "FlipAngle": 40,
    "ImageComments": "Unaliased_MB4_PE3",
    "ImageOrientationPatientDICOM": [
      0.998804,
      0.0228157,
      -0.0432498,
      -0.0383702,
      0.913969,
      -0.403965
    ],
    "ImageType": [
      "ORIGINAL",
      "PRIMARY",
      "M",
      "MB",
      "ND",
      "NORM",
      "MOSAIC"
    ],
    "ImagingFrequency": 123.211,
    "InPlanePhaseEncodingDirectionDICOM": "COL",
    "InstitutionAddress": "Perth_Drive_100_London_Ontario_CA_N6A_5K8",
    "InstitutionName": "Robarts-CFMM",
    "InstitutionalDepartmentName": "CFMM",
    "MRAcquisitionType": "2D",
    "MagneticFieldStrength": 3,
    "Manufacturer": "Siemens",
    "ManufacturersModelName": "Prisma_fit",
    "Modality": "MR",
    "MultibandAccelerationFactor": 4,
    "PartialFourier": 0.875,
    "PatientPosition": "HFS",
    "PercentPhaseFOV": 100,
    "PhaseEncodingDirection": "j-",
    "PhaseEncodingSteps": 74,
    "PhaseResolution": 1,
    "PixelBandwidth": 1565,
    "ProcedureStepDescription": "Ansari_Adaptation",
    "ProtocolName": "ep_bold_mb4_adaptation_5",
    "PulseSequenceDetails": "%CustomerSeq%_cmrr_mbep2d_bold",
    "ReceiveCoilActiveElements": "HEA;HEP",
    "ReceiveCoilName": "Head_32",
    "ReconMatrixPE": 84,
    "RepetitionTime": 1,
    "SAR": 0.0618633,
    "ScanOptions": "PFP_FS",
    "ScanningSequence": "EP",
    "SequenceName": "epfid2d1_84",
    "SequenceVariant": "SK_SS",
    "SeriesDescription": "ep_bold_mb4_adaptation_5",
    "SeriesNumber": 11,
    "ShimSetting": [
      5255,
      -6208,
      -3763,
      537,
      85,
      33,
      7,
      -10
    ],
    "SliceThickness": 2.5,
    "SliceTiming": [
      0,
      0.41,
      0.8175,
      0.245,
      0.655,
      0.0825,
      0.49,
      0.9,
      0.3275,
      0.735,
      0.165,
      0.5725,
      0,
      0.41,
      0.8175,
      0.245,
      0.655,
      0.0825,
      0.49,
      0.9,
      0.3275,
      0.735,
      0.165,
      0.5725,
      0,
      0.41,
      0.8175,
      0.245,
      0.655,
      0.0825,
      0.49,
      0.9,
      0.3275,
      0.735,
      0.165,
      0.5725,
      0,
      0.41,
      0.8175,
      0.245,
      0.655,
      0.0825,
      0.49,
      0.9,
      0.3275,
      0.735,
      0.165,
      0.5725
    ],
    "SoftwareVersions": "syngo_MR_E11",
    "SpacingBetweenSlices": 2.5,
    "StationName": "MRC35368",
    "TaskName": "Adaptation",
    "TotalReadoutTime": 0.0630806,
    "TxRefAmp": 227.155,
    "WipMemBlock": "fcf0491f-8612-476d-9446-cc3ec9c41d4e||Sequence: R016 ve11c/master r/e634e98; Dec 19 2017 11:00:25 by eja",
    "dataset": "ds002116",
    "modality": "bold",
    "run_id": 5,
    "session_id": "01",
    "subject_id": "31",
    "task_id": "Adaptation"
  },
  "dummy_trs": 1,
  "dvars_nstd": 30.71522294958332,
  "dvars_std": 1.2512168709895828,
  "dvars_vstd": 1.0028327181770837,
  "efc": 0.5715620844589978,
  "fber": 4596.05908203125,
  "fd_mean": 0.24023955517901396,
  "fd_num": 230,
  "fd_perc": 59.74025974025974,
  "fwhm_avg": 2.1285046910130174,
  "fwhm_x": 2.042282232781842,
  "fwhm_y": 2.2579118402572105,
  "fwhm_z": 2.0853200000000003,
  "gcor": 0.0205087,
  "gsr_x": -0.023200051859021187,
  "gsr_y": 0.029317140579223633,
  "provenance": {
    "md5sum": "c2accd8a79f05a989ea74dd99a543318",
    "settings": {
      "fd_thres": 0.2,
      "testing": false
    },
    "software": "mriqc",
    "version": "22.0.6",
    "webapi_port": null,
    "webapi_url": "https://mriqc.nimh.nih.gov/api/v1"
  },
  "size_t": 385,
  "size_x": 84,
  "size_y": 84,
  "size_z": 48,
  "snr": 5.219790095105267,
  "spacing_tr": 1.0,
  "spacing_x": 2.4761905670166016,
  "spacing_y": 2.4761905670166016,
  "spacing_z": 2.5,
  "summary_bg_k": 20.641284089632858,
  "summary_bg_mad": 3.120919408862574,
  "summary_bg_mean": 13.294139862060547,
  "summary_bg_median": 4.115513801574707,
  "summary_bg_n": 188990.0,
  "summary_bg_p05": 1.6546117663383484,
  "summary_bg_p95": 54.50355873107893,
  "summary_bg_stdv": 24.970783233642578,
  "summary_fg_k": 3.3060424891353417,
  "summary_fg_mad": 52.91642956040889,
  "summary_fg_mean": 301.0738830566406,
  "summary_fg_median": 295.0743103027344,
  "summary_fg_n": 88169.0,
  "summary_fg_p05": 224.64537353515624,
  "summary_fg_p95": 396.96123046874993,
  "summary_fg_stdv": 56.529598236083984,
  "tsnr": 63.048648834228516
}