{
  "aor": 0.0005074352331606218,
  "aqi": 0.0075654550777202074,
  "bids_meta": {
    "AcquisitionMatrixPE": 84,
    "AcquisitionNumber": 1,
    "AcquisitionTime": "17:21:40.855000",
    "BandwidthPerPixelPhaseEncode": 15.664,
    "BaseResolution": 84,
    "BodyPartExamined": "BRAIN",
    "ConsistencyInfo": "N4_VE11C_LATEST_20160120",
    "ConversionSoftware": "dcm2niix",
    "ConversionSoftwareVersion": "v1.0.20181114  Clang4.0.1",
    "DerivedVendorReportedEchoSpacing": 0.000760008,
    "DeviceSerialNumber": "67007",
    "DwellTime": 3.8e-06,
    "EchoTime": 0.03,
    "EchoTrainLength": 74,
    "EffectiveEchoSpacing": 0.000760008,
    "FlipAngle": 40,
    "ImageComments": "Unaliased_MB4_PE3",
    "ImageOrientationPatientDICOM": [
      0.999227,
      -0.0392226,
      0.00259493,
      0.03664,
      0.905459,
      -0.42285
    ],
    "ImageType": [
      "ORIGINAL",
      "PRIMARY",
      "M",
      "MB",
      "ND",
      "NORM",
      "MOSAIC"
    ],
    "ImagingFrequency": 123.211,
    "InPlanePhaseEncodingDirectionDICOM": "COL",
    "InstitutionAddress": "Perth_Drive_100_London_Ontario_CA_N6A_5K8",
    "InstitutionName": "Robarts_Research_Institute",
    "InstitutionalDepartmentName": "CFMM",
    "MRAcquisitionType": "2D",
    "MagneticFieldStrength": 3,
    "Manufacturer": "Siemens",
    "ManufacturersModelName": "Prisma_fit",
    "Modality": "MR",
    "MultibandAccelerationFactor": 4,
    "PartialFourier": 0.875,
    "PatientPosition": "HFS",
    "PercentPhaseFOV": 100,
    "PhaseEncodingDirection": "j-",
    "PhaseEncodingSteps": 74,
    "PhaseResolution": 1,
    "PixelBandwidth": 1565,
    "ProcedureStepDescription": "Ansari_Adaptation",
    "ProtocolName": "ep_bold_mb4_adaptation_1",
    "PulseSequenceDetails": "%CustomerSeq%_cmrr_mbep2d_bold",
    "ReceiveCoilActiveElements": "HEA;HEP",
    "ReceiveCoilName": "Head_32",
    "ReconMatrixPE": 84,
    "RepetitionTime": 1,
    "SAR": 0.0923636,
    "ScanOptions": "PFP_FS",
    "ScanningSequence": "EP",
    "SequenceName": "epfid2d1_84",
    "SequenceVariant": "SK_SS",
    "SeriesDescription": "ep_bold_mb4_adaptation_1",
    "SeriesNumber": 2,
    "ShimSetting": [
      5223,
      -6178,
      -3832,
      703,
      37,
      123,
      10,
      61
    ],
    "SliceThickness": 2.5,
    "SliceTiming": [
      0,
      0.4075,
      0.8175,
      0.245,
      0.6525,
      0.0825,
      0.49,
      0.8975,
      0.3275,
      0.735,
      0.1625,
      0.5725,
      0,
      0.4075,
      0.8175,
      0.245,
      0.6525,
      0.0825,
      0.49,
      0.8975,
      0.3275,
      0.735,
      0.1625,
      0.5725,
      0,
      0.4075,
      0.8175,
      0.245,
      0.6525,
      0.0825,
      0.49,
      0.8975,
      0.3275,
      0.735,
      0.1625,
      0.5725,
      0,
      0.4075,
      0.8175,
      0.245,
      0.6525,
      0.0825,
      0.49,
      0.8975,
      0.3275,
      0.735,
      0.1625,
      0.5725
    ],
    "SoftwareVersions": "syngo_MR_E11",
    "SpacingBetweenSlices": 2.5,
    "StationName": "MRC35368",
    "TaskName": "Adaptation",
    "TotalReadoutTime": 0.0630806,
    "TxRefAmp": 215.673,
    "WipMemBlock": "97a5ec97-90c7-4da7-bee0-ce2b1a0b18f9||Sequence: R016 ve11c/master r/e634e98; Dec 19 2017 11:00:25 by eja",
    "dataset": "ds002116",
    "modality": "bold",
    "run_id": 1,
    "session_id": "01",
    "subject_id": "52",
    "task_id": "Adaptation"
  },
  "dummy_trs": 0,
  "dvars_nstd": 34.828680811194836,
  "dvars_std": 1.3807473474805205,
  "dvars_vstd": 1.0018277508051954,
  "efc": 0.5060191606408552,
  "fber": 7094.966796875,
  "fd_mean": 0.1850243988163651,
  "fd_num": 169,
  "fd_perc": 43.78238341968912,
  "fwhm_avg": 1.950044155899618,
  "fwhm_x": 1.851380124399474,
  "fwhm_y": 2.04630434329938,
  "fwhm_z": 1.952448,
  "gcor": 0.0226816,
  "gsr_x": -0.012273748405277729,
  "gsr_y": 0.017715048044919968,
  "provenance": {
    "md5sum": "8cecaf60c4d64f0f2f61810b39082935",
    "settings": {
      "fd_thres": 0.2,
      "testing": false
    },
    "software": "mriqc",
    "version": "22.0.6",
    "webapi_port": null,
    "webapi_url": "https://mriqc.nimh.nih.gov/api/v1"
  },
  "size_t": 386,
  "size_x": 84,
  "size_y": 84,
  "size_z": 48,
  "snr": 5.684435102376244,
  "spacing_tr": 1.0,
  "spacing_x": 2.4761905670166016,
  "spacing_y": 2.4761908054351807,
  "spacing_z": 2.5,
  "summary_bg_k": 59.72726515377367,
  "summary_bg_mad": 1.7259785300759933,
  "summary_bg_mean": 6.998510837554932,
  "summary_bg_median": 3.038620948791504,
  "summary_bg_n": 208436.0,
  "summary_bg_p05": 1.179504007101059,
  "summary_bg_p95": 26.172611236572266,
  "summary_bg_stdv": 14.996322631835938,
  "summary_fg_k": 4.0169796518541725,
  "summary_fg_mad": 42.19966510814116,
  "summary_fg_mean": 267.4252624511719,
  "summary_fg_median": 264.0857238769531,
  "summary_fg_n": 71901.0,
  "summary_fg_p05": 205.5400848388672,
  "summary_fg_p95": 340.8714599609375,
  "summary_fg_stdv": 46.457366943359375,
  "tsnr": 65.21600341796875
}