{
  "aor": 0.0013063116883116886,
  "aqi": 0.009148681376623377,
  "bids_meta": {
    "AcquisitionMatrixPE": 84,
    "AcquisitionNumber": 1,
    "AcquisitionTime": "16:32:26.775000",
    "BandwidthPerPixelPhaseEncode": 15.664,
    "BaseResolution": 84,
    "BodyPartExamined": "BRAIN",
    "ConsistencyInfo": "N4_VE11C_LATEST_20160120",
    "ConversionSoftware": "dcm2niix",
    "ConversionSoftwareVersion": "v1.0.20181114  Clang4.0.1",
    "DerivedVendorReportedEchoSpacing": 0.000760008,
    "DeviceSerialNumber": "67007",
    "DwellTime": 3.8e-06,
    "EchoTime": 0.03,
    "EchoTrainLength": 74,
    "EffectiveEchoSpacing": 0.000760008,
    "FlipAngle": 40,
    "ImageComments": "Unaliased_MB4_PE3",
    "ImageOrientationPatientDICOM": [
      1,
      0,
      0,
      0,
      0.877983,
      -0.478692
    ],
    "ImageType": [
      "ORIGINAL",
      "PRIMARY",
      "M",
      "MB",
      "ND",
      "NORM",
      "MOSAIC"
    ],
    "ImagingFrequency": 123.211,
    "InPlanePhaseEncodingDirectionDICOM": "COL",
    "InstitutionAddress": "Perth_Drive_100_London_Ontario_CA_N6A_5K8",
    "InstitutionName": "Robarts_Research_Institute",
    "InstitutionalDepartmentName": "CFMM",
    "MRAcquisitionType": "2D",
    "MagneticFieldStrength": 3,
    "Manufacturer": "Siemens",
    "ManufacturersModelName": "Prisma_fit",
    "Modality": "MR",
    "MultibandAccelerationFactor": 4,
    "PartialFourier": 0.875,
    "PatientPosition": "HFS",
    "PercentPhaseFOV": 100,
    "PhaseEncodingDirection": "j-",
    "PhaseEncodingSteps": 74,
    "PhaseResolution": 1,
    "PixelBandwidth": 1565,
    "ProcedureStepDescription": "Ansari_Adaptation",
    "ProtocolName": "ep_bold_mb4_adaptation_4",
    "PulseSequenceDetails": "%CustomerSeq%_cmrr_mbep2d_bold",
    "ReceiveCoilActiveElements": "HEA;HEP",
    "ReceiveCoilName": "Head_32",
    "ReconMatrixPE": 84,
    "RepetitionTime": 1,
    "SAR": 0.0786672,
    "ScanOptions": "PFP_FS",
    "ScanningSequence": "EP",
    "SequenceName": "epfid2d1_84",
    "SequenceVariant": "SK_SS",
    "SeriesDescription": "ep_bold_mb4_adaptation_4",
    "SeriesNumber": 9,
    "ShimSetting": [
      5231,
      -6224,
      -3931,
      652,
      39,
      383,
      25,
      10
    ],
    "SliceThickness": 2.5,
    "SliceTiming": [
      0,
      0.41,
      0.8175,
      0.245,
      0.655,
      0.0825,
      0.49,
      0.9,
      0.3275,
      0.735,
      0.165,
      0.5725,
      0,
      0.41,
      0.8175,
      0.245,
      0.655,
      0.0825,
      0.49,
      0.9,
      0.3275,
      0.735,
      0.165,
      0.5725,
      0,
      0.41,
      0.8175,
      0.245,
      0.655,
      0.0825,
      0.49,
      0.9,
      0.3275,
      0.735,
      0.165,
      0.5725,
      0,
      0.41,
      0.8175,
      0.245,
      0.655,
      0.0825,
      0.49,
      0.9,
      0.3275,
      0.735,
      0.165,
      0.5725
    ],
    "SoftwareVersions": "syngo_MR_E11",
    "SpacingBetweenSlices": 2.5,
    "StationName": "MRC35368",
    "TaskName": "Adaptation",
    "TotalReadoutTime": 0.0630806,
    "TxRefAmp": 229.21,
    "WipMemBlock": "0139291f-5f8e-44b9-ac40-cea8bd4aaa1b||Sequence: R016 ve11c/master r/e634e98; Dec 19 2017 11:00:25 by eja",
    "dataset": "ds002116",
    "modality": "bold",
    "run_id": 4,
    "session_id": "01",
    "subject_id": "29",
    "task_id": "Adaptation"
  },
  "dummy_trs": 1,
  "dvars_nstd": 35.16210111476564,
  "dvars_std": 1.3560280906510418,
  "dvars_vstd": 1.009920812057291,
  "efc": 0.509679927790875,
  "fber": 6643.4306640625,
  "fd_mean": 0.14748983362794435,
  "fd_num": 55,
  "fd_perc": 14.285714285714286,
  "fwhm_avg": 1.985214156463984,
  "fwhm_x": 1.8846732001013682,
  "fwhm_y": 2.0955212692905842,
  "fwhm_z": 1.975448,
  "gcor": 0.0191774,
  "gsr_x": -0.011528571136295795,
  "gsr_y": 0.020314544439315796,
  "provenance": {
    "md5sum": "3bb458c156d671afe31b121161a32ca8",
    "settings": {
      "fd_thres": 0.2,
      "testing": false
    },
    "software": "mriqc",
    "version": "22.0.6",
    "webapi_port": null,
    "webapi_url": "https://mriqc.nimh.nih.gov/api/v1"
  },
  "size_t": 385,
  "size_x": 84,
  "size_y": 84,
  "size_z": 48,
  "snr": 5.735000627658699,
  "spacing_tr": 1.0,
  "spacing_x": 2.4761905670166016,
  "spacing_y": 2.4761905670166016,
  "spacing_z": 2.5,
  "summary_bg_k": 46.69620320923264,
  "summary_bg_mad": 1.960886700079243,
  "summary_bg_mean": 7.305524826049805,
  "summary_bg_median": 3.066178798675537,
  "summary_bg_n": 207997.0,
  "summary_bg_p05": 1.0099118947982788,
  "summary_bg_p95": 29.29313964843747,
  "summary_bg_stdv": 14.678983688354492,
  "summary_fg_k": 2.9894100560118213,
  "summary_fg_mad": 42.09512554436378,
  "summary_fg_mean": 261.0096435546875,
  "summary_fg_median": 258.1527404785156,
  "summary_fg_n": 72672.0,
  "summary_fg_p05": 198.7184181213379,
  "summary_fg_p95": 332.907290649414,
  "summary_fg_stdv": 45.013240814208984,
  "tsnr": 63.03403091430664
}