{
  "aor": 0.006395896103896103,
  "aqi": 0.015743191480519482,
  "bids_meta": {
    "AcquisitionMatrixPE": 84,
    "AcquisitionNumber": 1,
    "AcquisitionTime": "16:03:45.640000",
    "BandwidthPerPixelPhaseEncode": 15.664,
    "BaseResolution": 84,
    "BodyPartExamined": "BRAIN",
    "ConsistencyInfo": "N4_VE11C_LATEST_20160120",
    "ConversionSoftware": "dcm2niix",
    "ConversionSoftwareVersion": "v1.0.20181114  Clang4.0.1",
    "DerivedVendorReportedEchoSpacing": 0.000760008,
    "DeviceSerialNumber": "67007",
    "DwellTime": 3.8e-06,
    "EchoTime": 0.03,
    "EchoTrainLength": 74,
    "EffectiveEchoSpacing": 0.000760008,
    "FlipAngle": 40,
    "ImageComments": "Unaliased_MB4_PE3",
    "ImageOrientationPatientDICOM": [
      1,
      0,
      0,
      0,
      0.877983,
      -0.478692
    ],
    "ImageType": [
      "ORIGINAL",
      "PRIMARY",
      "M",
      "MB",
      "ND",
      "NORM",
      "MOSAIC"
    ],
    "ImagingFrequency": 123.211,
    "InPlanePhaseEncodingDirectionDICOM": "COL",
    "InstitutionAddress": "Perth_Drive_100_London_Ontario_CA_N6A_5K8",
    "InstitutionName": "Robarts_Research_Institute",
    "InstitutionalDepartmentName": "CFMM",
    "MRAcquisitionType": "2D",
    "MagneticFieldStrength": 3,
    "Manufacturer": "Siemens",
    "ManufacturersModelName": "Prisma_fit",
    "Modality": "MR",
    "MultibandAccelerationFactor": 4,
    "PartialFourier": 0.875,
    "PatientPosition": "HFS",
    "PercentPhaseFOV": 100,
    "PhaseEncodingDirection": "j-",
    "PhaseEncodingSteps": 74,
    "PhaseResolution": 1,
    "PixelBandwidth": 1565,
    "ProcedureStepDescription": "Ansari_Adaptation",
    "ProtocolName": "ep_bold_mb4_adaptation_1",
    "PulseSequenceDetails": "%CustomerSeq%_cmrr_mbep2d_bold",
    "ReceiveCoilActiveElements": "HEA;HEP",
    "ReceiveCoilName": "Head_32",
    "ReconMatrixPE": 84,
    "RepetitionTime": 1,
    "SAR": 0.0786672,
    "ScanOptions": "PFP_FS",
    "ScanningSequence": "EP",
    "SequenceName": "epfid2d1_84",
    "SequenceVariant": "SK_SS",
    "SeriesDescription": "ep_bold_mb4_adaptation_1",
    "SeriesNumber": 2,
    "ShimSetting": [
      5231,
      -6224,
      -3931,
      652,
      39,
      383,
      25,
      10
    ],
    "SliceThickness": 2.5,
    "SliceTiming": [
      0,
      0.4075,
      0.815,
      0.245,
      0.6525,
      0.08,
      0.49,
      0.8975,
      0.325,
      0.735,
      0.1625,
      0.57,
      0,
      0.4075,
      0.815,
      0.245,
      0.6525,
      0.08,
      0.49,
      0.8975,
      0.325,
      0.735,
      0.1625,
      0.57,
      0,
      0.4075,
      0.815,
      0.245,
      0.6525,
      0.08,
      0.49,
      0.8975,
      0.325,
      0.735,
      0.1625,
      0.57,
      0,
      0.4075,
      0.815,
      0.245,
      0.6525,
      0.08,
      0.49,
      0.8975,
      0.325,
      0.735,
      0.1625,
      0.57
    ],
    "SoftwareVersions": "syngo_MR_E11",
    "SpacingBetweenSlices": 2.5,
    "StationName": "MRC35368",
    "TaskName": "Adaptation",
    "TotalReadoutTime": 0.0630806,
    "TxRefAmp": 229.21,
    "WipMemBlock": "bcbb380a-d761-40bb-866f-56f898e3837d||Sequence: R016 ve11c/master r/e634e98; Dec 19 2017 11:00:25 by eja",
    "dataset": "ds002116",
    "modality": "bold",
    "run_id": 1,
    "session_id": "01",
    "subject_id": "29",
    "task_id": "Adaptation"
  },
  "dummy_trs": 1,
  "dvars_nstd": 38.03476284416666,
  "dvars_std": 1.3303666978385422,
  "dvars_vstd": 1.0268221336458323,
  "efc": 0.508400268746255,
  "fber": 6606.77587890625,
  "fd_mean": 0.2813837562739212,
  "fd_num": 131,
  "fd_perc": 34.02597402597402,
  "fwhm_avg": 2.0203354377605938,
  "fwhm_x": 1.9089362761344808,
  "fwhm_y": 2.1329820371473005,
  "fwhm_z": 2.019088,
  "gcor": 0.0158889,
  "gsr_x": -0.01114078052341938,
  "gsr_y": 0.0209144726395607,
  "provenance": {
    "md5sum": "54059d541e639a6dabbd44b2226f6e94",
    "settings": {
      "fd_thres": 0.2,
      "testing": false
    },
    "software": "mriqc",
    "version": "22.0.6",
    "webapi_port": null,
    "webapi_url": "https://mriqc.nimh.nih.gov/api/v1"
  },
  "size_t": 385,
  "size_x": 84,
  "size_y": 84,
  "size_z": 48,
  "snr": 5.744608735681297,
  "spacing_tr": 1.0,
  "spacing_x": 2.4761905670166016,
  "spacing_y": 2.4761905670166016,
  "spacing_z": 2.5,
  "summary_bg_k": 43.853154680709864,
  "summary_bg_mad": 2.150896381586844,
  "summary_bg_mean": 7.104325294494629,
  "summary_bg_median": 3.0684497356414795,
  "summary_bg_n": 208336.0,
  "summary_bg_p05": 0.9731929898262024,
  "summary_bg_p95": 28.21563196182251,
  "summary_bg_stdv": 13.97354507446289,
  "summary_fg_k": 2.767119151407236,
  "summary_fg_mad": 42.01033561035867,
  "summary_fg_mean": 260.7487487792969,
  "summary_fg_median": 257.7633972167969,
  "summary_fg_n": 72429.0,
  "summary_fg_p05": 198.53994140625,
  "summary_fg_p95": 332.59751586914047,
  "summary_fg_stdv": 44.87017822265625,
  "tsnr": 45.45030975341797
}