{
  "aor": 0.00293561038961039,
  "aqi": 0.008609934077922076,
  "bids_meta": {
    "AcquisitionMatrixPE": 84,
    "AcquisitionNumber": 1,
    "AcquisitionTime": "16:51:39.330000",
    "BandwidthPerPixelPhaseEncode": 15.664,
    "BaseResolution": 84,
    "BodyPartExamined": "BRAIN",
    "ConsistencyInfo": "N4_VE11C_LATEST_20160120",
    "ConversionSoftware": "dcm2niix",
    "ConversionSoftwareVersion": "v1.0.20181114  Clang4.0.1",
    "DerivedVendorReportedEchoSpacing": 0.000760008,
    "DeviceSerialNumber": "67007",
    "DwellTime": 3.8e-06,
    "EchoTime": 0.03,
    "EchoTrainLength": 74,
    "EffectiveEchoSpacing": 0.000760008,
    "FlipAngle": 40,
    "ImageComments": "Unaliased_MB4_PE3",
    "ImageOrientationPatientDICOM": [
      0.997054,
      -0.0338461,
      -0.0688358,
      3.12273e-08,
      0.89739,
      -0.441239
    ],
    "ImageType": [
      "ORIGINAL",
      "PRIMARY",
      "M",
      "MB",
      "ND",
      "NORM",
      "MOSAIC"
    ],
    "ImagingFrequency": 123.22,
    "InPlanePhaseEncodingDirectionDICOM": "COL",
    "InstitutionAddress": "Perth_Drive_100_London_Ontario_CA_N6A_5K8",
    "InstitutionName": "Robarts_Research_Institute",
    "InstitutionalDepartmentName": "CFMM",
    "MRAcquisitionType": "2D",
    "MagneticFieldStrength": 3,
    "Manufacturer": "Siemens",
    "ManufacturersModelName": "Prisma_fit",
    "Modality": "MR",
    "MultibandAccelerationFactor": 4,
    "PartialFourier": 0.875,
    "PatientPosition": "HFS",
    "PercentPhaseFOV": 100,
    "PhaseEncodingDirection": "j-",
    "PhaseEncodingSteps": 74,
    "PhaseResolution": 1,
    "PixelBandwidth": 1565,
    "ProcedureStepDescription": "Ansari_Adaptation",
    "ProtocolName": "ep_bold_mb4_adaptation_1",
    "PulseSequenceDetails": "%CustomerSeq%_cmrr_mbep2d_bold",
    "ReceiveCoilActiveElements": "HEA;HEP",
    "ReceiveCoilName": "Head_32",
    "ReconMatrixPE": 84,
    "RepetitionTime": 1,
    "SAR": 0.110883,
    "ScanOptions": "PFP_FS",
    "ScanningSequence": "EP",
    "SequenceName": "epfid2d1_84",
    "SequenceVariant": "SK_SS",
    "SeriesDescription": "ep_bold_mb4_adaptation_1",
    "SeriesNumber": 2,
    "ShimSetting": [
      5184,
      -6360,
      -4080,
      318,
      160,
      415,
      -104,
      -60
    ],
    "SliceThickness": 2.5,
    "SliceTiming": [
      0,
      0.41,
      0.8175,
      0.245,
      0.655,
      0.0825,
      0.49,
      0.9,
      0.3275,
      0.735,
      0.165,
      0.5725,
      0,
      0.41,
      0.8175,
      0.245,
      0.655,
      0.0825,
      0.49,
      0.9,
      0.3275,
      0.735,
      0.165,
      0.5725,
      0,
      0.41,
      0.8175,
      0.245,
      0.655,
      0.0825,
      0.49,
      0.9,
      0.3275,
      0.735,
      0.165,
      0.5725,
      0,
      0.41,
      0.8175,
      0.245,
      0.655,
      0.0825,
      0.49,
      0.9,
      0.3275,
      0.735,
      0.165,
      0.5725
    ],
    "SoftwareVersions": "syngo_MR_E11",
    "SpacingBetweenSlices": 2.5,
    "StationName": "MRC35368",
    "TaskName": "Adaptation",
    "TotalReadoutTime": 0.0630806,
    "TxRefAmp": 236.247,
    "WipMemBlock": "a46f0ce5-6dd3-424f-969a-6571a464db7a||Sequence: R016 ve11c/master r/e634e98; Dec 19 2017 11:00:25 by eja",
    "dataset": "ds002116",
    "modality": "bold",
    "run_id": 1,
    "session_id": "01",
    "subject_id": "62",
    "task_id": "Adaptation"
  },
  "dummy_trs": 1,
  "dvars_nstd": 35.32462571046876,
  "dvars_std": 1.2800836675520844,
  "dvars_vstd": 0.997708126354166,
  "efc": 0.5131261774321533,
  "fber": 6625.888671875,
  "fd_mean": 0.2262690759937631,
  "fd_num": 182,
  "fd_perc": 47.27272727272727,
  "fwhm_avg": 2.038112820984956,
  "fwhm_x": 1.940278774984845,
  "fwhm_y": 2.1214158837253905,
  "fwhm_z": 2.0526438042446324,
  "gcor": 0.00947163,
  "gsr_x": -0.010693416930735111,
  "gsr_y": 0.021665306761860847,
  "provenance": {
    "md5sum": "f581c689c5c65e3bbd43ae520b2c76eb",
    "settings": {
      "fd_thres": 0.2,
      "testing": false
    },
    "software": "mriqc",
    "version": "22.0.6",
    "webapi_port": null,
    "webapi_url": "https://mriqc.nimh.nih.gov/api/v1"
  },
  "size_t": 385,
  "size_x": 84,
  "size_y": 84,
  "size_z": 48,
  "snr": 5.297671817327823,
  "spacing_tr": 1.0,
  "spacing_x": 2.4761905670166016,
  "spacing_y": 2.4761905670166016,
  "spacing_z": 2.500000238418579,
  "summary_bg_k": 60.98358448912378,
  "summary_bg_mad": 1.7943902373615366,
  "summary_bg_mean": 6.096513271331787,
  "summary_bg_median": 2.8208932876586914,
  "summary_bg_n": 205723.0,
  "summary_bg_p05": 1.0180588483810424,
  "summary_bg_p95": 22.705393028259277,
  "summary_bg_stdv": 11.897954940795898,
  "summary_fg_k": 2.850390490903637,
  "summary_fg_mad": 39.696936823975875,
  "summary_fg_mean": 236.9892120361328,
  "summary_fg_median": 232.99609375,
  "summary_fg_n": 76698.0,
  "summary_fg_p05": 178.3759796142578,
  "summary_fg_p95": 309.93374328613277,
  "summary_fg_stdv": 43.980560302734375,
  "tsnr": 55.976463317871094
}