{
  "aor": 0.00058578125,
  "aqi": 0.006582797083333332,
  "bids_meta": {
    "AcquisitionMatrixPE": 84,
    "AcquisitionNumber": 1,
    "AcquisitionTime": "17:12:4.180000",
    "BandwidthPerPixelPhaseEncode": 15.664,
    "BaseResolution": 84,
    "BodyPartExamined": "BRAIN",
    "ConsistencyInfo": "N4_VE11C_LATEST_20160120",
    "ConversionSoftware": "dcm2niix",
    "ConversionSoftwareVersion": "v1.0.20181114  Clang4.0.1",
    "DerivedVendorReportedEchoSpacing": 0.000760008,
    "DeviceSerialNumber": "67007",
    "DwellTime": 3.8e-06,
    "EchoTime": 0.03,
    "EchoTrainLength": 74,
    "EffectiveEchoSpacing": 0.000760008,
    "FlipAngle": 40,
    "ImageComments": "Unaliased_MB4_PE3",
    "ImageOrientationPatientDICOM": [
      0.997054,
      -0.0338461,
      -0.0688358,
      3.12273e-08,
      0.89739,
      -0.441239
    ],
    "ImageType": [
      "ORIGINAL",
      "PRIMARY",
      "M",
      "MB",
      "ND",
      "NORM",
      "MOSAIC"
    ],
    "ImagingFrequency": 123.22,
    "InPlanePhaseEncodingDirectionDICOM": "COL",
    "InstitutionAddress": "Perth_Drive_100_London_Ontario_CA_N6A_5K8",
    "InstitutionName": "Robarts_Research_Institute",
    "InstitutionalDepartmentName": "CFMM",
    "MRAcquisitionType": "2D",
    "MagneticFieldStrength": 3,
    "Manufacturer": "Siemens",
    "ManufacturersModelName": "Prisma_fit",
    "Modality": "MR",
    "MultibandAccelerationFactor": 4,
    "PartialFourier": 0.875,
    "PatientPosition": "HFS",
    "PercentPhaseFOV": 100,
    "PhaseEncodingDirection": "j-",
    "PhaseEncodingSteps": 74,
    "PhaseResolution": 1,
    "PixelBandwidth": 1565,
    "ProcedureStepDescription": "Ansari_Adaptation",
    "ProtocolName": "ep_bold_mb4_adaptation_3",
    "PulseSequenceDetails": "%CustomerSeq%_cmrr_mbep2d_bold",
    "ReceiveCoilActiveElements": "HEA;HEP",
    "ReceiveCoilName": "Head_32",
    "ReconMatrixPE": 84,
    "RepetitionTime": 1,
    "SAR": 0.110883,
    "ScanOptions": "PFP_FS",
    "ScanningSequence": "EP",
    "SequenceName": "epfid2d1_84",
    "SequenceVariant": "SK_SS",
    "SeriesDescription": "ep_bold_mb4_adaptation_3",
    "SeriesNumber": 7,
    "ShimSetting": [
      5184,
      -6360,
      -4080,
      318,
      160,
      415,
      -104,
      -60
    ],
    "SliceThickness": 2.5,
    "SliceTiming": [
      0,
      0.4075,
      0.8175,
      0.245,
      0.6525,
      0.0825,
      0.49,
      0.8975,
      0.3275,
      0.735,
      0.1625,
      0.5725,
      0,
      0.4075,
      0.8175,
      0.245,
      0.6525,
      0.0825,
      0.49,
      0.8975,
      0.3275,
      0.735,
      0.1625,
      0.5725,
      0,
      0.4075,
      0.8175,
      0.245,
      0.6525,
      0.0825,
      0.49,
      0.8975,
      0.3275,
      0.735,
      0.1625,
      0.5725,
      0,
      0.4075,
      0.8175,
      0.245,
      0.6525,
      0.0825,
      0.49,
      0.8975,
      0.3275,
      0.735,
      0.1625,
      0.5725
    ],
    "SoftwareVersions": "syngo_MR_E11",
    "SpacingBetweenSlices": 2.5,
    "StationName": "MRC35368",
    "TaskName": "Adaptation",
    "TotalReadoutTime": 0.0630806,
    "TxRefAmp": 236.247,
    "WipMemBlock": "8897cd31-641d-4055-9b7a-a7ffe55a9fa9||Sequence: R016 ve11c/master r/e634e98; Dec 19 2017 11:00:25 by eja",
    "dataset": "ds002116",
    "modality": "bold",
    "run_id": 3,
    "session_id": "01",
    "subject_id": "62",
    "task_id": "Adaptation"
  },
  "dummy_trs": 2,
  "dvars_nstd": 33.05729421302872,
  "dvars_std": 1.2930558557180163,
  "dvars_vstd": 0.9967465411227158,
  "efc": 0.5129140979967718,
  "fber": 6364.54931640625,
  "fd_mean": 0.15031036845561602,
  "fd_num": 116,
  "fd_perc": 30.208333333333332,
  "fwhm_avg": 2.018667295882612,
  "fwhm_x": 1.9140731990229827,
  "fwhm_y": 2.080360885231279,
  "fwhm_z": 2.0615678033935736,
  "gcor": 0.010366,
  "gsr_x": -0.011137310415506363,
  "gsr_y": 0.020037822425365448,
  "provenance": {
    "md5sum": "687ad9f2dbbe602d7ab5671f592e0be8",
    "settings": {
      "fd_thres": 0.2,
      "testing": false
    },
    "software": "mriqc",
    "version": "22.0.6",
    "webapi_port": null,
    "webapi_url": "https://mriqc.nimh.nih.gov/api/v1"
  },
  "size_t": 384,
  "size_x": 84,
  "size_y": 84,
  "size_z": 48,
  "snr": 5.295572316380936,
  "spacing_tr": 1.0,
  "spacing_x": 2.4761905670166016,
  "spacing_y": 2.4761905670166016,
  "spacing_z": 2.500000238418579,
  "summary_bg_k": 59.04983329052565,
  "summary_bg_mad": 1.5596961878163795,
  "summary_bg_mean": 6.1020002365112305,
  "summary_bg_median": 2.8676156997680664,
  "summary_bg_n": 205881.0,
  "summary_bg_p05": 1.186617136001587,
  "summary_bg_p95": 22.785024642944336,
  "summary_bg_stdv": 11.63057804107666,
  "summary_fg_k": 3.0571385280713157,
  "summary_fg_mad": 39.38726579632674,
  "summary_fg_mean": 237.80731201171875,
  "summary_fg_median": 233.58126831054688,
  "summary_fg_n": 76364.0,
  "summary_fg_p05": 179.5739990234375,
  "summary_fg_p95": 311.41064605712864,
  "summary_fg_stdv": 44.108497619628906,
  "tsnr": 65.23274230957031
}