{
  "aor": 0.0004635770234986945,
  "aqi": 0.00662131402088773,
  "bids_meta": {
    "AcquisitionMatrixPE": 84,
    "AcquisitionNumber": 1,
    "AcquisitionTime": "16:59:15.305000",
    "BandwidthPerPixelPhaseEncode": 15.664,
    "BaseResolution": 84,
    "BodyPartExamined": "BRAIN",
    "ConsistencyInfo": "N4_VE11C_LATEST_20160120",
    "ConversionSoftware": "dcm2niix",
    "ConversionSoftwareVersion": "v1.0.20181114  Clang4.0.1",
    "DerivedVendorReportedEchoSpacing": 0.000760008,
    "DeviceSerialNumber": "67007",
    "DwellTime": 3.8e-06,
    "EchoTime": 0.03,
    "EchoTrainLength": 74,
    "EffectiveEchoSpacing": 0.000760008,
    "FlipAngle": 40,
    "ImageComments": "Unaliased_MB4_PE3",
    "ImageOrientationPatientDICOM": [
      0.997054,
      -0.0338461,
      -0.0688358,
      3.12273e-08,
      0.89739,
      -0.441239
    ],
    "ImageType": [
      "ORIGINAL",
      "PRIMARY",
      "M",
      "MB",
      "ND",
      "NORM",
      "MOSAIC"
    ],
    "ImagingFrequency": 123.22,
    "InPlanePhaseEncodingDirectionDICOM": "COL",
    "InstitutionAddress": "Perth_Drive_100_London_Ontario_CA_N6A_5K8",
    "InstitutionName": "Robarts_Research_Institute",
    "InstitutionalDepartmentName": "CFMM",
    "MRAcquisitionType": "2D",
    "MagneticFieldStrength": 3,
    "Manufacturer": "Siemens",
    "ManufacturersModelName": "Prisma_fit",
    "Modality": "MR",
    "MultibandAccelerationFactor": 4,
    "PartialFourier": 0.875,
    "PatientPosition": "HFS",
    "PercentPhaseFOV": 100,
    "PhaseEncodingDirection": "j-",
    "PhaseEncodingSteps": 74,
    "PhaseResolution": 1,
    "PixelBandwidth": 1565,
    "ProcedureStepDescription": "Ansari_Adaptation",
    "ProtocolName": "ep_bold_mb4_adaptation_2",
    "PulseSequenceDetails": "%CustomerSeq%_cmrr_mbep2d_bold",
    "ReceiveCoilActiveElements": "HEA;HEP",
    "ReceiveCoilName": "Head_32",
    "ReconMatrixPE": 84,
    "RepetitionTime": 1,
    "SAR": 0.110883,
    "ScanOptions": "PFP_FS",
    "ScanningSequence": "EP",
    "SequenceName": "epfid2d1_84",
    "SequenceVariant": "SK_SS",
    "SeriesDescription": "ep_bold_mb4_adaptation_2",
    "SeriesNumber": 4,
    "ShimSetting": [
      5184,
      -6360,
      -4080,
      318,
      160,
      415,
      -104,
      -60
    ],
    "SliceThickness": 2.5,
    "SliceTiming": [
      0,
      0.4075,
      0.815,
      0.245,
      0.6525,
      0.08,
      0.49,
      0.8975,
      0.325,
      0.735,
      0.1625,
      0.57,
      0,
      0.4075,
      0.815,
      0.245,
      0.6525,
      0.08,
      0.49,
      0.8975,
      0.325,
      0.735,
      0.1625,
      0.57,
      0,
      0.4075,
      0.815,
      0.245,
      0.6525,
      0.08,
      0.49,
      0.8975,
      0.325,
      0.735,
      0.1625,
      0.57,
      0,
      0.4075,
      0.815,
      0.245,
      0.6525,
      0.08,
      0.49,
      0.8975,
      0.325,
      0.735,
      0.1625,
      0.57
    ],
    "SoftwareVersions": "syngo_MR_E11",
    "SpacingBetweenSlices": 2.5,
    "StationName": "MRC35368",
    "TaskName": "Adaptation",
    "TotalReadoutTime": 0.0630806,
    "TxRefAmp": 236.247,
    "WipMemBlock": "4794c9ec-cb14-4ccb-8b0e-1ae08eb194b2||Sequence: R016 ve11c/master r/e634e98; Dec 19 2017 11:00:25 by eja",
    "dataset": "ds002116",
    "modality": "bold",
    "run_id": 2,
    "session_id": "01",
    "subject_id": "62",
    "task_id": "Adaptation"
  },
  "dummy_trs": 3,
  "dvars_nstd": 34.39516129895288,
  "dvars_std": 1.314733034371727,
  "dvars_vstd": 0.9956075895287955,
  "efc": 0.5135376846789943,
  "fber": 6344.46142578125,
  "fd_mean": 0.14864624492244022,
  "fd_num": 103,
  "fd_perc": 26.89295039164491,
  "fwhm_avg": 2.036178551300233,
  "fwhm_x": 1.929637429221321,
  "fwhm_y": 2.0994224229936447,
  "fwhm_z": 2.0794758016857338,
  "gcor": 0.0077944,
  "gsr_x": -0.011373772285878658,
  "gsr_y": 0.02169146202504635,
  "provenance": {
    "md5sum": "69a1085759d60b92248a51081659dbf2",
    "settings": {
      "fd_thres": 0.2,
      "testing": false
    },
    "software": "mriqc",
    "version": "22.0.6",
    "webapi_port": null,
    "webapi_url": "https://mriqc.nimh.nih.gov/api/v1"
  },
  "size_t": 383,
  "size_x": 84,
  "size_y": 84,
  "size_z": 48,
  "snr": 5.321271826546079,
  "spacing_tr": 1.0,
  "spacing_x": 2.4761905670166016,
  "spacing_y": 2.4761905670166016,
  "spacing_z": 2.500000238418579,
  "summary_bg_k": 58.89774510324298,
  "summary_bg_mad": 1.5585210438412596,
  "summary_bg_mean": 6.090680122375488,
  "summary_bg_median": 2.860844373703003,
  "summary_bg_n": 205672.0,
  "summary_bg_p05": 1.1840191543102265,
  "summary_bg_p95": 22.411823749542208,
  "summary_bg_stdv": 11.750314712524414,
  "summary_fg_k": 2.916094438013322,
  "summary_fg_mad": 39.37248185239068,
  "summary_fg_mean": 237.0016326904297,
  "summary_fg_median": 232.81365966796875,
  "summary_fg_n": 76505.0,
  "summary_fg_p05": 178.7245849609375,
  "summary_fg_p95": 309.96895141601567,
  "summary_fg_stdv": 43.751220703125,
  "tsnr": 65.17623138427734
}