{
  "bids_meta": {
    "AcquisitionMatrixPE": 224,
    "AcquisitionNumber": 1,
    "AcquisitionTime": "18:04:43.137500",
    "BaseResolution": 256,
    "BodyPartExamined": "BRAIN",
    "ConsistencyInfo": "N4_VE11C_LATEST_20160120",
    "ConversionSoftware": "dcm2niix",
    "ConversionSoftwareVersion": "v1.0.20181114  Clang4.0.1",
    "DeviceSerialNumber": "67007",
    "DwellTime": 8.2e-06,
    "EchoTime": 0.00298,
    "FlipAngle": 9,
    "ImageOrientationPatientDICOM": [
      0.0871558,
      0.996195,
      0,
      0,
      0,
      -1
    ],
    "ImageType": [
      "ORIGINAL",
      "PRIMARY",
      "M",
      "ND",
      "NORM"
    ],
    "ImagingFrequency": 123.22,
    "InPlanePhaseEncodingDirectionDICOM": "ROW",
    "InstitutionAddress": "Perth_Drive_100_London_Ontario_CA_N6A_5K8",
    "InstitutionName": "Robarts_Research_Institute",
    "InstitutionalDepartmentName": "CFMM",
    "InversionTime": 0.9,
    "MRAcquisitionType": "3D",
    "MagneticFieldStrength": 3,
    "Manufacturer": "Siemens",
    "ManufacturersModelName": "Prisma_fit",
    "Modality": "MR",
    "PartialFourier": 1,
    "PatientPosition": "HFS",
    "PercentPhaseFOV": 87.5,
    "PhaseEncodingSteps": 223,
    "PhaseResolution": 1,
    "PixelBandwidth": 240,
    "ProcedureStepDescription": "Ansari_Adaptation",
    "ProtocolName": "MPRAGE_SAG_iPAT2",
    "PulseSequenceDetails": "%SiemensSeq%_tfl",
    "ReceiveCoilActiveElements": "HEA;HEP",
    "ReceiveCoilName": "Head_32",
    "ReconMatrixPE": 256,
    "RepetitionTime": 2.3,
    "SAR": 0.0965123,
    "ScanOptions": "IR",
    "ScanningSequence": "GR_IR",
    "SequenceName": "_tfl3d1_16ns",
    "SequenceVariant": "SK_SP_MP",
    "SeriesDescription": "MPRAGE_SAG_iPAT2",
    "SeriesNumber": 6,
    "ShimSetting": [
      5227,
      -6368,
      -3975,
      150,
      69,
      430,
      44,
      -4
    ],
    "SliceThickness": 1,
    "SoftwareVersions": "syngo_MR_E11",
    "StationName": "MRC35368",
    "TxRefAmp": 225.968,
    "dataset": "ds002116",
    "modality": "T1w",
    "session_id": "01",
    "subject_id": "64"
  },
  "cjv": 0.2832097292454107,
  "cnr": 4.615295055329162,
  "efc": 0.5593365750308229,
  "fber": 2261.490682242045,
  "fwhm_avg": 3.4877499999999997,
  "fwhm_x": 3.50886,
  "fwhm_y": 3.61902,
  "fwhm_z": 3.33537,
  "icvs_csf": 0.16006523144349133,
  "icvs_gm": 0.5237412778791238,
  "icvs_wm": 0.3161934906773848,
  "inu_med": 0.5377005636692047,
  "inu_range": 0.19963321834802628,
  "provenance": {
    "md5sum": "902409d9ea0f379a01a4424ab643e691",
    "settings": {
      "testing": false
    },
    "software": "mriqc",
    "version": "22.0.6",
    "warnings": {
      "large_rot_frame": true,
      "small_air_mask": false
    },
    "webapi_port": null,
    "webapi_url": "https://mriqc.nimh.nih.gov/api/v1"
  },
  "qi_1": 0.0,
  "qi_2": 0.022604437627264846,
  "rpve_csf": 28.08976633031032,
  "rpve_gm": 9.866617727489947,
  "rpve_wm": 16.76427283676898,
  "size_x": 192,
  "size_y": 224,
  "size_z": 256,
  "snr_csf": 2.700928829096254,
  "snr_gm": 15.649308811778297,
  "snr_total": 13.664070207608903,
  "snr_wm": 22.64197298195216,
  "snrd_csf": 28.85264516444726,
  "snrd_gm": 63.227412404467756,
  "snrd_total": 60.52242422025048,
  "snrd_wm": 89.48721509183642,
  "spacing_x": 1.0,
  "spacing_y": 1.0,
  "spacing_z": 1.0,
  "summary_bg_k": 3.846397720918217,
  "summary_bg_mad": 0.0,
  "summary_bg_mean": 4.99750940821664,
  "summary_bg_median": 0.0,
  "summary_bg_n": 2305242.0,
  "summary_bg_p05": 0.0,
  "summary_bg_p95": 20.83392242155969,
  "summary_bg_stdv": 7.321212579007639,
  "summary_csf_k": 3.996279839188099,
  "summary_csf_mad": 92.83290287553226,
  "summary_csf_mean": 344.39101762850584,
  "summary_csf_median": 322.4310978837311,
  "summary_csf_n": 22348.0,
  "summary_csf_p05": 190.1342770792544,
  "summary_csf_p95": 565.4727958641944,
  "summary_csf_stdv": 119.37518695807775,
  "summary_gm_k": 0.34278806763142633,
  "summary_gm_mad": 43.00070354415173,
  "summary_gm_mean": 706.3792652903251,
  "summary_gm_median": 706.5724435914308,
  "summary_gm_n": 64467.0,
  "summary_gm_p05": 631.5759765841067,
  "summary_gm_p95": 780.5229741949588,
  "summary_gm_stdv": 45.15004285229819,
  "summary_wm_k": 0.9855863587784204,
  "summary_wm_mad": 40.10884336428188,
  "summary_wm_mean": 998.9115148235085,
  "summary_wm_median": 1000.0282762348652,
  "summary_wm_n": 170481.0,
  "summary_wm_p05": 924.4099010955542,
  "summary_wm_p95": 1068.692587716505,
  "summary_wm_stdv": 44.16688174951006,
  "tpm_overlap_csf": 0.1392003908007285,
  "tpm_overlap_gm": 0.4720030984338834,
  "tpm_overlap_wm": 0.4644023778185966,
  "wm2max": 0.5816507727721144
}