{
  "bids_meta": {
    "AcquisitionMatrixPE": 224,
    "AcquisitionNumber": 1,
    "AcquisitionTime": "11:18:40.617500",
    "BaseResolution": 256,
    "BodyPartExamined": "BRAIN",
    "ConsistencyInfo": "N4_VE11C_LATEST_20160120",
    "ConversionSoftware": "dcm2niix",
    "ConversionSoftwareVersion": "v1.0.20181114  Clang4.0.1",
    "DeviceSerialNumber": "67007",
    "DwellTime": 8.2e-06,
    "EchoTime": 0.00298,
    "FlipAngle": 9,
    "ImageOrientationPatientDICOM": [
      -0.135716,
      0.990748,
      0,
      0,
      0,
      -1
    ],
    "ImageType": [
      "ORIGINAL",
      "PRIMARY",
      "M",
      "ND",
      "NORM"
    ],
    "ImagingFrequency": 123.211,
    "InPlanePhaseEncodingDirectionDICOM": "ROW",
    "InstitutionAddress": "Perth_Drive_100_London_Ontario_CA_N6A_5K8",
    "InstitutionName": "Robarts_Research_Institute",
    "InstitutionalDepartmentName": "CFMM",
    "InversionTime": 0.9,
    "MRAcquisitionType": "3D",
    "MagneticFieldStrength": 3,
    "Manufacturer": "Siemens",
    "ManufacturersModelName": "Prisma_fit",
    "Modality": "MR",
    "PartialFourier": 1,
    "PatientPosition": "HFS",
    "PercentPhaseFOV": 87.5,
    "PhaseEncodingSteps": 223,
    "PhaseResolution": 1,
    "PixelBandwidth": 240,
    "ProcedureStepDescription": "Ansari_Adaptation",
    "ProtocolName": "MPRAGE_SAG_iPAT2",
    "PulseSequenceDetails": "%SiemensSeq%_tfl",
    "ReceiveCoilActiveElements": "HEA;HEP;SP1",
    "ReceiveCoilName": "Spine_32",
    "ReconMatrixPE": 256,
    "RepetitionTime": 2.3,
    "SAR": 0.0777243,
    "ScanOptions": "IR",
    "ScanningSequence": "GR_IR",
    "SequenceName": "_tfl3d1_16ns",
    "SequenceVariant": "SK_SP_MP",
    "SeriesDescription": "MPRAGE_SAG_iPAT2",
    "SeriesNumber": 7,
    "ShimSetting": [
      5265,
      -6233,
      -3867,
      285,
      40,
      -118,
      -79,
      -298
    ],
    "SliceThickness": 1,
    "SoftwareVersions": "syngo_MR_E11",
    "StationName": "MRC35368",
    "TxRefAmp": 226.778,
    "dataset": "ds002116",
    "modality": "T1w",
    "session_id": "01",
    "subject_id": "57"
  },
  "cjv": 0.5193829427885867,
  "cnr": 2.5478265049339117,
  "efc": 0.5843076309869984,
  "fber": 693.9033587293388,
  "fwhm_avg": 3.445563333333333,
  "fwhm_x": 3.37077,
  "fwhm_y": 3.52695,
  "fwhm_z": 3.43897,
  "icvs_csf": 0.1493792514014189,
  "icvs_gm": 0.453806384580912,
  "icvs_wm": 0.3968143640176691,
  "inu_med": 0.7292209267616272,
  "inu_range": 0.3180769979953766,
  "provenance": {
    "md5sum": "621a102c92494bef4ab11209585e02b5",
    "settings": {
      "testing": false
    },
    "software": "mriqc",
    "version": "22.0.6",
    "warnings": {
      "large_rot_frame": true,
      "small_air_mask": false
    },
    "webapi_port": null,
    "webapi_url": "https://mriqc.nimh.nih.gov/api/v1"
  },
  "qi_1": 0.0,
  "qi_2": 0.004094014950711742,
  "rpve_csf": 30.046150676464528,
  "rpve_gm": 10.276040607013627,
  "rpve_wm": 12.842825555987094,
  "size_x": 192,
  "size_y": 224,
  "size_z": 256,
  "snr_csf": 2.946172078753207,
  "snr_gm": 12.51945641907679,
  "snr_total": 9.168197197400747,
  "snr_wm": 12.038963094372246,
  "snrd_csf": 16.116447195628137,
  "snrd_gm": 30.558104075928245,
  "snrd_total": 29.455670168580124,
  "snrd_wm": 41.692459234183985,
  "spacing_x": 1.0,
  "spacing_y": 1.0,
  "spacing_z": 1.0,
  "summary_bg_k": 11.24092101940276,
  "summary_bg_mad": 15.715088480794888,
  "summary_bg_mean": 18.476122463212704,
  "summary_bg_median": 10.599666103720665,
  "summary_bg_n": 2591292.0,
  "summary_bg_p05": 0.0,
  "summary_bg_p95": 67.81823405250907,
  "summary_bg_stdv": 25.69502608189289,
  "summary_csf_k": 4.741775718537449,
  "summary_csf_mad": 123.73207010650543,
  "summary_csf_mean": 398.45294814585213,
  "summary_csf_median": 386.5933776162565,
  "summary_csf_n": 17001.0,
  "summary_csf_p05": 214.47966350615025,
  "summary_csf_p95": 612.0980024710298,
  "summary_csf_stdv": 131.21501303752956,
  "summary_gm_k": 0.0023736482090264133,
  "summary_gm_mad": 58.10702469133418,
  "summary_gm_mean": 732.5551106099236,
  "summary_gm_median": 733.0127120986581,
  "summary_gm_n": 25130.0,
  "summary_gm_p05": 635.7656828498468,
  "summary_gm_p95": 829.5874477103353,
  "summary_gm_stdv": 58.54871833104203,
  "summary_wm_k": 0.427073187675969,
  "summary_wm_mad": 80.61258350333674,
  "summary_wm_mean": 1011.6971102665714,
  "summary_wm_median": 1000.0981258973479,
  "summary_wm_n": 151759.0,
  "summary_wm_p05": 896.882241461426,
  "summary_wm_p95": 1165.0799659006298,
  "summary_wm_stdv": 83.07150898557177,
  "tpm_overlap_csf": 0.14765782793678112,
  "tpm_overlap_gm": 0.44314799977624136,
  "tpm_overlap_wm": 0.4426353346349557,
  "wm2max": 0.4871169749988049
}