{
  "bids_meta": {
    "AcquisitionMatrixPE": 240,
    "AcquisitionNumber": 1,
    "AcquisitionTime": "18:14:30.812500",
    "BaseResolution": 256,
    "BodyPartExamined": "BRAIN",
    "ConsistencyInfo": "N4_VE11C_LATEST_20160120",
    "ConversionSoftware": "dcm2niix",
    "ConversionSoftwareVersion": "v1.0.20181114  Clang4.0.1",
    "DeviceSerialNumber": "67007",
    "DwellTime": 8.2e-06,
    "EchoTime": 0.00298,
    "FlipAngle": 9,
    "ImageOrientationPatientDICOM": [
      0,
      1,
      0,
      -0.0157074,
      0,
      -0.999877
    ],
    "ImageType": [
      "ORIGINAL",
      "PRIMARY",
      "M",
      "ND",
      "NORM"
    ],
    "ImagingFrequency": 123.211,
    "InPlanePhaseEncodingDirectionDICOM": "ROW",
    "InstitutionAddress": "Perth_Drive_100_London_Ontario_CA_N6A_5K8",
    "InstitutionName": "Robarts_Research_Institute",
    "InstitutionalDepartmentName": "CFMM",
    "InversionTime": 0.9,
    "MRAcquisitionType": "3D",
    "MagneticFieldStrength": 3,
    "Manufacturer": "Siemens",
    "ManufacturersModelName": "Prisma_fit",
    "Modality": "MR",
    "PartialFourier": 1,
    "PatientPosition": "HFS",
    "PercentPhaseFOV": 93.75,
    "PhaseEncodingSteps": 247,
    "PhaseOversampling": 0.03,
    "PhaseResolution": 1,
    "PixelBandwidth": 240,
    "ProcedureStepDescription": "Ansari_Adaptation",
    "ProtocolName": "MPRAGE_SAG_iPAT2",
    "PulseSequenceDetails": "%SiemensSeq%_tfl",
    "ReceiveCoilActiveElements": "HEA;HEP",
    "ReceiveCoilName": "Head_32",
    "ReconMatrixPE": 256,
    "RepetitionTime": 2.3,
    "SAR": 0.0714686,
    "ScanOptions": "IR",
    "ScanningSequence": "GR_IR",
    "SequenceName": "_tfl3d1_16ns",
    "SequenceVariant": "SK_SP_MP_OSP",
    "SeriesDescription": "MPRAGE_SAG_iPAT2",
    "SeriesNumber": 6,
    "ShimSetting": [
      5256,
      -6175,
      -3810,
      432,
      175,
      -66,
      81,
      -5
    ],
    "SliceThickness": 1,
    "SoftwareVersions": "syngo_MR_E11",
    "StationName": "MRC35368",
    "TxRefAmp": 213.742,
    "dataset": "ds002116",
    "modality": "T1w",
    "session_id": "01",
    "subject_id": "56"
  },
  "cjv": 0.274126972692442,
  "cnr": 4.837882685503106,
  "efc": 0.5168196108767232,
  "fber": 2735.857993284331,
  "fwhm_avg": 3.7329333333333334,
  "fwhm_x": 3.7874,
  "fwhm_y": 3.85706,
  "fwhm_z": 3.55434,
  "icvs_csf": 0.14607930075984352,
  "icvs_gm": 0.5250427935993911,
  "icvs_wm": 0.32887790564076536,
  "inu_med": 0.49059924483299255,
  "inu_range": 0.1745234578847885,
  "provenance": {
    "md5sum": "09d89faefb651c0110ee0bdec88d8fd9",
    "settings": {
      "testing": false
    },
    "software": "mriqc",
    "version": "22.0.6",
    "warnings": {
      "large_rot_frame": true,
      "small_air_mask": false
    },
    "webapi_port": null,
    "webapi_url": "https://mriqc.nimh.nih.gov/api/v1"
  },
  "qi_1": 3.182555353257014e-06,
  "qi_2": 0.032554958167862406,
  "rpve_csf": 33.16574073288719,
  "rpve_gm": 11.023378921125708,
  "rpve_wm": 18.356700142572894,
  "size_x": 192,
  "size_y": 240,
  "size_z": 256,
  "snr_csf": 2.9495799746183144,
  "snr_gm": 14.733879300919357,
  "snr_total": 13.616400948228183,
  "snr_wm": 23.16574356914688,
  "snrd_csf": 32.59535380132775,
  "snrd_gm": 66.44126477047182,
  "snrd_total": 65.14064680763899,
  "snrd_wm": 96.38532185111741,
  "spacing_x": 1.0,
  "spacing_y": 1.0,
  "spacing_z": 1.0,
  "summary_bg_k": 9.643924130228314,
  "summary_bg_mad": 6.797259404519976,
  "summary_bg_mean": 7.317189081748625,
  "summary_bg_median": 4.584681797772646,
  "summary_bg_n": 3539154.0,
  "summary_bg_p05": 0.0,
  "summary_bg_p95": 24.331775292754173,
  "summary_bg_stdv": 8.454804129139756,
  "summary_csf_k": 1.5027820824514997,
  "summary_csf_mad": 100.00412365734945,
  "summary_csf_mean": 342.89897341746575,
  "summary_csf_median": 338.18770437687635,
  "summary_csf_n": 18047.0,
  "summary_csf_p05": 154.83938727863134,
  "summary_csf_p95": 538.0288898508996,
  "summary_csf_stdv": 114.65304806766768,
  "summary_gm_k": 0.27341860479892555,
  "summary_gm_mad": 45.181783100632785,
  "summary_gm_mean": 689.1428685754851,
  "summary_gm_median": 689.3503578938544,
  "summary_gm_n": 79031.0,
  "summary_gm_p05": 611.9801069013774,
  "summary_gm_p95": 766.0463909748942,
  "summary_gm_stdv": 46.786456067376555,
  "summary_wm_k": 0.728910230153156,
  "summary_wm_mad": 39.983878850117506,
  "summary_wm_mean": 998.9959777478607,
  "summary_wm_median": 1000.0299714840949,
  "summary_wm_n": 183576.0,
  "summary_wm_p05": 926.3079885235056,
  "summary_wm_p95": 1067.6615193113685,
  "summary_wm_stdv": 43.16836387082563,
  "tpm_overlap_csf": 0.13525573613180972,
  "tpm_overlap_gm": 0.48769518121279015,
  "tpm_overlap_wm": 0.5169013760067336,
  "wm2max": 0.5631338271771594
}