{
  "bids_meta": {
    "AcquisitionMatrixPE": 208,
    "AcquisitionNumber": 1,
    "AcquisitionTime": "16:26:52.742500",
    "BaseResolution": 256,
    "BodyPartExamined": "BRAIN",
    "ConsistencyInfo": "N4_VE11C_LATEST_20160120",
    "ConversionSoftware": "dcm2niix",
    "ConversionSoftwareVersion": "v1.0.20181114  Clang4.0.1",
    "DeviceSerialNumber": "67007",
    "DwellTime": 8.2e-06,
    "EchoTime": 0.00298,
    "FlipAngle": 9,
    "ImageOrientationPatientDICOM": [
      0,
      1,
      0,
      0,
      0,
      -1
    ],
    "ImageType": [
      "ORIGINAL",
      "PRIMARY",
      "M",
      "ND",
      "NORM"
    ],
    "ImagingFrequency": 123.211,
    "InPlanePhaseEncodingDirectionDICOM": "ROW",
    "InstitutionAddress": "Perth_Drive_100_London_Ontario_CA_N6A_5K8",
    "InstitutionName": "Robarts_Research_Institute",
    "InstitutionalDepartmentName": "CFMM",
    "InversionTime": 0.9,
    "MRAcquisitionType": "3D",
    "MagneticFieldStrength": 3,
    "Manufacturer": "Siemens",
    "ManufacturersModelName": "Prisma_fit",
    "Modality": "MR",
    "PartialFourier": 1,
    "PatientPosition": "HFS",
    "PercentPhaseFOV": 81.25,
    "PhaseEncodingSteps": 214,
    "PhaseOversampling": 0.03,
    "PhaseResolution": 1,
    "PixelBandwidth": 240,
    "ProcedureStepDescription": "Ansari_Adaptation",
    "ProtocolName": "MPRAGE_SAG_iPAT2",
    "PulseSequenceDetails": "%SiemensSeq%_tfl",
    "ReceiveCoilActiveElements": "HEA;HEP;SP1",
    "ReceiveCoilName": "Spine_32",
    "ReconMatrixPE": 256,
    "RepetitionTime": 2.3,
    "SAR": 0.0774942,
    "ScanOptions": "IR",
    "ScanningSequence": "GR_IR",
    "SequenceName": "_tfl3d1_16ns",
    "SequenceVariant": "SK_SP_MP_OSP",
    "SeriesDescription": "MPRAGE_SAG_iPAT2",
    "SeriesNumber": 8,
    "ShimSetting": [
      5235,
      -6181,
      -3883,
      377,
      72,
      51,
      52,
      3
    ],
    "SliceThickness": 1,
    "SoftwareVersions": "syngo_MR_E11",
    "StationName": "MRC35368",
    "TxRefAmp": 228.072,
    "dataset": "ds002116",
    "modality": "T1w",
    "session_id": "01",
    "subject_id": "29"
  },
  "cjv": 0.3163003531066639,
  "cnr": 4.190599675487732,
  "efc": 0.5645012055392452,
  "fber": 1130.8467822168104,
  "fwhm_avg": 3.428846666666667,
  "fwhm_x": 3.41419,
  "fwhm_y": 3.5705,
  "fwhm_z": 3.30185,
  "icvs_csf": 0.14729509577442768,
  "icvs_gm": 0.5193524757022392,
  "icvs_wm": 0.33335242852333313,
  "inu_med": 0.5510441660881042,
  "inu_range": 0.19405639171600342,
  "provenance": {
    "md5sum": "7af7a8fbd33cbff4587c9b1d033ad1ea",
    "settings": {
      "testing": false
    },
    "software": "mriqc",
    "version": "22.0.6",
    "warnings": {
      "large_rot_frame": true,
      "small_air_mask": false
    },
    "webapi_port": null,
    "webapi_url": "https://mriqc.nimh.nih.gov/api/v1"
  },
  "qi_1": 0.0,
  "qi_2": 0.01896498085131082,
  "rpve_csf": 31.026585285424655,
  "rpve_gm": 10.293263323674832,
  "rpve_wm": 16.610204365810706,
  "size_x": 192,
  "size_y": 208,
  "size_z": 256,
  "snr_csf": 2.225125747822903,
  "snr_gm": 14.406886750159222,
  "snr_total": 12.791924800798363,
  "snr_wm": 21.743761904412963,
  "snrd_csf": 30.293369330534578,
  "snrd_gm": 67.1499179665615,
  "snrd_total": 63.88640122943006,
  "snrd_wm": 94.21591639119411,
  "spacing_x": 1.0,
  "spacing_y": 1.0,
  "spacing_z": 1.0,
  "summary_bg_k": 279.8500896842456,
  "summary_bg_mad": 6.9537640422152265,
  "summary_bg_mean": 9.46175402709406,
  "summary_bg_median": 4.690242571756244,
  "summary_bg_n": 1797686.0,
  "summary_bg_p05": 0.0,
  "summary_bg_p95": 33.52228586561978,
  "summary_bg_stdv": 11.706603672782135,
  "summary_csf_k": 6.8351635925553875,
  "summary_csf_mad": 115.61165984296481,
  "summary_csf_mean": 340.8504681486673,
  "summary_csf_median": 321.54058661404997,
  "summary_csf_n": 14742.0,
  "summary_csf_p05": 134.40710162455215,
  "summary_csf_p95": 585.9594858580268,
  "summary_csf_stdv": 144.49955520396577,
  "summary_gm_k": 0.10954231838379158,
  "summary_gm_mad": 48.71900942459993,
  "summary_gm_mean": 712.4488656302428,
  "summary_gm_median": 712.7442239411175,
  "summary_gm_n": 45913.0,
  "summary_gm_p05": 629.9312293305993,
  "summary_gm_p95": 792.3057006951421,
  "summary_gm_stdv": 49.47192786054457,
  "summary_wm_k": 0.96782629166281,
  "summary_wm_mad": 42.14919554422481,
  "summary_wm_mean": 1000.7120745278472,
  "summary_wm_median": 1000.0287750847638,
  "summary_wm_n": 147520.0,
  "summary_wm_p05": 927.7472453899682,
  "summary_wm_p95": 1077.1444198228419,
  "summary_wm_stdv": 45.99136938707921,
  "tpm_overlap_csf": 0.1493499425638842,
  "tpm_overlap_gm": 0.48166066350981085,
  "tpm_overlap_wm": 0.4803099922412171,
  "wm2max": 0.57986151664303
}