{
  "bids_meta": {
    "AcquisitionMatrixPE": 240,
    "AcquisitionNumber": 1,
    "AcquisitionTime": "18:39:26.255000",
    "BaseResolution": 256,
    "BodyPartExamined": "BRAIN",
    "ConsistencyInfo": "N4_VE11C_LATEST_20160120",
    "ConversionSoftware": "dcm2niix",
    "ConversionSoftwareVersion": "v1.0.20181114  Clang4.0.1",
    "DeviceSerialNumber": "67007",
    "DwellTime": 8.2e-06,
    "EchoTime": 0.00298,
    "FlipAngle": 9,
    "ImageOrientationPatientDICOM": [
      -0.0436194,
      0.999048,
      -6.63538e-08,
      0.027895,
      0.00121786,
      -0.99961
    ],
    "ImageType": [
      "ORIGINAL",
      "PRIMARY",
      "M",
      "ND",
      "NORM"
    ],
    "ImagingFrequency": 123.211,
    "InPlanePhaseEncodingDirectionDICOM": "ROW",
    "InstitutionAddress": "Perth_Drive_100_London_Ontario_CA_N6A_5K8",
    "InstitutionName": "Robarts_Research_Institute",
    "InstitutionalDepartmentName": "CFMM",
    "InversionTime": 0.9,
    "MRAcquisitionType": "3D",
    "MagneticFieldStrength": 3,
    "Manufacturer": "Siemens",
    "ManufacturersModelName": "Prisma_fit",
    "Modality": "MR",
    "PartialFourier": 1,
    "PatientPosition": "HFS",
    "PercentPhaseFOV": 93.75,
    "PhaseEncodingSteps": 247,
    "PhaseOversampling": 0.03,
    "PhaseResolution": 1,
    "PixelBandwidth": 240,
    "ProcedureStepDescription": "Ansari_Adaptation",
    "ProtocolName": "MPRAGE_SAG_iPAT2",
    "PulseSequenceDetails": "%SiemensSeq%_tfl",
    "ReceiveCoilActiveElements": "HEA;HEP",
    "ReceiveCoilName": "Head_32",
    "ReconMatrixPE": 256,
    "RepetitionTime": 2.3,
    "SAR": 0.0672858,
    "ScanOptions": "IR",
    "ScanningSequence": "GR_IR",
    "SequenceName": "_tfl3d1_16ns",
    "SequenceVariant": "SK_SP_MP_OSP",
    "SeriesDescription": "MPRAGE_SAG_iPAT2",
    "SeriesNumber": 30,
    "ShimSetting": [
      5270,
      -6213,
      -3891,
      392,
      30,
      -171,
      -32,
      -18
    ],
    "SliceThickness": 1,
    "SoftwareVersions": "syngo_MR_E11",
    "StationName": "MRC35368",
    "TxRefAmp": 221.938,
    "dataset": "ds002116",
    "modality": "T1w",
    "session_id": "01",
    "subject_id": "05"
  },
  "cjv": 0.3323143513716285,
  "cnr": 3.880004167815192,
  "efc": 0.5398687267795488,
  "fber": 2740.916232803904,
  "fwhm_avg": 3.6527700000000003,
  "fwhm_x": 3.69034,
  "fwhm_y": 3.72279,
  "fwhm_z": 3.54518,
  "icvs_csf": 0.171291459542706,
  "icvs_gm": 0.49128867861466147,
  "icvs_wm": 0.33741986184263256,
  "inu_med": 0.5467802286148071,
  "inu_range": 0.20528466999530792,
  "provenance": {
    "md5sum": "278566bd09b539b51b60b1d7663b70f7",
    "settings": {
      "testing": false
    },
    "software": "mriqc",
    "version": "22.0.6",
    "warnings": {
      "large_rot_frame": true,
      "small_air_mask": false
    },
    "webapi_port": null,
    "webapi_url": "https://mriqc.nimh.nih.gov/api/v1"
  },
  "qi_1": 0.0,
  "qi_2": 0.018468485936625017,
  "rpve_csf": 27.267283390351185,
  "rpve_gm": 10.778632090341004,
  "rpve_wm": 16.743355869065773,
  "size_x": 192,
  "size_y": 240,
  "size_z": 256,
  "snr_csf": 2.864694604112466,
  "snr_gm": 13.985914215830473,
  "snr_total": 12.231639233520946,
  "snr_wm": 19.844308880619902,
  "snrd_csf": 23.098651953152434,
  "snrd_gm": 47.990525913122845,
  "snrd_total": 45.98578249480341,
  "snrd_wm": 66.86816961813497,
  "spacing_x": 1.0,
  "spacing_y": 1.0,
  "spacing_z": 1.0,
  "summary_bg_k": 1002.5916989209159,
  "summary_bg_mad": 9.79780906587712,
  "summary_bg_mean": 9.899669934238908,
  "summary_bg_median": 6.608521789312363,
  "summary_bg_n": 3467715.0,
  "summary_bg_p05": 0.0,
  "summary_bg_p95": 32.19733290374279,
  "summary_bg_stdv": 11.025722030633771,
  "summary_csf_k": 1.3227110244558693,
  "summary_csf_mad": 105.2125194457851,
  "summary_csf_mean": 350.1805044540752,
  "summary_csf_median": 345.4489500448108,
  "summary_csf_n": 24823.0,
  "summary_csf_p05": 155.53079187870026,
  "summary_csf_p95": 555.9687906727188,
  "summary_csf_stdv": 120.58597493619779,
  "summary_gm_k": 0.2213031657821185,
  "summary_gm_mad": 49.957433434733915,
  "summary_gm_mean": 717.2118068951874,
  "summary_gm_median": 717.7162036299706,
  "summary_gm_n": 41623.0,
  "summary_gm_p05": 632.0743718370795,
  "summary_gm_p95": 800.7799434922636,
  "summary_gm_stdv": 51.31645817875176,
  "summary_wm_k": 1.7952792149446868,
  "summary_wm_mad": 43.8622847716592,
  "summary_wm_mean": 1003.0090645710458,
  "summary_wm_median": 1000.0384019315243,
  "summary_wm_n": 184562.0,
  "summary_wm_p05": 926.8451809510589,
  "summary_wm_p95": 1089.0997595340014,
  "summary_wm_stdv": 50.39408017296797,
  "tpm_overlap_csf": 0.15418791617133654,
  "tpm_overlap_gm": 0.4761401087343279,
  "tpm_overlap_wm": 0.4876367974270041,
  "wm2max": 0.4506641491483572
}