{
  "bids_meta": {
    "AcquisitionMatrixPE": 232,
    "AcquisitionNumber": 1,
    "AcquisitionTime": "18:22:11.955000",
    "BaseResolution": 256,
    "BodyPartExamined": "BRAIN",
    "ConsistencyInfo": "N4_VE11C_LATEST_20160120",
    "ConversionSoftware": "dcm2niix",
    "ConversionSoftwareVersion": "v1.0.20181114  Clang4.0.1",
    "DeviceSerialNumber": "67007",
    "DwellTime": 8.2e-06,
    "EchoTime": 0.00298,
    "FlipAngle": 9,
    "ImageOrientationPatientDICOM": [
      0,
      1,
      0,
      0,
      0,
      -1
    ],
    "ImageType": [
      "ORIGINAL",
      "PRIMARY",
      "M",
      "ND",
      "NORM"
    ],
    "ImagingFrequency": 123.211,
    "InPlanePhaseEncodingDirectionDICOM": "ROW",
    "InstitutionAddress": "Perth_Drive_100_London_Ontario_CA_N6A_5K8",
    "InstitutionName": "Robarts_Research_Institute",
    "InstitutionalDepartmentName": "CFMM",
    "InversionTime": 0.9,
    "MRAcquisitionType": "3D",
    "MagneticFieldStrength": 3,
    "Manufacturer": "Siemens",
    "ManufacturersModelName": "Prisma_fit",
    "Modality": "MR",
    "PartialFourier": 1,
    "PatientPosition": "HFS",
    "PercentPhaseFOV": 90.625,
    "PhaseEncodingSteps": 231,
    "PhaseResolution": 1,
    "PixelBandwidth": 240,
    "ProcedureStepDescription": "Ansari_Adaptation",
    "ProtocolName": "MPRAGE_SAG_iPAT2",
    "PulseSequenceDetails": "%SiemensSeq%_tfl",
    "ReceiveCoilActiveElements": "HEA;HEP",
    "ReceiveCoilName": "Head_32",
    "ReconMatrixPE": 256,
    "RepetitionTime": 2.3,
    "SAR": 0.0846482,
    "ScanOptions": "IR",
    "ScanningSequence": "GR_IR",
    "SequenceName": "_tfl3d1_16ns",
    "SequenceVariant": "SK_SP_MP",
    "SeriesDescription": "MPRAGE_SAG_iPAT2",
    "SeriesNumber": 10,
    "ShimSetting": [
      5229,
      -6155,
      -3915,
      432,
      -86,
      -140,
      39,
      17
    ],
    "SliceThickness": 1,
    "SoftwareVersions": "syngo_MR_E11",
    "StationName": "MRC35368",
    "TxRefAmp": 227.802,
    "dataset": "ds002116",
    "modality": "T1w",
    "session_id": "01",
    "subject_id": "50"
  },
  "cjv": 0.2906607795527912,
  "cnr": 4.533273394433851,
  "efc": 0.5632941549394362,
  "fber": 3089.236651211224,
  "fwhm_avg": 3.6031033333333333,
  "fwhm_x": 3.57789,
  "fwhm_y": 3.8453,
  "fwhm_z": 3.38612,
  "icvs_csf": 0.1320075572183823,
  "icvs_gm": 0.5349649657999537,
  "icvs_wm": 0.3330274769816641,
  "inu_med": 0.4858446419239044,
  "inu_range": 0.16480176746845243,
  "provenance": {
    "md5sum": "8dbbb1aa243b3b4c0c2680d9b0d83a33",
    "settings": {
      "testing": false
    },
    "software": "mriqc",
    "version": "22.0.6",
    "warnings": {
      "large_rot_frame": true,
      "small_air_mask": false
    },
    "webapi_port": null,
    "webapi_url": "https://mriqc.nimh.nih.gov/api/v1"
  },
  "qi_1": 0.0,
  "qi_2": 0.031349255337787485,
  "rpve_csf": 36.05811018716305,
  "rpve_gm": 10.81181729954201,
  "rpve_wm": 17.785103414906953,
  "size_x": 192,
  "size_y": 232,
  "size_z": 256,
  "snr_csf": 2.8379958154579823,
  "snr_gm": 15.92472055600948,
  "snr_total": 14.010853121409712,
  "snr_wm": 23.26984299276167,
  "snrd_csf": 32.1330616135022,
  "snrd_gm": 68.59330133162392,
  "snrd_total": 65.49466648111473,
  "snrd_wm": 95.75763649821806,
  "spacing_x": 1.0,
  "spacing_y": 1.0,
  "spacing_z": 1.0,
  "summary_bg_k": 3.020910605085117,
  "summary_bg_mad": 6.841609927347839,
  "summary_bg_mean": 5.599947583177622,
  "summary_bg_median": 4.6145957708358765,
  "summary_bg_n": 2350308.0,
  "summary_bg_p05": 0.0,
  "summary_bg_p95": 18.424200892448425,
  "summary_bg_stdv": 6.765160469936497,
  "summary_csf_k": 1.7399998503736187,
  "summary_csf_mad": 92.23503753905975,
  "summary_csf_mean": 353.0782006022446,
  "summary_csf_median": 335.5665680170059,
  "summary_csf_n": 14712.0,
  "summary_csf_p05": 176.44846940040588,
  "summary_csf_p95": 577.2278212070463,
  "summary_csf_stdv": 118.23666598677495,
  "summary_gm_k": 0.2336536448945017,
  "summary_gm_mad": 43.27951761448188,
  "summary_gm_mean": 717.3870876019531,
  "summary_gm_median": 716.3219923973083,
  "summary_gm_n": 84425.0,
  "summary_gm_p05": 644.8470312356949,
  "summary_gm_p95": 793.6762903928757,
  "summary_gm_stdv": 44.981495751104625,
  "summary_wm_k": 0.6738398277993167,
  "summary_wm_mad": 39.17455165807318,
  "summary_wm_mean": 998.9804995937099,
  "summary_wm_median": 999.999994635582,
  "summary_wm_n": 176353.0,
  "summary_wm_p05": 926.3031910657883,
  "summary_wm_p95": 1067.885825753212,
  "summary_wm_stdv": 42.97395387326424,
  "tpm_overlap_csf": 0.16015641152967658,
  "tpm_overlap_gm": 0.4891278865887222,
  "tpm_overlap_wm": 0.5041052955089822,
  "wm2max": 0.4935886620550025
}