{
  "aor": 0.002535906735751295,
  "aqi": 0.010335375958549222,
  "bids_meta": {
    "AcquisitionMatrixPE": 84,
    "AcquisitionNumber": 1,
    "AcquisitionTime": "16:05:3.502500",
    "BandwidthPerPixelPhaseEncode": 15.664,
    "BaseResolution": 84,
    "BodyPartExamined": "BRAIN",
    "ConsistencyInfo": "N4_VE11C_LATEST_20160120",
    "ConversionSoftware": "dcm2niix",
    "ConversionSoftwareVersion": "v1.0.20181114  Clang4.0.1",
    "DerivedVendorReportedEchoSpacing": 0.000760008,
    "DeviceSerialNumber": "67007",
    "DwellTime": 3.8e-06,
    "EchoTime": 0.03,
    "EchoTrainLength": 74,
    "EffectiveEchoSpacing": 0.000760008,
    "FlipAngle": 40,
    "ImageComments": "Unaliased_MB4_PE3",
    "ImageOrientationPatientDICOM": [
      1,
      0,
      0,
      0,
      0.992546,
      -0.121869
    ],
    "ImageType": [
      "ORIGINAL",
      "PRIMARY",
      "M",
      "MB",
      "ND",
      "NORM",
      "MOSAIC"
    ],
    "ImagingFrequency": 123.211,
    "InPlanePhaseEncodingDirectionDICOM": "COL",
    "InstitutionAddress": "Perth_Drive_100_London_Ontario_CA_N6A_5K8",
    "InstitutionName": "Robarts_Research_Institute",
    "InstitutionalDepartmentName": "CFMM",
    "MRAcquisitionType": "2D",
    "MagneticFieldStrength": 3,
    "Manufacturer": "Siemens",
    "ManufacturersModelName": "Prisma_fit",
    "Modality": "MR",
    "MultibandAccelerationFactor": 4,
    "PartialFourier": 0.875,
    "PatientPosition": "HFS",
    "PercentPhaseFOV": 100,
    "PhaseEncodingDirection": "j-",
    "PhaseEncodingSteps": 74,
    "PhaseResolution": 1,
    "PixelBandwidth": 1565,
    "ProcedureStepDescription": "Ansari_Adaptation",
    "ProtocolName": "ep_bold_mb4_adaptation_2",
    "PulseSequenceDetails": "%CustomerSeq%_cmrr_mbep2d_bold",
    "ReceiveCoilActiveElements": "HEA;HEP",
    "ReceiveCoilName": "Head_32",
    "ReconMatrixPE": 84,
    "RepetitionTime": 1,
    "SAR": 0.0636335,
    "ScanOptions": "PFP_FS",
    "ScanningSequence": "EP",
    "SequenceName": "epfid2d1_84",
    "SequenceVariant": "SK_SS",
    "SeriesDescription": "ep_bold_mb4_adaptation_2",
    "SeriesNumber": 5,
    "ShimSetting": [
      5260,
      -6245,
      -3937,
      485,
      100,
      164,
      154,
      23
    ],
    "SliceThickness": 2.5,
    "SliceTiming": [
      0,
      0.41,
      0.8175,
      0.245,
      0.655,
      0.0825,
      0.49,
      0.8975,
      0.3275,
      0.735,
      0.165,
      0.5725,
      0,
      0.41,
      0.8175,
      0.245,
      0.655,
      0.0825,
      0.49,
      0.8975,
      0.3275,
      0.735,
      0.165,
      0.5725,
      0,
      0.41,
      0.8175,
      0.245,
      0.655,
      0.0825,
      0.49,
      0.8975,
      0.3275,
      0.735,
      0.165,
      0.5725,
      0,
      0.41,
      0.8175,
      0.245,
      0.655,
      0.0825,
      0.49,
      0.8975,
      0.3275,
      0.735,
      0.165,
      0.5725
    ],
    "SoftwareVersions": "syngo_MR_E11",
    "SpacingBetweenSlices": 2.5,
    "StationName": "MRC35368",
    "TaskName": "Adaptation",
    "TotalReadoutTime": 0.0630806,
    "TxRefAmp": 228.817,
    "WipMemBlock": "308428df-8ac1-4eab-823e-e4d4a32cb520||Sequence: R016 ve11c/master r/e634e98; Dec 19 2017 11:00:25 by eja",
    "dataset": "ds002116",
    "modality": "bold",
    "run_id": 2,
    "session_id": "01",
    "subject_id": "46",
    "task_id": "Adaptation"
  },
  "dummy_trs": 0,
  "dvars_nstd": 25.75377713976622,
  "dvars_std": 1.1650738610129878,
  "dvars_vstd": 1.035425045766233,
  "efc": 0.5331912576093444,
  "fber": 7256.4326171875,
  "fd_mean": 0.22666868877371302,
  "fd_num": 188,
  "fd_perc": 48.704663212435236,
  "fwhm_avg": 2.107004832541362,
  "fwhm_x": 1.91124223758836,
  "fwhm_y": 2.3478362600357254,
  "fwhm_z": 2.061936,
  "gcor": 0.026068,
  "gsr_x": -0.014065826311707497,
  "gsr_y": 0.046844519674777985,
  "provenance": {
    "md5sum": "f87b68f3ccae8ecaaf9a64f7109d231f",
    "settings": {
      "fd_thres": 0.2,
      "testing": false
    },
    "software": "mriqc",
    "version": "22.0.6",
    "webapi_port": null,
    "webapi_url": "https://mriqc.nimh.nih.gov/api/v1"
  },
  "size_t": 386,
  "size_x": 84,
  "size_y": 84,
  "size_z": 48,
  "snr": 5.09141264075165,
  "spacing_tr": 1.0,
  "spacing_x": 2.4761905670166016,
  "spacing_y": 2.4761905670166016,
  "spacing_z": 2.5,
  "summary_bg_k": 48.0352567972454,
  "summary_bg_mad": 1.83940396030925,
  "summary_bg_mean": 7.6216020584106445,
  "summary_bg_median": 2.7318389415740967,
  "summary_bg_n": 200238.0,
  "summary_bg_p05": 1.0519598186016084,
  "summary_bg_p95": 31.003295230865458,
  "summary_bg_stdv": 15.019477844238281,
  "summary_fg_k": 3.7303496010476405,
  "summary_fg_mad": 42.19016356804454,
  "summary_fg_mean": 246.4731903076172,
  "summary_fg_median": 240.47129821777344,
  "summary_fg_n": 80555.0,
  "summary_fg_p05": 185.4062240600586,
  "summary_fg_p95": 323.4536102294922,
  "summary_fg_stdv": 47.23046875,
  "tsnr": 52.104957580566406
}