{
  "aor": 0.001871324675324675,
  "aqi": 0.009137632545454546,
  "bids_meta": {
    "AcquisitionMatrixPE": 84,
    "AcquisitionNumber": 1,
    "AcquisitionTime": "16:54:7.635000",
    "BandwidthPerPixelPhaseEncode": 15.664,
    "BaseResolution": 84,
    "BodyPartExamined": "BRAIN",
    "ConsistencyInfo": "N4_VE11C_LATEST_20160120",
    "ConversionSoftware": "dcm2niix",
    "ConversionSoftwareVersion": "v1.0.20181114  Clang4.0.1",
    "DerivedVendorReportedEchoSpacing": 0.000760008,
    "DeviceSerialNumber": "67007",
    "DwellTime": 3.8e-06,
    "EchoTime": 0.03,
    "EchoTrainLength": 74,
    "EffectiveEchoSpacing": 0.000760008,
    "FlipAngle": 40,
    "ImageComments": "Unaliased_MB4_PE3",
    "ImageOrientationPatientDICOM": [
      0.999098,
      -0.0149535,
      -0.0397423,
      1.47697e-09,
      0.93594,
      -0.352159
    ],
    "ImageType": [
      "ORIGINAL",
      "PRIMARY",
      "M",
      "MB",
      "ND",
      "NORM",
      "MOSAIC"
    ],
    "ImagingFrequency": 123.211,
    "InPlanePhaseEncodingDirectionDICOM": "COL",
    "InstitutionAddress": "Perth_Drive_100_London_Ontario_CA_N6A_5K8",
    "InstitutionName": "Robarts_Research_Institute",
    "InstitutionalDepartmentName": "CFMM",
    "MRAcquisitionType": "2D",
    "MagneticFieldStrength": 3,
    "Manufacturer": "Siemens",
    "ManufacturersModelName": "Prisma_fit",
    "Modality": "MR",
    "MultibandAccelerationFactor": 4,
    "PartialFourier": 0.875,
    "PatientPosition": "HFS",
    "PercentPhaseFOV": 100,
    "PhaseEncodingDirection": "j-",
    "PhaseEncodingSteps": 74,
    "PhaseResolution": 1,
    "PixelBandwidth": 1565,
    "ProcedureStepDescription": "Ansari_Adaptation",
    "ProtocolName": "ep_bold_mb4_adaptation_2",
    "PulseSequenceDetails": "%CustomerSeq%_cmrr_mbep2d_bold",
    "ReceiveCoilActiveElements": "HEA;HEP",
    "ReceiveCoilName": "Head_32",
    "ReconMatrixPE": 84,
    "RepetitionTime": 1,
    "SAR": 0.066489,
    "ScanOptions": "PFP_FS",
    "ScanningSequence": "EP",
    "SequenceName": "epfid2d1_84",
    "SequenceVariant": "SK_SS",
    "SeriesDescription": "ep_bold_mb4_adaptation_2",
    "SeriesNumber": 4,
    "ShimSetting": [
      5226,
      -6172,
      -3934,
      607,
      -95,
      143,
      73,
      -1
    ],
    "SliceThickness": 2.5,
    "SliceTiming": [
      0,
      0.4075,
      0.815,
      0.245,
      0.6525,
      0.08,
      0.49,
      0.8975,
      0.325,
      0.735,
      0.1625,
      0.57,
      0,
      0.4075,
      0.815,
      0.245,
      0.6525,
      0.08,
      0.49,
      0.8975,
      0.325,
      0.735,
      0.1625,
      0.57,
      0,
      0.4075,
      0.815,
      0.245,
      0.6525,
      0.08,
      0.49,
      0.8975,
      0.325,
      0.735,
      0.1625,
      0.57,
      0,
      0.4075,
      0.815,
      0.245,
      0.6525,
      0.08,
      0.49,
      0.8975,
      0.325,
      0.735,
      0.1625,
      0.57
    ],
    "SoftwareVersions": "syngo_MR_E11",
    "SpacingBetweenSlices": 2.5,
    "StationName": "MRC35368",
    "TaskName": "Adaptation",
    "TotalReadoutTime": 0.0630806,
    "TxRefAmp": 226.717,
    "WipMemBlock": "4c8c4efc-59ee-4aae-897d-6b5f236a9ae2||Sequence: R016 ve11c/master r/e634e98; Dec 19 2017 11:00:25 by eja",
    "dataset": "ds002116",
    "modality": "bold",
    "run_id": 2,
    "session_id": "01",
    "subject_id": "11",
    "task_id": "Adaptation"
  },
  "dummy_trs": 1,
  "dvars_nstd": 24.16553290679688,
  "dvars_std": 1.149710982239583,
  "dvars_vstd": 1.0039682176041667,
  "efc": 0.5093887098121058,
  "fber": 7399.3388671875,
  "fd_mean": 0.1251587074490794,
  "fd_num": 33,
  "fd_perc": 8.571428571428571,
  "fwhm_avg": 1.9496476091484443,
  "fwhm_x": 1.8496960859997056,
  "fwhm_y": 2.093174923222801,
  "fwhm_z": 1.9060718182228262,
  "gcor": 0.00873322,
  "gsr_x": -0.012864588759839535,
  "gsr_y": 0.021171316504478455,
  "provenance": {
    "md5sum": "04f6fa3768656db2238d8fc3bae7efd0",
    "settings": {
      "fd_thres": 0.2,
      "testing": false
    },
    "software": "mriqc",
    "version": "22.0.6",
    "webapi_port": null,
    "webapi_url": "https://mriqc.nimh.nih.gov/api/v1"
  },
  "size_t": 385,
  "size_x": 84,
  "size_y": 84,
  "size_z": 48,
  "snr": 5.694315083911824,
  "spacing_tr": 1.0,
  "spacing_x": 2.4761905670166016,
  "spacing_y": 2.4761905670166016,
  "spacing_z": 2.500000238418579,
  "summary_bg_k": 29.947763172587592,
  "summary_bg_mad": 1.8996572628025645,
  "summary_bg_mean": 9.459972381591797,
  "summary_bg_median": 2.8893563747406006,
  "summary_bg_n": 211587.0,
  "summary_bg_p05": 1.132735824584961,
  "summary_bg_p95": 37.95501594543456,
  "summary_bg_stdv": 20.064233779907227,
  "summary_fg_k": 3.9651760626092694,
  "summary_fg_mad": 40.96489472715584,
  "summary_fg_mean": 260.2312927246094,
  "summary_fg_median": 256.1472473144531,
  "summary_fg_n": 68835.0,
  "summary_fg_p05": 200.0647232055664,
  "summary_fg_p95": 332.43507995605466,
  "summary_fg_stdv": 44.98265075683594,
  "tsnr": 58.566741943359375
}