{
  "bids_meta": {
    "AcquisitionMatrixPE": 240,
    "AcquisitionNumber": 1,
    "AcquisitionTime": "17:38:46.535000",
    "BaseResolution": 256,
    "BodyPartExamined": "BRAIN",
    "ConsistencyInfo": "N4_VE11C_LATEST_20160120",
    "ConversionSoftware": "dcm2niix",
    "ConversionSoftwareVersion": "v1.0.20181114  Clang4.0.1",
    "DeviceSerialNumber": "67007",
    "DwellTime": 8.2e-06,
    "EchoTime": 0.00298,
    "FlipAngle": 9,
    "ImageOrientationPatientDICOM": [
      -0.0244322,
      0.999701,
      4.63618e-08,
      -0.0296574,
      -0.000724765,
      -0.99956
    ],
    "ImageType": [
      "ORIGINAL",
      "PRIMARY",
      "M",
      "ND",
      "NORM"
    ],
    "ImagingFrequency": 123.211,
    "InPlanePhaseEncodingDirectionDICOM": "ROW",
    "InstitutionAddress": "Perth_Drive_100_London_Ontario_CA_N6A_5K8",
    "InstitutionName": "Robarts",
    "InstitutionalDepartmentName": "CFMM",
    "InversionTime": 0.9,
    "MRAcquisitionType": "3D",
    "MagneticFieldStrength": 3,
    "Manufacturer": "Siemens",
    "ManufacturersModelName": "Prisma_fit",
    "Modality": "MR",
    "PartialFourier": 1,
    "PatientPosition": "HFS",
    "PercentPhaseFOV": 93.75,
    "PhaseEncodingSteps": 247,
    "PhaseOversampling": 0.03,
    "PhaseResolution": 1,
    "PixelBandwidth": 240,
    "ProcedureStepDescription": "Ansari_Adaptation",
    "ProtocolName": "MPRAGE_SAG_iPAT2",
    "PulseSequenceDetails": "%SiemensSeq%_tfl",
    "ReceiveCoilActiveElements": "HEA;HEP",
    "ReceiveCoilName": "Head_32",
    "ReconMatrixPE": 256,
    "RepetitionTime": 2.3,
    "SAR": 0.0604984,
    "ScanOptions": "IR",
    "ScanningSequence": "GR_IR",
    "SequenceName": "_tfl3d1_16ns",
    "SequenceVariant": "SK_SP_MP_OSP",
    "SeriesDescription": "MPRAGE_SAG_iPAT2",
    "SeriesNumber": 10,
    "ShimSetting": [
      5244,
      -6228,
      -3842,
      328,
      121,
      -83,
      133,
      -14
    ],
    "SliceThickness": 1,
    "SoftwareVersions": "syngo_MR_E11",
    "StationName": "MRC35368",
    "TxRefAmp": 221.399,
    "dataset": "ds002116",
    "modality": "T1w",
    "session_id": "01",
    "subject_id": "32"
  },
  "cjv": 0.29711786568305687,
  "cnr": 4.4590048287958615,
  "efc": 0.5278308986913626,
  "fber": 3903.9510072594267,
  "fwhm_avg": 3.8057366666666668,
  "fwhm_x": 3.86658,
  "fwhm_y": 3.96647,
  "fwhm_z": 3.58416,
  "icvs_csf": 0.1954757440624717,
  "icvs_gm": 0.498692813811608,
  "icvs_wm": 0.3058314421259203,
  "inu_med": 0.5451352298259735,
  "inu_range": 0.20816647261381144,
  "provenance": {
    "md5sum": "829d0b1725b95df8f6061b08e2a96570",
    "settings": {
      "testing": false
    },
    "software": "mriqc",
    "version": "22.0.6",
    "warnings": {
      "large_rot_frame": true,
      "small_air_mask": false
    },
    "webapi_port": null,
    "webapi_url": "https://mriqc.nimh.nih.gov/api/v1"
  },
  "qi_1": 0.0,
  "qi_2": 0.018526437858072422,
  "rpve_csf": 25.853471695450455,
  "rpve_gm": 11.146743713465545,
  "rpve_wm": 18.807380818988698,
  "size_x": 192,
  "size_y": 240,
  "size_z": 256,
  "snr_csf": 2.6711342444407604,
  "snr_gm": 15.655521271772066,
  "snr_total": 13.835598606442867,
  "snr_wm": 23.180140303115774,
  "snrd_csf": 20.36576236287711,
  "snrd_gm": 52.87211445621969,
  "snrd_total": 48.97720668582233,
  "snrd_wm": 73.69374323837022,
  "spacing_x": 1.0,
  "spacing_y": 1.0,
  "spacing_z": 1.0,
  "summary_bg_k": 1.9150588309036518,
  "summary_bg_mad": 8.890323727133419,
  "summary_bg_mean": 6.5865000444336586,
  "summary_bg_median": 5.996432229876518,
  "summary_bg_n": 3515736.0,
  "summary_bg_p05": 0.0,
  "summary_bg_p95": 22.126075886189938,
  "summary_bg_stdv": 7.337450770625853,
  "summary_csf_k": 1.79655270802943,
  "summary_csf_mad": 91.26648788234435,
  "summary_csf_mean": 296.46495875271523,
  "summary_csf_median": 276.36721201241016,
  "summary_csf_n": 41969.0,
  "summary_csf_p05": 164.86393421888351,
  "summary_csf_p95": 496.83097671717405,
  "summary_csf_stdv": 103.463133705064,
  "summary_gm_k": 0.31025038874419053,
  "summary_gm_mad": 43.663868431997045,
  "summary_gm_mean": 717.2123911434791,
  "summary_gm_median": 717.4845019355416,
  "summary_gm_n": 59312.0,
  "summary_gm_p05": 640.9730628505349,
  "summary_gm_p95": 792.2121921926737,
  "summary_gm_stdv": 45.82910023004423,
  "summary_wm_k": 0.5053935420052191,
  "summary_wm_mad": 40.28779613055398,
  "summary_wm_mean": 998.5463378162325,
  "summary_wm_median": 1000.037906691432,
  "summary_wm_n": 165472.0,
  "summary_wm_p05": 924.2475575581193,
  "summary_wm_p95": 1066.4920385554433,
  "summary_wm_stdv": 43.14188231115459,
  "tpm_overlap_csf": 0.14448154590021475,
  "tpm_overlap_gm": 0.47274641996555766,
  "tpm_overlap_wm": 0.4757881408709376,
  "wm2max": 0.45295149035651666
}