{
  "aor": 0.00272979274611399,
  "aqi": 0.006180211683937823,
  "bids_meta": {
    "AcquisitionMatrixPE": 84,
    "AcquisitionNumber": 1,
    "AcquisitionTime": "15:05:3.302500",
    "BandwidthPerPixelPhaseEncode": 15.664,
    "BaseResolution": 84,
    "BodyPartExamined": "BRAIN",
    "ConsistencyInfo": "N4_VE11C_LATEST_20160120",
    "ConversionSoftware": "dcm2niix",
    "ConversionSoftwareVersion": "v1.0.20181114  Clang4.0.1",
    "DerivedVendorReportedEchoSpacing": 0.000760008,
    "DeviceSerialNumber": "67007",
    "DwellTime": 3.8e-06,
    "EchoTime": 0.03,
    "EchoTrainLength": 74,
    "EffectiveEchoSpacing": 0.000760008,
    "FlipAngle": 40,
    "ImageComments": "Unaliased_MB4_PE3",
    "ImageOrientationPatientDICOM": [
      1,
      0,
      0,
      0,
      0.965473,
      -0.260505
    ],
    "ImageType": [
      "ORIGINAL",
      "PRIMARY",
      "M",
      "MB",
      "ND",
      "NORM",
      "MOSAIC"
    ],
    "ImagingFrequency": 123.22,
    "InPlanePhaseEncodingDirectionDICOM": "COL",
    "InstitutionAddress": "Perth_Drive_100_London_Ontario_CA_N6A_5K8",
    "InstitutionName": "Robarts_Research_Institute",
    "InstitutionalDepartmentName": "CFMM",
    "MRAcquisitionType": "2D",
    "MagneticFieldStrength": 3,
    "Manufacturer": "Siemens",
    "ManufacturersModelName": "Prisma_fit",
    "Modality": "MR",
    "MultibandAccelerationFactor": 4,
    "PartialFourier": 0.875,
    "PatientPosition": "HFS",
    "PercentPhaseFOV": 100,
    "PhaseEncodingDirection": "j-",
    "PhaseEncodingSteps": 74,
    "PhaseResolution": 1,
    "PixelBandwidth": 1565,
    "ProcedureStepDescription": "Ansari_Adaptation",
    "ProtocolName": "ep_bold_mb4_adaptation_3",
    "PulseSequenceDetails": "%CustomerSeq%_cmrr_mbep2d_bold",
    "ReceiveCoilActiveElements": "HEA;HEP",
    "ReceiveCoilName": "Head_32",
    "ReconMatrixPE": 84,
    "RepetitionTime": 1,
    "SAR": 0.0729109,
    "ScanOptions": "PFP_FS",
    "ScanningSequence": "EP",
    "SequenceName": "epfid2d1_84",
    "SequenceVariant": "SK_SS",
    "SeriesDescription": "ep_bold_mb4_adaptation_3",
    "SeriesNumber": 6,
    "ShimSetting": [
      5197,
      -6368,
      -4009,
      211,
      125,
      554,
      -13,
      -43
    ],
    "SliceThickness": 2.5,
    "SliceTiming": [
      0,
      0.41,
      0.8175,
      0.245,
      0.655,
      0.0825,
      0.49,
      0.9,
      0.3275,
      0.735,
      0.165,
      0.5725,
      0,
      0.41,
      0.8175,
      0.245,
      0.655,
      0.0825,
      0.49,
      0.9,
      0.3275,
      0.735,
      0.165,
      0.5725,
      0,
      0.41,
      0.8175,
      0.245,
      0.655,
      0.0825,
      0.49,
      0.9,
      0.3275,
      0.735,
      0.165,
      0.5725,
      0,
      0.41,
      0.8175,
      0.245,
      0.655,
      0.0825,
      0.49,
      0.9,
      0.3275,
      0.735,
      0.165,
      0.5725
    ],
    "SoftwareVersions": "syngo_MR_E11",
    "SpacingBetweenSlices": 2.5,
    "StationName": "MRC35368",
    "TaskName": "Adaptation",
    "TotalReadoutTime": 0.0630806,
    "TxRefAmp": 232.9,
    "WipMemBlock": "e76a0de5-9a7f-4d68-9347-bd5273ebc001||Sequence: R016 ve11c/master r/e634e98; Dec 19 2017 11:00:25 by eja",
    "dataset": "ds002116",
    "modality": "bold",
    "run_id": 3,
    "session_id": "01",
    "subject_id": "61",
    "task_id": "Adaptation"
  },
  "dummy_trs": 0,
  "dvars_nstd": 27.112078248,
  "dvars_std": 1.2603188176883124,
  "dvars_vstd": 1.0396845847272718,
  "efc": 0.535634767213985,
  "fber": 6889.73486328125,
  "fd_mean": 0.08915825648792872,
  "fd_num": 8,
  "fd_perc": 2.0725388601036268,
  "fwhm_avg": 1.9523022088858453,
  "fwhm_x": 1.7679091659227089,
  "fwhm_y": 2.1190614607348275,
  "fwhm_z": 1.969936,
  "gcor": 0.0128153,
  "gsr_x": -0.02137918397784233,
  "gsr_y": 0.04183492809534073,
  "provenance": {
    "md5sum": "1406388bc5d9b9187bb86bf2eae8b956",
    "settings": {
      "fd_thres": 0.2,
      "testing": false
    },
    "software": "mriqc",
    "version": "22.0.6",
    "webapi_port": null,
    "webapi_url": "https://mriqc.nimh.nih.gov/api/v1"
  },
  "size_t": 386,
  "size_x": 84,
  "size_y": 84,
  "size_z": 48,
  "snr": 5.227125401938271,
  "spacing_tr": 1.0,
  "spacing_x": 2.4761905670166016,
  "spacing_y": 2.4761905670166016,
  "spacing_z": 2.5,
  "summary_bg_k": 26.83166430572617,
  "summary_bg_mad": 1.9101390910715457,
  "summary_bg_mean": 9.94603443145752,
  "summary_bg_median": 2.9950461387634277,
  "summary_bg_n": 201522.0,
  "summary_bg_p05": 1.1387603640556336,
  "summary_bg_p95": 41.70557918548581,
  "summary_bg_stdv": 20.109485626220703,
  "summary_fg_k": 3.6079831498075965,
  "summary_fg_mad": 43.348469173966556,
  "summary_fg_mean": 262.9231262207031,
  "summary_fg_median": 257.15606689453125,
  "summary_fg_n": 78765.0,
  "summary_fg_p05": 198.87619323730468,
  "summary_fg_p95": 344.74468383789065,
  "summary_fg_stdv": 49.19614791870117,
  "tsnr": 63.66478729248047
}