{
  "bids_meta": {
    "AcquisitionMatrixPE": 216,
    "AcquisitionNumber": 1,
    "AcquisitionTime": "19:16:12.567500",
    "BaseResolution": 256,
    "BodyPartExamined": "BRAIN",
    "ConsistencyInfo": "N4_VE11C_LATEST_20160120",
    "ConversionSoftware": "dcm2niix",
    "ConversionSoftwareVersion": "v1.0.20181114  Clang4.0.1",
    "DeviceSerialNumber": "67007",
    "DwellTime": 8.2e-06,
    "EchoTime": 0.00298,
    "FlipAngle": 9,
    "ImageOrientationPatientDICOM": [
      0,
      1,
      0,
      0.00523601,
      0,
      -0.999986
    ],
    "ImageType": [
      "ORIGINAL",
      "PRIMARY",
      "M",
      "ND",
      "NORM"
    ],
    "ImagingFrequency": 123.211,
    "InPlanePhaseEncodingDirectionDICOM": "ROW",
    "InstitutionAddress": "Perth_Drive_100_London_Ontario_CA_N6A_5K8",
    "InstitutionName": "Robarts_Research_Institute",
    "InstitutionalDepartmentName": "CFMM",
    "InversionTime": 0.9,
    "MRAcquisitionType": "3D",
    "MagneticFieldStrength": 3,
    "Manufacturer": "Siemens",
    "ManufacturersModelName": "Prisma_fit",
    "Modality": "MR",
    "PartialFourier": 1,
    "PatientPosition": "HFS",
    "PercentPhaseFOV": 84.375,
    "PhaseEncodingSteps": 222,
    "PhaseOversampling": 0.03,
    "PhaseResolution": 1,
    "PixelBandwidth": 240,
    "ProcedureStepDescription": "Ansari_Adaptation",
    "ProtocolName": "MPRAGE_SAG_iPAT2",
    "PulseSequenceDetails": "%SiemensSeq%_tfl",
    "ReceiveCoilActiveElements": "HEA;HEP",
    "ReceiveCoilName": "Head_32",
    "ReconMatrixPE": 256,
    "RepetitionTime": 2.3,
    "SAR": 0.0984883,
    "ScanOptions": "IR",
    "ScanningSequence": "GR_IR",
    "SequenceName": "_tfl3d1_16ns",
    "SequenceVariant": "SK_SP_MP_OSP",
    "SeriesDescription": "MPRAGE_SAG_iPAT2",
    "SeriesNumber": 30,
    "ShimSetting": [
      5215,
      -6171,
      -3940,
      365,
      79,
      326,
      29,
      4
    ],
    "SliceThickness": 1,
    "SoftwareVersions": "syngo_MR_E11",
    "StationName": "MRC35368",
    "TxRefAmp": 250.256,
    "dataset": "ds002116",
    "modality": "T1w",
    "session_id": "01",
    "subject_id": "08"
  },
  "cjv": 0.33526180820478435,
  "cnr": 4.032854739794913,
  "efc": 0.5558221070671303,
  "fber": 4830.250000000001,
  "fwhm_avg": 3.363,
  "fwhm_x": 3.37784,
  "fwhm_y": 3.48766,
  "fwhm_z": 3.2235,
  "icvs_csf": 0.16262231589765966,
  "icvs_gm": 0.5007599797950595,
  "icvs_wm": 0.33661770430728083,
  "inu_med": 0.4654299020767212,
  "inu_range": 0.14390326291322708,
  "provenance": {
    "md5sum": "413b97e9ad1c0365298311e0819a24f5",
    "settings": {
      "testing": false
    },
    "software": "mriqc",
    "version": "22.0.6",
    "warnings": {
      "large_rot_frame": true,
      "small_air_mask": false
    },
    "webapi_port": null,
    "webapi_url": "https://mriqc.nimh.nih.gov/api/v1"
  },
  "qi_1": 0.0,
  "qi_2": 0.019546648508085636,
  "rpve_csf": 31.457027071321086,
  "rpve_gm": 11.500086124328423,
  "rpve_wm": 18.123072902607976,
  "size_x": 192,
  "size_y": 216,
  "size_z": 256,
  "snr_csf": 2.6593906742177387,
  "snr_gm": 14.279572494989731,
  "snr_total": 13.148183425981971,
  "snr_wm": 22.505587108738446,
  "snrd_csf": 32.438348468480406,
  "snrd_gm": 68.59859557729203,
  "snrd_total": 65.20094202435222,
  "snrd_wm": 94.5658820272842,
  "spacing_x": 1.0,
  "spacing_y": 1.0,
  "spacing_z": 1.0,
  "summary_bg_k": 1.9878498790595884,
  "summary_bg_mad": 6.927830278580561,
  "summary_bg_mean": 7.436517140134425,
  "summary_bg_median": 4.672750514000654,
  "summary_bg_n": 2825461.0,
  "summary_bg_p05": 0.0,
  "summary_bg_p95": 25.21403633058071,
  "summary_bg_stdv": 9.01448310558457,
  "summary_csf_k": 6.838032184287398,
  "summary_csf_mad": 99.36089466662189,
  "summary_csf_mean": 359.15509137029915,
  "summary_csf_median": 343.0237927660346,
  "summary_csf_n": 16204.0,
  "summary_csf_p05": 180.93423122819513,
  "summary_csf_p95": 590.5211982624602,
  "summary_csf_stdv": 128.98187971686215,
  "summary_gm_k": 0.05258450320849617,
  "summary_gm_mad": 50.58710968520571,
  "summary_gm_mean": 725.818363552351,
  "summary_gm_median": 725.4053163714707,
  "summary_gm_n": 36538.0,
  "summary_gm_p05": 642.8011227212846,
  "summary_gm_p95": 810.272187535651,
  "summary_gm_stdv": 50.799517270815514,
  "summary_wm_k": 0.62026988500905,
  "summary_wm_mad": 41.47399066103262,
  "summary_wm_mean": 1000.4486045557852,
  "summary_wm_median": 999.9999707378447,
  "summary_wm_n": 145893.0,
  "summary_wm_p05": 928.7170048430562,
  "summary_wm_p95": 1074.0740426443517,
  "summary_wm_stdv": 44.433257338777345,
  "tpm_overlap_csf": 0.1307450739970688,
  "tpm_overlap_gm": 0.47472683243265706,
  "tpm_overlap_wm": 0.4835498675952342,
  "wm2max": 0.5284765749944806
}