{
  "bids_meta": {
    "AcquisitionMatrixPE": 216,
    "AcquisitionNumber": 1,
    "AcquisitionTime": "17:20:27.320000",
    "BaseResolution": 256,
    "BodyPartExamined": "BRAIN",
    "ConsistencyInfo": "N4_VE11C_LATEST_20160120",
    "ConversionSoftware": "dcm2niix",
    "ConversionSoftwareVersion": "v1.0.20181114  Clang4.0.1",
    "DeviceSerialNumber": "67007",
    "DwellTime": 8.2e-06,
    "EchoTime": 0.00298,
    "FlipAngle": 9,
    "ImageOrientationPatientDICOM": [
      0,
      1,
      0,
      0,
      0,
      -1
    ],
    "ImageType": [
      "ORIGINAL",
      "PRIMARY",
      "M",
      "ND",
      "NORM"
    ],
    "ImagingFrequency": 123.211,
    "InPlanePhaseEncodingDirectionDICOM": "ROW",
    "InstitutionAddress": "Perth_Drive_100_London_Ontario_CA_N6A_5K8",
    "InstitutionName": "Robarts_Research_Institute",
    "InstitutionalDepartmentName": "CFMM",
    "InversionTime": 0.9,
    "MRAcquisitionType": "3D",
    "MagneticFieldStrength": 3,
    "Manufacturer": "Siemens",
    "ManufacturersModelName": "Prisma_fit",
    "Modality": "MR",
    "PartialFourier": 1,
    "PatientPosition": "HFS",
    "PercentPhaseFOV": 84.375,
    "PhaseEncodingSteps": 215,
    "PhaseResolution": 1,
    "PixelBandwidth": 240,
    "ProcedureStepDescription": "Ansari_Adaptation",
    "ProtocolName": "MPRAGE_SAG_iPAT2",
    "PulseSequenceDetails": "%SiemensSeq%_tfl",
    "ReceiveCoilActiveElements": "HEA;HEP;SP1",
    "ReceiveCoilName": "Spine_32",
    "ReconMatrixPE": 256,
    "RepetitionTime": 2.3,
    "SAR": 0.104163,
    "ScanOptions": "IR",
    "ScanningSequence": "GR_IR",
    "SequenceName": "_tfl3d1_16ns",
    "SequenceVariant": "SK_SP_MP",
    "SeriesDescription": "MPRAGE_SAG_iPAT2",
    "SeriesNumber": 10,
    "ShimSetting": [
      5239,
      -6162,
      -3897,
      278,
      -25,
      -85,
      59,
      -15
    ],
    "SliceThickness": 1,
    "SoftwareVersions": "syngo_MR_E11",
    "StationName": "MRC35368",
    "TxRefAmp": 233.286,
    "dataset": "ds002116",
    "modality": "T1w",
    "session_id": "01",
    "subject_id": "20"
  },
  "cjv": 0.29893063470885134,
  "cnr": 4.4300068445436365,
  "efc": 0.5487295746067565,
  "fber": 1686.2288385934685,
  "fwhm_avg": 3.4897766666666663,
  "fwhm_x": 3.54088,
  "fwhm_y": 3.61374,
  "fwhm_z": 3.31471,
  "icvs_csf": 0.15105568671010752,
  "icvs_gm": 0.5214189306727008,
  "icvs_wm": 0.32752538261719166,
  "inu_med": 0.4795078933238983,
  "inu_range": 0.15870730578899384,
  "provenance": {
    "md5sum": "e30b79541cc28dc59b9fec715d7be798",
    "settings": {
      "testing": false
    },
    "software": "mriqc",
    "version": "22.0.6",
    "warnings": {
      "large_rot_frame": true,
      "small_air_mask": false
    },
    "webapi_port": null,
    "webapi_url": "https://mriqc.nimh.nih.gov/api/v1"
  },
  "qi_1": 0.0,
  "qi_2": 0.02323190292488356,
  "rpve_csf": 31.132707936929364,
  "rpve_gm": 10.676003537882448,
  "rpve_wm": 17.772127844334094,
  "size_x": 192,
  "size_y": 216,
  "size_z": 256,
  "snr_csf": 2.7348225003147513,
  "snr_gm": 15.699630581320871,
  "snr_total": 14.210307847657575,
  "snr_wm": 24.1964704613371,
  "snrd_csf": 29.420841029505276,
  "snrd_gm": 65.76641295636213,
  "snrd_total": 62.06885183085163,
  "snrd_wm": 91.01930150668748,
  "spacing_x": 1.0,
  "spacing_y": 1.0,
  "spacing_z": 1.0,
  "summary_bg_k": 2.550006767497149,
  "summary_bg_mad": 7.197774190218525,
  "summary_bg_mean": 8.759316479691087,
  "summary_bg_median": 4.854824915528297,
  "summary_bg_n": 2287366.0,
  "summary_bg_p05": 0.0,
  "summary_bg_p95": 28.721770629286766,
  "summary_bg_stdv": 9.807434159995582,
  "summary_csf_k": 4.200325052120543,
  "summary_csf_mad": 88.27721764906721,
  "summary_csf_mean": 343.711579436785,
  "summary_csf_median": 323.23737502098083,
  "summary_csf_n": 16041.0,
  "summary_csf_p05": 187.52152754366398,
  "summary_csf_p95": 567.7326220571995,
  "summary_csf_stdv": 118.18949839591615,
  "summary_gm_k": 0.3453754425583462,
  "summary_gm_mad": 44.115390198113545,
  "summary_gm_mean": 721.7493810262071,
  "summary_gm_median": 722.5545546859503,
  "summary_gm_n": 60337.0,
  "summary_gm_p05": 644.4075342714787,
  "summary_gm_p95": 795.5022142231464,
  "summary_gm_stdv": 46.02328464107525,
  "summary_wm_k": 0.6903892795606352,
  "summary_wm_mad": 38.82154337433992,
  "summary_wm_mean": 1000.1711427435694,
  "summary_wm_median": 999.9999682456255,
  "summary_wm_n": 161651.0,
  "summary_wm_p05": 932.9720629602671,
  "summary_wm_p95": 1067.403730943799,
  "summary_wm_stdv": 41.32821259016109,
  "tpm_overlap_csf": 0.14336690344345254,
  "tpm_overlap_gm": 0.49082746037371733,
  "tpm_overlap_wm": 0.5013249683506105,
  "wm2max": 0.5415394531515029
}