{
  "aor": 0.0020937046632124355,
  "aqi": 0.007960560259067358,
  "bids_meta": {
    "AcquisitionMatrixPE": 84,
    "AcquisitionNumber": 1,
    "AcquisitionTime": "18:53:36.190000",
    "BandwidthPerPixelPhaseEncode": 15.664,
    "BaseResolution": 84,
    "BodyPartExamined": "BRAIN",
    "ConsistencyInfo": "N4_VE11C_LATEST_20160120",
    "ConversionSoftware": "dcm2niix",
    "ConversionSoftwareVersion": "v1.0.20181114  Clang4.0.1",
    "DerivedVendorReportedEchoSpacing": 0.000760008,
    "DeviceSerialNumber": "67007",
    "DwellTime": 3.8e-06,
    "EchoTime": 0.03,
    "EchoTrainLength": 74,
    "EffectiveEchoSpacing": 0.000760008,
    "FlipAngle": 40,
    "ImageComments": "Unaliased_MB4_PE3",
    "ImageOrientationPatientDICOM": [
      0.998914,
      0.0140248,
      0.0444278,
      -3.52279e-08,
      0.953614,
      -0.301033
    ],
    "ImageType": [
      "ORIGINAL",
      "PRIMARY",
      "M",
      "MB",
      "ND",
      "NORM",
      "MOSAIC"
    ],
    "ImagingFrequency": 123.211,
    "InPlanePhaseEncodingDirectionDICOM": "COL",
    "InstitutionAddress": "Perth_Drive_100_London_Ontario_CA_N6A_5K8",
    "InstitutionName": "Robarts_Research_Institute",
    "InstitutionalDepartmentName": "CFMM",
    "MRAcquisitionType": "2D",
    "MagneticFieldStrength": 3,
    "Manufacturer": "Siemens",
    "ManufacturersModelName": "Prisma_fit",
    "Modality": "MR",
    "MultibandAccelerationFactor": 4,
    "PartialFourier": 0.875,
    "PatientPosition": "HFS",
    "PercentPhaseFOV": 100,
    "PhaseEncodingDirection": "j-",
    "PhaseEncodingSteps": 74,
    "PhaseResolution": 1,
    "PixelBandwidth": 1565,
    "ProcedureStepDescription": "Ansari_Adaptation",
    "ProtocolName": "ep_bold_mb4_adaptation_2",
    "PulseSequenceDetails": "%CustomerSeq%_cmrr_mbep2d_bold",
    "ReceiveCoilActiveElements": "HEA;HEP",
    "ReceiveCoilName": "Head_32",
    "ReconMatrixPE": 84,
    "RepetitionTime": 1,
    "SAR": 0.0778038,
    "ScanOptions": "PFP_FS",
    "ScanningSequence": "EP",
    "SequenceName": "epfid2d1_84",
    "SequenceVariant": "SK_SS",
    "SeriesDescription": "ep_bold_mb4_adaptation_2",
    "SeriesNumber": 4,
    "ShimSetting": [
      5262,
      -6222,
      -3980,
      727,
      23,
      320,
      192,
      79
    ],
    "SliceThickness": 2.5,
    "SliceTiming": [
      0,
      0.4075,
      0.815,
      0.245,
      0.6525,
      0.08,
      0.49,
      0.8975,
      0.325,
      0.735,
      0.1625,
      0.57,
      0,
      0.4075,
      0.815,
      0.245,
      0.6525,
      0.08,
      0.49,
      0.8975,
      0.325,
      0.735,
      0.1625,
      0.57,
      0,
      0.4075,
      0.815,
      0.245,
      0.6525,
      0.08,
      0.49,
      0.8975,
      0.325,
      0.735,
      0.1625,
      0.57,
      0,
      0.4075,
      0.815,
      0.245,
      0.6525,
      0.08,
      0.49,
      0.8975,
      0.325,
      0.735,
      0.1625,
      0.57
    ],
    "SoftwareVersions": "syngo_MR_E11",
    "SpacingBetweenSlices": 2.5,
    "StationName": "MRC35368",
    "TaskName": "Adaptation",
    "TotalReadoutTime": 0.0630806,
    "TxRefAmp": 224.934,
    "WipMemBlock": "379c5612-40b5-41c0-99d0-9e8f3141c5ca||Sequence: R016 ve11c/master r/e634e98; Dec 19 2017 11:00:25 by eja",
    "dataset": "ds002116",
    "modality": "bold",
    "run_id": 2,
    "session_id": "01",
    "subject_id": "48",
    "task_id": "Adaptation"
  },
  "dummy_trs": 0,
  "dvars_nstd": 27.873349593480526,
  "dvars_std": 1.2386280088051942,
  "dvars_vstd": 1.0265166019740255,
  "efc": 0.5271004232051012,
  "fber": 7381.20751953125,
  "fd_mean": 0.1867299909105863,
  "fd_num": 173,
  "fd_perc": 44.818652849740936,
  "fwhm_avg": 1.9550265470605896,
  "fwhm_x": 1.8355128328655674,
  "fwhm_y": 2.080142808316201,
  "fwhm_z": 1.949424,
  "gcor": 0.0285285,
  "gsr_x": -0.005403685383498669,
  "gsr_y": 0.02556625008583069,
  "provenance": {
    "md5sum": "127aaa5163c8ee9e6766f4a617b37eb3",
    "settings": {
      "fd_thres": 0.2,
      "testing": false
    },
    "software": "mriqc",
    "version": "22.0.6",
    "webapi_port": null,
    "webapi_url": "https://mriqc.nimh.nih.gov/api/v1"
  },
  "size_t": 386,
  "size_x": 84,
  "size_y": 84,
  "size_z": 48,
  "snr": 5.478065652423526,
  "spacing_tr": 1.0,
  "spacing_x": 2.4761908054351807,
  "spacing_y": 2.4761905670166016,
  "spacing_z": 2.5,
  "summary_bg_k": 61.168985804618956,
  "summary_bg_mad": 1.7798775008897332,
  "summary_bg_mean": 6.717520236968994,
  "summary_bg_median": 3.133408546447754,
  "summary_bg_n": 198882.0,
  "summary_bg_p05": 1.369235521554947,
  "summary_bg_p95": 24.16024971008293,
  "summary_bg_stdv": 13.499796867370605,
  "summary_fg_k": 2.0276575878144234,
  "summary_fg_mad": 51.47601870447521,
  "summary_fg_mean": 279.05963134765625,
  "summary_fg_median": 276.058837890625,
  "summary_fg_n": 80924.0,
  "summary_fg_p05": 208.5140724182129,
  "summary_fg_p95": 359.90079650878897,
  "summary_fg_stdv": 50.3931770324707,
  "tsnr": 57.457801818847656
}