{
  "aor": 0.0016809090909090905,
  "aqi": 0.006316452805194805,
  "bids_meta": {
    "AcquisitionMatrixPE": 84,
    "AcquisitionNumber": 1,
    "AcquisitionTime": "19:01:53.182500",
    "BandwidthPerPixelPhaseEncode": 15.664,
    "BaseResolution": 84,
    "BodyPartExamined": "BRAIN",
    "ConsistencyInfo": "N4_VE11C_LATEST_20160120",
    "ConversionSoftware": "dcm2niix",
    "ConversionSoftwareVersion": "v1.0.20181114  Clang4.0.1",
    "DerivedVendorReportedEchoSpacing": 0.000760008,
    "DeviceSerialNumber": "67007",
    "DwellTime": 3.8e-06,
    "EchoTime": 0.03,
    "EchoTrainLength": 74,
    "EffectiveEchoSpacing": 0.000760008,
    "FlipAngle": 40,
    "ImageComments": "Unaliased_MB4_PE3",
    "ImageOrientationPatientDICOM": [
      0.999169,
      -0.00931747,
      -0.0396903,
      3.04039e-08,
      0.973534,
      -0.228541
    ],
    "ImageType": [
      "ORIGINAL",
      "PRIMARY",
      "M",
      "MB",
      "ND",
      "NORM",
      "MOSAIC"
    ],
    "ImagingFrequency": 123.22,
    "InPlanePhaseEncodingDirectionDICOM": "COL",
    "InstitutionAddress": "Perth_Drive_100_London_Ontario_CA_N6A_5K8",
    "InstitutionName": "Robarts_Research_Institute",
    "InstitutionalDepartmentName": "CFMM",
    "MRAcquisitionType": "2D",
    "MagneticFieldStrength": 3,
    "Manufacturer": "Siemens",
    "ManufacturersModelName": "Prisma_fit",
    "Modality": "MR",
    "MultibandAccelerationFactor": 4,
    "PartialFourier": 0.875,
    "PatientPosition": "HFS",
    "PercentPhaseFOV": 100,
    "PhaseEncodingDirection": "j-",
    "PhaseEncodingSteps": 74,
    "PhaseResolution": 1,
    "PixelBandwidth": 1565,
    "ProcedureStepDescription": "Ansari_Adaptation",
    "ProtocolName": "ep_bold_mb4_adaptation_3",
    "PulseSequenceDetails": "%CustomerSeq%_cmrr_mbep2d_bold",
    "ReceiveCoilActiveElements": "HEA;HEP",
    "ReceiveCoilName": "Head_32",
    "ReconMatrixPE": 84,
    "RepetitionTime": 1,
    "SAR": 0.119501,
    "ScanOptions": "PFP_FS",
    "ScanningSequence": "EP",
    "SequenceName": "epfid2d1_84",
    "SequenceVariant": "SK_SS",
    "SeriesDescription": "ep_bold_mb4_adaptation_3",
    "SeriesNumber": 6,
    "ShimSetting": [
      5168,
      -6395,
      -4116,
      310,
      205,
      504,
      148,
      -73
    ],
    "SliceThickness": 2.5,
    "SliceTiming": [
      0,
      0.4075,
      0.8175,
      0.245,
      0.6525,
      0.0825,
      0.49,
      0.8975,
      0.3275,
      0.735,
      0.1625,
      0.5725,
      0,
      0.4075,
      0.8175,
      0.245,
      0.6525,
      0.0825,
      0.49,
      0.8975,
      0.3275,
      0.735,
      0.1625,
      0.5725,
      0,
      0.4075,
      0.8175,
      0.245,
      0.6525,
      0.0825,
      0.49,
      0.8975,
      0.3275,
      0.735,
      0.1625,
      0.5725,
      0,
      0.4075,
      0.8175,
      0.245,
      0.6525,
      0.0825,
      0.49,
      0.8975,
      0.3275,
      0.735,
      0.1625,
      0.5725
    ],
    "SoftwareVersions": "syngo_MR_E11",
    "SpacingBetweenSlices": 2.5,
    "StationName": "MRC35368",
    "TaskName": "Adaptation",
    "TotalReadoutTime": 0.0630806,
    "TxRefAmp": 235.737,
    "WipMemBlock": "9cab9342-2109-4b5e-85f3-b557f699f335||Sequence: R016 ve11c/master r/e634e98; Dec 19 2017 11:00:25 by eja",
    "dataset": "ds002116",
    "modality": "bold",
    "run_id": 3,
    "session_id": "01",
    "subject_id": "60",
    "task_id": "Adaptation"
  },
  "dummy_trs": 1,
  "dvars_nstd": 29.813452149661458,
  "dvars_std": 1.2894220057291668,
  "dvars_vstd": 1.0182423127864582,
  "efc": 0.5314282669945757,
  "fber": 7227.4423828125,
  "fd_mean": 0.14444499766015093,
  "fd_num": 68,
  "fd_perc": 17.662337662337663,
  "fwhm_avg": 1.9863277720940014,
  "fwhm_x": 1.8747668543108849,
  "fwhm_y": 2.085356461971119,
  "fwhm_z": 1.99886,
  "gcor": 0.0262822,
  "gsr_x": -0.012502328492701054,
  "gsr_y": 0.029622118920087814,
  "provenance": {
    "md5sum": "822e2f79099565d4709ac0b056816e59",
    "settings": {
      "fd_thres": 0.2,
      "testing": false
    },
    "software": "mriqc",
    "version": "22.0.6",
    "webapi_port": null,
    "webapi_url": "https://mriqc.nimh.nih.gov/api/v1"
  },
  "size_t": 385,
  "size_x": 84,
  "size_y": 84,
  "size_z": 48,
  "snr": 5.476104017562609,
  "spacing_tr": 1.0,
  "spacing_x": 2.4761905670166016,
  "spacing_y": 2.4761905670166016,
  "spacing_z": 2.5,
  "summary_bg_k": 73.8643044303132,
  "summary_bg_mad": 1.7477934546175904,
  "summary_bg_mean": 6.183365345001221,
  "summary_bg_median": 3.124023914337158,
  "summary_bg_n": 196562.0,
  "summary_bg_p05": 1.429518610239029,
  "summary_bg_p95": 21.50812196731566,
  "summary_bg_stdv": 10.978985786437988,
  "summary_fg_k": 2.635856035030212,
  "summary_fg_mad": 44.523832306633466,
  "summary_fg_mean": 276.26397705078125,
  "summary_fg_median": 271.75189208984375,
  "summary_fg_n": 84451.0,
  "summary_fg_p05": 209.2827377319336,
  "summary_fg_p95": 360.6964569091797,
  "summary_fg_stdv": 49.62474822998047,
  "tsnr": 67.8433837890625
}