{
  "bids_meta": {
    "AcquisitionMatrixPE": 232,
    "AcquisitionNumber": 1,
    "AcquisitionTime": "17:00:7.357500",
    "BaseResolution": 256,
    "BodyPartExamined": "BRAIN",
    "ConsistencyInfo": "N4_VE11C_LATEST_20160120",
    "ConversionSoftware": "dcm2niix",
    "ConversionSoftwareVersion": "v1.0.20181114  Clang4.0.1",
    "DeviceSerialNumber": "67007",
    "DwellTime": 8.2e-06,
    "EchoTime": 0.00298,
    "FlipAngle": 9,
    "ImageOrientationPatientDICOM": [
      0,
      1,
      0,
      0,
      0,
      -1
    ],
    "ImageType": [
      "ORIGINAL",
      "PRIMARY",
      "M",
      "ND",
      "NORM"
    ],
    "ImagingFrequency": 123.22,
    "InPlanePhaseEncodingDirectionDICOM": "ROW",
    "InstitutionAddress": "Perth_Drive_100_London_Ontario_CA_N6A_5K8",
    "InstitutionName": "Robarts_Research_Institute",
    "InstitutionalDepartmentName": "CFMM",
    "InversionTime": 0.9,
    "MRAcquisitionType": "3D",
    "MagneticFieldStrength": 3,
    "Manufacturer": "Siemens",
    "ManufacturersModelName": "Prisma_fit",
    "Modality": "MR",
    "PartialFourier": 1,
    "PatientPosition": "HFS",
    "PercentPhaseFOV": 90.625,
    "PhaseEncodingSteps": 238,
    "PhaseOversampling": 0.03,
    "PhaseResolution": 1,
    "PixelBandwidth": 240,
    "ProcedureStepDescription": "Ansari_Adaptation",
    "ProtocolName": "MPRAGE_SAG_iPAT2",
    "PulseSequenceDetails": "%SiemensSeq%_tfl",
    "ReceiveCoilActiveElements": "HEA;HEP;SP1",
    "ReceiveCoilName": "Spine_32",
    "ReconMatrixPE": 256,
    "RepetitionTime": 2.3,
    "SAR": 0.10307,
    "ScanOptions": "IR",
    "ScanningSequence": "GR_IR",
    "SequenceName": "_tfl3d1_16ns",
    "SequenceVariant": "SK_SP_MP_OSP",
    "SeriesDescription": "MPRAGE_SAG_iPAT2",
    "SeriesNumber": 2,
    "ShimSetting": [
      5189,
      -6343,
      -3996,
      49,
      148,
      493,
      -85,
      -104
    ],
    "SliceThickness": 1,
    "SoftwareVersions": "syngo_MR_E11",
    "StationName": "MRC35368",
    "TxRefAmp": 234.782,
    "dataset": "ds002116",
    "modality": "T1w",
    "session_id": "01",
    "subject_id": "63"
  },
  "cjv": 0.2777302444612365,
  "cnr": 4.856552060548671,
  "efc": 0.5377189374445096,
  "fber": 2785.520665657777,
  "fwhm_avg": 3.537383333333333,
  "fwhm_x": 3.57014,
  "fwhm_y": 3.73524,
  "fwhm_z": 3.30677,
  "icvs_csf": 0.1603343212077815,
  "icvs_gm": 0.5450539620118066,
  "icvs_wm": 0.294611716780412,
  "inu_med": 0.5345844328403473,
  "inu_range": 0.17525373697280866,
  "provenance": {
    "md5sum": "994444f73c2df46392fd7a8ca75f81e2",
    "settings": {
      "testing": false
    },
    "software": "mriqc",
    "version": "22.0.6",
    "warnings": {
      "large_rot_frame": true,
      "small_air_mask": false
    },
    "webapi_port": null,
    "webapi_url": "https://mriqc.nimh.nih.gov/api/v1"
  },
  "qi_1": 0.0,
  "qi_2": 0.022596824325348944,
  "rpve_csf": 29.244622151139545,
  "rpve_gm": 10.007187258223729,
  "rpve_wm": 18.236913939128303,
  "size_x": 192,
  "size_y": 232,
  "size_z": 256,
  "snr_csf": 2.929543758217544,
  "snr_gm": 17.77192737479915,
  "snr_total": 14.775018300469478,
  "snr_wm": 23.623583768391743,
  "snrd_csf": 30.571976233961205,
  "snrd_gm": 73.25154082570428,
  "snrd_total": 68.8621718103527,
  "snrd_wm": 102.76299837139263,
  "spacing_x": 1.0,
  "spacing_y": 1.0,
  "spacing_z": 1.0,
  "summary_bg_k": 481.39217210398783,
  "summary_bg_mad": 6.375216764155239,
  "summary_bg_mean": 7.598997528006866,
  "summary_bg_median": 4.300018362700939,
  "summary_bg_n": 2603330.0,
  "summary_bg_p05": 0.0,
  "summary_bg_p95": 27.612260771915317,
  "summary_bg_stdv": 9.800077162075864,
  "summary_csf_k": 5.046186085405546,
  "summary_csf_mad": 63.20572049033908,
  "summary_csf_mean": 314.8614731300415,
  "summary_csf_median": 297.4998418651521,
  "summary_csf_n": 32877.0,
  "summary_csf_p05": 178.95447848886252,
  "summary_csf_p95": 513.6740507248788,
  "summary_csf_stdv": 101.55005077465816,
  "summary_gm_k": 0.23246856542837513,
  "summary_gm_mad": 39.00266541784973,
  "summary_gm_mean": 712.2327281095496,
  "summary_gm_median": 712.82018686831,
  "summary_gm_n": 79592.0,
  "summary_gm_p05": 645.2346482525579,
  "summary_gm_p95": 776.890460472554,
  "summary_gm_stdv": 40.109082929364455,
  "summary_wm_k": 0.37121202651660434,
  "summary_wm_mad": 40.755850027992416,
  "summary_wm_mean": 999.4542851363718,
  "summary_wm_median": 999.9999846629798,
  "summary_wm_n": 150218.0,
  "summary_wm_p05": 928.74253750965,
  "summary_wm_p95": 1067.9095603767782,
  "summary_wm_stdv": 42.33043834354903,
  "tpm_overlap_csf": 0.16835084906907383,
  "tpm_overlap_gm": 0.4788008610414118,
  "tpm_overlap_wm": 0.45738354385684005,
  "wm2max": 0.5558973356070193
}