{
  "bids_meta": {
    "AcquisitionMatrixPE": 216,
    "AcquisitionNumber": 1,
    "AcquisitionTime": "19:15:54.060000",
    "BaseResolution": 256,
    "BodyPartExamined": "BRAIN",
    "ConsistencyInfo": "N4_VE11C_LATEST_20160120",
    "ConversionSoftware": "dcm2niix",
    "ConversionSoftwareVersion": "v1.0.20181114  Clang4.0.1",
    "DeviceSerialNumber": "67007",
    "DwellTime": 8.2e-06,
    "EchoTime": 0.00298,
    "FlipAngle": 9,
    "ImageOrientationPatientDICOM": [
      0,
      1,
      0,
      0,
      0,
      -1
    ],
    "ImageType": [
      "ORIGINAL",
      "PRIMARY",
      "M",
      "ND",
      "NORM"
    ],
    "ImagingFrequency": 123.211,
    "InPlanePhaseEncodingDirectionDICOM": "ROW",
    "InstitutionAddress": "Perth_Drive_100_London_Ontario_CA_N6A_5K8",
    "InstitutionName": "Robarts_Research_Institute",
    "InstitutionalDepartmentName": "CFMM",
    "InversionTime": 0.9,
    "MRAcquisitionType": "3D",
    "MagneticFieldStrength": 3,
    "Manufacturer": "Siemens",
    "ManufacturersModelName": "Prisma_fit",
    "Modality": "MR",
    "PartialFourier": 1,
    "PatientPosition": "HFS",
    "PercentPhaseFOV": 84.375,
    "PhaseEncodingSteps": 215,
    "PhaseResolution": 1,
    "PixelBandwidth": 240,
    "ProcedureStepDescription": "Ansari_Adaptation",
    "ProtocolName": "MPRAGE_SAG_iPAT2",
    "PulseSequenceDetails": "%SiemensSeq%_tfl",
    "ReceiveCoilActiveElements": "HEA;HEP",
    "ReceiveCoilName": "Head_32",
    "ReconMatrixPE": 256,
    "RepetitionTime": 2.3,
    "SAR": 0.0774717,
    "ScanOptions": "IR",
    "ScanningSequence": "GR_IR",
    "SequenceName": "_tfl3d1_16ns",
    "SequenceVariant": "SK_SP_MP",
    "SeriesDescription": "MPRAGE_SAG_iPAT2",
    "SeriesNumber": 10,
    "ShimSetting": [
      5271,
      -6214,
      -3936,
      575,
      56,
      115,
      149,
      29
    ],
    "SliceThickness": 1,
    "SoftwareVersions": "syngo_MR_E11",
    "StationName": "MRC35368",
    "TxRefAmp": 224.934,
    "dataset": "ds002116",
    "modality": "T1w",
    "session_id": "01",
    "subject_id": "48"
  },
  "cjv": 0.2845412432664268,
  "cnr": 4.614688544865113,
  "efc": 0.568248400695115,
  "fber": 2198.053121436048,
  "fwhm_avg": 3.613443333333333,
  "fwhm_x": 3.69001,
  "fwhm_y": 3.74289,
  "fwhm_z": 3.40743,
  "icvs_csf": 0.16375210867870615,
  "icvs_gm": 0.5127347058951296,
  "icvs_wm": 0.32351318542616425,
  "inu_med": 0.49292974174022675,
  "inu_range": 0.16144979149103156,
  "provenance": {
    "md5sum": "bdfa4d465438d32b7d4a0e4c3f2f1bbb",
    "settings": {
      "testing": false
    },
    "software": "mriqc",
    "version": "22.0.6",
    "warnings": {
      "large_rot_frame": true,
      "small_air_mask": false
    },
    "webapi_port": null,
    "webapi_url": "https://mriqc.nimh.nih.gov/api/v1"
  },
  "qi_1": 0.0,
  "qi_2": 0.02093037561087816,
  "rpve_csf": 26.729121526589882,
  "rpve_gm": 9.81243738243831,
  "rpve_wm": 16.407110095314014,
  "size_x": 192,
  "size_y": 216,
  "size_z": 256,
  "snr_csf": 2.734293287384725,
  "snr_gm": 13.544117346602755,
  "snr_total": 13.457767645788328,
  "snr_wm": 24.094892303377502,
  "snrd_csf": 31.78886974160189,
  "snrd_gm": 70.67158932198647,
  "snrd_total": 68.11025084201351,
  "snrd_wm": 101.87029346245217,
  "spacing_x": 1.0,
  "spacing_y": 1.0,
  "spacing_z": 1.0,
  "summary_bg_k": 2.2205048019852933,
  "summary_bg_mad": 6.431083960839963,
  "summary_bg_mean": 6.281415317676587,
  "summary_bg_median": 4.337700214236975,
  "summary_bg_n": 2316369.0,
  "summary_bg_p05": 0.0,
  "summary_bg_p95": 20.02911239862442,
  "summary_bg_stdv": 7.6470271289048215,
  "summary_csf_k": 1.3379386087896163,
  "summary_csf_mad": 99.12070010784548,
  "summary_csf_mean": 323.1066292304734,
  "summary_csf_median": 312.0524066872895,
  "summary_csf_n": 25426.0,
  "summary_csf_p05": 149.27947834599763,
  "summary_csf_p95": 529.4905469566584,
  "summary_csf_stdv": 114.12318919267898,
  "summary_gm_k": 0.283312715001395,
  "summary_gm_mad": 48.60000362352885,
  "summary_gm_mean": 694.8101931172531,
  "summary_gm_median": 693.7409134581685,
  "summary_gm_n": 67624.0,
  "summary_gm_p05": 611.5618728557602,
  "summary_gm_p95": 781.3391681201756,
  "summary_gm_stdv": 51.220449903627575,
  "summary_wm_k": 0.782651142812183,
  "summary_wm_mad": 38.54334212771871,
  "summary_wm_mean": 999.7277975444118,
  "summary_wm_median": 1000.0000158324838,
  "summary_wm_n": 182151.0,
  "summary_wm_p05": 931.6157352738082,
  "summary_wm_p95": 1066.7249077185988,
  "summary_wm_stdv": 41.50245862328156,
  "tpm_overlap_csf": 0.14859585164726907,
  "tpm_overlap_gm": 0.4844285421200902,
  "tpm_overlap_wm": 0.494074577140626,
  "wm2max": 0.5754829198009683
}