{
  "aor": 0.0007940469973890341,
  "aqi": 0.006272638381201044,
  "bids_meta": {
    "AcquisitionMatrixPE": 84,
    "AcquisitionNumber": 1,
    "AcquisitionTime": "17:25:14.615000",
    "BandwidthPerPixelPhaseEncode": 15.664,
    "BaseResolution": 84,
    "BodyPartExamined": "BRAIN",
    "ConsistencyInfo": "N4_VE11C_LATEST_20160120",
    "ConversionSoftware": "dcm2niix",
    "ConversionSoftwareVersion": "v1.0.20181114  Clang4.0.1",
    "DerivedVendorReportedEchoSpacing": 0.000760008,
    "DeviceSerialNumber": "67007",
    "DwellTime": 3.8e-06,
    "EchoTime": 0.03,
    "EchoTrainLength": 74,
    "EffectiveEchoSpacing": 0.000760008,
    "FlipAngle": 40,
    "ImageComments": "Unaliased_MB4_PE3",
    "ImageOrientationPatientDICOM": [
      0.997054,
      -0.0338461,
      -0.0688358,
      3.12273e-08,
      0.89739,
      -0.441239
    ],
    "ImageType": [
      "ORIGINAL",
      "PRIMARY",
      "M",
      "MB",
      "ND",
      "NORM",
      "MOSAIC"
    ],
    "ImagingFrequency": 123.22,
    "InPlanePhaseEncodingDirectionDICOM": "COL",
    "InstitutionAddress": "Perth_Drive_100_London_Ontario_CA_N6A_5K8",
    "InstitutionName": "Robarts_Research_Institute",
    "InstitutionalDepartmentName": "CFMM",
    "MRAcquisitionType": "2D",
    "MagneticFieldStrength": 3,
    "Manufacturer": "Siemens",
    "ManufacturersModelName": "Prisma_fit",
    "Modality": "MR",
    "MultibandAccelerationFactor": 4,
    "PartialFourier": 0.875,
    "PatientPosition": "HFS",
    "PercentPhaseFOV": 100,
    "PhaseEncodingDirection": "j-",
    "PhaseEncodingSteps": 74,
    "PhaseResolution": 1,
    "PixelBandwidth": 1565,
    "ProcedureStepDescription": "Ansari_Adaptation",
    "ProtocolName": "ep_bold_mb4_adaptation_4",
    "PulseSequenceDetails": "%CustomerSeq%_cmrr_mbep2d_bold",
    "ReceiveCoilActiveElements": "HEA;HEP",
    "ReceiveCoilName": "Head_32",
    "ReconMatrixPE": 84,
    "RepetitionTime": 1,
    "SAR": 0.110883,
    "ScanOptions": "PFP_FS",
    "ScanningSequence": "EP",
    "SequenceName": "epfid2d1_84",
    "SequenceVariant": "SK_SS",
    "SeriesDescription": "ep_bold_mb4_adaptation_4",
    "SeriesNumber": 12,
    "ShimSetting": [
      5184,
      -6360,
      -4080,
      318,
      160,
      415,
      -104,
      -60
    ],
    "SliceThickness": 2.5,
    "SliceTiming": [
      0,
      0.41,
      0.8175,
      0.245,
      0.655,
      0.0825,
      0.49,
      0.9,
      0.3275,
      0.735,
      0.165,
      0.5725,
      0,
      0.41,
      0.8175,
      0.245,
      0.655,
      0.0825,
      0.49,
      0.9,
      0.3275,
      0.735,
      0.165,
      0.5725,
      0,
      0.41,
      0.8175,
      0.245,
      0.655,
      0.0825,
      0.49,
      0.9,
      0.3275,
      0.735,
      0.165,
      0.5725,
      0,
      0.41,
      0.8175,
      0.245,
      0.655,
      0.0825,
      0.49,
      0.9,
      0.3275,
      0.735,
      0.165,
      0.5725
    ],
    "SoftwareVersions": "syngo_MR_E11",
    "SpacingBetweenSlices": 2.5,
    "StationName": "MRC35368",
    "TaskName": "Adaptation",
    "TotalReadoutTime": 0.0630806,
    "TxRefAmp": 236.247,
    "WipMemBlock": "87913f77-1efb-4a62-aefd-d4c9ffb6ae5d||Sequence: R016 ve11c/master r/e634e98; Dec 19 2017 11:00:25 by eja",
    "dataset": "ds002116",
    "modality": "bold",
    "run_id": 4,
    "session_id": "01",
    "subject_id": "62",
    "task_id": "Adaptation"
  },
  "dummy_trs": 3,
  "dvars_nstd": 32.470843305130934,
  "dvars_std": 1.28365583591623,
  "dvars_vstd": 1.003478775235602,
  "efc": 0.5138914029978161,
  "fber": 6328.74560546875,
  "fd_mean": 0.16808571490985658,
  "fd_num": 144,
  "fd_perc": 37.59791122715405,
  "fwhm_avg": 2.0191505907286196,
  "fwhm_x": 1.9111978145130666,
  "fwhm_y": 2.0842741543185106,
  "fwhm_z": 2.061979803354282,
  "gcor": 0.0164058,
  "gsr_x": -0.01099330373108387,
  "gsr_y": 0.020472867414355278,
  "provenance": {
    "md5sum": "12d089331ffac66498344b2468ce52fe",
    "settings": {
      "fd_thres": 0.2,
      "testing": false
    },
    "software": "mriqc",
    "version": "22.0.6",
    "webapi_port": null,
    "webapi_url": "https://mriqc.nimh.nih.gov/api/v1"
  },
  "size_t": 383,
  "size_x": 84,
  "size_y": 84,
  "size_z": 48,
  "snr": 5.336251517506189,
  "spacing_tr": 1.0,
  "spacing_x": 2.4761905670166016,
  "spacing_y": 2.4761905670166016,
  "spacing_z": 2.500000238418579,
  "summary_bg_k": 57.90688519247103,
  "summary_bg_mad": 1.5527458890012802,
  "summary_bg_mean": 6.142512321472168,
  "summary_bg_median": 2.8654699325561523,
  "summary_bg_n": 205561.0,
  "summary_bg_p05": 1.1811020374298096,
  "summary_bg_p95": 23.125883102416992,
  "summary_bg_stdv": 11.704178810119629,
  "summary_fg_k": 2.9144680844019915,
  "summary_fg_mad": 39.18749591579522,
  "summary_fg_mean": 237.4539031982422,
  "summary_fg_median": 233.12791442871094,
  "summary_fg_n": 76411.0,
  "summary_fg_p05": 179.5430450439453,
  "summary_fg_p95": 311.2184295654297,
  "summary_fg_stdv": 43.687294006347656,
  "tsnr": 65.01531982421875
}