{
  "bids_meta": {
    "AcquisitionMatrixPE": 240,
    "AcquisitionNumber": 1,
    "AcquisitionTime": "17:52:7.017500",
    "BaseResolution": 256,
    "BodyPartExamined": "BRAIN",
    "ConsistencyInfo": "N4_VE11C_LATEST_20160120",
    "ConversionSoftware": "dcm2niix",
    "ConversionSoftwareVersion": "v1.0.20181114  Clang4.0.1",
    "DeviceSerialNumber": "67007",
    "DwellTime": 8.2e-06,
    "EchoTime": 0.00298,
    "FlipAngle": 9,
    "ImageOrientationPatientDICOM": [
      0.0523647,
      0.998628,
      -3.64423e-10,
      -0.0330643,
      0.00173378,
      -0.999452
    ],
    "ImageType": [
      "ORIGINAL",
      "PRIMARY",
      "M",
      "ND",
      "NORM"
    ],
    "ImagingFrequency": 123.211,
    "InPlanePhaseEncodingDirectionDICOM": "ROW",
    "InstitutionAddress": "Perth_Drive_100_London_Ontario_CA_N6A_5K8",
    "InstitutionName": "Robarts_Research_Institute",
    "InstitutionalDepartmentName": "CFMM",
    "InversionTime": 0.9,
    "MRAcquisitionType": "3D",
    "MagneticFieldStrength": 3,
    "Manufacturer": "Siemens",
    "ManufacturersModelName": "Prisma_fit",
    "Modality": "MR",
    "PartialFourier": 1,
    "PatientPosition": "HFS",
    "PercentPhaseFOV": 93.75,
    "PhaseEncodingSteps": 247,
    "PhaseOversampling": 0.03,
    "PhaseResolution": 1,
    "PixelBandwidth": 240,
    "ProcedureStepDescription": "Ansari_Adaptation",
    "ProtocolName": "MPRAGE_SAG_iPAT2",
    "PulseSequenceDetails": "%SiemensSeq%_tfl",
    "ReceiveCoilActiveElements": "HEA;HEP",
    "ReceiveCoilName": "Head_32",
    "ReconMatrixPE": 256,
    "RepetitionTime": 2.3,
    "SAR": 0.0920256,
    "ScanOptions": "IR",
    "ScanningSequence": "GR_IR",
    "SequenceName": "_tfl3d1_16ns",
    "SequenceVariant": "SK_SP_MP_OSP",
    "SeriesDescription": "MPRAGE_SAG_iPAT2",
    "SeriesNumber": 10,
    "ShimSetting": [
      5236,
      -6203,
      -3845,
      396,
      67,
      -125,
      79,
      38
    ],
    "SliceThickness": 1,
    "SoftwareVersions": "syngo_MR_E11",
    "StationName": "MRC35368",
    "TxRefAmp": 215.673,
    "dataset": "ds002116",
    "modality": "T1w",
    "session_id": "01",
    "subject_id": "52"
  },
  "cjv": 0.28058294893519414,
  "cnr": 4.685337882585177,
  "efc": 0.4919896941544285,
  "fber": 2613.4711344475354,
  "fwhm_avg": 3.5764099999999996,
  "fwhm_x": 3.59892,
  "fwhm_y": 3.70401,
  "fwhm_z": 3.4263,
  "icvs_csf": 0.15898234100413325,
  "icvs_gm": 0.5242879503072284,
  "icvs_wm": 0.31672970868863837,
  "inu_med": 0.5045638680458069,
  "inu_range": 0.17130741477012634,
  "provenance": {
    "md5sum": "e53077b1b08dd197af68d7a9a24246b1",
    "settings": {
      "testing": false
    },
    "software": "mriqc",
    "version": "22.0.6",
    "warnings": {
      "large_rot_frame": true,
      "small_air_mask": false
    },
    "webapi_port": null,
    "webapi_url": "https://mriqc.nimh.nih.gov/api/v1"
  },
  "qi_1": 0.0,
  "qi_2": 0.034138089535998256,
  "rpve_csf": 34.30389070597417,
  "rpve_gm": 12.125857169445828,
  "rpve_wm": 20.53398760710638,
  "size_x": 192,
  "size_y": 240,
  "size_z": 256,
  "snr_csf": 2.944762621538915,
  "snr_gm": 15.780701144627262,
  "snr_total": 13.980240017608478,
  "snr_wm": 23.215256286659258,
  "snrd_csf": 27.945738666988237,
  "snrd_gm": 59.943408584877595,
  "snrd_total": 57.56527576875056,
  "snrd_wm": 84.80668005438585,
  "spacing_x": 1.0,
  "spacing_y": 1.0,
  "spacing_z": 1.0,
  "summary_bg_k": 1.1742206447984262,
  "summary_bg_mad": 7.725300876122306,
  "summary_bg_mean": 7.702666560115245,
  "summary_bg_median": 5.210636258125305,
  "summary_bg_n": 3550925.0,
  "summary_bg_p05": 0.0,
  "summary_bg_p95": 19.92673623561859,
  "summary_bg_stdv": 7.333864844113427,
  "summary_csf_k": 1.624721833970658,
  "summary_csf_mad": 87.74068995062547,
  "summary_csf_mean": 343.6104742158465,
  "summary_csf_median": 329.53326880931854,
  "summary_csf_n": 18185.0,
  "summary_csf_p05": 172.05205128192904,
  "summary_csf_p95": 549.0621113061903,
  "summary_csf_stdv": 111.90178987440956,
  "summary_gm_k": 0.2700045398367594,
  "summary_gm_mad": 43.02758487973575,
  "summary_gm_mean": 707.5406574482515,
  "summary_gm_median": 706.8464931249619,
  "summary_gm_n": 64646.0,
  "summary_gm_p05": 634.3712797164917,
  "summary_gm_p95": 782.1007125377655,
  "summary_gm_stdv": 44.79148420406735,
  "summary_wm_k": 0.6970267724772476,
  "summary_wm_mad": 39.23516444963935,
  "summary_wm_mean": 998.9837631810735,
  "summary_wm_median": 1000.0316265821457,
  "summary_wm_n": 149223.0,
  "summary_wm_p05": 925.0932033061981,
  "summary_wm_p95": 1067.580420255661,
  "summary_wm_stdv": 43.076340120152985,
  "tpm_overlap_csf": 0.1519001018080315,
  "tpm_overlap_gm": 0.4813774144673918,
  "tpm_overlap_wm": 0.4887877879585598,
  "wm2max": 0.5286203154995409
}