{
  "bids_meta": {
    "AcquisitionMatrixPE": 240,
    "AcquisitionNumber": 1,
    "AcquisitionTime": "20:18:10.795000",
    "BaseResolution": 256,
    "BodyPartExamined": "BRAIN",
    "ConsistencyInfo": "N4_VE11C_LATEST_20160120",
    "ConversionSoftware": "dcm2niix",
    "ConversionSoftwareVersion": "v1.0.20181114  Clang4.0.1",
    "DeviceSerialNumber": "67007",
    "DwellTime": 8.2e-06,
    "EchoTime": 0.00298,
    "FlipAngle": 9,
    "ImageOrientationPatientDICOM": [
      -0.0244322,
      0.999701,
      0,
      0,
      0,
      -1
    ],
    "ImageType": [
      "ORIGINAL",
      "PRIMARY",
      "M",
      "ND",
      "NORM"
    ],
    "ImagingFrequency": 123.211,
    "InPlanePhaseEncodingDirectionDICOM": "ROW",
    "InstitutionAddress": "Perth_Drive_100_London_Ontario_CA_N6A_5K8",
    "InstitutionName": "Robarts_Research_Institute",
    "InstitutionalDepartmentName": "CFMM",
    "InversionTime": 0.9,
    "MRAcquisitionType": "3D",
    "MagneticFieldStrength": 3,
    "Manufacturer": "Siemens",
    "ManufacturersModelName": "Prisma_fit",
    "Modality": "MR",
    "PartialFourier": 1,
    "PatientPosition": "HFS",
    "PercentPhaseFOV": 93.75,
    "PhaseEncodingSteps": 247,
    "PhaseOversampling": 0.03,
    "PhaseResolution": 1,
    "PixelBandwidth": 240,
    "ProcedureStepDescription": "Ansari_Adaptation",
    "ProtocolName": "MPRAGE_SAG_iPAT2",
    "PulseSequenceDetails": "%SiemensSeq%_tfl",
    "ReceiveCoilActiveElements": "HEA;HEP",
    "ReceiveCoilName": "Head_32",
    "ReconMatrixPE": 256,
    "RepetitionTime": 2.3,
    "SAR": 0.0567778,
    "ScanOptions": "IR",
    "ScanningSequence": "GR_IR",
    "SequenceName": "_tfl3d1_16ns",
    "SequenceVariant": "SK_SP_MP_OSP",
    "SeriesDescription": "MPRAGE_SAG_iPAT2",
    "SeriesNumber": 10,
    "ShimSetting": [
      5249,
      -6220,
      -3833,
      383,
      -2,
      -149,
      121,
      34
    ],
    "SliceThickness": 1,
    "SoftwareVersions": "syngo_MR_E11",
    "StationName": "MRC35368",
    "TxRefAmp": 235.585,
    "dataset": "ds002116",
    "modality": "T1w",
    "session_id": "01",
    "subject_id": "53"
  },
  "cjv": 0.3318347017753268,
  "cnr": 3.9724791341378674,
  "efc": 0.5451061224883004,
  "fber": 5623.67264468635,
  "fwhm_avg": 3.59378,
  "fwhm_x": 3.62307,
  "fwhm_y": 3.70486,
  "fwhm_z": 3.45341,
  "icvs_csf": 0.19448887703836473,
  "icvs_gm": 0.4682965294191894,
  "icvs_wm": 0.3372145935424458,
  "inu_med": 0.4799457788467407,
  "inu_range": 0.16117798089981078,
  "provenance": {
    "md5sum": "42456832a20547ca989725148f48b204",
    "settings": {
      "testing": false
    },
    "software": "mriqc",
    "version": "22.0.6",
    "warnings": {
      "large_rot_frame": true,
      "small_air_mask": false
    },
    "webapi_port": null,
    "webapi_url": "https://mriqc.nimh.nih.gov/api/v1"
  },
  "qi_1": 0.0,
  "qi_2": 0.02693464729643472,
  "rpve_csf": 24.914296408777503,
  "rpve_gm": 11.346631991473568,
  "rpve_wm": 17.421078300900643,
  "size_x": 192,
  "size_y": 240,
  "size_z": 256,
  "snr_csf": 3.126350559154987,
  "snr_gm": 12.811126965135745,
  "snr_total": 12.933326561388775,
  "snr_wm": 22.862502159875593,
  "snrd_csf": 36.91562447894259,
  "snrd_gm": 80.98422656889227,
  "snrd_total": 76.97045792230399,
  "snrd_wm": 113.01152271907713,
  "spacing_x": 1.0,
  "spacing_y": 1.0,
  "spacing_z": 1.0,
  "summary_bg_k": 1.96444778085523,
  "summary_bg_mad": 5.7970762503450795,
  "summary_bg_mean": 5.623499006944599,
  "summary_bg_median": 3.9100685119628906,
  "summary_bg_n": 3677367.0,
  "summary_bg_p05": 0.0,
  "summary_bg_p95": 20.039101123809814,
  "summary_bg_stdv": 6.896079882227943,
  "summary_csf_k": 2.167425642760036,
  "summary_csf_mad": 83.77580331227854,
  "summary_csf_mean": 338.1596645957254,
  "summary_csf_median": 326.65364027023315,
  "summary_csf_n": 37955.0,
  "summary_csf_p05": 177.0310672044754,
  "summary_csf_p95": 523.0884224653242,
  "summary_csf_stdv": 104.48263267063201,
  "summary_gm_k": 0.2722784075153579,
  "summary_gm_mad": 53.34115299796688,
  "summary_gm_mean": 716.3574893881366,
  "summary_gm_median": 716.6015145778656,
  "summary_gm_n": 43940.0,
  "summary_gm_p05": 624.0347155451775,
  "summary_gm_p95": 808.7596571445465,
  "summary_gm_stdv": 55.935232096524835,
  "summary_wm_k": 0.5959892481597144,
  "summary_wm_mad": 40.700306174297744,
  "summary_wm_mean": 1000.2829711205501,
  "summary_wm_median": 1000.0000219345093,
  "summary_wm_n": 200798.0,
  "summary_wm_p05": 928.6684248447418,
  "summary_wm_p95": 1072.5535154342651,
  "summary_wm_stdv": 43.7396364087278,
  "tpm_overlap_csf": 0.16051052032211763,
  "tpm_overlap_gm": 0.4736884803306121,
  "tpm_overlap_wm": 0.5087344880645807,
  "wm2max": 0.6287242314165004
}