{
  "bids_meta": {
    "AcquisitionMatrixPE": 208,
    "AcquisitionNumber": 1,
    "AcquisitionTime": "17:07:57.157500",
    "BaseResolution": 256,
    "BodyPartExamined": "BRAIN",
    "ConsistencyInfo": "N4_VE11C_LATEST_20160120",
    "ConversionSoftware": "dcm2niix",
    "ConversionSoftwareVersion": "v1.0.20181114  Clang4.0.1",
    "DeviceSerialNumber": "67007",
    "DwellTime": 8.2e-06,
    "EchoTime": 0.00298,
    "FlipAngle": 9,
    "ImageOrientationPatientDICOM": [
      -0.0191974,
      0.999816,
      -4.5459e-08,
      0.0174492,
      0.000334995,
      -0.999848
    ],
    "ImageType": [
      "ORIGINAL",
      "PRIMARY",
      "M",
      "ND",
      "NORM"
    ],
    "ImagingFrequency": 123.211,
    "InPlanePhaseEncodingDirectionDICOM": "ROW",
    "InstitutionAddress": "Perth_Drive_100_London_Ontario_CA_N6A_5K8",
    "InstitutionName": "Robarts_Research_Institute",
    "InstitutionalDepartmentName": "CFMM",
    "InversionTime": 0.9,
    "MRAcquisitionType": "3D",
    "MagneticFieldStrength": 3,
    "Manufacturer": "Siemens",
    "ManufacturersModelName": "Prisma_fit",
    "Modality": "MR",
    "PartialFourier": 1,
    "PatientPosition": "HFS",
    "PercentPhaseFOV": 81.25,
    "PhaseEncodingSteps": 207,
    "PhaseResolution": 1,
    "PixelBandwidth": 240,
    "ProcedureStepDescription": "Ansari_Adaptation",
    "ProtocolName": "MPRAGE_SAG_iPAT2",
    "PulseSequenceDetails": "%SiemensSeq%_tfl",
    "ReceiveCoilActiveElements": "HEA;HEP;SP1",
    "ReceiveCoilName": "Spine_32",
    "ReconMatrixPE": 256,
    "RepetitionTime": 2.3,
    "SAR": 0.0893761,
    "ScanOptions": "IR",
    "ScanningSequence": "GR_IR",
    "SequenceName": "_tfl3d1_16ns",
    "SequenceVariant": "SK_SP_MP",
    "SeriesDescription": "MPRAGE_SAG_iPAT2",
    "SeriesNumber": 8,
    "ShimSetting": [
      5245,
      -6186,
      -3915,
      416,
      104,
      54,
      58,
      30
    ],
    "SliceThickness": 1,
    "SoftwareVersions": "syngo_MR_E11",
    "StationName": "MRC35368",
    "TxRefAmp": 226.276,
    "dataset": "ds002116",
    "modality": "T1w",
    "session_id": "01",
    "subject_id": "36"
  },
  "cjv": 0.3033461461709417,
  "cnr": 4.341687403738422,
  "efc": 0.5385479655002371,
  "fber": 1615.337125623339,
  "fwhm_avg": 3.3859133333333333,
  "fwhm_x": 3.43253,
  "fwhm_y": 3.49527,
  "fwhm_z": 3.22994,
  "icvs_csf": 0.1375960357380362,
  "icvs_gm": 0.548685341265571,
  "icvs_wm": 0.3137186229963928,
  "inu_med": 0.5502945780754089,
  "inu_range": 0.20264899730682362,
  "provenance": {
    "md5sum": "a8b25e9131d7b4737ee40f08f629797d",
    "settings": {
      "testing": false
    },
    "software": "mriqc",
    "version": "22.0.6",
    "warnings": {
      "large_rot_frame": true,
      "small_air_mask": false
    },
    "webapi_port": null,
    "webapi_url": "https://mriqc.nimh.nih.gov/api/v1"
  },
  "qi_1": 0.0,
  "qi_2": 0.02276014991914571,
  "rpve_csf": 31.932349937948693,
  "rpve_gm": 9.634957170634294,
  "rpve_wm": 16.887738910506485,
  "size_x": 192,
  "size_y": 208,
  "size_z": 256,
  "snr_csf": 2.8536000178763175,
  "snr_gm": 15.831292205456856,
  "snr_total": 13.161552609636237,
  "snr_wm": 20.799765605575537,
  "snrd_csf": 29.32770002672391,
  "snrd_gm": 66.41256157754414,
  "snrd_total": 63.07927224530143,
  "snrd_wm": 93.49755513163622,
  "spacing_x": 1.0,
  "spacing_y": 1.0,
  "spacing_z": 1.0,
  "summary_bg_k": 1413.0240159683126,
  "summary_bg_mad": 7.006989404582576,
  "summary_bg_mean": 8.205107274268297,
  "summary_bg_median": 4.726142533123493,
  "summary_bg_n": 2253930.0,
  "summary_bg_p05": 0.0,
  "summary_bg_p95": 30.52570142969489,
  "summary_bg_stdv": 11.284308860177337,
  "summary_csf_k": 8.80216092436423,
  "summary_csf_mad": 80.24442660590458,
  "summary_csf_mean": 331.15289250390066,
  "summary_csf_median": 313.6734325066209,
  "summary_csf_n": 14610.0,
  "summary_csf_p05": 188.79806440453976,
  "summary_csf_p95": 532.1944015270099,
  "summary_csf_stdv": 109.91824203455788,
  "summary_gm_k": 0.16371863168174894,
  "summary_gm_mad": 43.48172877090283,
  "summary_gm_mean": 710.0952506746213,
  "summary_gm_median": 710.3133260570467,
  "summary_gm_n": 71812.0,
  "summary_gm_p05": 635.0511247590184,
  "summary_gm_p95": 783.1477144099772,
  "summary_gm_stdv": 44.86736592164818,
  "summary_wm_k": 0.8065494543587874,
  "summary_wm_mad": 44.39359725506084,
  "summary_wm_mean": 999.9785549166868,
  "summary_wm_median": 999.9999666661024,
  "summary_wm_n": 147143.0,
  "summary_wm_p05": 921.727277316153,
  "summary_wm_p95": 1078.110801819712,
  "summary_wm_stdv": 48.07729988733297,
  "tpm_overlap_csf": 0.15024413570068063,
  "tpm_overlap_gm": 0.4742283568311218,
  "tpm_overlap_wm": 0.46260522017557865,
  "wm2max": 0.5236642256577163
}