{
  "aor": 0.0012971948051948051,
  "aqi": 0.009855246857142858,
  "bids_meta": {
    "AcquisitionMatrixPE": 84,
    "AcquisitionNumber": 1,
    "AcquisitionTime": "15:27:37.645000",
    "BandwidthPerPixelPhaseEncode": 15.664,
    "BaseResolution": 84,
    "BodyPartExamined": "BRAIN",
    "ConsistencyInfo": "N4_VE11B_LATEST_20150530",
    "ConversionSoftware": "dcm2niix",
    "ConversionSoftwareVersion": "v1.0.20181114  Clang4.0.1",
    "DerivedVendorReportedEchoSpacing": 0.000760008,
    "DeviceSerialNumber": "67007",
    "DwellTime": 3.8e-06,
    "EchoTime": 0.03,
    "EchoTrainLength": 74,
    "EffectiveEchoSpacing": 0.000760008,
    "FlipAngle": 40,
    "ImageComments": "Unaliased_MB4_PE3",
    "ImageOrientationPatientDICOM": [
      0.998984,
      -0.00596376,
      0.0446786,
      0.0244147,
      0.904807,
      -0.425121
    ],
    "ImageType": [
      "ORIGINAL",
      "PRIMARY",
      "M",
      "MB",
      "ND",
      "NORM",
      "MOSAIC"
    ],
    "ImagingFrequency": 123.211,
    "InPlanePhaseEncodingDirectionDICOM": "COL",
    "InstitutionAddress": "Perth_Drive_100_London_Ontario_CA_N6A_5K8",
    "InstitutionName": "Robarts_Research_Institute",
    "InstitutionalDepartmentName": "CFMM",
    "MRAcquisitionType": "2D",
    "MagneticFieldStrength": 3,
    "Manufacturer": "Siemens",
    "ManufacturersModelName": "Prisma_fit",
    "Modality": "MR",
    "MultibandAccelerationFactor": 4,
    "PartialFourier": 0.875,
    "PatientPosition": "HFS",
    "PercentPhaseFOV": 100,
    "PhaseEncodingDirection": "j-",
    "PhaseEncodingSteps": 74,
    "PhaseResolution": 1,
    "PixelBandwidth": 1565,
    "ProcedureStepDescription": "Ansari_Adaptation",
    "ProtocolName": "ep_bold_mb4_adaptation_3",
    "PulseSequenceDetails": "%CustomerSeq%_cmrr_mbep2d_bold",
    "ReceiveCoilActiveElements": "HEA;HEP",
    "ReceiveCoilName": "Head_32",
    "ReconMatrixPE": 84,
    "RepetitionTime": 1,
    "SAR": 0.0845652,
    "ScanOptions": "PFP_FS",
    "ScanningSequence": "EP",
    "SequenceName": "epfid2d1_84",
    "SequenceVariant": "SK_SS",
    "SeriesDescription": "ep_bold_mb4_adaptation_3",
    "SeriesNumber": 6,
    "ShimSetting": [
      5266,
      -6216,
      -3750,
      753,
      150,
      -195,
      64,
      -20
    ],
    "SliceThickness": 2.5,
    "SliceTiming": [
      0,
      0.41,
      0.8175,
      0.245,
      0.655,
      0.0825,
      0.49,
      0.9,
      0.3275,
      0.735,
      0.165,
      0.5725,
      0,
      0.41,
      0.8175,
      0.245,
      0.655,
      0.0825,
      0.49,
      0.9,
      0.3275,
      0.735,
      0.165,
      0.5725,
      0,
      0.41,
      0.8175,
      0.245,
      0.655,
      0.0825,
      0.49,
      0.9,
      0.3275,
      0.735,
      0.165,
      0.5725,
      0,
      0.41,
      0.8175,
      0.245,
      0.655,
      0.0825,
      0.49,
      0.9,
      0.3275,
      0.735,
      0.165,
      0.5725
    ],
    "SoftwareVersions": "syngo_MR_E11",
    "SpacingBetweenSlices": 2.5,
    "StationName": "MRC35368",
    "TaskName": "Adaptation",
    "TotalReadoutTime": 0.0630806,
    "TxRefAmp": 216.486,
    "WipMemBlock": "0e3fca1a-cc63-46b4-b461-d2a5797cfe86||Sequence: ve11b/master r/50434d5; Mar  3 2017 10:46:13 by eja",
    "dataset": "ds002116",
    "modality": "bold",
    "run_id": 3,
    "session_id": "01",
    "subject_id": "01",
    "task_id": "Adaptation"
  },
  "dummy_trs": 1,
  "dvars_nstd": 37.16438552218748,
  "dvars_std": 1.3917317365364592,
  "dvars_vstd": 1.0170625023177073,
  "efc": 0.5029212919145566,
  "fber": 6306.94677734375,
  "fd_mean": 0.22124197624551986,
  "fd_num": 214,
  "fd_perc": 55.58441558441559,
  "fwhm_avg": 1.9264887635677759,
  "fwhm_x": 1.8649291623640367,
  "fwhm_y": 2.0018853107439827,
  "fwhm_z": 1.9126518175953084,
  "gcor": 0.0138008,
  "gsr_x": -0.0168430358171463,
  "gsr_y": 0.02028748393058777,
  "provenance": {
    "md5sum": "d40ea00e4c42e6cbdf7abbb2ab23b61d",
    "settings": {
      "fd_thres": 0.2,
      "testing": false
    },
    "software": "mriqc",
    "version": "22.0.6",
    "webapi_port": null,
    "webapi_url": "https://mriqc.nimh.nih.gov/api/v1"
  },
  "size_t": 385,
  "size_x": 84,
  "size_y": 84,
  "size_z": 48,
  "snr": 5.809193208279635,
  "spacing_tr": 1.0,
  "spacing_x": 2.4761905670166016,
  "spacing_y": 2.4761908054351807,
  "spacing_z": 2.500000238418579,
  "summary_bg_k": 57.01930901828792,
  "summary_bg_mad": 1.721524241305808,
  "summary_bg_mean": 6.733216762542725,
  "summary_bg_median": 2.926607608795166,
  "summary_bg_n": 210654.0,
  "summary_bg_p05": 1.0645532131195068,
  "summary_bg_p95": 24.63888845443725,
  "summary_bg_stdv": 13.790644645690918,
  "summary_fg_k": 4.147651772867731,
  "summary_fg_mad": 36.508989139842384,
  "summary_fg_mean": 242.08558654785156,
  "summary_fg_median": 238.93907165527344,
  "summary_fg_n": 70409.0,
  "summary_fg_p05": 186.5892120361328,
  "summary_fg_p95": 308.30120239257803,
  "summary_fg_stdv": 41.13090515136719,
  "tsnr": 57.123802185058594
}