{
  "bids_meta": {
    "AcquisitionMatrixPE": 216,
    "AcquisitionNumber": 1,
    "AcquisitionTime": "18:39:30.162500",
    "BaseResolution": 256,
    "BodyPartExamined": "BRAIN",
    "ConsistencyInfo": "N4_VE11C_LATEST_20160120",
    "ConversionSoftware": "dcm2niix",
    "ConversionSoftwareVersion": "v1.0.20181114  Clang4.0.1",
    "DeviceSerialNumber": "67007",
    "DwellTime": 8.2e-06,
    "EchoTime": 0.00298,
    "FlipAngle": 9,
    "ImageOrientationPatientDICOM": [
      0,
      1,
      0,
      0,
      0,
      -1
    ],
    "ImageType": [
      "ORIGINAL",
      "PRIMARY",
      "M",
      "ND",
      "NORM"
    ],
    "ImagingFrequency": 123.211,
    "InPlanePhaseEncodingDirectionDICOM": "ROW",
    "InstitutionAddress": "Perth_Drive_100_London_Ontario_CA_N6A_5K8",
    "InstitutionName": "Robarts_Research_Institute",
    "InstitutionalDepartmentName": "CFMM",
    "InversionTime": 0.9,
    "MRAcquisitionType": "3D",
    "MagneticFieldStrength": 3,
    "Manufacturer": "Siemens",
    "ManufacturersModelName": "Prisma_fit",
    "Modality": "MR",
    "PartialFourier": 1,
    "PatientPosition": "HFS",
    "PercentPhaseFOV": 84.375,
    "PhaseEncodingSteps": 215,
    "PhaseResolution": 1,
    "PixelBandwidth": 240,
    "ProcedureStepDescription": "Ansari_Adaptation",
    "ProtocolName": "MPRAGE_SAG_iPAT2",
    "PulseSequenceDetails": "%SiemensSeq%_tfl",
    "ReceiveCoilActiveElements": "HEA;HEP",
    "ReceiveCoilName": "Head_32",
    "ReconMatrixPE": 256,
    "RepetitionTime": 2.3,
    "SAR": 0.0743605,
    "ScanOptions": "IR",
    "ScanningSequence": "GR_IR",
    "SequenceName": "_tfl3d1_16ns",
    "SequenceVariant": "SK_SP_MP",
    "SeriesDescription": "MPRAGE_SAG_iPAT2",
    "SeriesNumber": 10,
    "ShimSetting": [
      5257,
      -6200,
      -3904,
      507,
      18,
      68,
      81,
      -13
    ],
    "SliceThickness": 1,
    "SoftwareVersions": "syngo_MR_E11",
    "StationName": "MRC35368",
    "TxRefAmp": 221.197,
    "dataset": "ds002116",
    "modality": "T1w",
    "session_id": "01",
    "subject_id": "39"
  },
  "cjv": 0.4099910909837456,
  "cnr": 3.1659326197193782,
  "efc": 0.5650563768566559,
  "fber": 1216.146193000563,
  "fwhm_avg": 3.4843233333333337,
  "fwhm_x": 3.55234,
  "fwhm_y": 3.58571,
  "fwhm_z": 3.31492,
  "icvs_csf": 0.15767344386798077,
  "icvs_gm": 0.48354377056755743,
  "icvs_wm": 0.35878278556446175,
  "inu_med": 0.6405358910560608,
  "inu_range": 0.25600169301033016,
  "provenance": {
    "md5sum": "fb6db6310e869a76cf11ea8b651f099b",
    "settings": {
      "testing": false
    },
    "software": "mriqc",
    "version": "22.0.6",
    "warnings": {
      "large_rot_frame": true,
      "small_air_mask": false
    },
    "webapi_port": null,
    "webapi_url": "https://mriqc.nimh.nih.gov/api/v1"
  },
  "qi_1": 0.0,
  "qi_2": 0.004679937702831419,
  "rpve_csf": 30.841586241969708,
  "rpve_gm": 11.189981483640674,
  "rpve_wm": 15.90190298033859,
  "size_x": 192,
  "size_y": 216,
  "size_z": 256,
  "snr_csf": 2.9459430552314316,
  "snr_gm": 13.498829106853158,
  "snr_total": 10.758780615918445,
  "snr_wm": 15.831569685670745,
  "snrd_csf": 24.64648684670948,
  "snrd_gm": 53.76602030806677,
  "snrd_total": 50.683232727082725,
  "snrd_wm": 73.63719102647192,
  "spacing_x": 1.0,
  "spacing_y": 1.0,
  "spacing_z": 1.0,
  "summary_bg_k": 21.109652120520185,
  "summary_bg_mad": 8.897469008783126,
  "summary_bg_mean": 11.056205149351738,
  "summary_bg_median": 6.001251649111509,
  "summary_bg_n": 2267569.0,
  "summary_bg_p05": 0.0,
  "summary_bg_p95": 44.696438662707806,
  "summary_bg_stdv": 18.705204803718686,
  "summary_csf_k": 2.319880617134321,
  "summary_csf_mad": 96.971495055848,
  "summary_csf_mean": 349.5620962830215,
  "summary_csf_median": 334.7262537907809,
  "summary_csf_n": 19944.0,
  "summary_csf_p05": 183.7045719534159,
  "summary_csf_p95": 550.7473817871883,
  "summary_csf_stdv": 113.61993621642485,
  "summary_gm_k": 0.09038161261709776,
  "summary_gm_mad": 53.16647125493721,
  "summary_gm_mean": 729.8141105737426,
  "summary_gm_median": 730.2013739682734,
  "summary_gm_n": 34315.0,
  "summary_gm_p05": 638.6878089435398,
  "summary_gm_p95": 818.342456471175,
  "summary_gm_stdv": 54.09289416354453,
  "summary_wm_k": 1.1004315627665688,
  "summary_wm_mad": 57.4787415107278,
  "summary_wm_mean": 1006.543952832735,
  "summary_wm_median": 1000.0736107043922,
  "summary_wm_n": 154652.0,
  "summary_wm_p05": 915.6142776794732,
  "summary_wm_p95": 1120.1152115592727,
  "summary_wm_stdv": 63.16937595272961,
  "tpm_overlap_csf": 0.14993038230073794,
  "tpm_overlap_gm": 0.4649949403612309,
  "tpm_overlap_wm": 0.4702147646979086,
  "wm2max": 0.4438616272039479
}