{
  "bids_meta": {
    "AcquisitionMatrixPE": 216,
    "AcquisitionNumber": 1,
    "AcquisitionTime": "14:42:29.172500",
    "BaseResolution": 256,
    "BodyPartExamined": "BRAIN",
    "ConsistencyInfo": "N4_VE11C_LATEST_20160120",
    "ConversionSoftware": "dcm2niix",
    "ConversionSoftwareVersion": "v1.0.20181114  Clang4.0.1",
    "DeviceSerialNumber": "67007",
    "DwellTime": 8.2e-06,
    "EchoTime": 0.00298,
    "FlipAngle": 9,
    "ImageOrientationPatientDICOM": [
      0,
      1,
      0,
      0,
      0,
      -1
    ],
    "ImageType": [
      "ORIGINAL",
      "PRIMARY",
      "M",
      "ND",
      "NORM"
    ],
    "ImagingFrequency": 123.211,
    "InPlanePhaseEncodingDirectionDICOM": "ROW",
    "InstitutionAddress": "Perth_Drive_100_London_Ontario_CA_N6A_5K8",
    "InstitutionName": "Robarts_Research_Institute",
    "InstitutionalDepartmentName": "CFMM",
    "InversionTime": 0.9,
    "MRAcquisitionType": "3D",
    "MagneticFieldStrength": 3,
    "Manufacturer": "Siemens",
    "ManufacturersModelName": "Prisma_fit",
    "Modality": "MR",
    "PartialFourier": 1,
    "PatientPosition": "HFS",
    "PercentPhaseFOV": 84.375,
    "PhaseEncodingSteps": 215,
    "PhaseResolution": 1,
    "PixelBandwidth": 240,
    "ProcedureStepDescription": "Ansari_Adaptation",
    "ProtocolName": "MPRAGE_SAG_iPAT2",
    "PulseSequenceDetails": "%SiemensSeq%_tfl",
    "ReceiveCoilActiveElements": "HEA;HEP;SP1",
    "ReceiveCoilName": "Spine_32",
    "ReconMatrixPE": 256,
    "RepetitionTime": 2.3,
    "SAR": 0.0885041,
    "ScanOptions": "IR",
    "ScanningSequence": "GR_IR",
    "SequenceName": "_tfl3d1_16ns",
    "SequenceVariant": "SK_SP_MP",
    "SeriesDescription": "MPRAGE_SAG_iPAT2",
    "SeriesNumber": 10,
    "ShimSetting": [
      5247,
      -6163,
      -3907,
      386,
      33,
      -45,
      70,
      32
    ],
    "SliceThickness": 1,
    "SoftwareVersions": "syngo_MR_E11",
    "StationName": "MRC35368",
    "TxRefAmp": 223.81,
    "dataset": "ds002116",
    "modality": "T1w",
    "session_id": "01",
    "subject_id": "51"
  },
  "cjv": 0.27787747182360656,
  "cnr": 4.694549210145054,
  "efc": 0.5162387629303626,
  "fber": 2421.4352168146106,
  "fwhm_avg": 3.43129,
  "fwhm_x": 3.43158,
  "fwhm_y": 3.58414,
  "fwhm_z": 3.27815,
  "icvs_csf": 0.1340655156867024,
  "icvs_gm": 0.5627797145633068,
  "icvs_wm": 0.30315476974999084,
  "inu_med": 0.5236648321151733,
  "inu_range": 0.1882187783718109,
  "provenance": {
    "md5sum": "0b62163a518cc9009e43976c761bcfa0",
    "settings": {
      "testing": false
    },
    "software": "mriqc",
    "version": "22.0.6",
    "warnings": {
      "large_rot_frame": true,
      "small_air_mask": false
    },
    "webapi_port": null,
    "webapi_url": "https://mriqc.nimh.nih.gov/api/v1"
  },
  "qi_1": 0.0,
  "qi_2": 0.021127679661358843,
  "rpve_csf": 36.60385793698102,
  "rpve_gm": 10.662098757902868,
  "rpve_wm": 19.52228221422329,
  "size_x": 192,
  "size_y": 216,
  "size_z": 256,
  "snr_csf": 2.703324309353921,
  "snr_gm": 16.65794076047528,
  "snr_total": 13.89957222164877,
  "snr_wm": 22.33745159511711,
  "snrd_csf": 32.5772676897339,
  "snrd_gm": 75.13552419975146,
  "snrd_total": 71.31977878336954,
  "snrd_wm": 106.24654446062326,
  "spacing_x": 1.0,
  "spacing_y": 1.0,
  "spacing_z": 1.0,
  "summary_bg_k": 2.1705616419310427,
  "summary_bg_mad": 6.166369478000838,
  "summary_bg_mean": 6.9759521907386235,
  "summary_bg_median": 4.159153008833528,
  "summary_bg_n": 2379594.0,
  "summary_bg_p05": 0.0,
  "summary_bg_p95": 26.7000172175467,
  "summary_bg_stdv": 9.17423107594583,
  "summary_csf_k": 1.5887809810244988,
  "summary_csf_mad": 91.99964532387963,
  "summary_csf_mean": 329.1538707261063,
  "summary_csf_median": 306.62846570368856,
  "summary_csf_n": 13072.0,
  "summary_csf_p05": 179.59978901781142,
  "summary_csf_p95": 546.3818229233844,
  "summary_csf_stdv": 113.4221062465381,
  "summary_gm_k": 0.215888827327535,
  "summary_gm_mad": 41.137877496593,
  "summary_gm_mean": 706.240123919472,
  "summary_gm_median": 707.2014364320785,
  "summary_gm_n": 84132.0,
  "summary_gm_p05": 634.4598862566054,
  "summary_gm_p95": 774.3586692810059,
  "summary_gm_stdv": 42.454061018743396,
  "summary_wm_k": 0.971988330212811,
  "summary_wm_mad": 40.232326734089376,
  "summary_wm_mean": 998.797091367175,
  "summary_wm_median": 1000.0290762428194,
  "summary_wm_n": 133570.0,
  "summary_wm_p05": 923.3028829749674,
  "summary_wm_p95": 1069.8621278107166,
  "summary_wm_stdv": 44.768998312682555,
  "tpm_overlap_csf": 0.14490098077989327,
  "tpm_overlap_gm": 0.4872978001729502,
  "tpm_overlap_wm": 0.47275228454496065,
  "wm2max": 0.570871175015358
}