{
  "aor": 0.00825890625,
  "aqi": 0.012704756354166666,
  "bids_meta": {
    "AcquisitionMatrixPE": 84,
    "AcquisitionNumber": 1,
    "AcquisitionTime": "18:31:47.365000",
    "BandwidthPerPixelPhaseEncode": 15.664,
    "BaseResolution": 84,
    "BodyPartExamined": "BRAIN",
    "ConsistencyInfo": "N4_VE11C_LATEST_20160120",
    "ConversionSoftware": "dcm2niix",
    "ConversionSoftwareVersion": "v1.0.20181114  Clang4.0.1",
    "DerivedVendorReportedEchoSpacing": 0.000760008,
    "DeviceSerialNumber": "67007",
    "DwellTime": 3.8e-06,
    "EchoTime": 0.03,
    "EchoTrainLength": 74,
    "EffectiveEchoSpacing": 0.000760008,
    "FlipAngle": 40,
    "ImageComments": "Unaliased_MB4_PE3",
    "ImageOrientationPatientDICOM": [
      0.997863,
      0.00692718,
      -0.0649687,
      -0.02613,
      0.953692,
      -0.299648
    ],
    "ImageType": [
      "ORIGINAL",
      "PRIMARY",
      "M",
      "MB",
      "ND",
      "NORM",
      "MOSAIC"
    ],
    "ImagingFrequency": 123.211,
    "InPlanePhaseEncodingDirectionDICOM": "COL",
    "InstitutionAddress": "Perth_Drive_100_London_Ontario_CA_N6A_5K8",
    "InstitutionName": "Robarts_Research_Institute",
    "InstitutionalDepartmentName": "CFMM",
    "MRAcquisitionType": "2D",
    "MagneticFieldStrength": 3,
    "Manufacturer": "Siemens",
    "ManufacturersModelName": "Prisma_fit",
    "Modality": "MR",
    "MultibandAccelerationFactor": 4,
    "PartialFourier": 0.875,
    "PatientPosition": "HFS",
    "PercentPhaseFOV": 100,
    "PhaseEncodingDirection": "j-",
    "PhaseEncodingSteps": 74,
    "PhaseResolution": 1,
    "PixelBandwidth": 1565,
    "ProcedureStepDescription": "Ansari_Adaptation",
    "ProtocolName": "ep_bold_mb4_adaptation_4",
    "PulseSequenceDetails": "%CustomerSeq%_cmrr_mbep2d_bold",
    "ReceiveCoilActiveElements": "HEA;HEP",
    "ReceiveCoilName": "Head_32",
    "ReconMatrixPE": 84,
    "RepetitionTime": 1,
    "SAR": 0.0717312,
    "ScanOptions": "PFP_FS",
    "ScanningSequence": "EP",
    "SequenceName": "epfid2d1_84",
    "SequenceVariant": "SK_SS",
    "SeriesDescription": "ep_bold_mb4_adaptation_4",
    "SeriesNumber": 9,
    "ShimSetting": [
      5260,
      -6153,
      -3799,
      657,
      197,
      85,
      49,
      26
    ],
    "SliceThickness": 2.5,
    "SliceTiming": [
      0,
      0.4075,
      0.815,
      0.245,
      0.6525,
      0.08,
      0.49,
      0.8975,
      0.325,
      0.735,
      0.1625,
      0.57,
      0,
      0.4075,
      0.815,
      0.245,
      0.6525,
      0.08,
      0.49,
      0.8975,
      0.325,
      0.735,
      0.1625,
      0.57,
      0,
      0.4075,
      0.815,
      0.245,
      0.6525,
      0.08,
      0.49,
      0.8975,
      0.325,
      0.735,
      0.1625,
      0.57,
      0,
      0.4075,
      0.815,
      0.245,
      0.6525,
      0.08,
      0.49,
      0.8975,
      0.325,
      0.735,
      0.1625,
      0.57
    ],
    "SoftwareVersions": "syngo_MR_E11",
    "SpacingBetweenSlices": 2.5,
    "StationName": "MRC35368",
    "TaskName": "Adaptation",
    "TotalReadoutTime": 0.0630806,
    "TxRefAmp": 213.742,
    "WipMemBlock": "2dfb9f3a-f0ab-4d10-9a20-8feb778b8087||Sequence: R016 ve11c/master r/e634e98; Dec 19 2017 11:00:25 by eja",
    "dataset": "ds002116",
    "modality": "bold",
    "run_id": 4,
    "session_id": "01",
    "subject_id": "56",
    "task_id": "Adaptation"
  },
  "dummy_trs": 2,
  "dvars_nstd": 40.80100969843339,
  "dvars_std": 1.4343624904960828,
  "dvars_vstd": 1.0587131160313317,
  "efc": 0.5243516931733401,
  "fber": 7274.3466796875,
  "fd_mean": 0.38170466966122485,
  "fd_num": 275,
  "fd_perc": 71.61458333333333,
  "fwhm_avg": 2.010229104569761,
  "fwhm_x": 1.8877262769124588,
  "fwhm_y": 2.142537036796825,
  "fwhm_z": 2.0004239999999998,
  "gcor": 0.0150293,
  "gsr_x": -0.015106156468391418,
  "gsr_y": 0.023119887337088585,
  "provenance": {
    "md5sum": "b1387588932058e7b909cd83d31d9afa",
    "settings": {
      "fd_thres": 0.2,
      "testing": false
    },
    "software": "mriqc",
    "version": "22.0.6",
    "webapi_port": null,
    "webapi_url": "https://mriqc.nimh.nih.gov/api/v1"
  },
  "size_t": 384,
  "size_x": 84,
  "size_y": 84,
  "size_z": 48,
  "snr": 5.405768848890137,
  "spacing_tr": 1.0,
  "spacing_x": 2.4761905670166016,
  "spacing_y": 2.4761905670166016,
  "spacing_z": 2.5,
  "summary_bg_k": 75.86955010603185,
  "summary_bg_mad": 1.7836504571250882,
  "summary_bg_mean": 7.2093377113342285,
  "summary_bg_median": 2.9297986030578613,
  "summary_bg_n": 201059.0,
  "summary_bg_p05": 1.083774745464325,
  "summary_bg_p95": 26.772805595397884,
  "summary_bg_stdv": 16.30115509033203,
  "summary_fg_k": 2.6298429831537193,
  "summary_fg_mad": 46.185244460671726,
  "summary_fg_mean": 262.86090087890625,
  "summary_fg_median": 258.9478759765625,
  "summary_fg_n": 77892.0,
  "summary_fg_p05": 197.01983871459962,
  "summary_fg_p95": 341.82711029052734,
  "summary_fg_stdv": 47.90182876586914,
  "tsnr": 47.71019744873047
}