{
  "aor": 0.0011765714285714285,
  "aqi": 0.008076046441558443,
  "bids_meta": {
    "AcquisitionMatrixPE": 84,
    "AcquisitionNumber": 1,
    "AcquisitionTime": "18:23:37.905000",
    "BandwidthPerPixelPhaseEncode": 15.664,
    "BaseResolution": 84,
    "BodyPartExamined": "BRAIN",
    "ConsistencyInfo": "N4_VE11C_LATEST_20160120",
    "ConversionSoftware": "dcm2niix",
    "ConversionSoftwareVersion": "v1.0.20181114  Clang4.0.1",
    "DerivedVendorReportedEchoSpacing": 0.000760008,
    "DeviceSerialNumber": "67007",
    "DwellTime": 3.8e-06,
    "EchoTime": 0.03,
    "EchoTrainLength": 74,
    "EffectiveEchoSpacing": 0.000760008,
    "FlipAngle": 40,
    "ImageComments": "Unaliased_MB4_PE3",
    "ImageOrientationPatientDICOM": [
      0.997863,
      0.00692718,
      -0.0649687,
      -0.02613,
      0.953692,
      -0.299648
    ],
    "ImageType": [
      "ORIGINAL",
      "PRIMARY",
      "M",
      "MB",
      "ND",
      "NORM",
      "MOSAIC"
    ],
    "ImagingFrequency": 123.211,
    "InPlanePhaseEncodingDirectionDICOM": "COL",
    "InstitutionAddress": "Perth_Drive_100_London_Ontario_CA_N6A_5K8",
    "InstitutionName": "Robarts_Research_Institute",
    "InstitutionalDepartmentName": "CFMM",
    "MRAcquisitionType": "2D",
    "MagneticFieldStrength": 3,
    "Manufacturer": "Siemens",
    "ManufacturersModelName": "Prisma_fit",
    "Modality": "MR",
    "MultibandAccelerationFactor": 4,
    "PartialFourier": 0.875,
    "PatientPosition": "HFS",
    "PercentPhaseFOV": 100,
    "PhaseEncodingDirection": "j-",
    "PhaseEncodingSteps": 74,
    "PhaseResolution": 1,
    "PixelBandwidth": 1565,
    "ProcedureStepDescription": "Ansari_Adaptation",
    "ProtocolName": "ep_bold_mb4_adaptation_3",
    "PulseSequenceDetails": "%CustomerSeq%_cmrr_mbep2d_bold",
    "ReceiveCoilActiveElements": "HEA;HEP",
    "ReceiveCoilName": "Head_32",
    "ReconMatrixPE": 84,
    "RepetitionTime": 1,
    "SAR": 0.0717312,
    "ScanOptions": "PFP_FS",
    "ScanningSequence": "EP",
    "SequenceName": "epfid2d1_84",
    "SequenceVariant": "SK_SS",
    "SeriesDescription": "ep_bold_mb4_adaptation_3",
    "SeriesNumber": 7,
    "ShimSetting": [
      5260,
      -6153,
      -3799,
      657,
      197,
      85,
      49,
      26
    ],
    "SliceThickness": 2.5,
    "SliceTiming": [
      0,
      0.4075,
      0.8175,
      0.245,
      0.6525,
      0.0825,
      0.49,
      0.8975,
      0.3275,
      0.735,
      0.1625,
      0.5725,
      0,
      0.4075,
      0.8175,
      0.245,
      0.6525,
      0.0825,
      0.49,
      0.8975,
      0.3275,
      0.735,
      0.1625,
      0.5725,
      0,
      0.4075,
      0.8175,
      0.245,
      0.6525,
      0.0825,
      0.49,
      0.8975,
      0.3275,
      0.735,
      0.1625,
      0.5725,
      0,
      0.4075,
      0.8175,
      0.245,
      0.6525,
      0.0825,
      0.49,
      0.8975,
      0.3275,
      0.735,
      0.1625,
      0.5725
    ],
    "SoftwareVersions": "syngo_MR_E11",
    "SpacingBetweenSlices": 2.5,
    "StationName": "MRC35368",
    "TaskName": "Adaptation",
    "TotalReadoutTime": 0.0630806,
    "TxRefAmp": 213.742,
    "WipMemBlock": "d9748e8f-6505-4325-ba65-b1dd350eae42||Sequence: R016 ve11c/master r/e634e98; Dec 19 2017 11:00:25 by eja",
    "dataset": "ds002116",
    "modality": "bold",
    "run_id": 3,
    "session_id": "01",
    "subject_id": "56",
    "task_id": "Adaptation"
  },
  "dummy_trs": 1,
  "dvars_nstd": 38.10241882013021,
  "dvars_std": 1.4165752804427079,
  "dvars_vstd": 0.999826758984375,
  "efc": 0.524418213039743,
  "fber": 7286.435546875,
  "fd_mean": 0.2744646744866064,
  "fd_num": 262,
  "fd_perc": 68.05194805194805,
  "fwhm_avg": 1.987175374336119,
  "fwhm_x": 1.8715360851986196,
  "fwhm_y": 2.1149220378097375,
  "fwhm_z": 1.9750679999999998,
  "gcor": 0.0203524,
  "gsr_x": -0.015078239142894745,
  "gsr_y": 0.021976225078105927,
  "provenance": {
    "md5sum": "5a1df1ba863cf6caaf3950412ef2bb24",
    "settings": {
      "fd_thres": 0.2,
      "testing": false
    },
    "software": "mriqc",
    "version": "22.0.6",
    "webapi_port": null,
    "webapi_url": "https://mriqc.nimh.nih.gov/api/v1"
  },
  "size_t": 385,
  "size_x": 84,
  "size_y": 84,
  "size_z": 48,
  "snr": 5.380831428069535,
  "spacing_tr": 1.0,
  "spacing_x": 2.4761905670166016,
  "spacing_y": 2.4761905670166016,
  "spacing_z": 2.5,
  "summary_bg_k": 74.23212566633661,
  "summary_bg_mad": 1.7952338171770348,
  "summary_bg_mean": 7.269708156585693,
  "summary_bg_median": 2.9392385482788086,
  "summary_bg_n": 201058.0,
  "summary_bg_p05": 1.0944059491157532,
  "summary_bg_p95": 27.016347599029537,
  "summary_bg_stdv": 16.475305557250977,
  "summary_fg_k": 2.850581254040975,
  "summary_fg_mad": 46.125339512633964,
  "summary_fg_mean": 263.0359191894531,
  "summary_fg_median": 259.3500061035156,
  "summary_fg_n": 77857.0,
  "summary_fg_p05": 196.81598815917968,
  "summary_fg_p95": 342.31936035156247,
  "summary_fg_stdv": 48.19856262207031,
  "tsnr": 59.6777229309082
}