{
  "bids_meta": {
    "AcquisitionMatrixPE": 232,
    "AcquisitionNumber": 1,
    "AcquisitionTime": "15:57:56.917500",
    "BaseResolution": 256,
    "BodyPartExamined": "BRAIN",
    "ConsistencyInfo": "N4_VE11C_LATEST_20160120",
    "ConversionSoftware": "dcm2niix",
    "ConversionSoftwareVersion": "v1.0.20181114  Clang4.0.1",
    "DeviceSerialNumber": "67007",
    "DwellTime": 8.2e-06,
    "EchoTime": 0.00298,
    "FlipAngle": 9,
    "ImageOrientationPatientDICOM": [
      0,
      1,
      0,
      0,
      0,
      -1
    ],
    "ImageType": [
      "ORIGINAL",
      "PRIMARY",
      "M",
      "ND",
      "NORM"
    ],
    "ImagingFrequency": 123.211,
    "InPlanePhaseEncodingDirectionDICOM": "ROW",
    "InstitutionAddress": "Perth_Drive_100_London_Ontario_CA_N6A_5K8",
    "InstitutionName": "Robarts_Research_Institute",
    "InstitutionalDepartmentName": "CFMM",
    "InversionTime": 0.9,
    "MRAcquisitionType": "3D",
    "MagneticFieldStrength": 3,
    "Manufacturer": "Siemens",
    "ManufacturersModelName": "Prisma_fit",
    "Modality": "MR",
    "PartialFourier": 1,
    "PatientPosition": "HFS",
    "PercentPhaseFOV": 90.625,
    "PhaseEncodingSteps": 231,
    "PhaseResolution": 1,
    "PixelBandwidth": 240,
    "ProcedureStepDescription": "Ansari_Adaptation",
    "ProtocolName": "MPRAGE_SAG_iPAT2",
    "PulseSequenceDetails": "%SiemensSeq%_tfl",
    "ReceiveCoilActiveElements": "HEA;HEP",
    "ReceiveCoilName": "Head_32",
    "ReconMatrixPE": 256,
    "RepetitionTime": 2.3,
    "SAR": 0.0633824,
    "ScanOptions": "IR",
    "ScanningSequence": "GR_IR",
    "SequenceName": "_tfl3d1_16ns",
    "SequenceVariant": "SK_SP_MP",
    "SeriesDescription": "MPRAGE_SAG_iPAT2",
    "SeriesNumber": 4,
    "ShimSetting": [
      5281,
      -6213,
      -3920,
      444,
      78,
      17,
      107,
      65
    ],
    "SliceThickness": 1,
    "SoftwareVersions": "syngo_MR_E11",
    "StationName": "MRC35368",
    "TxRefAmp": 228.817,
    "dataset": "ds002116",
    "modality": "T1w",
    "session_id": "01",
    "subject_id": "46"
  },
  "cjv": 0.38735687563435783,
  "cnr": 3.375593425885093,
  "efc": 0.5601728702204594,
  "fber": 1654.6267669011684,
  "fwhm_avg": 3.7827033333333335,
  "fwhm_x": 3.59935,
  "fwhm_y": 4.08152,
  "fwhm_z": 3.66724,
  "icvs_csf": 0.16793840183141162,
  "icvs_gm": 0.45403924773051857,
  "icvs_wm": 0.3780223504380698,
  "inu_med": 0.5723256468772888,
  "inu_range": 0.2215545654296875,
  "provenance": {
    "md5sum": "6955e2cbd79fcfa715eb2fbf740ec2db",
    "settings": {
      "testing": false
    },
    "software": "mriqc",
    "version": "22.0.6",
    "warnings": {
      "large_rot_frame": true,
      "small_air_mask": false
    },
    "webapi_port": null,
    "webapi_url": "https://mriqc.nimh.nih.gov/api/v1"
  },
  "qi_1": 0.0,
  "qi_2": 0.014763173258917085,
  "rpve_csf": 27.302550849439374,
  "rpve_gm": 11.000827490732398,
  "rpve_wm": 14.5241864872475,
  "size_x": 192,
  "size_y": 232,
  "size_z": 256,
  "snr_csf": 2.8349546880966825,
  "snr_gm": 13.134539157011988,
  "snr_total": 10.822068164617667,
  "snr_wm": 16.49671064874433,
  "snrd_csf": 25.07821198554711,
  "snrd_gm": 54.64344362698122,
  "snrd_total": 51.828486614898914,
  "snrd_wm": 75.76380423216843,
  "spacing_x": 1.0,
  "spacing_y": 1.0,
  "spacing_z": 1.0,
  "summary_bg_k": 16.246312484655753,
  "summary_bg_mad": 8.647400985524323,
  "summary_bg_mean": 8.517844221863971,
  "summary_bg_median": 5.8325833305716515,
  "summary_bg_n": 2794581.0,
  "summary_bg_p05": 0.0,
  "summary_bg_p95": 27.650765419006348,
  "summary_bg_stdv": 11.41147157735635,
  "summary_csf_k": 1.938147754821271,
  "summary_csf_mad": 100.99310286797542,
  "summary_csf_mean": 346.63568812874036,
  "summary_csf_median": 331.0171058103442,
  "summary_csf_n": 28569.0,
  "summary_csf_p05": 178.66426863968374,
  "summary_csf_p95": 552.6984766930341,
  "summary_csf_stdv": 116.76070656709472,
  "summary_gm_k": 0.1167705450647194,
  "summary_gm_mad": 53.91280861345411,
  "summary_gm_mean": 722.026300964953,
  "summary_gm_median": 721.2601349465549,
  "summary_gm_n": 34343.0,
  "summary_gm_p05": 632.6228701222688,
  "summary_gm_p95": 812.9217022385448,
  "summary_gm_stdv": 54.91244309498589,
  "summary_wm_k": 1.1369357855241944,
  "summary_wm_mad": 54.0729456687416,
  "summary_wm_mean": 1006.8224900065245,
  "summary_wm_median": 1000.0360159873962,
  "summary_wm_n": 205928.0,
  "summary_wm_p05": 920.072018597275,
  "summary_wm_p95": 1118.3438482359052,
  "summary_wm_stdv": 60.62018114744714,
  "tpm_overlap_csf": 0.16279388756448016,
  "tpm_overlap_gm": 0.4586533267677148,
  "tpm_overlap_wm": 0.48604830610167743,
  "wm2max": 0.4548446787954214
}