{
  "aor": 0.0004148311688311688,
  "aqi": 0.006782645220779221,
  "bids_meta": {
    "AcquisitionMatrixPE": 84,
    "AcquisitionNumber": 1,
    "AcquisitionTime": "17:31:22.590000",
    "BandwidthPerPixelPhaseEncode": 15.664,
    "BaseResolution": 84,
    "BodyPartExamined": "BRAIN",
    "ConsistencyInfo": "N4_VE11C_LATEST_20160120",
    "ConversionSoftware": "dcm2niix",
    "ConversionSoftwareVersion": "v1.0.20181114  Clang4.0.1",
    "DerivedVendorReportedEchoSpacing": 0.000760008,
    "DeviceSerialNumber": "67007",
    "DwellTime": 3.8e-06,
    "EchoTime": 0.03,
    "EchoTrainLength": 74,
    "EffectiveEchoSpacing": 0.000760008,
    "FlipAngle": 40,
    "ImageComments": "Unaliased_MB4_PE3",
    "ImageOrientationPatientDICOM": [
      1,
      0,
      0,
      0,
      0.827081,
      -0.562083
    ],
    "ImageType": [
      "ORIGINAL",
      "PRIMARY",
      "M",
      "MB",
      "ND",
      "NORM",
      "MOSAIC"
    ],
    "ImagingFrequency": 123.211,
    "InPlanePhaseEncodingDirectionDICOM": "COL",
    "InstitutionAddress": "Perth_Drive_100_London_Ontario_CA_N6A_5K8",
    "InstitutionName": "Robarts",
    "InstitutionalDepartmentName": "CFMM",
    "MRAcquisitionType": "2D",
    "MagneticFieldStrength": 3,
    "Manufacturer": "Siemens",
    "ManufacturersModelName": "Prisma_fit",
    "Modality": "MR",
    "MultibandAccelerationFactor": 4,
    "PartialFourier": 0.875,
    "PatientPosition": "HFS",
    "PercentPhaseFOV": 100,
    "PhaseEncodingDirection": "j-",
    "PhaseEncodingSteps": 74,
    "PhaseResolution": 1,
    "PixelBandwidth": 1565,
    "ProcedureStepDescription": "Ansari_Adaptation",
    "ProtocolName": "ep_bold_mb4_adaptation_2",
    "PulseSequenceDetails": "%CustomerSeq%_cmrr_mbep2d_bold",
    "ReceiveCoilActiveElements": "HEA;HEP",
    "ReceiveCoilName": "Head_32",
    "ReconMatrixPE": 84,
    "RepetitionTime": 1,
    "SAR": 0.055207,
    "ScanOptions": "PFP_FS",
    "ScanningSequence": "EP",
    "SequenceName": "epfid2d1_84",
    "SequenceVariant": "SK_SS",
    "SeriesDescription": "ep_bold_mb4_adaptation_2",
    "SeriesNumber": 4,
    "ShimSetting": [
      5241,
      -6169,
      -3900,
      384,
      1,
      156,
      -23,
      16
    ],
    "SliceThickness": 2.5,
    "SliceTiming": [
      0,
      0.41,
      0.8175,
      0.245,
      0.655,
      0.0825,
      0.49,
      0.9,
      0.3275,
      0.735,
      0.165,
      0.5725,
      0,
      0.41,
      0.8175,
      0.245,
      0.655,
      0.0825,
      0.49,
      0.9,
      0.3275,
      0.735,
      0.165,
      0.5725,
      0,
      0.41,
      0.8175,
      0.245,
      0.655,
      0.0825,
      0.49,
      0.9,
      0.3275,
      0.735,
      0.165,
      0.5725,
      0,
      0.41,
      0.8175,
      0.245,
      0.655,
      0.0825,
      0.49,
      0.9,
      0.3275,
      0.735,
      0.165,
      0.5725
    ],
    "SoftwareVersions": "syngo_MR_E11",
    "SpacingBetweenSlices": 2.5,
    "StationName": "MRC35368",
    "TaskName": "Adaptation",
    "TotalReadoutTime": 0.0630806,
    "TxRefAmp": 252.709,
    "WipMemBlock": "18f63c3c-414a-43ba-8487-44642cc3aed5||Sequence: R016 ve11c/master r/e634e98; Dec 19 2017 11:00:25 by eja",
    "dataset": "ds002116",
    "modality": "bold",
    "run_id": 2,
    "session_id": "01",
    "subject_id": "34",
    "task_id": "Adaptation"
  },
  "dummy_trs": 1,
  "dvars_nstd": 31.174219995703123,
  "dvars_std": 1.1950984707031245,
  "dvars_vstd": 1.0013760037239576,
  "efc": 0.5583295401384826,
  "fber": 3353.27099609375,
  "fd_mean": 0.12321498513095896,
  "fd_num": 40,
  "fd_perc": 10.38961038961039,
  "fwhm_avg": 1.999500912355243,
  "fwhm_x": 1.914097429791325,
  "fwhm_y": 2.1085453072744036,
  "fwhm_z": 1.9758600000000002,
  "gcor": 0.02341,
  "gsr_x": 0.0001789620437193662,
  "gsr_y": 0.03794312849640846,
  "provenance": {
    "md5sum": "b1d2e3cc12d06090e7ae7b832f284496",
    "settings": {
      "fd_thres": 0.2,
      "testing": false
    },
    "software": "mriqc",
    "version": "22.0.6",
    "webapi_port": null,
    "webapi_url": "https://mriqc.nimh.nih.gov/api/v1"
  },
  "size_t": 385,
  "size_x": 84,
  "size_y": 84,
  "size_z": 48,
  "snr": 5.406502789809056,
  "spacing_tr": 1.0,
  "spacing_x": 2.4761905670166016,
  "spacing_y": 2.4761905670166016,
  "spacing_z": 2.5,
  "summary_bg_k": 13.62369527235921,
  "summary_bg_mad": 3.262783712121641,
  "summary_bg_mean": 13.392803192138672,
  "summary_bg_median": 3.6700356006622314,
  "summary_bg_n": 201972.0,
  "summary_bg_p05": 1.0278845071792602,
  "summary_bg_p95": 60.142286682128905,
  "summary_bg_stdv": 23.23813247680664,
  "summary_fg_k": 3.398623348564513,
  "summary_fg_mad": 37.01266125582152,
  "summary_fg_mean": 226.07435607910156,
  "summary_fg_median": 222.3358154296875,
  "summary_fg_n": 76549.0,
  "summary_fg_p05": 169.2986053466797,
  "summary_fg_p95": 292.49714355468745,
  "summary_fg_stdv": 41.12350845336914,
  "tsnr": 55.65647888183594
}