{
  "aor": 0.0029139896373056996,
  "aqi": 0.009717734715025907,
  "bids_meta": {
    "AcquisitionMatrixPE": 84,
    "AcquisitionNumber": 1,
    "AcquisitionTime": "14:20:15.177500",
    "BandwidthPerPixelPhaseEncode": 15.664,
    "BaseResolution": 84,
    "BodyPartExamined": "BRAIN",
    "ConsistencyInfo": "N4_VE11C_LATEST_20160120",
    "ConversionSoftware": "dcm2niix",
    "ConversionSoftwareVersion": "v1.0.20181114  Clang4.0.1",
    "DerivedVendorReportedEchoSpacing": 0.000760008,
    "DeviceSerialNumber": "67007",
    "DwellTime": 3.8e-06,
    "EchoTime": 0.03,
    "EchoTrainLength": 74,
    "EffectiveEchoSpacing": 0.000760008,
    "FlipAngle": 40,
    "ImageComments": "Unaliased_MB4_PE3",
    "ImageOrientationPatientDICOM": [
      1,
      0,
      0,
      0,
      0.875464,
      -0.483282
    ],
    "ImageType": [
      "ORIGINAL",
      "PRIMARY",
      "M",
      "MB",
      "ND",
      "NORM",
      "MOSAIC"
    ],
    "ImagingFrequency": 123.211,
    "InPlanePhaseEncodingDirectionDICOM": "COL",
    "InstitutionAddress": "Perth_Drive_100_London_Ontario_CA_N6A_5K8",
    "InstitutionName": "Robarts_Research_Institute",
    "InstitutionalDepartmentName": "CFMM",
    "MRAcquisitionType": "2D",
    "MagneticFieldStrength": 3,
    "Manufacturer": "Siemens",
    "ManufacturersModelName": "Prisma_fit",
    "Modality": "MR",
    "MultibandAccelerationFactor": 4,
    "PartialFourier": 0.875,
    "PatientPosition": "HFS",
    "PercentPhaseFOV": 100,
    "PhaseEncodingDirection": "j-",
    "PhaseEncodingSteps": 74,
    "PhaseResolution": 1,
    "PixelBandwidth": 1565,
    "ProcedureStepDescription": "Ansari_Adaptation",
    "ProtocolName": "ep_bold_mb4_adaptation_2",
    "PulseSequenceDetails": "%CustomerSeq%_cmrr_mbep2d_bold",
    "ReceiveCoilActiveElements": "HEA;HEP",
    "ReceiveCoilName": "Head_32",
    "ReconMatrixPE": 84,
    "RepetitionTime": 1,
    "SAR": 0.0856787,
    "ScanOptions": "PFP_FS",
    "ScanningSequence": "EP",
    "SequenceName": "epfid2d1_84",
    "SequenceVariant": "SK_SS",
    "SeriesDescription": "ep_bold_mb4_adaptation_2",
    "SeriesNumber": 4,
    "ShimSetting": [
      5234,
      -6190,
      -3934,
      620,
      78,
      177,
      10,
      44
    ],
    "SliceThickness": 2.5,
    "SliceTiming": [
      0,
      0.41,
      0.8175,
      0.245,
      0.655,
      0.0825,
      0.49,
      0.9,
      0.3275,
      0.735,
      0.165,
      0.5725,
      0,
      0.41,
      0.8175,
      0.245,
      0.655,
      0.0825,
      0.49,
      0.9,
      0.3275,
      0.735,
      0.165,
      0.5725,
      0,
      0.41,
      0.8175,
      0.245,
      0.655,
      0.0825,
      0.49,
      0.9,
      0.3275,
      0.735,
      0.165,
      0.5725,
      0,
      0.41,
      0.8175,
      0.245,
      0.655,
      0.0825,
      0.49,
      0.9,
      0.3275,
      0.735,
      0.165,
      0.5725
    ],
    "SoftwareVersions": "syngo_MR_E11",
    "SpacingBetweenSlices": 2.5,
    "StationName": "MRC35368",
    "TaskName": "Adaptation",
    "TotalReadoutTime": 0.0630806,
    "TxRefAmp": 219.98,
    "WipMemBlock": "a3947de2-eaca-4db3-9b22-838c159d3ed6||Sequence: R016 ve11c/master r/e634e98; Dec 19 2017 11:00:25 by eja",
    "dataset": "ds002116",
    "modality": "bold",
    "run_id": 2,
    "session_id": "01",
    "subject_id": "51",
    "task_id": "Adaptation"
  },
  "dummy_trs": 0,
  "dvars_nstd": 29.923033910051938,
  "dvars_std": 1.2977772191948056,
  "dvars_vstd": 1.0384867293766233,
  "efc": 0.49817393477247784,
  "fber": 6681.3525390625,
  "fd_mean": 0.20780655591521188,
  "fd_num": 151,
  "fd_perc": 39.119170984455955,
  "fwhm_avg": 2.01086108746349,
  "fwhm_x": 1.8710433929089991,
  "fwhm_y": 2.138655869481471,
  "fwhm_z": 2.0228840000000003,
  "gcor": 0.0650009,
  "gsr_x": -0.017982933670282364,
  "gsr_y": 0.021442973986268044,
  "provenance": {
    "md5sum": "4f878e7b06a5aa57886d2607f335d2e1",
    "settings": {
      "fd_thres": 0.2,
      "testing": false
    },
    "software": "mriqc",
    "version": "22.0.6",
    "webapi_port": null,
    "webapi_url": "https://mriqc.nimh.nih.gov/api/v1"
  },
  "size_t": 386,
  "size_x": 84,
  "size_y": 84,
  "size_z": 48,
  "snr": 5.720160563066439,
  "spacing_tr": 1.0,
  "spacing_x": 2.4761905670166016,
  "spacing_y": 2.4761908054351807,
  "spacing_z": 2.5,
  "summary_bg_k": 48.098554141517546,
  "summary_bg_mad": 1.6451989140686951,
  "summary_bg_mean": 6.5118560791015625,
  "summary_bg_median": 3.0323376655578613,
  "summary_bg_n": 211822.0,
  "summary_bg_p05": 1.3874058246612548,
  "summary_bg_p95": 23.102511024475035,
  "summary_bg_stdv": 12.810884475708008,
  "summary_fg_k": 2.8281418265083715,
  "summary_fg_mad": 42.169101820830356,
  "summary_fg_mean": 257.4666442871094,
  "summary_fg_median": 254.753173828125,
  "summary_fg_n": 69573.0,
  "summary_fg_p05": 195.67687072753907,
  "summary_fg_p95": 329.35859985351556,
  "summary_fg_stdv": 44.53569793701172,
  "tsnr": 54.659324645996094
}