{
  "bids_meta": {
    "AcquisitionMatrixPE": 208,
    "AcquisitionNumber": 1,
    "AcquisitionTime": "18:00:3.217500",
    "BaseResolution": 256,
    "BodyPartExamined": "BRAIN",
    "ConsistencyInfo": "N4_VE11C_LATEST_20160120",
    "ConversionSoftware": "dcm2niix",
    "ConversionSoftwareVersion": "v1.0.20181114  Clang4.0.1",
    "DeviceSerialNumber": "67007",
    "DwellTime": 8.2e-06,
    "EchoTime": 0.00298,
    "FlipAngle": 9,
    "ImageOrientationPatientDICOM": [
      0,
      1,
      0,
      0,
      0,
      -1
    ],
    "ImageType": [
      "ORIGINAL",
      "PRIMARY",
      "M",
      "ND",
      "NORM"
    ],
    "ImagingFrequency": 123.22,
    "InPlanePhaseEncodingDirectionDICOM": "ROW",
    "InstitutionAddress": "Perth_Drive_100_London_Ontario_CA_N6A_5K8",
    "InstitutionName": "Robarts_Research_Institute",
    "InstitutionalDepartmentName": "CFMM",
    "InversionTime": 0.9,
    "MRAcquisitionType": "3D",
    "MagneticFieldStrength": 3,
    "Manufacturer": "Siemens",
    "ManufacturersModelName": "Prisma_fit",
    "Modality": "MR",
    "PartialFourier": 1,
    "PatientPosition": "HFS",
    "PercentPhaseFOV": 81.25,
    "PhaseEncodingSteps": 207,
    "PhaseResolution": 1,
    "PixelBandwidth": 240,
    "ProcedureStepDescription": "Ansari_Adaptation",
    "ProtocolName": "MPRAGE_SAG_iPAT2",
    "PulseSequenceDetails": "%SiemensSeq%_tfl",
    "ReceiveCoilActiveElements": "HEA;HEP",
    "ReceiveCoilName": "Head_32",
    "ReconMatrixPE": 256,
    "RepetitionTime": 2.3,
    "SAR": 0.086264,
    "ScanOptions": "IR",
    "ScanningSequence": "GR_IR",
    "SequenceName": "_tfl3d1_16ns",
    "SequenceVariant": "SK_SP_MP",
    "SeriesDescription": "MPRAGE_SAG_iPAT2",
    "SeriesNumber": 8,
    "ShimSetting": [
      5222,
      -6378,
      -4003,
      447,
      96,
      556,
      42,
      -85
    ],
    "SliceThickness": 1,
    "SoftwareVersions": "syngo_MR_E11",
    "StationName": "MRC35368",
    "TxRefAmp": 222.449,
    "dataset": "ds002116",
    "modality": "T1w",
    "session_id": "01",
    "subject_id": "59"
  },
  "cjv": 0.3410141770638105,
  "cnr": 3.9072779045786703,
  "efc": 0.5341551195492426,
  "fber": 1692.6917923171186,
  "fwhm_avg": 3.48741,
  "fwhm_x": 3.4658,
  "fwhm_y": 3.6256,
  "fwhm_z": 3.37083,
  "icvs_csf": 0.14623789980245108,
  "icvs_gm": 0.5252065846246975,
  "icvs_wm": 0.32855551557285145,
  "inu_med": 0.5549187660217285,
  "inu_range": 0.22326392829418173,
  "provenance": {
    "md5sum": "257ba8418ab13d01beba7a538f5404ef",
    "settings": {
      "testing": false
    },
    "software": "mriqc",
    "version": "22.0.6",
    "warnings": {
      "large_rot_frame": true,
      "small_air_mask": false
    },
    "webapi_port": null,
    "webapi_url": "https://mriqc.nimh.nih.gov/api/v1"
  },
  "qi_1": 0.0,
  "qi_2": 0.020652716403541955,
  "rpve_csf": 34.10357881747796,
  "rpve_gm": 10.979013316881723,
  "rpve_wm": 17.508119436067318,
  "size_x": 192,
  "size_y": 208,
  "size_z": 256,
  "snr_csf": 2.7786861079034453,
  "snr_gm": 15.036330475481334,
  "snr_total": 12.363038241404453,
  "snr_wm": 19.274098140828578,
  "snrd_csf": 28.954509440108033,
  "snrd_gm": 61.44687790095756,
  "snrd_total": 58.55599494356115,
  "snrd_wm": 85.26659748961787,
  "spacing_x": 1.0,
  "spacing_y": 1.0,
  "spacing_z": 1.0,
  "summary_bg_k": 50.95612652439416,
  "summary_bg_mad": 7.683640230502985,
  "summary_bg_mean": 8.905499387398093,
  "summary_bg_median": 5.182536579668522,
  "summary_bg_n": 2392058.0,
  "summary_bg_p05": 0.0,
  "summary_bg_p95": 32.079245410859585,
  "summary_bg_stdv": 11.087880696502339,
  "summary_csf_k": 1.2164246107847347,
  "summary_csf_mad": 107.76548576452288,
  "summary_csf_mean": 354.11316656846935,
  "summary_csf_median": 339.5873494260013,
  "summary_csf_n": 13323.0,
  "summary_csf_p05": 169.45910589583218,
  "summary_csf_p95": 573.309908909723,
  "summary_csf_stdv": 122.2068962084197,
  "summary_gm_k": 0.1440273415763964,
  "summary_gm_mad": 47.07445407042335,
  "summary_gm_mean": 720.3514498375972,
  "summary_gm_median": 720.6677923537791,
  "summary_gm_n": 61780.0,
  "summary_gm_p05": 640.500839647837,
  "summary_gm_p95": 797.9794298112392,
  "summary_gm_stdv": 47.92804740306741,
  "summary_wm_k": 0.8129621727751486,
  "summary_wm_mad": 48.19295866093961,
  "summary_wm_mean": 1001.62851446738,
  "summary_wm_median": 1000.032754689455,
  "summary_wm_n": 139041.0,
  "summary_wm_p05": 919.9330437555909,
  "summary_wm_p95": 1088.7590929679573,
  "summary_wm_stdv": 51.8846148440654,
  "tpm_overlap_csf": 0.12482926630633139,
  "tpm_overlap_gm": 0.491109016035438,
  "tpm_overlap_wm": 0.49163263256961437,
  "wm2max": 0.5022900260305118
}