{
  "aor": 0.007364922279792746,
  "aqi": 0.024497330829015545,
  "bids_meta": {
    "AcquisitionMatrixPE": 84,
    "AcquisitionNumber": 1,
    "AcquisitionTime": "17:30:18.075000",
    "BandwidthPerPixelPhaseEncode": 15.664,
    "BaseResolution": 84,
    "BodyPartExamined": "BRAIN",
    "ConsistencyInfo": "N4_VE11C_LATEST_20160120",
    "ConversionSoftware": "dcm2niix",
    "ConversionSoftwareVersion": "v1.0.20181114  Clang4.0.1",
    "DerivedVendorReportedEchoSpacing": 0.000760008,
    "DeviceSerialNumber": "67007",
    "DwellTime": 3.8e-06,
    "EchoTime": 0.03,
    "EchoTrainLength": 74,
    "EffectiveEchoSpacing": 0.000760008,
    "FlipAngle": 40,
    "ImageComments": "Unaliased_MB4_PE3",
    "ImageOrientationPatientDICOM": [
      0.998408,
      -0.0283974,
      -0.0487283,
      0.0226571,
      0.993158,
      -0.114556
    ],
    "ImageType": [
      "ORIGINAL",
      "PRIMARY",
      "M",
      "MB",
      "ND",
      "NORM",
      "MOSAIC"
    ],
    "ImagingFrequency": 123.211,
    "InPlanePhaseEncodingDirectionDICOM": "COL",
    "InstitutionAddress": "Perth_Drive_100_London_Ontario_CA_N6A_5K8",
    "InstitutionName": "Robarts_Research_Institute",
    "InstitutionalDepartmentName": "CFMM",
    "MRAcquisitionType": "2D",
    "MagneticFieldStrength": 3,
    "Manufacturer": "Siemens",
    "ManufacturersModelName": "Prisma_fit",
    "Modality": "MR",
    "MultibandAccelerationFactor": 4,
    "PartialFourier": 0.875,
    "PatientPosition": "HFS",
    "PercentPhaseFOV": 100,
    "PhaseEncodingDirection": "j-",
    "PhaseEncodingSteps": 74,
    "PhaseResolution": 1,
    "PixelBandwidth": 1565,
    "ProcedureStepDescription": "Ansari_Adaptation",
    "ProtocolName": "ep_bold_mb4_adaptation_3",
    "PulseSequenceDetails": "%CustomerSeq%_cmrr_mbep2d_bold",
    "ReceiveCoilActiveElements": "HEA;HEP",
    "ReceiveCoilName": "Head_32",
    "ReconMatrixPE": 84,
    "RepetitionTime": 1,
    "SAR": 0.0848748,
    "ScanOptions": "PFP_FS",
    "ScanningSequence": "EP",
    "SequenceName": "epfid2d1_84",
    "SequenceVariant": "SK_SS",
    "SeriesDescription": "ep_bold_mb4_adaptation_3",
    "SeriesNumber": 6,
    "ShimSetting": [
      5213,
      -6247,
      -3874,
      703,
      23,
      -62,
      19,
      57
    ],
    "SliceThickness": 2.5,
    "SliceTiming": [
      0,
      0.4075,
      0.815,
      0.245,
      0.6525,
      0.08,
      0.49,
      0.8975,
      0.325,
      0.735,
      0.1625,
      0.57,
      0,
      0.4075,
      0.815,
      0.245,
      0.6525,
      0.08,
      0.49,
      0.8975,
      0.325,
      0.735,
      0.1625,
      0.57,
      0,
      0.4075,
      0.815,
      0.245,
      0.6525,
      0.08,
      0.49,
      0.8975,
      0.325,
      0.735,
      0.1625,
      0.57,
      0,
      0.4075,
      0.815,
      0.245,
      0.6525,
      0.08,
      0.49,
      0.8975,
      0.325,
      0.735,
      0.1625,
      0.57
    ],
    "SoftwareVersions": "syngo_MR_E11",
    "SpacingBetweenSlices": 2.5,
    "StationName": "MRC35368",
    "TaskName": "Adaptation",
    "TotalReadoutTime": 0.0630806,
    "TxRefAmp": 219.675,
    "WipMemBlock": "c93d0ec8-ef19-4e74-93d1-2f50a2c346e8||Sequence: R016 ve11c/master r/e634e98; Dec 19 2017 11:00:25 by eja",
    "dataset": "ds002116",
    "modality": "bold",
    "run_id": 3,
    "session_id": "01",
    "subject_id": "16",
    "task_id": "Adaptation"
  },
  "dummy_trs": 0,
  "dvars_nstd": 39.855363394831144,
  "dvars_std": 1.2961693548831177,
  "dvars_vstd": 1.019067567376624,
  "efc": 0.5233441099369197,
  "fber": 8738.6484375,
  "fd_mean": 0.3240210336230555,
  "fd_num": 238,
  "fd_perc": 61.6580310880829,
  "fwhm_avg": 2.115925999588673,
  "fwhm_x": 1.9819839657628,
  "fwhm_y": 2.245962033003219,
  "fwhm_z": 2.1198319999999997,
  "gcor": 0.0135413,
  "gsr_x": 0.0015579650644212961,
  "gsr_y": 0.01757623441517353,
  "provenance": {
    "md5sum": "21864fa6bde823b1a7637b5741e2549c",
    "settings": {
      "fd_thres": 0.2,
      "testing": false
    },
    "software": "mriqc",
    "version": "22.0.6",
    "webapi_port": null,
    "webapi_url": "https://mriqc.nimh.nih.gov/api/v1"
  },
  "size_t": 386,
  "size_x": 84,
  "size_y": 84,
  "size_z": 48,
  "snr": 5.493991435168178,
  "spacing_tr": 1.0,
  "spacing_x": 2.4761905670166016,
  "spacing_y": 2.4761905670166016,
  "spacing_z": 2.5,
  "summary_bg_k": 52.849560022717846,
  "summary_bg_mad": 1.8330921345893714,
  "summary_bg_mean": 6.8238348960876465,
  "summary_bg_median": 2.833047389984131,
  "summary_bg_n": 201366.0,
  "summary_bg_p05": 1.0329738855361938,
  "summary_bg_p95": 25.351149082183838,
  "summary_bg_stdv": 15.040813446044922,
  "summary_fg_k": 2.887202964975142,
  "summary_fg_mad": 45.610469152969515,
  "summary_fg_mean": 272.7536315917969,
  "summary_fg_median": 268.97747802734375,
  "summary_fg_n": 80040.0,
  "summary_fg_p05": 204.3091033935547,
  "summary_fg_p95": 353.4894454956055,
  "summary_fg_stdv": 48.95817565917969,
  "tsnr": 36.17819595336914
}