{
  "aor": 0.004259145077720207,
  "aqi": 0.025958900388601033,
  "bids_meta": {
    "AcquisitionMatrixPE": 84,
    "AcquisitionNumber": 1,
    "AcquisitionTime": "17:59:24.237500",
    "BandwidthPerPixelPhaseEncode": 15.664,
    "BaseResolution": 84,
    "BodyPartExamined": "BRAIN",
    "ConsistencyInfo": "N4_VE11C_LATEST_20160120",
    "ConversionSoftware": "dcm2niix",
    "ConversionSoftwareVersion": "v1.0.20181114  Clang4.0.1",
    "DerivedVendorReportedEchoSpacing": 0.000760008,
    "DeviceSerialNumber": "67007",
    "DwellTime": 3.8e-06,
    "EchoTime": 0.03,
    "EchoTrainLength": 74,
    "EffectiveEchoSpacing": 0.000760008,
    "FlipAngle": 40,
    "ImageComments": "Unaliased_MB4_PE3",
    "ImageOrientationPatientDICOM": [
      0.998057,
      0.0241965,
      -0.0574175,
      -0.0348529,
      0.980666,
      -0.192562
    ],
    "ImageType": [
      "ORIGINAL",
      "PRIMARY",
      "M",
      "MB",
      "ND",
      "NORM",
      "MOSAIC"
    ],
    "ImagingFrequency": 123.211,
    "InPlanePhaseEncodingDirectionDICOM": "COL",
    "InstitutionAddress": "Perth_Drive_100_London_Ontario_CA_N6A_5K8",
    "InstitutionName": "Robarts_Research_Institute",
    "InstitutionalDepartmentName": "CFMM",
    "MRAcquisitionType": "2D",
    "MagneticFieldStrength": 3,
    "Manufacturer": "Siemens",
    "ManufacturersModelName": "Prisma_fit",
    "Modality": "MR",
    "MultibandAccelerationFactor": 4,
    "PartialFourier": 0.875,
    "PatientPosition": "HFS",
    "PercentPhaseFOV": 100,
    "PhaseEncodingDirection": "j-",
    "PhaseEncodingSteps": 74,
    "PhaseResolution": 1,
    "PixelBandwidth": 1565,
    "ProcedureStepDescription": "Ansari_Adaptation",
    "ProtocolName": "ep_bold_mb4_adaptation_5",
    "PulseSequenceDetails": "%CustomerSeq%_cmrr_mbep2d_bold",
    "ReceiveCoilActiveElements": "HEA;HEP",
    "ReceiveCoilName": "Head_32",
    "ReconMatrixPE": 84,
    "RepetitionTime": 1,
    "SAR": 0.0869842,
    "ScanOptions": "PFP_FS",
    "ScanningSequence": "EP",
    "SequenceName": "epfid2d1_84",
    "SequenceVariant": "SK_SS",
    "SeriesDescription": "ep_bold_mb4_adaptation_5",
    "SeriesNumber": 12,
    "ShimSetting": [
      5214,
      -6220,
      -3880,
      581,
      -29,
      30,
      -133,
      90
    ],
    "SliceThickness": 2.5,
    "SliceTiming": [
      0,
      0.41,
      0.8175,
      0.245,
      0.655,
      0.0825,
      0.49,
      0.9,
      0.3275,
      0.735,
      0.165,
      0.5725,
      0,
      0.41,
      0.8175,
      0.245,
      0.655,
      0.0825,
      0.49,
      0.9,
      0.3275,
      0.735,
      0.165,
      0.5725,
      0,
      0.41,
      0.8175,
      0.245,
      0.655,
      0.0825,
      0.49,
      0.9,
      0.3275,
      0.735,
      0.165,
      0.5725,
      0,
      0.41,
      0.8175,
      0.245,
      0.655,
      0.0825,
      0.49,
      0.9,
      0.3275,
      0.735,
      0.165,
      0.5725
    ],
    "SoftwareVersions": "syngo_MR_E11",
    "SpacingBetweenSlices": 2.5,
    "StationName": "MRC35368",
    "TaskName": "Adaptation",
    "TotalReadoutTime": 0.0630806,
    "TxRefAmp": 220.759,
    "WipMemBlock": "25d38bba-fa02-471c-b40b-25b1aa22eee9||Sequence: R016 ve11c/master r/e634e98; Dec 19 2017 11:00:25 by eja",
    "dataset": "ds002116",
    "modality": "bold",
    "run_id": 5,
    "session_id": "01",
    "subject_id": "16",
    "task_id": "Adaptation"
  },
  "dummy_trs": 0,
  "dvars_nstd": 42.80157178399999,
  "dvars_std": 1.229871336649351,
  "dvars_vstd": 0.9951861400000005,
  "efc": 0.5291758496262584,
  "fber": 5856.15771484375,
  "fd_mean": 0.4179989038864216,
  "fd_num": 272,
  "fd_perc": 70.46632124352331,
  "fwhm_avg": 2.1867892922601957,
  "fwhm_x": 2.0528508862403396,
  "fwhm_y": 2.3550529905402477,
  "fwhm_z": 2.152464,
  "gcor": 0.0243257,
  "gsr_x": -0.0039677987806499004,
  "gsr_y": 0.02614782564342022,
  "provenance": {
    "md5sum": "2ac736eb7a6cccd148b3d26bb9988200",
    "settings": {
      "fd_thres": 0.2,
      "testing": false
    },
    "software": "mriqc",
    "version": "22.0.6",
    "webapi_port": null,
    "webapi_url": "https://mriqc.nimh.nih.gov/api/v1"
  },
  "size_t": 386,
  "size_x": 84,
  "size_y": 84,
  "size_z": 48,
  "snr": 5.320934944907588,
  "spacing_tr": 1.0,
  "spacing_x": 2.4761905670166016,
  "spacing_y": 2.4761905670166016,
  "spacing_z": 2.5,
  "summary_bg_k": 45.12165239379068,
  "summary_bg_mad": 2.1498096959602795,
  "summary_bg_mean": 7.836089611053467,
  "summary_bg_median": 3.401035785675049,
  "summary_bg_n": 200873.0,
  "summary_bg_p05": 1.1200074672698974,
  "summary_bg_p95": 28.394013214111325,
  "summary_bg_stdv": 16.268102645874023,
  "summary_fg_k": 2.3278960767101404,
  "summary_fg_mad": 47.788674597406064,
  "summary_fg_mean": 270.12567138671875,
  "summary_fg_median": 265.6583251953125,
  "summary_fg_n": 80007.0,
  "summary_fg_p05": 200.5854522705078,
  "summary_fg_p95": 353.9943450927734,
  "summary_fg_stdv": 49.92668914794922,
  "tsnr": 34.730587005615234
}