{
  "aor": 0.0004519170984455959,
  "aqi": 0.006380337279792746,
  "bids_meta": {
    "AcquisitionMatrixPE": 84,
    "AcquisitionNumber": 1,
    "AcquisitionTime": "15:28:30.575000",
    "BandwidthPerPixelPhaseEncode": 15.664,
    "BaseResolution": 84,
    "BodyPartExamined": "BRAIN",
    "ConsistencyInfo": "N4_VE11C_LATEST_20160120",
    "ConversionSoftware": "dcm2niix",
    "ConversionSoftwareVersion": "v1.0.20181114  Clang4.0.1",
    "DerivedVendorReportedEchoSpacing": 0.000760008,
    "DeviceSerialNumber": "67007",
    "DwellTime": 3.8e-06,
    "EchoTime": 0.03,
    "EchoTrainLength": 74,
    "EffectiveEchoSpacing": 0.000760008,
    "FlipAngle": 40,
    "ImageComments": "Unaliased_MB4_PE3",
    "ImageOrientationPatientDICOM": [
      0.998889,
      0.0205305,
      0.0424111,
      -3.6985e-11,
      0.900085,
      -0.435715
    ],
    "ImageType": [
      "ORIGINAL",
      "PRIMARY",
      "M",
      "MB",
      "ND",
      "NORM",
      "MOSAIC"
    ],
    "ImagingFrequency": 123.211,
    "InPlanePhaseEncodingDirectionDICOM": "COL",
    "InstitutionAddress": "Perth_Drive_100_London_Ontario_CA_N6A_5K8",
    "InstitutionName": "Robarts_Research_Institute",
    "InstitutionalDepartmentName": "CFMM",
    "MRAcquisitionType": "2D",
    "MagneticFieldStrength": 3,
    "Manufacturer": "Siemens",
    "ManufacturersModelName": "Prisma_fit",
    "Modality": "MR",
    "MultibandAccelerationFactor": 4,
    "PartialFourier": 0.875,
    "PatientPosition": "HFS",
    "PercentPhaseFOV": 100,
    "PhaseEncodingDirection": "j-",
    "PhaseEncodingSteps": 74,
    "PhaseResolution": 1,
    "PixelBandwidth": 1565,
    "ProcedureStepDescription": "Ansari_Adaptation",
    "ProtocolName": "ep_bold_mb4_adaptation_3",
    "PulseSequenceDetails": "%CustomerSeq%_cmrr_mbep2d_bold",
    "ReceiveCoilActiveElements": "HEA;HEP",
    "ReceiveCoilName": "Head_32",
    "ReconMatrixPE": 84,
    "RepetitionTime": 1,
    "SAR": 0.0677219,
    "ScanOptions": "PFP_FS",
    "ScanningSequence": "EP",
    "SequenceName": "epfid2d1_84",
    "SequenceVariant": "SK_SS",
    "SeriesDescription": "ep_bold_mb4_adaptation_3",
    "SeriesNumber": 4,
    "ShimSetting": [
      5271,
      -6228,
      -3848,
      434,
      -48,
      291,
      -2,
      29
    ],
    "SliceThickness": 2.5,
    "SliceTiming": [
      0,
      0.41,
      0.8175,
      0.245,
      0.655,
      0.0825,
      0.49,
      0.8975,
      0.3275,
      0.735,
      0.165,
      0.5725,
      0,
      0.41,
      0.8175,
      0.245,
      0.655,
      0.0825,
      0.49,
      0.8975,
      0.3275,
      0.735,
      0.165,
      0.5725,
      0,
      0.41,
      0.8175,
      0.245,
      0.655,
      0.0825,
      0.49,
      0.8975,
      0.3275,
      0.735,
      0.165,
      0.5725,
      0,
      0.41,
      0.8175,
      0.245,
      0.655,
      0.0825,
      0.49,
      0.8975,
      0.3275,
      0.735,
      0.165,
      0.5725
    ],
    "SoftwareVersions": "syngo_MR_E11",
    "SpacingBetweenSlices": 2.5,
    "StationName": "MRC35368",
    "TaskName": "Adaptation",
    "TotalReadoutTime": 0.0630806,
    "TxRefAmp": 222.764,
    "WipMemBlock": "318443cc-05fe-446e-a212-e50e1fdb4fb6||Sequence: R016 ve11c/master r/e634e98; Dec 19 2017 11:00:25 by eja",
    "dataset": "ds002116",
    "modality": "bold",
    "run_id": 3,
    "session_id": "01",
    "subject_id": "19",
    "task_id": "Adaptation"
  },
  "dummy_trs": 0,
  "dvars_nstd": 26.45834869794807,
  "dvars_std": 1.233118351194805,
  "dvars_vstd": 0.996914168337663,
  "efc": 0.5289242338661203,
  "fber": 6218.56103515625,
  "fd_mean": 0.1425875589569015,
  "fd_num": 69,
  "fd_perc": 17.875647668393782,
  "fwhm_avg": 2.087183269209962,
  "fwhm_x": 1.967300120147554,
  "fwhm_y": 2.2287056874823317,
  "fwhm_z": 2.065544,
  "gcor": 0.0187537,
  "gsr_x": -0.01907535456120968,
  "gsr_y": 0.028305865824222565,
  "provenance": {
    "md5sum": "869af7f593c7be346c5f6e0d64b4ee2e",
    "settings": {
      "fd_thres": 0.2,
      "testing": false
    },
    "software": "mriqc",
    "version": "22.0.6",
    "webapi_port": null,
    "webapi_url": "https://mriqc.nimh.nih.gov/api/v1"
  },
  "size_t": 386,
  "size_x": 84,
  "size_y": 84,
  "size_z": 48,
  "snr": 5.25075142232659,
  "spacing_tr": 1.0,
  "spacing_x": 2.4761905670166016,
  "spacing_y": 2.4761905670166016,
  "spacing_z": 2.5,
  "summary_bg_k": 32.90009150600048,
  "summary_bg_mad": 2.424512723086407,
  "summary_bg_mean": 9.690122604370117,
  "summary_bg_median": 3.4216301441192627,
  "summary_bg_n": 202761.0,
  "summary_bg_p05": 1.1930785179138184,
  "summary_bg_p95": 36.28583526611328,
  "summary_bg_stdv": 18.85271644592285,
  "summary_fg_k": 2.293385646680118,
  "summary_fg_mad": 51.364398231054395,
  "summary_fg_mean": 287.8311462402344,
  "summary_fg_median": 281.4255065917969,
  "summary_fg_n": 77178.0,
  "summary_fg_p05": 215.52252883911132,
  "summary_fg_p95": 378.09771118164053,
  "summary_fg_stdv": 53.596839904785156,
  "tsnr": 63.894798278808594
}