{
  "bids_meta": {
    "AcquisitionMatrixPE": 216,
    "AcquisitionNumber": 1,
    "AcquisitionTime": "11:38:30.660000",
    "BaseResolution": 256,
    "BodyPartExamined": "BRAIN",
    "ConsistencyInfo": "N4_VE11C_LATEST_20160120",
    "ConversionSoftware": "dcm2niix",
    "ConversionSoftwareVersion": "v1.0.20181114  Clang4.0.1",
    "DeviceSerialNumber": "67007",
    "DwellTime": 8.2e-06,
    "EchoTime": 0.00298,
    "FlipAngle": 9,
    "ImageOrientationPatientDICOM": [
      0,
      1,
      0,
      0,
      0,
      -1
    ],
    "ImageType": [
      "ORIGINAL",
      "PRIMARY",
      "M",
      "ND",
      "NORM"
    ],
    "ImagingFrequency": 123.211,
    "InPlanePhaseEncodingDirectionDICOM": "ROW",
    "InstitutionAddress": "Perth_Drive_100_London_Ontario_CA_N6A_5K8",
    "InstitutionName": "Robarts_Research_Institute",
    "InstitutionalDepartmentName": "CFMM",
    "InversionTime": 0.9,
    "MRAcquisitionType": "3D",
    "MagneticFieldStrength": 3,
    "Manufacturer": "Siemens",
    "ManufacturersModelName": "Prisma_fit",
    "Modality": "MR",
    "PartialFourier": 1,
    "PatientPosition": "HFS",
    "PercentPhaseFOV": 84.375,
    "PhaseEncodingSteps": 215,
    "PhaseResolution": 1,
    "PixelBandwidth": 240,
    "ProcedureStepDescription": "Ansari_Adaptation",
    "ProtocolName": "MPRAGE_SAG_iPAT2",
    "PulseSequenceDetails": "%SiemensSeq%_tfl",
    "ReceiveCoilActiveElements": "HEA;HEP;SP1",
    "ReceiveCoilName": "Spine_32",
    "ReconMatrixPE": 256,
    "RepetitionTime": 2.3,
    "SAR": 0.0790473,
    "ScanOptions": "IR",
    "ScanningSequence": "GR_IR",
    "SequenceName": "_tfl3d1_16ns",
    "SequenceVariant": "SK_SP_MP",
    "SeriesDescription": "MPRAGE_SAG_iPAT2",
    "SeriesNumber": 10,
    "ShimSetting": [
      5233,
      -6204,
      -3940,
      436,
      48,
      162,
      168,
      -38
    ],
    "SliceThickness": 1,
    "SoftwareVersions": "syngo_MR_E11",
    "StationName": "MRC35368",
    "TxRefAmp": 236.132,
    "dataset": "ds002116",
    "modality": "T1w",
    "session_id": "01",
    "subject_id": "09"
  },
  "cjv": 0.2799594614731323,
  "cnr": 4.6481867321402195,
  "efc": 0.5435634790819164,
  "fber": 2468.1193484299492,
  "fwhm_avg": 3.52501,
  "fwhm_x": 3.52319,
  "fwhm_y": 3.66772,
  "fwhm_z": 3.38412,
  "icvs_csf": 0.1683552680432363,
  "icvs_gm": 0.5219177553740981,
  "icvs_wm": 0.3097269765826656,
  "inu_med": 0.5239949822425842,
  "inu_range": 0.18049924075603485,
  "provenance": {
    "md5sum": "3b51623dbc551a8369c9d14f19971ce3",
    "settings": {
      "testing": false
    },
    "software": "mriqc",
    "version": "22.0.6",
    "warnings": {
      "large_rot_frame": true,
      "small_air_mask": false
    },
    "webapi_port": null,
    "webapi_url": "https://mriqc.nimh.nih.gov/api/v1"
  },
  "qi_1": 0.0,
  "qi_2": 0.018627077704512423,
  "rpve_csf": 25.56440308859335,
  "rpve_gm": 9.481416810137324,
  "rpve_wm": 16.56129944346858,
  "size_x": 192,
  "size_y": 216,
  "size_z": 256,
  "snr_csf": 2.9620329099512452,
  "snr_gm": 14.93229709583275,
  "snr_total": 13.880617363071316,
  "snr_wm": 23.747522083429953,
  "snrd_csf": 15.686838930702788,
  "snrd_gm": 39.91444359964473,
  "snrd_total": 37.463375016722416,
  "snrd_wm": 56.78884251981973,
  "spacing_x": 1.0,
  "spacing_y": 1.0,
  "spacing_z": 1.0,
  "summary_bg_k": 2.074929183802813,
  "summary_bg_mad": 11.53635782774082,
  "summary_bg_mean": 9.524492960050642,
  "summary_bg_median": 7.781155109405518,
  "summary_bg_n": 2604955.0,
  "summary_bg_p05": 0.0,
  "summary_bg_p95": 29.392097620293498,
  "summary_bg_stdv": 9.894135928890043,
  "summary_csf_k": 3.8257055905272903,
  "summary_csf_mad": 74.80607028925688,
  "summary_csf_mean": 280.7838761046753,
  "summary_csf_median": 276.2310063838959,
  "summary_csf_n": 34983.0,
  "summary_csf_p05": 146.26139994710684,
  "summary_csf_p95": 452.3981817690656,
  "summary_csf_stdv": 93.25590453529344,
  "summary_gm_k": 0.3586050335140949,
  "summary_gm_mad": 44.613258786966455,
  "summary_gm_mean": 702.1257087517549,
  "summary_gm_median": 702.8571513667703,
  "summary_gm_n": 55754.0,
  "summary_gm_p05": 623.2720440202393,
  "summary_gm_p95": 777.9635352548212,
  "summary_gm_stdv": 47.06917118166108,
  "summary_wm_k": 0.9528285892300952,
  "summary_wm_mad": 38.574696486508365,
  "summary_wm_mean": 1000.003462019136,
  "summary_wm_median": 1000.0000121071935,
  "summary_wm_n": 154887.0,
  "summary_wm_p05": 931.7933243513107,
  "summary_wm_p95": 1068.0851193144917,
  "summary_wm_stdv": 42.1095211714664,
  "tpm_overlap_csf": 0.15974931211367735,
  "tpm_overlap_gm": 0.46643027968904577,
  "tpm_overlap_wm": 0.4551152114125885,
  "wm2max": 0.5640459181724197
}