{
  "bids_meta": {
    "AcquisitionMatrixPE": 216,
    "AcquisitionNumber": 1,
    "AcquisitionTime": "13:17:12.817500",
    "BaseResolution": 256,
    "BodyPartExamined": "BRAIN",
    "ConsistencyInfo": "N4_VE11C_LATEST_20160120",
    "ConversionSoftware": "dcm2niix",
    "ConversionSoftwareVersion": "v1.0.20181114  Clang4.0.1",
    "DeviceSerialNumber": "67007",
    "DwellTime": 8.2e-06,
    "EchoTime": 0.00298,
    "FlipAngle": 9,
    "ImageOrientationPatientDICOM": [
      -0.0540788,
      0.998537,
      -1.12731e-09,
      -0.0609592,
      -0.00330143,
      -0.998135
    ],
    "ImageType": [
      "ORIGINAL",
      "PRIMARY",
      "M",
      "ND",
      "NORM"
    ],
    "ImagingFrequency": 123.211,
    "InPlanePhaseEncodingDirectionDICOM": "ROW",
    "InstitutionAddress": "Perth_Drive_100_London_Ontario_CA_N6A_5K8",
    "InstitutionName": "Robarts_Research_Institute",
    "InstitutionalDepartmentName": "CFMM",
    "InversionTime": 0.9,
    "MRAcquisitionType": "3D",
    "MagneticFieldStrength": 3,
    "Manufacturer": "Siemens",
    "ManufacturersModelName": "Prisma_fit",
    "Modality": "MR",
    "PartialFourier": 1,
    "PatientPosition": "HFS",
    "PercentPhaseFOV": 84.375,
    "PhaseEncodingSteps": 215,
    "PhaseResolution": 1,
    "PixelBandwidth": 240,
    "ProcedureStepDescription": "Ansari_Adaptation",
    "ProtocolName": "MPRAGE_SAG_iPAT2",
    "PulseSequenceDetails": "%SiemensSeq%_tfl",
    "ReceiveCoilActiveElements": "HEA;HEP;SP1",
    "ReceiveCoilName": "Spine_32",
    "ReconMatrixPE": 256,
    "RepetitionTime": 2.3,
    "SAR": 0.0741006,
    "ScanOptions": "IR",
    "ScanningSequence": "GR_IR",
    "SequenceName": "_tfl3d1_16ns",
    "SequenceVariant": "SK_SP_MP",
    "SeriesDescription": "MPRAGE_SAG_iPAT2",
    "SeriesNumber": 2,
    "ShimSetting": [
      5196,
      -6226,
      -3903,
      474,
      -13,
      36,
      245,
      22
    ],
    "SliceThickness": 1,
    "SoftwareVersions": "syngo_MR_E11",
    "StationName": "MRC35368",
    "TxRefAmp": 223.039,
    "dataset": "ds002116",
    "modality": "T1w",
    "session_id": "01",
    "subject_id": "21"
  },
  "cjv": 0.28110891090141726,
  "cnr": 4.694793765609531,
  "efc": 0.5348971351235108,
  "fber": 3015.792357665634,
  "fwhm_avg": 3.4651566666666667,
  "fwhm_x": 3.60089,
  "fwhm_y": 3.54088,
  "fwhm_z": 3.2537,
  "icvs_csf": 0.15784919436057473,
  "icvs_gm": 0.5330643856897245,
  "icvs_wm": 0.3090864199497008,
  "inu_med": 0.4863331913948059,
  "inu_range": 0.13855608105659484,
  "provenance": {
    "md5sum": "51b6a8231e0f1a1b7588b002ff31954b",
    "settings": {
      "testing": false
    },
    "software": "mriqc",
    "version": "22.0.6",
    "warnings": {
      "large_rot_frame": true,
      "small_air_mask": false
    },
    "webapi_port": null,
    "webapi_url": "https://mriqc.nimh.nih.gov/api/v1"
  },
  "qi_1": 0.0,
  "qi_2": 0.018668712169914215,
  "rpve_csf": 30.08850957796512,
  "rpve_gm": 10.445888296519428,
  "rpve_wm": 18.176234125402633,
  "size_x": 192,
  "size_y": 216,
  "size_z": 256,
  "snr_csf": 2.4636338997132032,
  "snr_gm": 14.506441701180146,
  "snr_total": 13.347788085034248,
  "snr_wm": 23.0732886542094,
  "snrd_csf": 27.3590909133603,
  "snrd_gm": 69.24139608556845,
  "snrd_total": 65.41992828137533,
  "snrd_wm": 99.65929784519724,
  "spacing_x": 1.0,
  "spacing_y": 1.0,
  "spacing_z": 1.0,
  "summary_bg_k": 3.686542202738118,
  "summary_bg_mad": 6.573977222037089,
  "summary_bg_mean": 5.293090670157186,
  "summary_bg_median": 4.434080254286528,
  "summary_bg_n": 2120939.0,
  "summary_bg_p05": 0.0,
  "summary_bg_p95": 22.95868220552802,
  "summary_bg_stdv": 7.3736684816875036,
  "summary_csf_k": 1.738108998872879,
  "summary_csf_mad": 83.48951071987103,
  "summary_csf_mean": 293.24975308159003,
  "summary_csf_median": 274.53525781817734,
  "summary_csf_n": 22260.0,
  "summary_csf_p05": 134.98982545994224,
  "summary_csf_p95": 516.5227243179455,
  "summary_csf_stdv": 111.43258388380254,
  "summary_gm_k": 0.10826862192170816,
  "summary_gm_mad": 46.991763105672526,
  "summary_gm_mean": 694.4024242371187,
  "summary_gm_median": 694.8039533272386,
  "summary_gm_n": 65769.0,
  "summary_gm_p05": 614.7277484387159,
  "summary_gm_p95": 772.3510902188718,
  "summary_gm_stdv": 47.895871742054034,
  "summary_wm_k": 1.5034954836261099,
  "summary_wm_mad": 38.81081367380415,
  "summary_wm_mean": 1000.8236812233752,
  "summary_wm_median": 1000.0329000167549,
  "summary_wm_n": 141192.0,
  "summary_wm_p05": 932.3064297623932,
  "summary_wm_p95": 1071.8797804037104,
  "summary_wm_stdv": 43.34143145365663,
  "tpm_overlap_csf": 0.1443952109658519,
  "tpm_overlap_gm": 0.4774692666311543,
  "tpm_overlap_wm": 0.4642809920885442,
  "wm2max": 0.5138040433359209
}