{
  "bids_meta": {
    "AcquisitionMatrixPE": 240,
    "AcquisitionNumber": 1,
    "AcquisitionTime": "19:47:0.027500",
    "BaseResolution": 256,
    "BodyPartExamined": "BRAIN",
    "ConsistencyInfo": "N4_VE11C_LATEST_20160120",
    "ConversionSoftware": "dcm2niix",
    "ConversionSoftwareVersion": "v1.0.20181114  Clang4.0.1",
    "DeviceSerialNumber": "67007",
    "DwellTime": 8.2e-06,
    "EchoTime": 0.00298,
    "FlipAngle": 9,
    "ImageOrientationPatientDICOM": [
      0.108031,
      0.994147,
      2.23864e-08,
      -0.0241471,
      0.00262402,
      -0.999705
    ],
    "ImageType": [
      "ORIGINAL",
      "PRIMARY",
      "M",
      "ND",
      "NORM"
    ],
    "ImagingFrequency": 123.211,
    "InPlanePhaseEncodingDirectionDICOM": "ROW",
    "InstitutionAddress": "Perth_Drive_100_London_Ontario_CA_N6A_5K8",
    "InstitutionName": "Robarts-CFMM",
    "InstitutionalDepartmentName": "CFMM",
    "InversionTime": 0.9,
    "MRAcquisitionType": "3D",
    "MagneticFieldStrength": 3,
    "Manufacturer": "Siemens",
    "ManufacturersModelName": "Prisma_fit",
    "Modality": "MR",
    "PartialFourier": 1,
    "PatientPosition": "HFS",
    "PercentPhaseFOV": 93.75,
    "PhaseEncodingSteps": 247,
    "PhaseOversampling": 0.03,
    "PhaseResolution": 1,
    "PixelBandwidth": 240,
    "ProcedureStepDescription": "Ansari_Adaptation",
    "ProtocolName": "MPRAGE_SAG_iPAT2",
    "PulseSequenceDetails": "%SiemensSeq%_tfl",
    "ReceiveCoilActiveElements": "HEA;HEP",
    "ReceiveCoilName": "Head_32",
    "ReconMatrixPE": 256,
    "RepetitionTime": 2.3,
    "SAR": 0.083302,
    "ScanOptions": "IR",
    "ScanningSequence": "GR_IR",
    "SequenceName": "_tfl3d1_16ns",
    "SequenceVariant": "SK_SP_MP_OSP",
    "SeriesDescription": "MPRAGE_SAG_iPAT2",
    "SeriesNumber": 10,
    "ShimSetting": [
      5248,
      -6243,
      -3802,
      362,
      32,
      -144,
      191,
      63
    ],
    "SliceThickness": 1,
    "SoftwareVersions": "syngo_MR_E11",
    "StationName": "MRC35368",
    "TxRefAmp": 221.663,
    "dataset": "ds002116",
    "modality": "T1w",
    "session_id": "01",
    "subject_id": "30"
  },
  "cjv": 0.3124110944718044,
  "cnr": 4.255138328920952,
  "efc": 0.5442941393513699,
  "fber": 3142.779460746445,
  "fwhm_avg": 3.6463900000000002,
  "fwhm_x": 3.71484,
  "fwhm_y": 3.78609,
  "fwhm_z": 3.43824,
  "icvs_csf": 0.18232119137002845,
  "icvs_gm": 0.5030322754251969,
  "icvs_wm": 0.3146465332047746,
  "inu_med": 0.5899418294429779,
  "inu_range": 0.2473494201898575,
  "provenance": {
    "md5sum": "df5c5a3d2d1e2fc9a433722bb523853f",
    "settings": {
      "testing": false
    },
    "software": "mriqc",
    "version": "22.0.6",
    "warnings": {
      "large_rot_frame": true,
      "small_air_mask": false
    },
    "webapi_port": null,
    "webapi_url": "https://mriqc.nimh.nih.gov/api/v1"
  },
  "qi_1": 0.0,
  "qi_2": 0.021072202574952074,
  "rpve_csf": 24.67982967175362,
  "rpve_gm": 10.110047114334032,
  "rpve_wm": 16.87638958787877,
  "size_x": 192,
  "size_y": 240,
  "size_z": 256,
  "snr_csf": 2.6395752876085794,
  "snr_gm": 14.078599775183136,
  "snr_total": 12.47563227390034,
  "snr_wm": 20.70872175890931,
  "snrd_csf": 32.73612173444456,
  "snrd_gm": 70.15911332974254,
  "snrd_total": 67.56079424181581,
  "snrd_wm": 99.78714766126032,
  "spacing_x": 1.0,
  "spacing_y": 1.0,
  "spacing_z": 1.0,
  "summary_bg_k": 2.882634394298596,
  "summary_bg_mad": 0.0,
  "summary_bg_mean": 4.970985945080926,
  "summary_bg_median": 0.0,
  "summary_bg_n": 2718184.0,
  "summary_bg_p05": 0.0,
  "summary_bg_p95": 18.616182427853346,
  "summary_bg_stdv": 6.565338590344413,
  "summary_csf_k": 0.6731274809648782,
  "summary_csf_mad": 110.73571866871694,
  "summary_csf_mean": 335.035681516965,
  "summary_csf_median": 328.0595053508878,
  "summary_csf_n": 27846.0,
  "summary_csf_p05": 131.55285330675542,
  "summary_csf_p95": 549.0984994927421,
  "summary_csf_stdv": 124.28272693499873,
  "summary_gm_k": 0.21328137831749583,
  "summary_gm_mad": 48.71836989106497,
  "summary_gm_mean": 702.9132408640592,
  "summary_gm_median": 703.0876840427518,
  "summary_gm_n": 59033.0,
  "summary_gm_p05": 619.9233823977411,
  "summary_gm_p95": 784.539116602391,
  "summary_gm_stdv": 49.93974828501492,
  "summary_wm_k": 0.7542711022132735,
  "summary_wm_mad": 44.04033711688864,
  "summary_wm_mean": 1001.0933177155272,
  "summary_wm_median": 1000.0000173412263,
  "summary_wm_n": 177523.0,
  "summary_wm_p05": 923.8224185444415,
  "summary_wm_p95": 1083.0290924794972,
  "summary_wm_stdv": 48.288697508359895,
  "tpm_overlap_csf": 0.15014511711221573,
  "tpm_overlap_gm": 0.4803752137286914,
  "tpm_overlap_wm": 0.4931044592578916,
  "wm2max": 0.40318212743515136
}