{
  "bids_meta": {
    "AcquisitionMatrixPE": 232,
    "AcquisitionNumber": 1,
    "AcquisitionTime": "17:43:23.600000",
    "BaseResolution": 256,
    "BodyPartExamined": "BRAIN",
    "ConsistencyInfo": "N4_VE11C_LATEST_20160120",
    "ConversionSoftware": "dcm2niix",
    "ConversionSoftwareVersion": "v1.0.20181114  Clang4.0.1",
    "DeviceSerialNumber": "67007",
    "DwellTime": 8.2e-06,
    "EchoTime": 0.00298,
    "FlipAngle": 9,
    "ImageOrientationPatientDICOM": [
      0,
      1,
      0,
      0,
      0,
      -1
    ],
    "ImageType": [
      "ORIGINAL",
      "PRIMARY",
      "M",
      "ND",
      "NORM"
    ],
    "ImagingFrequency": 123.211,
    "InPlanePhaseEncodingDirectionDICOM": "ROW",
    "InstitutionAddress": "Perth_Drive_100_London_Ontario_CA_N6A_5K8",
    "InstitutionName": "Robarts_Research_Institute",
    "InstitutionalDepartmentName": "CFMM",
    "InversionTime": 0.9,
    "MRAcquisitionType": "3D",
    "MagneticFieldStrength": 3,
    "Manufacturer": "Siemens",
    "ManufacturersModelName": "Prisma_fit",
    "Modality": "MR",
    "PartialFourier": 1,
    "PatientPosition": "HFS",
    "PercentPhaseFOV": 90.625,
    "PhaseEncodingSteps": 231,
    "PhaseResolution": 1,
    "PixelBandwidth": 240,
    "ProcedureStepDescription": "Ansari_Adaptation",
    "ProtocolName": "MPRAGE_SAG_iPAT2",
    "PulseSequenceDetails": "%SiemensSeq%_tfl",
    "ReceiveCoilActiveElements": "HEA;HEP",
    "ReceiveCoilName": "Head_32",
    "ReconMatrixPE": 256,
    "RepetitionTime": 2.3,
    "SAR": 0.063176,
    "ScanOptions": "IR",
    "ScanningSequence": "GR_IR",
    "SequenceName": "_tfl3d1_16ns",
    "SequenceVariant": "SK_SP_MP",
    "SeriesDescription": "MPRAGE_SAG_iPAT2",
    "SeriesNumber": 10,
    "ShimSetting": [
      5234,
      -6177,
      -3932,
      562,
      -47,
      -56,
      185,
      -6
    ],
    "SliceThickness": 1,
    "SoftwareVersions": "syngo_MR_E11",
    "StationName": "MRC35368",
    "TxRefAmp": 232.16,
    "dataset": "ds002116",
    "modality": "T1w",
    "session_id": "01",
    "subject_id": "49"
  },
  "cjv": 0.29696645088643164,
  "cnr": 4.401252732734024,
  "efc": 0.545651418069268,
  "fber": 10777.236865419205,
  "fwhm_avg": 3.483143333333333,
  "fwhm_x": 3.49558,
  "fwhm_y": 3.64899,
  "fwhm_z": 3.30486,
  "icvs_csf": 0.15554833755221414,
  "icvs_gm": 0.5065554019020514,
  "icvs_wm": 0.33789626054573446,
  "inu_med": 0.44067808985710144,
  "inu_range": 0.1403264299035073,
  "provenance": {
    "md5sum": "c1e371cb086386df668dbd86cc80fae9",
    "settings": {
      "testing": false
    },
    "software": "mriqc",
    "version": "22.0.6",
    "warnings": {
      "large_rot_frame": true,
      "small_air_mask": false
    },
    "webapi_port": null,
    "webapi_url": "https://mriqc.nimh.nih.gov/api/v1"
  },
  "qi_1": 0.0,
  "qi_2": 0.027135941440977456,
  "rpve_csf": 29.404495868969526,
  "rpve_gm": 10.586289341434108,
  "rpve_wm": 16.920145214975257,
  "size_x": 192,
  "size_y": 232,
  "size_z": 256,
  "snr_csf": 2.334303634763388,
  "snr_gm": 14.050313867313546,
  "snr_total": 13.458778147135485,
  "snr_wm": 23.991716939329525,
  "snrd_csf": 27.603571531641226,
  "snrd_gm": 61.296350543525286,
  "snrd_total": 58.39956338574293,
  "snrd_wm": 86.29876808206227,
  "spacing_x": 1.0,
  "spacing_y": 1.0,
  "spacing_z": 1.0,
  "summary_bg_k": 3.7617473125354355,
  "summary_bg_mad": 7.591492236509124,
  "summary_bg_mean": 5.235801415986099,
  "summary_bg_median": 5.120383702218533,
  "summary_bg_n": 2830367.0,
  "summary_bg_p05": 0.0,
  "summary_bg_p95": 19.68260969221592,
  "summary_bg_stdv": 6.348259147910309,
  "summary_csf_k": 7.501695506808144,
  "summary_csf_mad": 102.8351076009392,
  "summary_csf_mean": 337.7628048725015,
  "summary_csf_median": 319.86056488752365,
  "summary_csf_n": 18319.0,
  "summary_csf_p05": 137.95984173566106,
  "summary_csf_p95": 574.7285715349017,
  "summary_csf_stdv": 137.02237777020972,
  "summary_gm_k": 0.26553969015887224,
  "summary_gm_mad": 48.29481231311124,
  "summary_gm_mean": 711.0599596084588,
  "summary_gm_median": 710.2807434871793,
  "summary_gm_n": 67183.0,
  "summary_gm_p05": 628.4635485857725,
  "summary_gm_p95": 795.6567866355181,
  "summary_gm_stdv": 50.552284028020836,
  "summary_wm_k": 0.8683613419618865,
  "summary_wm_mad": 37.742099700658834,
  "summary_wm_mean": 1000.1442073269297,
  "summary_wm_median": 1000.0000426098704,
  "summary_wm_n": 195445.0,
  "summary_wm_p05": 932.0187781378627,
  "summary_wm_p95": 1068.6712878644466,
  "summary_wm_stdv": 41.68094708981515,
  "tpm_overlap_csf": 0.15857502130506548,
  "tpm_overlap_gm": 0.4851382459848955,
  "tpm_overlap_wm": 0.5109645724025822,
  "wm2max": 0.4627367288981499
}