{
  "aor": 0.000768937823834197,
  "aqi": 0.006481773834196892,
  "bids_meta": {
    "AcquisitionMatrixPE": 84,
    "AcquisitionNumber": 1,
    "AcquisitionTime": "18:32:15.135000",
    "BandwidthPerPixelPhaseEncode": 15.664,
    "BaseResolution": 84,
    "BodyPartExamined": "BRAIN",
    "ConsistencyInfo": "N4_VE11C_LATEST_20160120",
    "ConversionSoftware": "dcm2niix",
    "ConversionSoftwareVersion": "v1.0.20181114  Clang4.0.1",
    "DerivedVendorReportedEchoSpacing": 0.000760008,
    "DeviceSerialNumber": "67007",
    "DwellTime": 3.8e-06,
    "EchoTime": 0.03,
    "EchoTrainLength": 74,
    "EffectiveEchoSpacing": 0.000760008,
    "FlipAngle": 40,
    "ImageComments": "Unaliased_MB4_PE3",
    "ImageOrientationPatientDICOM": [
      0.999787,
      -0.00856297,
      -0.018785,
      -3.23034e-08,
      0.909921,
      -0.414782
    ],
    "ImageType": [
      "ORIGINAL",
      "PRIMARY",
      "M",
      "MB",
      "ND",
      "NORM",
      "MOSAIC"
    ],
    "ImagingFrequency": 123.211,
    "InPlanePhaseEncodingDirectionDICOM": "COL",
    "InstitutionAddress": "Perth_Drive_100_London_Ontario_CA_N6A_5K8",
    "InstitutionName": "Robarts_Research_Institute",
    "InstitutionalDepartmentName": "CFMM",
    "MRAcquisitionType": "2D",
    "MagneticFieldStrength": 3,
    "Manufacturer": "Siemens",
    "ManufacturersModelName": "Prisma_fit",
    "Modality": "MR",
    "MultibandAccelerationFactor": 4,
    "PartialFourier": 0.875,
    "PatientPosition": "HFS",
    "PercentPhaseFOV": 100,
    "PhaseEncodingDirection": "j-",
    "PhaseEncodingSteps": 74,
    "PhaseResolution": 1,
    "PixelBandwidth": 1565,
    "ProcedureStepDescription": "Ansari_Adaptation",
    "ProtocolName": "ep_bold_mb4_adaptation_4",
    "PulseSequenceDetails": "%CustomerSeq%_cmrr_mbep2d_bold",
    "ReceiveCoilActiveElements": "HEA;HEP",
    "ReceiveCoilName": "Head_32",
    "ReconMatrixPE": 84,
    "RepetitionTime": 1,
    "SAR": 0.0746792,
    "ScanOptions": "PFP_FS",
    "ScanningSequence": "EP",
    "SequenceName": "epfid2d1_84",
    "SequenceVariant": "SK_SS",
    "SeriesDescription": "ep_bold_mb4_adaptation_4",
    "SeriesNumber": 8,
    "ShimSetting": [
      5256,
      -6243,
      -3912,
      748,
      -21,
      386,
      62,
      8
    ],
    "SliceThickness": 2.5,
    "SliceTiming": [
      0,
      0.41,
      0.8175,
      0.245,
      0.655,
      0.0825,
      0.49,
      0.9,
      0.3275,
      0.735,
      0.165,
      0.5725,
      0,
      0.41,
      0.8175,
      0.245,
      0.655,
      0.0825,
      0.49,
      0.9,
      0.3275,
      0.735,
      0.165,
      0.5725,
      0,
      0.41,
      0.8175,
      0.245,
      0.655,
      0.0825,
      0.49,
      0.9,
      0.3275,
      0.735,
      0.165,
      0.5725,
      0,
      0.41,
      0.8175,
      0.245,
      0.655,
      0.0825,
      0.49,
      0.9,
      0.3275,
      0.735,
      0.165,
      0.5725
    ],
    "SoftwareVersions": "syngo_MR_E11",
    "SpacingBetweenSlices": 2.5,
    "StationName": "MRC35368",
    "TaskName": "Adaptation",
    "TotalReadoutTime": 0.0630806,
    "TxRefAmp": 221.197,
    "WipMemBlock": "72341120-cdc4-4c19-9b5c-96e66a01e1b7||Sequence: R016 ve11c/master r/e634e98; Dec 19 2017 11:00:25 by eja",
    "dataset": "ds002116",
    "modality": "bold",
    "run_id": 4,
    "session_id": "01",
    "subject_id": "39",
    "task_id": "Adaptation"
  },
  "dummy_trs": 0,
  "dvars_nstd": 28.384621112441565,
  "dvars_std": 1.2735532023896095,
  "dvars_vstd": 1.0097329354025975,
  "efc": 0.5200807487445777,
  "fber": 6908.68798828125,
  "fd_mean": 0.14224689023248385,
  "fd_num": 65,
  "fd_perc": 16.83937823834197,
  "fwhm_avg": 1.9984459253823967,
  "fwhm_x": 1.90721993004359,
  "fwhm_y": 2.0985218461036004,
  "fwhm_z": 1.989596,
  "gcor": 0.0323738,
  "gsr_x": -0.014337022788822651,
  "gsr_y": 0.01760808378458023,
  "provenance": {
    "md5sum": "204993b7de8c7d731701285f2eb296b6",
    "settings": {
      "fd_thres": 0.2,
      "testing": false
    },
    "software": "mriqc",
    "version": "22.0.6",
    "webapi_port": null,
    "webapi_url": "https://mriqc.nimh.nih.gov/api/v1"
  },
  "size_t": 386,
  "size_x": 84,
  "size_y": 84,
  "size_z": 48,
  "snr": 5.7101894460411415,
  "spacing_tr": 1.0,
  "spacing_x": 2.4761905670166016,
  "spacing_y": 2.4761905670166016,
  "spacing_z": 2.5,
  "summary_bg_k": 43.751737134730476,
  "summary_bg_mad": 1.7595836004194076,
  "summary_bg_mean": 7.475650787353516,
  "summary_bg_median": 2.986628293991089,
  "summary_bg_n": 203928.0,
  "summary_bg_p05": 1.148151260614395,
  "summary_bg_p95": 27.55392761230467,
  "summary_bg_stdv": 15.80202579498291,
  "summary_fg_k": 3.0637785934899355,
  "summary_fg_mad": 41.123706183056555,
  "summary_fg_mean": 260.39410400390625,
  "summary_fg_median": 255.60177612304688,
  "summary_fg_n": 75978.0,
  "summary_fg_p05": 199.61252975463867,
  "summary_fg_p95": 333.8919189453125,
  "summary_fg_stdv": 44.76210403442383,
  "tsnr": 65.86067962646484
}