{
  "aor": 0.0017572207792207791,
  "aqi": 0.007646723870129871,
  "bids_meta": {
    "AcquisitionMatrixPE": 84,
    "AcquisitionNumber": 1,
    "AcquisitionTime": "18:24:58.270000",
    "BandwidthPerPixelPhaseEncode": 15.664,
    "BaseResolution": 84,
    "BodyPartExamined": "BRAIN",
    "ConsistencyInfo": "N4_VE11C_LATEST_20160120",
    "ConversionSoftware": "dcm2niix",
    "ConversionSoftwareVersion": "v1.0.20181114  Clang4.0.1",
    "DerivedVendorReportedEchoSpacing": 0.000760008,
    "DeviceSerialNumber": "67007",
    "DwellTime": 3.8e-06,
    "EchoTime": 0.03,
    "EchoTrainLength": 74,
    "EffectiveEchoSpacing": 0.000760008,
    "FlipAngle": 40,
    "ImageComments": "Unaliased_MB4_PE3",
    "ImageOrientationPatientDICOM": [
      0.999787,
      -0.00856297,
      -0.018785,
      -3.23034e-08,
      0.909921,
      -0.414782
    ],
    "ImageType": [
      "ORIGINAL",
      "PRIMARY",
      "M",
      "MB",
      "ND",
      "NORM",
      "MOSAIC"
    ],
    "ImagingFrequency": 123.211,
    "InPlanePhaseEncodingDirectionDICOM": "COL",
    "InstitutionAddress": "Perth_Drive_100_London_Ontario_CA_N6A_5K8",
    "InstitutionName": "Robarts_Research_Institute",
    "InstitutionalDepartmentName": "CFMM",
    "MRAcquisitionType": "2D",
    "MagneticFieldStrength": 3,
    "Manufacturer": "Siemens",
    "ManufacturersModelName": "Prisma_fit",
    "Modality": "MR",
    "MultibandAccelerationFactor": 4,
    "PartialFourier": 0.875,
    "PatientPosition": "HFS",
    "PercentPhaseFOV": 100,
    "PhaseEncodingDirection": "j-",
    "PhaseEncodingSteps": 74,
    "PhaseResolution": 1,
    "PixelBandwidth": 1565,
    "ProcedureStepDescription": "Ansari_Adaptation",
    "ProtocolName": "ep_bold_mb4_adaptation_3",
    "PulseSequenceDetails": "%CustomerSeq%_cmrr_mbep2d_bold",
    "ReceiveCoilActiveElements": "HEA;HEP",
    "ReceiveCoilName": "Head_32",
    "ReconMatrixPE": 84,
    "RepetitionTime": 1,
    "SAR": 0.0746792,
    "ScanOptions": "PFP_FS",
    "ScanningSequence": "EP",
    "SequenceName": "epfid2d1_84",
    "SequenceVariant": "SK_SS",
    "SeriesDescription": "ep_bold_mb4_adaptation_3",
    "SeriesNumber": 6,
    "ShimSetting": [
      5256,
      -6243,
      -3912,
      748,
      -21,
      386,
      62,
      8
    ],
    "SliceThickness": 2.5,
    "SliceTiming": [
      0,
      0.4075,
      0.815,
      0.245,
      0.6525,
      0.08,
      0.49,
      0.8975,
      0.325,
      0.735,
      0.1625,
      0.57,
      0,
      0.4075,
      0.815,
      0.245,
      0.6525,
      0.08,
      0.49,
      0.8975,
      0.325,
      0.735,
      0.1625,
      0.57,
      0,
      0.4075,
      0.815,
      0.245,
      0.6525,
      0.08,
      0.49,
      0.8975,
      0.325,
      0.735,
      0.1625,
      0.57,
      0,
      0.4075,
      0.815,
      0.245,
      0.6525,
      0.08,
      0.49,
      0.8975,
      0.325,
      0.735,
      0.1625,
      0.57
    ],
    "SoftwareVersions": "syngo_MR_E11",
    "SpacingBetweenSlices": 2.5,
    "StationName": "MRC35368",
    "TaskName": "Adaptation",
    "TotalReadoutTime": 0.0630806,
    "TxRefAmp": 221.197,
    "WipMemBlock": "80e67027-71ac-4985-b6c2-6b283a7c6728||Sequence: R016 ve11c/master r/e634e98; Dec 19 2017 11:00:25 by eja",
    "dataset": "ds002116",
    "modality": "bold",
    "run_id": 3,
    "session_id": "01",
    "subject_id": "39",
    "task_id": "Adaptation"
  },
  "dummy_trs": 1,
  "dvars_nstd": 28.107565060442695,
  "dvars_std": 1.2713176135156241,
  "dvars_vstd": 1.0160502685156245,
  "efc": 0.5190497072888017,
  "fber": 6906.64697265625,
  "fd_mean": 0.14523431733141703,
  "fd_num": 75,
  "fd_perc": 19.48051948051948,
  "fwhm_avg": 2.0014667842610145,
  "fwhm_x": 1.9067433915995309,
  "fwhm_y": 2.106828961183513,
  "fwhm_z": 1.990828,
  "gcor": 0.0530315,
  "gsr_x": -0.013614214025437832,
  "gsr_y": 0.017240509390830994,
  "provenance": {
    "md5sum": "431d2d027b456ef19c2f8921ed4fe986",
    "settings": {
      "fd_thres": 0.2,
      "testing": false
    },
    "software": "mriqc",
    "version": "22.0.6",
    "webapi_port": null,
    "webapi_url": "https://mriqc.nimh.nih.gov/api/v1"
  },
  "size_t": 385,
  "size_x": 84,
  "size_y": 84,
  "size_z": 48,
  "snr": 5.698542037277367,
  "spacing_tr": 1.0,
  "spacing_x": 2.4761905670166016,
  "spacing_y": 2.4761905670166016,
  "spacing_z": 2.5,
  "summary_bg_k": 44.43913539065817,
  "summary_bg_mad": 1.75120338698095,
  "summary_bg_mean": 7.3198957443237305,
  "summary_bg_median": 2.9806346893310547,
  "summary_bg_n": 204118.0,
  "summary_bg_p05": 1.1459297776222228,
  "summary_bg_p95": 26.594211101531982,
  "summary_bg_stdv": 15.40540885925293,
  "summary_fg_k": 3.1365823953578067,
  "summary_fg_mad": 41.24313149298531,
  "summary_fg_mean": 260.02447509765625,
  "summary_fg_median": 255.2920379638672,
  "summary_fg_n": 75757.0,
  "summary_fg_p05": 199.54882202148437,
  "summary_fg_p95": 333.50703125,
  "summary_fg_stdv": 44.79924011230469,
  "tsnr": 61.296142578125
}