{
  "aor": 0.0009331088082901553,
  "aqi": 0.007562165336787565,
  "bids_meta": {
    "AcquisitionMatrixPE": 84,
    "AcquisitionNumber": 1,
    "AcquisitionTime": "19:08:42.357500",
    "BandwidthPerPixelPhaseEncode": 15.664,
    "BaseResolution": 84,
    "BodyPartExamined": "BRAIN",
    "ConsistencyInfo": "N4_VE11B_LATEST_20150530",
    "ConversionSoftware": "dcm2niix",
    "ConversionSoftwareVersion": "v1.0.20181114  Clang4.0.1",
    "DerivedVendorReportedEchoSpacing": 0.000760008,
    "DeviceSerialNumber": "67007",
    "DwellTime": 3.8e-06,
    "EchoTime": 0.03,
    "EchoTrainLength": 74,
    "EffectiveEchoSpacing": 0.000760008,
    "FlipAngle": 40,
    "ImageComments": "Unaliased_MB4_PE3",
    "ImageOrientationPatientDICOM": [
      1,
      0,
      0,
      0,
      0.873772,
      -0.486335
    ],
    "ImageType": [
      "ORIGINAL",
      "PRIMARY",
      "FMRI",
      "NONE",
      "MB",
      "ND",
      "NORM",
      "MOSAIC"
    ],
    "ImagingFrequency": 123.211,
    "InPlanePhaseEncodingDirectionDICOM": "COL",
    "InstitutionAddress": "Perth_Drive_100_London_Ontario_CA_N6A_5K8",
    "InstitutionName": "Robarts_Research_Institute",
    "InstitutionalDepartmentName": "CFMM",
    "MRAcquisitionType": "2D",
    "MagneticFieldStrength": 3,
    "Manufacturer": "Siemens",
    "ManufacturersModelName": "Prisma_fit",
    "Modality": "MR",
    "MultibandAccelerationFactor": 4,
    "PartialFourier": 0.875,
    "PatientPosition": "HFS",
    "PercentPhaseFOV": 100,
    "PhaseEncodingDirection": "j-",
    "PhaseEncodingSteps": 74,
    "PhaseResolution": 1,
    "PixelBandwidth": 1565,
    "ProcedureStepDescription": "Ansari_Adaptation",
    "ProtocolName": "ep_bold_mb4_adaptation_5",
    "PulseSequenceDetails": "%CustomerSeq%_cmrr_mbep2d_bold",
    "ReceiveCoilActiveElements": "HEA;HEP",
    "ReceiveCoilName": "Head_32",
    "ReconMatrixPE": 84,
    "RepetitionTime": 1,
    "SAR": 0.0691446,
    "ScanOptions": "PFP_FS",
    "ScanningSequence": "EP",
    "SequenceName": "epfid2d1_84",
    "SequenceVariant": "SK_SS",
    "SeriesDescription": "ep_bold_mb4_adaptation_5",
    "SeriesNumber": 30,
    "ShimSetting": [
      5253,
      -6228,
      -3932,
      521,
      1,
      126,
      43,
      -49
    ],
    "SliceThickness": 2.5,
    "SliceTiming": [
      0,
      0.4075,
      0.815,
      0.245,
      0.6525,
      0.08,
      0.49,
      0.8975,
      0.325,
      0.735,
      0.1625,
      0.57,
      0,
      0.4075,
      0.815,
      0.245,
      0.6525,
      0.08,
      0.49,
      0.8975,
      0.325,
      0.735,
      0.1625,
      0.57,
      0,
      0.4075,
      0.815,
      0.245,
      0.6525,
      0.08,
      0.49,
      0.8975,
      0.325,
      0.735,
      0.1625,
      0.57,
      0,
      0.4075,
      0.815,
      0.245,
      0.6525,
      0.08,
      0.49,
      0.8975,
      0.325,
      0.735,
      0.1625,
      0.57
    ],
    "SoftwareVersions": "syngo_MR_E11",
    "SpacingBetweenSlices": 2.5,
    "StationName": "MRC35368",
    "TaskName": "Adaptation",
    "TotalReadoutTime": 0.0630806,
    "TxRefAmp": 242.766,
    "WipMemBlock": "12f5f89d-c712-490d-996e-e5158aab1c8f||Sequence: R016 ve11b/master r/d985c4e; Nov 27 2017 16:19:23 by eja",
    "dataset": "ds002116",
    "modality": "bold",
    "run_id": 5,
    "session_id": "01",
    "subject_id": "03",
    "task_id": "Adaptation"
  },
  "dummy_trs": 0,
  "dvars_nstd": 31.240843378883124,
  "dvars_std": 1.2450492441038958,
  "dvars_vstd": 1.015556969142856,
  "efc": 0.5624244490812665,
  "fber": 4641.19384765625,
  "fd_mean": 0.20007256815442925,
  "fd_num": 199,
  "fd_perc": 51.55440414507772,
  "fwhm_avg": 2.0641682696580053,
  "fwhm_x": 1.974520889113467,
  "fwhm_y": 2.1848399198605493,
  "fwhm_z": 2.033144,
  "gcor": 0.0209379,
  "gsr_x": -0.02282620407640934,
  "gsr_y": 0.020089685916900635,
  "provenance": {
    "md5sum": "4e35a659ac6c45ecb95e8084e0e6ddae",
    "settings": {
      "fd_thres": 0.2,
      "testing": false
    },
    "software": "mriqc",
    "version": "22.0.6",
    "webapi_port": null,
    "webapi_url": "https://mriqc.nimh.nih.gov/api/v1"
  },
  "size_t": 386,
  "size_x": 84,
  "size_y": 84,
  "size_z": 48,
  "snr": 5.205141746785497,
  "spacing_tr": 1.0,
  "spacing_x": 2.4761905670166016,
  "spacing_y": 2.4761905670166016,
  "spacing_z": 2.5,
  "summary_bg_k": 24.244532656303477,
  "summary_bg_mad": 2.183287601904521,
  "summary_bg_mean": 9.47018814086914,
  "summary_bg_median": 2.984530448913574,
  "summary_bg_n": 193220.0,
  "summary_bg_p05": 1.065680593252182,
  "summary_bg_p95": 38.69310359954833,
  "summary_bg_stdv": 18.053922653198242,
  "summary_fg_k": 5.157422391006261,
  "summary_fg_mad": 36.055494204659226,
  "summary_fg_mean": 215.14865112304688,
  "summary_fg_median": 211.08924865722656,
  "summary_fg_n": 85371.0,
  "summary_fg_p05": 162.2665252685547,
  "summary_fg_p95": 282.22064208984375,
  "summary_fg_stdv": 40.553749084472656,
  "tsnr": 58.19447708129883
}