{
  "bids_meta": {
    "AcquisitionMatrixPE": 240,
    "AcquisitionNumber": 1,
    "AcquisitionTime": "18:44:46.567500",
    "BaseResolution": 256,
    "BodyPartExamined": "BRAIN",
    "ConsistencyInfo": "N4_VE11C_LATEST_20160120",
    "ConversionSoftware": "dcm2niix",
    "ConversionSoftwareVersion": "v1.0.20181114  Clang4.0.1",
    "DeviceSerialNumber": "67007",
    "DwellTime": 8.2e-06,
    "EchoTime": 0.00298,
    "FlipAngle": 9,
    "ImageOrientationPatientDICOM": [
      0.0104749,
      0.999945,
      -4.36405e-09,
      0.0244295,
      -0.000255915,
      -0.999701
    ],
    "ImageType": [
      "ORIGINAL",
      "PRIMARY",
      "M",
      "ND",
      "NORM"
    ],
    "ImagingFrequency": 123.211,
    "InPlanePhaseEncodingDirectionDICOM": "ROW",
    "InstitutionAddress": "Perth_Drive_100_London_Ontario_CA_N6A_5K8",
    "InstitutionName": "Robarts_Research_Institute",
    "InstitutionalDepartmentName": "CFMM",
    "InversionTime": 0.9,
    "MRAcquisitionType": "3D",
    "MagneticFieldStrength": 3,
    "Manufacturer": "Siemens",
    "ManufacturersModelName": "Prisma_fit",
    "Modality": "MR",
    "PartialFourier": 1,
    "PatientPosition": "HFS",
    "PercentPhaseFOV": 93.75,
    "PhaseEncodingSteps": 247,
    "PhaseOversampling": 0.03,
    "PhaseResolution": 1,
    "PixelBandwidth": 240,
    "ProcedureStepDescription": "Ansari_Adaptation",
    "ProtocolName": "MPRAGE_SAG_iPAT2",
    "PulseSequenceDetails": "%SiemensSeq%_tfl",
    "ReceiveCoilActiveElements": "HEA;HEP",
    "ReceiveCoilName": "Head_32",
    "ReconMatrixPE": 256,
    "RepetitionTime": 2.3,
    "SAR": 0.0795415,
    "ScanOptions": "IR",
    "ScanningSequence": "GR_IR",
    "SequenceName": "_tfl3d1_16ns",
    "SequenceVariant": "SK_SP_MP_OSP",
    "SeriesDescription": "MPRAGE_SAG_iPAT2",
    "SeriesNumber": 30,
    "ShimSetting": [
      5238,
      -6247,
      -3822,
      421,
      40,
      -50,
      30,
      -18
    ],
    "SliceThickness": 1,
    "SoftwareVersions": "syngo_MR_E11",
    "StationName": "MRC35368",
    "TxRefAmp": 227.682,
    "dataset": "ds002116",
    "modality": "T1w",
    "session_id": "01",
    "subject_id": "07"
  },
  "cjv": 0.29581984201855854,
  "cnr": 4.5159243744488,
  "efc": 0.5277130816604949,
  "fber": 4652.232052892562,
  "fwhm_avg": 3.7446800000000002,
  "fwhm_x": 3.73126,
  "fwhm_y": 3.97445,
  "fwhm_z": 3.52833,
  "icvs_csf": 0.18925911534639345,
  "icvs_gm": 0.4946613921250957,
  "icvs_wm": 0.31607949252851086,
  "inu_med": 0.530470609664917,
  "inu_range": 0.18770678192377088,
  "provenance": {
    "md5sum": "ba5acd3d7b692438b25a429b522512f2",
    "settings": {
      "testing": false
    },
    "software": "mriqc",
    "version": "22.0.6",
    "warnings": {
      "large_rot_frame": true,
      "small_air_mask": false
    },
    "webapi_port": null,
    "webapi_url": "https://mriqc.nimh.nih.gov/api/v1"
  },
  "qi_1": 0.0,
  "qi_2": 0.022050263731687423,
  "rpve_csf": 26.174830328489403,
  "rpve_gm": 11.194629691592343,
  "rpve_wm": 18.589047007123252,
  "size_x": 192,
  "size_y": 240,
  "size_z": 256,
  "snr_csf": 2.88278812493518,
  "snr_gm": 14.132641117595469,
  "snr_total": 13.278468101701996,
  "snr_wm": 22.819975062575338,
  "snrd_csf": 24.708612494135142,
  "snrd_gm": 52.97778052021203,
  "snrd_total": 51.14746047283227,
  "snrd_wm": 75.75598840414965,
  "spacing_x": 1.0,
  "spacing_y": 1.0,
  "spacing_z": 1.0,
  "summary_bg_k": 2.805834940216802,
  "summary_bg_mad": 8.648143657870534,
  "summary_bg_mean": 7.276245630867212,
  "summary_bg_median": 5.833084255456924,
  "summary_bg_n": 3442780.0,
  "summary_bg_p05": 0.0,
  "summary_bg_p95": 24.715824954211712,
  "summary_bg_stdv": 8.022073709883884,
  "summary_csf_k": 1.007404669103387,
  "summary_csf_mad": 102.1700561631756,
  "summary_csf_mean": 332.9547736852956,
  "summary_csf_median": 326.16662795096636,
  "summary_csf_n": 35991.0,
  "summary_csf_p05": 159.73676884174347,
  "summary_csf_p95": 534.1946039460599,
  "summary_csf_stdv": 113.14119614738037,
  "summary_gm_k": 0.2525711810241389,
  "summary_gm_mad": 47.176732390050155,
  "summary_gm_mean": 700.5134216537755,
  "summary_gm_median": 699.3344540372491,
  "summary_gm_n": 64981.0,
  "summary_gm_p05": 620.1017262339592,
  "summary_gm_p95": 784.1385251358151,
  "summary_gm_stdv": 49.483254200599305,
  "summary_wm_k": 0.44732315500211284,
  "summary_wm_mad": 41.77164260388107,
  "summary_wm_mean": 999.2203736630506,
  "summary_wm_median": 1000.0187299363315,
  "summary_wm_n": 182824.0,
  "summary_wm_p05": 925.9647339880466,
  "summary_wm_p95": 1069.3987801671028,
  "summary_wm_stdv": 43.821958274209265,
  "tpm_overlap_csf": 0.15451938319252642,
  "tpm_overlap_gm": 0.4804495576892922,
  "tpm_overlap_wm": 0.4985945975387002,
  "wm2max": 0.458599571909138
}