{
  "aor": 0.0015625906735751297,
  "aqi": 0.010214719922279791,
  "bids_meta": {
    "AcquisitionMatrixPE": 84,
    "AcquisitionNumber": 1,
    "AcquisitionTime": "13:31:16.840000",
    "BandwidthPerPixelPhaseEncode": 15.664,
    "BaseResolution": 84,
    "BodyPartExamined": "BRAIN",
    "ConsistencyInfo": "N4_VE11C_LATEST_20160120",
    "ConversionSoftware": "dcm2niix",
    "ConversionSoftwareVersion": "v1.0.20181114  Clang4.0.1",
    "DerivedVendorReportedEchoSpacing": 0.000760008,
    "DeviceSerialNumber": "67007",
    "DwellTime": 3.8e-06,
    "EchoTime": 0.03,
    "EchoTrainLength": 74,
    "EffectiveEchoSpacing": 0.000760008,
    "FlipAngle": 40,
    "ImageComments": "Unaliased_MB4_PE3",
    "ImageOrientationPatientDICOM": [
      0.99433,
      -0.0405818,
      -0.098293,
      -4.0175e-08,
      0.924319,
      -0.38162
    ],
    "ImageType": [
      "ORIGINAL",
      "PRIMARY",
      "M",
      "MB",
      "ND",
      "NORM",
      "MOSAIC"
    ],
    "ImagingFrequency": 123.211,
    "InPlanePhaseEncodingDirectionDICOM": "COL",
    "InstitutionAddress": "Perth_Drive_100_London_Ontario_CA_N6A_5K8",
    "InstitutionName": "Robarts_Research_Institute",
    "InstitutionalDepartmentName": "CFMM",
    "MRAcquisitionType": "2D",
    "MagneticFieldStrength": 3,
    "Manufacturer": "Siemens",
    "ManufacturersModelName": "Prisma_fit",
    "Modality": "MR",
    "MultibandAccelerationFactor": 4,
    "PartialFourier": 0.875,
    "PatientPosition": "HFS",
    "PercentPhaseFOV": 100,
    "PhaseEncodingDirection": "j-",
    "PhaseEncodingSteps": 74,
    "PhaseResolution": 1,
    "PixelBandwidth": 1565,
    "ProcedureStepDescription": "Ansari_Adaptation",
    "ProtocolName": "ep_bold_mb4_adaptation_2",
    "PulseSequenceDetails": "%CustomerSeq%_cmrr_mbep2d_bold",
    "ReceiveCoilActiveElements": "HEA;HEP",
    "ReceiveCoilName": "Head_32",
    "ReconMatrixPE": 84,
    "RepetitionTime": 1,
    "SAR": 0.0742665,
    "ScanOptions": "PFP_FS",
    "ScanningSequence": "EP",
    "SequenceName": "epfid2d1_84",
    "SequenceVariant": "SK_SS",
    "SeriesDescription": "ep_bold_mb4_adaptation_2",
    "SeriesNumber": 5,
    "ShimSetting": [
      5205,
      -6241,
      -3941,
      876,
      -163,
      96,
      304,
      16
    ],
    "SliceThickness": 2.5,
    "SliceTiming": [
      0,
      0.4075,
      0.8175,
      0.245,
      0.6525,
      0.0825,
      0.49,
      0.8975,
      0.3275,
      0.735,
      0.1625,
      0.5725,
      0,
      0.4075,
      0.8175,
      0.245,
      0.6525,
      0.0825,
      0.49,
      0.8975,
      0.3275,
      0.735,
      0.1625,
      0.5725,
      0,
      0.4075,
      0.8175,
      0.245,
      0.6525,
      0.0825,
      0.49,
      0.8975,
      0.3275,
      0.735,
      0.1625,
      0.5725,
      0,
      0.4075,
      0.8175,
      0.245,
      0.6525,
      0.0825,
      0.49,
      0.8975,
      0.3275,
      0.735,
      0.1625,
      0.5725
    ],
    "SoftwareVersions": "syngo_MR_E11",
    "SpacingBetweenSlices": 2.5,
    "StationName": "MRC35368",
    "TaskName": "Adaptation",
    "TotalReadoutTime": 0.0630806,
    "TxRefAmp": 222.786,
    "WipMemBlock": "6965fc6a-ec21-4b42-8804-033b0abe3d33||Sequence: R016 ve11c/master r/e634e98; Dec 19 2017 11:00:25 by eja",
    "dataset": "ds002116",
    "modality": "bold",
    "run_id": 2,
    "session_id": "01",
    "subject_id": "21",
    "task_id": "Adaptation"
  },
  "dummy_trs": 0,
  "dvars_nstd": 37.2322935527013,
  "dvars_std": 1.3967620121038968,
  "dvars_vstd": 1.0148199913766236,
  "efc": 0.5093348745165623,
  "fber": 6347.28515625,
  "fd_mean": 0.21083661347634172,
  "fd_num": 160,
  "fd_perc": 41.45077720207254,
  "fwhm_avg": 1.9429578881329064,
  "fwhm_x": 1.8693957006617437,
  "fwhm_y": 2.0372139637369755,
  "fwhm_z": 1.9222639999999998,
  "gcor": 0.0271461,
  "gsr_x": -0.009586072526872158,
  "gsr_y": 0.018963715061545372,
  "provenance": {
    "md5sum": "44adb27841051d7738f6f113b061e479",
    "settings": {
      "fd_thres": 0.2,
      "testing": false
    },
    "software": "mriqc",
    "version": "22.0.6",
    "webapi_port": null,
    "webapi_url": "https://mriqc.nimh.nih.gov/api/v1"
  },
  "size_t": 386,
  "size_x": 84,
  "size_y": 84,
  "size_z": 48,
  "snr": 5.637559947982618,
  "spacing_tr": 1.0,
  "spacing_x": 2.4761905670166016,
  "spacing_y": 2.4761905670166016,
  "spacing_z": 2.5,
  "summary_bg_k": 42.69607389568289,
  "summary_bg_mad": 2.3200134560192582,
  "summary_bg_mean": 8.391993522644043,
  "summary_bg_median": 3.575568675994873,
  "summary_bg_n": 208039.0,
  "summary_bg_p05": 1.4763918638229372,
  "summary_bg_p95": 30.819186019897455,
  "summary_bg_stdv": 16.847692489624023,
  "summary_fg_k": 2.700961853526022,
  "summary_fg_mad": 50.91707929693405,
  "summary_fg_mean": 298.06549072265625,
  "summary_fg_median": 295.47918701171875,
  "summary_fg_n": 71416.0,
  "summary_fg_p05": 223.8322639465332,
  "summary_fg_p95": 380.6544418334961,
  "summary_fg_stdv": 52.412235260009766,
  "tsnr": 54.28828430175781
}