{
  "aor": 0.002001714285714286,
  "aqi": 0.009999963610389611,
  "bids_meta": {
    "AcquisitionMatrixPE": 84,
    "AcquisitionNumber": 1,
    "AcquisitionTime": "13:45:36.300000",
    "BandwidthPerPixelPhaseEncode": 15.664,
    "BaseResolution": 84,
    "BodyPartExamined": "BRAIN",
    "ConsistencyInfo": "N4_VE11C_LATEST_20160120",
    "ConversionSoftware": "dcm2niix",
    "ConversionSoftwareVersion": "v1.0.20181114  Clang4.0.1",
    "DerivedVendorReportedEchoSpacing": 0.000760008,
    "DeviceSerialNumber": "67007",
    "DwellTime": 3.8e-06,
    "EchoTime": 0.03,
    "EchoTrainLength": 74,
    "EffectiveEchoSpacing": 0.000760008,
    "FlipAngle": 40,
    "ImageComments": "Unaliased_MB4_PE3",
    "ImageOrientationPatientDICOM": [
      0.99433,
      -0.0405818,
      -0.098293,
      -4.0175e-08,
      0.924319,
      -0.38162
    ],
    "ImageType": [
      "ORIGINAL",
      "PRIMARY",
      "M",
      "MB",
      "ND",
      "NORM",
      "MOSAIC"
    ],
    "ImagingFrequency": 123.211,
    "InPlanePhaseEncodingDirectionDICOM": "COL",
    "InstitutionAddress": "Perth_Drive_100_London_Ontario_CA_N6A_5K8",
    "InstitutionName": "Robarts_Research_Institute",
    "InstitutionalDepartmentName": "CFMM",
    "MRAcquisitionType": "2D",
    "MagneticFieldStrength": 3,
    "Manufacturer": "Siemens",
    "ManufacturersModelName": "Prisma_fit",
    "Modality": "MR",
    "MultibandAccelerationFactor": 4,
    "PartialFourier": 0.875,
    "PatientPosition": "HFS",
    "PercentPhaseFOV": 100,
    "PhaseEncodingDirection": "j-",
    "PhaseEncodingSteps": 74,
    "PhaseResolution": 1,
    "PixelBandwidth": 1565,
    "ProcedureStepDescription": "Ansari_Adaptation",
    "ProtocolName": "ep_bold_mb4_adaptation_4",
    "PulseSequenceDetails": "%CustomerSeq%_cmrr_mbep2d_bold",
    "ReceiveCoilActiveElements": "HEA;HEP",
    "ReceiveCoilName": "Head_32",
    "ReconMatrixPE": 84,
    "RepetitionTime": 1,
    "SAR": 0.0742665,
    "ScanOptions": "PFP_FS",
    "ScanningSequence": "EP",
    "SequenceName": "epfid2d1_84",
    "SequenceVariant": "SK_SS",
    "SeriesDescription": "ep_bold_mb4_adaptation_4",
    "SeriesNumber": 9,
    "ShimSetting": [
      5205,
      -6241,
      -3941,
      876,
      -163,
      96,
      304,
      16
    ],
    "SliceThickness": 2.5,
    "SliceTiming": [
      0,
      0.4075,
      0.8175,
      0.245,
      0.6525,
      0.0825,
      0.49,
      0.8975,
      0.3275,
      0.735,
      0.1625,
      0.5725,
      0,
      0.4075,
      0.8175,
      0.245,
      0.6525,
      0.0825,
      0.49,
      0.8975,
      0.3275,
      0.735,
      0.1625,
      0.5725,
      0,
      0.4075,
      0.8175,
      0.245,
      0.6525,
      0.0825,
      0.49,
      0.8975,
      0.3275,
      0.735,
      0.1625,
      0.5725,
      0,
      0.4075,
      0.8175,
      0.245,
      0.6525,
      0.0825,
      0.49,
      0.8975,
      0.3275,
      0.735,
      0.1625,
      0.5725
    ],
    "SoftwareVersions": "syngo_MR_E11",
    "SpacingBetweenSlices": 2.5,
    "StationName": "MRC35368",
    "TaskName": "Adaptation",
    "TotalReadoutTime": 0.0630806,
    "TxRefAmp": 222.786,
    "WipMemBlock": "48997cd4-612b-41b6-89ae-82c94d2b8c33||Sequence: R016 ve11c/master r/e634e98; Dec 19 2017 11:00:25 by eja",
    "dataset": "ds002116",
    "modality": "bold",
    "run_id": 4,
    "session_id": "01",
    "subject_id": "21",
    "task_id": "Adaptation"
  },
  "dummy_trs": 1,
  "dvars_nstd": 37.490560869270816,
  "dvars_std": 1.4034931356250009,
  "dvars_vstd": 1.0173404654947917,
  "efc": 0.5100848127033193,
  "fber": 6307.92578125,
  "fd_mean": 0.22522109668896118,
  "fd_num": 176,
  "fd_perc": 45.714285714285715,
  "fwhm_avg": 1.9391936447649132,
  "fwhm_x": 1.8561737780697978,
  "fwhm_y": 2.032299156224942,
  "fwhm_z": 1.929108,
  "gcor": 0.0191866,
  "gsr_x": -0.010492163710296154,
  "gsr_y": 0.01848139986395836,
  "provenance": {
    "md5sum": "79a7238891a6d148a70b9f3e5385bc26",
    "settings": {
      "fd_thres": 0.2,
      "testing": false
    },
    "software": "mriqc",
    "version": "22.0.6",
    "webapi_port": null,
    "webapi_url": "https://mriqc.nimh.nih.gov/api/v1"
  },
  "size_t": 385,
  "size_x": 84,
  "size_y": 84,
  "size_z": 48,
  "snr": 5.6299769002504,
  "spacing_tr": 1.0,
  "spacing_x": 2.4761905670166016,
  "spacing_y": 2.4761905670166016,
  "spacing_z": 2.5,
  "summary_bg_k": 40.462823730893106,
  "summary_bg_mad": 2.3353110062708056,
  "summary_bg_mean": 8.528732299804688,
  "summary_bg_median": 3.5826101303100586,
  "summary_bg_n": 208031.0,
  "summary_bg_p05": 1.4957262873649597,
  "summary_bg_p95": 31.642229080200195,
  "summary_bg_stdv": 17.060836791992188,
  "summary_fg_k": 2.8718681160967465,
  "summary_fg_mad": 50.785301984879666,
  "summary_fg_mean": 297.87213134765625,
  "summary_fg_median": 295.50543212890625,
  "summary_fg_n": 71488.0,
  "summary_fg_p05": 223.92973098754882,
  "summary_fg_p95": 380.29048614501954,
  "summary_fg_stdv": 52.487491607666016,
  "tsnr": 55.42422103881836
}