{
  "bids_meta": {
    "AcquisitionMatrixPE": 216,
    "AcquisitionNumber": 1,
    "AcquisitionTime": "17:03:40.570000",
    "BaseResolution": 256,
    "BodyPartExamined": "BRAIN",
    "ConsistencyInfo": "N4_VE11C_LATEST_20160120",
    "ConversionSoftware": "dcm2niix",
    "ConversionSoftwareVersion": "v1.0.20181114  Clang4.0.1",
    "DeviceSerialNumber": "67007",
    "DwellTime": 8.2e-06,
    "EchoTime": 0.00298,
    "FlipAngle": 9,
    "ImageOrientationPatientDICOM": [
      0.0471064,
      0.99889,
      3.65103e-08,
      -0.0296333,
      0.00139751,
      -0.99956
    ],
    "ImageType": [
      "ORIGINAL",
      "PRIMARY",
      "M",
      "ND",
      "NORM"
    ],
    "ImagingFrequency": 123.211,
    "InPlanePhaseEncodingDirectionDICOM": "ROW",
    "InstitutionAddress": "Perth_Drive_100_London_Ontario_CA_N6A_5K8",
    "InstitutionName": "Robarts-CFMM",
    "InstitutionalDepartmentName": "CFMM",
    "InversionTime": 0.9,
    "MRAcquisitionType": "3D",
    "MagneticFieldStrength": 3,
    "Manufacturer": "Siemens",
    "ManufacturersModelName": "Prisma_fit",
    "Modality": "MR",
    "PartialFourier": 1,
    "PatientPosition": "HFS",
    "PercentPhaseFOV": 84.375,
    "PhaseEncodingSteps": 215,
    "PhaseResolution": 1,
    "PixelBandwidth": 240,
    "ProcedureStepDescription": "Ansari_Adaptation",
    "ProtocolName": "MPRAGE_SAG_iPAT2",
    "PulseSequenceDetails": "%SiemensSeq%_tfl",
    "ReceiveCoilActiveElements": "HEA;HEP;SP1",
    "ReceiveCoilName": "Spine_32",
    "ReconMatrixPE": 256,
    "RepetitionTime": 2.3,
    "SAR": 0.0854342,
    "ScanOptions": "IR",
    "ScanningSequence": "GR_IR",
    "SequenceName": "_tfl3d1_16ns",
    "SequenceVariant": "SK_SP_MP",
    "SeriesDescription": "MPRAGE_SAG_iPAT2",
    "SeriesNumber": 14,
    "ShimSetting": [
      5218,
      -6166,
      -3918,
      430,
      29,
      74,
      84,
      14
    ],
    "SliceThickness": 1,
    "SoftwareVersions": "syngo_MR_E11",
    "StationName": "MRC35368",
    "TxRefAmp": 232.906,
    "dataset": "ds002116",
    "modality": "T1w",
    "session_id": "01",
    "subject_id": "25"
  },
  "cjv": 0.31218403280345397,
  "cnr": 4.250631815564871,
  "efc": 0.5481087319345449,
  "fber": 1569.5364201980994,
  "fwhm_avg": 3.4750600000000005,
  "fwhm_x": 3.47846,
  "fwhm_y": 3.65154,
  "fwhm_z": 3.29518,
  "icvs_csf": 0.15969183745971752,
  "icvs_gm": 0.5370478250008722,
  "icvs_wm": 0.30326033753941034,
  "inu_med": 0.5510178804397583,
  "inu_range": 0.18957072198390956,
  "provenance": {
    "md5sum": "445ad18ca228ddd76032c5a561b1960d",
    "settings": {
      "testing": false
    },
    "software": "mriqc",
    "version": "22.0.6",
    "warnings": {
      "large_rot_frame": true,
      "small_air_mask": false
    },
    "webapi_port": null,
    "webapi_url": "https://mriqc.nimh.nih.gov/api/v1"
  },
  "qi_1": 0.0,
  "qi_2": 0.017662174250187467,
  "rpve_csf": 29.07880205664027,
  "rpve_gm": 10.017039979406954,
  "rpve_wm": 17.42282874142119,
  "size_x": 192,
  "size_y": 216,
  "size_z": 256,
  "snr_csf": 2.612652337152591,
  "snr_gm": 16.38728282456004,
  "snr_total": 13.369706218419282,
  "snr_wm": 21.109183493545217,
  "snrd_csf": 24.36853603568163,
  "snrd_gm": 55.128776616615646,
  "snrd_total": 51.96108354118624,
  "snrd_wm": 76.38593797126144,
  "spacing_x": 1.0,
  "spacing_y": 1.0,
  "spacing_z": 1.0,
  "summary_bg_k": 1429.8034589995852,
  "summary_bg_mad": 8.576954614713276,
  "summary_bg_mean": 9.367022494839762,
  "summary_bg_median": 5.785067975521088,
  "summary_bg_n": 2194914.0,
  "summary_bg_p05": 0.0,
  "summary_bg_p95": 27.359968543052673,
  "summary_bg_stdv": 10.124357676092464,
  "summary_csf_k": 2.6470347588021417,
  "summary_csf_mad": 95.75917563956351,
  "summary_csf_mean": 336.63045931210115,
  "summary_csf_median": 319.0294839441776,
  "summary_csf_n": 19569.0,
  "summary_csf_p05": 160.08303982615473,
  "summary_csf_p95": 561.6416229128836,
  "summary_csf_stdv": 122.10630855996763,
  "summary_gm_k": 0.1325549688207852,
  "summary_gm_mad": 43.23794179299575,
  "summary_gm_mean": 720.4024212867591,
  "summary_gm_median": 721.7382746636868,
  "summary_gm_n": 62760.0,
  "summary_gm_p05": 646.1563615635038,
  "summary_gm_p95": 790.7167028188705,
  "summary_gm_stdv": 44.04223277167392,
  "summary_wm_k": 1.0509906304425254,
  "summary_wm_mad": 43.64156318662931,
  "summary_wm_mean": 1000.6468689690078,
  "summary_wm_median": 1000.0340740978718,
  "summary_wm_n": 136640.0,
  "summary_wm_p05": 925.3046077787876,
  "summary_wm_p95": 1078.4387600719929,
  "summary_wm_stdv": 47.37418740150208,
  "tpm_overlap_csf": 0.1488238611801198,
  "tpm_overlap_gm": 0.48446339366602803,
  "tpm_overlap_wm": 0.4638686869485149,
  "wm2max": 0.48915896675184756
}