{
  "bids_meta": {
    "AcquisitionMatrixPE": 240,
    "AcquisitionNumber": 1,
    "AcquisitionTime": "19:11:29.505000",
    "BaseResolution": 256,
    "BodyPartExamined": "BRAIN",
    "ConsistencyInfo": "N4_VE11C_LATEST_20160120",
    "ConversionSoftware": "dcm2niix",
    "ConversionSoftwareVersion": "v1.0.20181114  Clang4.0.1",
    "DeviceSerialNumber": "67007",
    "DwellTime": 8.2e-06,
    "EchoTime": 0.00298,
    "FlipAngle": 9,
    "ImageOrientationPatientDICOM": [
      -0.129155,
      0.991624,
      1.70207e-08,
      -0.0999367,
      -0.0130163,
      -0.994909
    ],
    "ImageType": [
      "ORIGINAL",
      "PRIMARY",
      "M",
      "ND",
      "NORM"
    ],
    "ImagingFrequency": 123.211,
    "InPlanePhaseEncodingDirectionDICOM": "ROW",
    "InstitutionAddress": "Perth_Drive_100_London_Ontario_CA_N6A_5K8",
    "InstitutionName": "Robarts_Research_Institute",
    "InstitutionalDepartmentName": "CFMM",
    "InversionTime": 0.9,
    "MRAcquisitionType": "3D",
    "MagneticFieldStrength": 3,
    "Manufacturer": "Siemens",
    "ManufacturersModelName": "Prisma_fit",
    "Modality": "MR",
    "PartialFourier": 1,
    "PatientPosition": "HFS",
    "PercentPhaseFOV": 93.75,
    "PhaseEncodingSteps": 247,
    "PhaseOversampling": 0.03,
    "PhaseResolution": 1,
    "PixelBandwidth": 240,
    "ProcedureStepDescription": "Ansari_Adaptation",
    "ProtocolName": "MPRAGE_SAG_iPAT2",
    "PulseSequenceDetails": "%SiemensSeq%_tfl",
    "ReceiveCoilActiveElements": "HEA;HEP;SP1",
    "ReceiveCoilName": "Spine_32",
    "ReconMatrixPE": 256,
    "RepetitionTime": 2.3,
    "SAR": 0.106814,
    "ScanOptions": "IR",
    "ScanningSequence": "GR_IR",
    "SequenceName": "_tfl3d1_16ns",
    "SequenceVariant": "SK_SP_MP_OSP",
    "SeriesDescription": "MPRAGE_SAG_iPAT2",
    "SeriesNumber": 8,
    "ShimSetting": [
      5202,
      -6236,
      -4032,
      478,
      62,
      -199,
      29,
      -60
    ],
    "SliceThickness": 1,
    "SoftwareVersions": "syngo_MR_E11",
    "StationName": "MRC35368",
    "TxRefAmp": 235.131,
    "dataset": "ds002116",
    "modality": "T1w",
    "session_id": "01",
    "subject_id": "27"
  },
  "cjv": 0.3036220475653762,
  "cnr": 4.227033562506415,
  "efc": 0.49245556039253785,
  "fber": 2589.02880625,
  "fwhm_avg": 3.416446666666667,
  "fwhm_x": 3.39847,
  "fwhm_y": 3.52569,
  "fwhm_z": 3.32518,
  "icvs_csf": 0.15198234724126414,
  "icvs_gm": 0.5509924636409376,
  "icvs_wm": 0.2970251891177983,
  "inu_med": 0.5582660436630249,
  "inu_range": 0.23866699635982508,
  "provenance": {
    "md5sum": "365293acb269e0fea2886ff9d1fce14e",
    "settings": {
      "testing": false
    },
    "software": "mriqc",
    "version": "22.0.6",
    "warnings": {
      "large_rot_frame": true,
      "small_air_mask": false
    },
    "webapi_port": null,
    "webapi_url": "https://mriqc.nimh.nih.gov/api/v1"
  },
  "qi_1": 0.0,
  "qi_2": 0.02328700099467256,
  "rpve_csf": 39.161381853585674,
  "rpve_gm": 12.636888734427053,
  "rpve_wm": 22.35645307418675,
  "size_x": 192,
  "size_y": 240,
  "size_z": 256,
  "snr_csf": 2.4526019784601716,
  "snr_gm": 17.2311519722594,
  "snr_total": 13.433481841725865,
  "snr_wm": 20.616691574458024,
  "snrd_csf": 28.030738517936765,
  "snrd_gm": 64.58853400106265,
  "snrd_total": 60.73646883804256,
  "snrd_wm": 89.59013399512826,
  "spacing_x": 1.0,
  "spacing_y": 1.0,
  "spacing_z": 1.0,
  "summary_bg_k": 4711.934435592844,
  "summary_bg_mad": 7.312595225430957,
  "summary_bg_mean": 8.837519918672305,
  "summary_bg_median": 4.932270526885986,
  "summary_bg_n": 2869289.0,
  "summary_bg_p05": 0.0,
  "summary_bg_p95": 31.487900972366333,
  "summary_bg_stdv": 15.98245886613681,
  "summary_csf_k": 10.394855660927686,
  "summary_csf_mad": 86.00247862952496,
  "summary_csf_mean": 334.13465252686376,
  "summary_csf_median": 312.8775086402893,
  "summary_csf_n": 20665.0,
  "summary_csf_p05": 162.47899866104126,
  "summary_csf_p95": 555.7310722351074,
  "summary_csf_stdv": 127.5665358948655,
  "summary_gm_k": 0.13568539775888233,
  "summary_gm_mad": 41.014121046982325,
  "summary_gm_mean": 719.9802264422818,
  "summary_gm_median": 720.9335420131683,
  "summary_gm_n": 69157.0,
  "summary_gm_p05": 649.6300659179688,
  "summary_gm_p95": 786.9187438011169,
  "summary_gm_stdv": 41.83866121421925,
  "summary_wm_k": 0.9880337618378898,
  "summary_wm_mad": 43.716601891163336,
  "summary_wm_mean": 999.7316787838466,
  "summary_wm_median": 999.9999787807465,
  "summary_wm_n": 116912.0,
  "summary_wm_p05": 920.1740395903587,
  "summary_wm_p95": 1078.3087086677551,
  "summary_wm_stdv": 48.50417917148414,
  "tpm_overlap_csf": 0.14730826792751908,
  "tpm_overlap_gm": 0.48594561841075035,
  "tpm_overlap_wm": 0.46560763598060745,
  "wm2max": 0.48950278176283285
}