{
  "bids_meta": {
    "AcquisitionMatrixPE": 240,
    "AcquisitionNumber": 1,
    "AcquisitionTime": "10:46:47.205000",
    "BaseResolution": 256,
    "BodyPartExamined": "BRAIN",
    "ConsistencyInfo": "N4_VE11C_LATEST_20160120",
    "ConversionSoftware": "dcm2niix",
    "ConversionSoftwareVersion": "v1.0.20181114  Clang4.0.1",
    "DeviceSerialNumber": "67007",
    "DwellTime": 8.2e-06,
    "EchoTime": 0.00298,
    "FlipAngle": 9,
    "ImageOrientationPatientDICOM": [
      0.0418757,
      0.999123,
      0,
      0,
      0,
      -1
    ],
    "ImageType": [
      "ORIGINAL",
      "PRIMARY",
      "M",
      "ND",
      "NORM"
    ],
    "ImagingFrequency": 123.211,
    "InPlanePhaseEncodingDirectionDICOM": "ROW",
    "InstitutionAddress": "Perth_Drive_100_London_Ontario_CA_N6A_5K8",
    "InstitutionName": "Robarts_Research_Institute",
    "InstitutionalDepartmentName": "CFMM",
    "InversionTime": 0.9,
    "MRAcquisitionType": "3D",
    "MagneticFieldStrength": 3,
    "Manufacturer": "Siemens",
    "ManufacturersModelName": "Prisma_fit",
    "Modality": "MR",
    "PartialFourier": 1,
    "PatientPosition": "HFS",
    "PercentPhaseFOV": 93.75,
    "PhaseEncodingSteps": 239,
    "PhaseResolution": 1,
    "PixelBandwidth": 240,
    "ProcedureStepDescription": "Ansari_Adaptation",
    "ProtocolName": "MPRAGE_SAG_iPAT2",
    "PulseSequenceDetails": "%SiemensSeq%_tfl",
    "ReceiveCoilActiveElements": "HEA;HEP",
    "ReceiveCoilName": "Head_32",
    "ReconMatrixPE": 256,
    "RepetitionTime": 2.3,
    "SAR": 0.0680476,
    "ScanOptions": "IR",
    "ScanningSequence": "GR_IR",
    "SequenceName": "_tfl3d1_16ns",
    "SequenceVariant": "SK_SP_MP",
    "SeriesDescription": "MPRAGE_SAG_iPAT2",
    "SeriesNumber": 15,
    "ShimSetting": [
      5230,
      -6158,
      -3893,
      384,
      2,
      -2,
      133,
      66
    ],
    "SliceThickness": 1,
    "SoftwareVersions": "syngo_MR_E11",
    "StationName": "MRC35368",
    "TxRefAmp": 241.948,
    "dataset": "ds002116",
    "modality": "T1w",
    "session_id": "01",
    "subject_id": "10"
  },
  "cjv": 0.34850557339266636,
  "cnr": 3.804546000322236,
  "efc": 0.5719311484351314,
  "fber": 2731.189961596542,
  "fwhm_avg": 3.65053,
  "fwhm_x": 3.59075,
  "fwhm_y": 3.8387,
  "fwhm_z": 3.52214,
  "icvs_csf": 0.19499569093882876,
  "icvs_gm": 0.46295599675956234,
  "icvs_wm": 0.34204831230160887,
  "inu_med": 0.506357342004776,
  "inu_range": 0.16526992768049237,
  "provenance": {
    "md5sum": "856b49864874c2fac72f1f8950207a63",
    "settings": {
      "testing": false
    },
    "software": "mriqc",
    "version": "22.0.6",
    "warnings": {
      "large_rot_frame": true,
      "small_air_mask": false
    },
    "webapi_port": null,
    "webapi_url": "https://mriqc.nimh.nih.gov/api/v1"
  },
  "qi_1": 0.0,
  "qi_2": 0.015104749342175507,
  "rpve_csf": 24.23309381394454,
  "rpve_gm": 11.105553635233434,
  "rpve_wm": 16.72457982263382,
  "size_x": 192,
  "size_y": 240,
  "size_z": 256,
  "snr_csf": 3.0930691247062745,
  "snr_gm": 12.638574043407914,
  "snr_total": 12.983458863559411,
  "snr_wm": 23.21873342256404,
  "snrd_csf": 40.40345654778685,
  "snrd_gm": 91.58020756022967,
  "snrd_total": 86.08869321727083,
  "snrd_wm": 126.28241554379599,
  "spacing_x": 1.0,
  "spacing_y": 1.0,
  "spacing_z": 1.0,
  "summary_bg_k": 1767.5351998027124,
  "summary_bg_mad": 5.1879986828765965,
  "summary_bg_mean": 5.374836932143069,
  "summary_bg_median": 3.4992519356310368,
  "summary_bg_n": 2761035.0,
  "summary_bg_p05": 0.0,
  "summary_bg_p95": 20.260161569342017,
  "summary_bg_stdv": 8.35152375926943,
  "summary_csf_k": 2.1538824315788903,
  "summary_csf_mad": 91.69223759084072,
  "summary_csf_mean": 330.5795446002392,
  "summary_csf_median": 319.9533400274813,
  "summary_csf_n": 39446.0,
  "summary_csf_p05": 179.19719876162708,
  "summary_csf_p95": 516.5643885484897,
  "summary_csf_stdv": 103.44071584418136,
  "summary_gm_k": 0.16379846099573658,
  "summary_gm_mad": 55.432638100735815,
  "summary_gm_mean": 725.134710580605,
  "summary_gm_median": 725.2199636595324,
  "summary_gm_n": 37070.0,
  "summary_gm_p05": 629.826045221556,
  "summary_gm_p95": 819.6503199703059,
  "summary_gm_stdv": 57.38069653578381,
  "summary_wm_k": 0.763155364949617,
  "summary_wm_mad": 40.33856946903325,
  "summary_wm_mean": 1000.6974827726522,
  "summary_wm_median": 1000.025346647948,
  "summary_wm_n": 206182.0,
  "summary_wm_p05": 931.8406476993114,
  "summary_wm_p95": 1071.7600113283843,
  "summary_wm_stdv": 43.06965859600947,
  "tpm_overlap_csf": 0.15150326389775798,
  "tpm_overlap_gm": 0.4618577881145178,
  "tpm_overlap_wm": 0.48716937620800826,
  "wm2max": 0.6485685326299674
}