{
  "aor": 0.0006418961038961039,
  "aqi": 0.007402812415584416,
  "bids_meta": {
    "AcquisitionMatrixPE": 84,
    "AcquisitionNumber": 1,
    "AcquisitionTime": "17:29:33.810000",
    "BandwidthPerPixelPhaseEncode": 15.664,
    "BaseResolution": 84,
    "BodyPartExamined": "BRAIN",
    "ConsistencyInfo": "N4_VE11C_LATEST_20160120",
    "ConversionSoftware": "dcm2niix",
    "ConversionSoftwareVersion": "v1.0.20181114  Clang4.0.1",
    "DerivedVendorReportedEchoSpacing": 0.000760008,
    "DeviceSerialNumber": "67007",
    "DwellTime": 3.8e-06,
    "EchoTime": 0.03,
    "EchoTrainLength": 74,
    "EffectiveEchoSpacing": 0.000760008,
    "FlipAngle": 40,
    "ImageComments": "Unaliased_MB4_PE3",
    "ImageOrientationPatientDICOM": [
      1,
      0,
      0,
      0,
      0.932954,
      -0.359997
    ],
    "ImageType": [
      "ORIGINAL",
      "PRIMARY",
      "FMRI",
      "NONE",
      "MB",
      "ND",
      "NORM",
      "MOSAIC"
    ],
    "ImagingFrequency": 123.211,
    "InPlanePhaseEncodingDirectionDICOM": "COL",
    "InstitutionAddress": "Perth_Drive_100_London_Ontario_CA_N6A_5K8",
    "InstitutionName": "Robarts_Research_Institute",
    "InstitutionalDepartmentName": "CFMM",
    "MRAcquisitionType": "2D",
    "MagneticFieldStrength": 3,
    "Manufacturer": "Siemens",
    "ManufacturersModelName": "Prisma_fit",
    "Modality": "MR",
    "MultibandAccelerationFactor": 4,
    "PartialFourier": 0.875,
    "PatientPosition": "HFS",
    "PercentPhaseFOV": 100,
    "PhaseEncodingDirection": "j-",
    "PhaseEncodingSteps": 74,
    "PhaseResolution": 1,
    "PixelBandwidth": 1565,
    "ProcedureStepDescription": "Ansari_Adaptation",
    "ProtocolName": "ep_bold_mb4_adaptation_3",
    "PulseSequenceDetails": "%CustomerSeq%_cmrr_mbep2d_bold",
    "ReceiveCoilActiveElements": "HEA;HEP",
    "ReceiveCoilName": "Head_32",
    "ReconMatrixPE": 84,
    "RepetitionTime": 1,
    "SAR": 0.0572138,
    "ScanOptions": "PFP_FS",
    "ScanningSequence": "EP",
    "SequenceName": "epfid2d1_84",
    "SequenceVariant": "SK_SS",
    "SeriesDescription": "ep_bold_mb4_adaptation_3",
    "SeriesNumber": 16,
    "ShimSetting": [
      5236,
      -6174,
      -3956,
      771,
      32,
      -49,
      151,
      -11
    ],
    "SliceThickness": 2.5,
    "SliceTiming": [
      0,
      0.41,
      0.8175,
      0.245,
      0.655,
      0.0825,
      0.49,
      0.9,
      0.3275,
      0.735,
      0.165,
      0.5725,
      0,
      0.41,
      0.8175,
      0.245,
      0.655,
      0.0825,
      0.49,
      0.9,
      0.3275,
      0.735,
      0.165,
      0.5725,
      0,
      0.41,
      0.8175,
      0.245,
      0.655,
      0.0825,
      0.49,
      0.9,
      0.3275,
      0.735,
      0.165,
      0.5725,
      0,
      0.41,
      0.8175,
      0.245,
      0.655,
      0.0825,
      0.49,
      0.9,
      0.3275,
      0.735,
      0.165,
      0.5725
    ],
    "SoftwareVersions": "syngo_MR_E11",
    "SpacingBetweenSlices": 2.5,
    "StationName": "MRC35368",
    "TaskName": "Adaptation",
    "TotalReadoutTime": 0.0630806,
    "TxRefAmp": 241.931,
    "WipMemBlock": "7547ac91-2ae1-4431-a92a-27e83f399d8c||Sequence: R016 ve11c/master r/e634e98; Dec 19 2017 11:00:25 by eja",
    "dataset": "ds002116",
    "modality": "bold",
    "run_id": 3,
    "session_id": "01",
    "subject_id": "06",
    "task_id": "Adaptation"
  },
  "dummy_trs": 1,
  "dvars_nstd": 33.8516833831771,
  "dvars_std": 1.3535591544791667,
  "dvars_vstd": 1.0068747561979168,
  "efc": 0.565854752404893,
  "fber": 5228.99658203125,
  "fd_mean": 0.23858134506710538,
  "fd_num": 230,
  "fd_perc": 59.74025974025974,
  "fwhm_avg": 2.082210179316514,
  "fwhm_x": 1.9829895426489925,
  "fwhm_y": 2.22527299530055,
  "fwhm_z": 2.0383679999999997,
  "gcor": 0.0116408,
  "gsr_x": -0.020812075585126877,
  "gsr_y": 0.021456453949213028,
  "provenance": {
    "md5sum": "35639ddac9a432a6c4725eac16cba9b1",
    "settings": {
      "fd_thres": 0.2,
      "testing": false
    },
    "software": "mriqc",
    "version": "22.0.6",
    "webapi_port": null,
    "webapi_url": "https://mriqc.nimh.nih.gov/api/v1"
  },
  "size_t": 385,
  "size_x": 84,
  "size_y": 84,
  "size_z": 48,
  "snr": 5.470852120306466,
  "spacing_tr": 1.0,
  "spacing_x": 2.4761905670166016,
  "spacing_y": 2.4761905670166016,
  "spacing_z": 2.5,
  "summary_bg_k": 31.410169382956532,
  "summary_bg_mad": 2.13395514973376,
  "summary_bg_mean": 8.636090278625488,
  "summary_bg_median": 3.1497483253479004,
  "summary_bg_n": 187436.0,
  "summary_bg_p05": 1.1696232557296753,
  "summary_bg_p95": 32.20509147644043,
  "summary_bg_stdv": 16.3376407623291,
  "summary_fg_k": 3.178637183746056,
  "summary_fg_mad": 41.13974568764824,
  "summary_fg_mean": 241.3573455810547,
  "summary_fg_median": 238.24488830566406,
  "summary_fg_n": 89943.0,
  "summary_fg_p05": 180.31728515625,
  "summary_fg_p95": 311.7845977783203,
  "summary_fg_stdv": 43.54779815673828,
  "tsnr": 59.662132263183594
}