{
  "bids_meta": {
    "AcquisitionMatrixPE": 240,
    "AcquisitionNumber": 1,
    "AcquisitionTime": "17:15:47.582500",
    "BaseResolution": 256,
    "BodyPartExamined": "BRAIN",
    "ConsistencyInfo": "N4_VE11C_LATEST_20160120",
    "ConversionSoftware": "dcm2niix",
    "ConversionSoftwareVersion": "v1.0.20181114  Clang4.0.1",
    "DeviceSerialNumber": "67007",
    "DwellTime": 8.2e-06,
    "EchoTime": 0.00298,
    "FlipAngle": 9,
    "ImageOrientationPatientDICOM": [
      0,
      1,
      0,
      0,
      0,
      -1
    ],
    "ImageType": [
      "ORIGINAL",
      "PRIMARY",
      "M",
      "ND",
      "NORM"
    ],
    "ImagingFrequency": 123.211,
    "InPlanePhaseEncodingDirectionDICOM": "ROW",
    "InstitutionAddress": "Perth_Drive_100_London_Ontario_CA_N6A_5K8",
    "InstitutionName": "Robarts_Research_Institute",
    "InstitutionalDepartmentName": "CFMM",
    "InversionTime": 0.9,
    "MRAcquisitionType": "3D",
    "MagneticFieldStrength": 3,
    "Manufacturer": "Siemens",
    "ManufacturersModelName": "Prisma_fit",
    "Modality": "MR",
    "PartialFourier": 1,
    "PatientPosition": "HFS",
    "PercentPhaseFOV": 93.75,
    "PhaseEncodingSteps": 247,
    "PhaseOversampling": 0.03,
    "PhaseResolution": 1,
    "PixelBandwidth": 240,
    "ProcedureStepDescription": "Ansari_Adaptation",
    "ProtocolName": "MPRAGE_SAG_iPAT2",
    "PulseSequenceDetails": "%SiemensSeq%_tfl",
    "ReceiveCoilActiveElements": "HEA;HEP",
    "ReceiveCoilName": "Head_32",
    "ReconMatrixPE": 256,
    "RepetitionTime": 2.3,
    "SAR": 0.0662457,
    "ScanOptions": "IR",
    "ScanningSequence": "GR_IR",
    "SequenceName": "_tfl3d1_16ns",
    "SequenceVariant": "SK_SP_MP_OSP",
    "SeriesDescription": "MPRAGE_SAG_iPAT2",
    "SeriesNumber": 10,
    "ShimSetting": [
      5217,
      -6151,
      -3913,
      451,
      -45,
      -113,
      107,
      10
    ],
    "SliceThickness": 1,
    "SoftwareVersions": "syngo_MR_E11",
    "StationName": "MRC35368",
    "TxRefAmp": 226.717,
    "dataset": "ds002116",
    "modality": "T1w",
    "session_id": "01",
    "subject_id": "11"
  },
  "cjv": 0.30907770401626977,
  "cnr": 4.285322520104989,
  "efc": 0.5494897593545454,
  "fber": 3588.5362725263576,
  "fwhm_avg": 3.48851,
  "fwhm_x": 3.52232,
  "fwhm_y": 3.64926,
  "fwhm_z": 3.29395,
  "icvs_csf": 0.17430321446053829,
  "icvs_gm": 0.510003556689631,
  "icvs_wm": 0.3156932288498307,
  "inu_med": 0.4914620667695999,
  "inu_range": 0.1544402346014977,
  "provenance": {
    "md5sum": "97b2b299b24ca30eaf534411f744973c",
    "settings": {
      "testing": false
    },
    "software": "mriqc",
    "version": "22.0.6",
    "warnings": {
      "large_rot_frame": true,
      "small_air_mask": false
    },
    "webapi_port": null,
    "webapi_url": "https://mriqc.nimh.nih.gov/api/v1"
  },
  "qi_1": 0.0,
  "qi_2": 0.018483097849606948,
  "rpve_csf": 32.28705138331219,
  "rpve_gm": 12.6112421927715,
  "rpve_wm": 21.382421646343133,
  "size_x": 192,
  "size_y": 240,
  "size_z": 256,
  "snr_csf": 2.890661837191454,
  "snr_gm": 14.333289639438608,
  "snr_total": 13.44085342830464,
  "snr_wm": 23.098608808283856,
  "snrd_csf": 24.807501465322467,
  "snrd_gm": 52.14130574996456,
  "snrd_total": 49.97590333340488,
  "snrd_wm": 72.9789027849276,
  "spacing_x": 1.0,
  "spacing_y": 1.0,
  "spacing_z": 1.0,
  "summary_bg_k": 203.22375512645573,
  "summary_bg_mad": 0.0,
  "summary_bg_mean": 5.244305797887363,
  "summary_bg_median": 0.0,
  "summary_bg_n": 2589460.0,
  "summary_bg_p05": 0.0,
  "summary_bg_p95": 19.931851275265217,
  "summary_bg_stdv": 8.977065411844805,
  "summary_csf_k": 2.034395481914295,
  "summary_csf_mad": 97.14725875394882,
  "summary_csf_mean": 351.10622939275754,
  "summary_csf_median": 339.92701879888773,
  "summary_csf_n": 18872.0,
  "summary_csf_p05": 172.54469921663403,
  "summary_csf_p95": 559.9553582623602,
  "summary_csf_stdv": 117.59175984734519,
  "summary_gm_k": 0.17520940834059173,
  "summary_gm_mad": 48.59598263485613,
  "summary_gm_mean": 714.63384262109,
  "summary_gm_median": 714.4709290713072,
  "summary_gm_n": 46851.0,
  "summary_gm_p05": 632.3613511249423,
  "summary_gm_p95": 796.218657977879,
  "summary_gm_stdv": 49.84642898288609,
  "summary_wm_k": 0.7750989486423467,
  "summary_wm_mad": 39.6546794821687,
  "summary_wm_mean": 999.737740130485,
  "summary_wm_median": 999.9999755546451,
  "summary_wm_n": 146827.0,
  "summary_wm_p05": 927.9920166358352,
  "summary_wm_p95": 1070.3404134817415,
  "summary_wm_stdv": 43.29250209311648,
  "tpm_overlap_csf": 0.15224833511255242,
  "tpm_overlap_gm": 0.4905873046878426,
  "tpm_overlap_wm": 0.4973171155544254,
  "wm2max": 0.5548621335831884
}