{
  "bids_meta": {
    "AcquisitionMatrixPE": 240,
    "AcquisitionNumber": 1,
    "AcquisitionTime": "10:06:4.250000",
    "BaseResolution": 256,
    "BodyPartExamined": "BRAIN",
    "ConsistencyInfo": "N4_VE11C_LATEST_20160120",
    "ConversionSoftware": "dcm2niix",
    "ConversionSoftwareVersion": "v1.0.20181114  Clang4.0.1",
    "DeviceSerialNumber": "67007",
    "DwellTime": 8.2e-06,
    "EchoTime": 0.00298,
    "FlipAngle": 9,
    "ImageOrientationPatientDICOM": [
      0,
      1,
      0,
      0,
      0,
      -1
    ],
    "ImageType": [
      "ORIGINAL",
      "PRIMARY",
      "M",
      "ND",
      "NORM"
    ],
    "ImagingFrequency": 123.211,
    "InPlanePhaseEncodingDirectionDICOM": "ROW",
    "InstitutionAddress": "Perth_Drive_100_London_Ontario_CA_N6A_5K8",
    "InstitutionName": "Robarts_Research_Institute",
    "InstitutionalDepartmentName": "CFMM",
    "InversionTime": 0.9,
    "MRAcquisitionType": "3D",
    "MagneticFieldStrength": 3,
    "Manufacturer": "Siemens",
    "ManufacturersModelName": "Prisma_fit",
    "Modality": "MR",
    "PartialFourier": 1,
    "PatientPosition": "HFS",
    "PercentPhaseFOV": 93.75,
    "PhaseEncodingSteps": 247,
    "PhaseOversampling": 0.03,
    "PhaseResolution": 1,
    "PixelBandwidth": 240,
    "ProcedureStepDescription": "Ansari_Adaptation",
    "ProtocolName": "MPRAGE_SAG_iPAT2",
    "PulseSequenceDetails": "%SiemensSeq%_tfl",
    "ReceiveCoilActiveElements": "HEA;HEP",
    "ReceiveCoilName": "Head_32",
    "ReconMatrixPE": 256,
    "RepetitionTime": 2.3,
    "SAR": 0.0697893,
    "ScanOptions": "IR",
    "ScanningSequence": "GR_IR",
    "SequenceName": "_tfl3d1_16ns",
    "SequenceVariant": "SK_SP_MP_OSP",
    "SeriesDescription": "MPRAGE_SAG_iPAT2",
    "SeriesNumber": 8,
    "ShimSetting": [
      5242,
      -6182,
      -3885,
      374,
      -29,
      -193,
      175,
      17
    ],
    "SliceThickness": 1,
    "SoftwareVersions": "syngo_MR_E11",
    "StationName": "MRC35368",
    "TxRefAmp": 222.968,
    "dataset": "ds002116",
    "modality": "T1w",
    "session_id": "01",
    "subject_id": "47"
  },
  "cjv": 0.32374925421673295,
  "cnr": 4.049661184122712,
  "efc": 0.5024304826113786,
  "fber": 3243.557505012252,
  "fwhm_avg": 3.4764733333333333,
  "fwhm_x": 3.40784,
  "fwhm_y": 3.7159,
  "fwhm_z": 3.30568,
  "icvs_csf": 0.13490260894463693,
  "icvs_gm": 0.5378211152961272,
  "icvs_wm": 0.3272762757592359,
  "inu_med": 0.5533861517906189,
  "inu_range": 0.2173782378435135,
  "provenance": {
    "md5sum": "ee316aadcc41a2bb1c3a1f156c682e3c",
    "settings": {
      "testing": false
    },
    "software": "mriqc",
    "version": "22.0.6",
    "warnings": {
      "large_rot_frame": true,
      "small_air_mask": false
    },
    "webapi_port": null,
    "webapi_url": "https://mriqc.nimh.nih.gov/api/v1"
  },
  "qi_1": 0.0,
  "qi_2": 0.02564012249071333,
  "rpve_csf": 38.09750969353818,
  "rpve_gm": 11.156903485126284,
  "rpve_wm": 17.864906296473865,
  "size_x": 192,
  "size_y": 240,
  "size_z": 256,
  "snr_csf": 2.3010277656455393,
  "snr_gm": 17.201672167616305,
  "snr_total": 13.199476881123536,
  "snr_wm": 20.095730710108757,
  "snrd_csf": 24.684677176517873,
  "snrd_gm": 51.48210642732934,
  "snrd_total": 48.835412652342804,
  "snrd_wm": 70.33945435318121,
  "spacing_x": 1.0,
  "spacing_y": 1.0,
  "spacing_z": 1.0,
  "summary_bg_k": 3.6468836617182525,
  "summary_bg_mad": 9.314290297917381,
  "summary_bg_mean": 9.37334974935619,
  "summary_bg_median": 6.2823933362960815,
  "summary_bg_n": 3903300.0,
  "summary_bg_p05": 0.0,
  "summary_bg_p95": 31.176376931369305,
  "summary_bg_stdv": 9.795644666791052,
  "summary_csf_k": 8.329346594422885,
  "summary_csf_mad": 122.30827447452761,
  "summary_csf_mean": 364.59959934047066,
  "summary_csf_median": 350.95019774883986,
  "summary_csf_n": 16349.0,
  "summary_csf_p05": 142.885183442384,
  "summary_csf_p95": 602.3715790674089,
  "summary_csf_stdv": 152.5142241853173,
  "summary_gm_k": 0.13166062183868465,
  "summary_gm_mad": 41.73966339754226,
  "summary_gm_mean": 731.5655887060744,
  "summary_gm_median": 731.9380886368454,
  "summary_gm_n": 77099.0,
  "summary_gm_p05": 660.31880460307,
  "summary_gm_p95": 800.4947059191763,
  "summary_gm_stdv": 42.550127379918685,
  "summary_wm_k": 0.9306813877023354,
  "summary_wm_mad": 45.05787931617533,
  "summary_wm_mean": 1000.6461267202691,
  "summary_wm_median": 1000.0392242632806,
  "summary_wm_n": 147359.0,
  "summary_wm_p05": 920.095769058913,
  "summary_wm_p95": 1083.0453462190926,
  "summary_wm_stdv": 49.76359633179836,
  "tpm_overlap_csf": 0.12898534906320736,
  "tpm_overlap_gm": 0.47954598363563994,
  "tpm_overlap_wm": 0.46926171120273147,
  "wm2max": 0.4296027662983891
}