{
  "aor": 0.001774233766233766,
  "aqi": 0.00937635155844156,
  "bids_meta": {
    "AcquisitionMatrixPE": 84,
    "AcquisitionNumber": 1,
    "AcquisitionTime": "18:17:45.815000",
    "BandwidthPerPixelPhaseEncode": 15.664,
    "BaseResolution": 84,
    "BodyPartExamined": "BRAIN",
    "ConsistencyInfo": "N4_VE11C_LATEST_20160120",
    "ConversionSoftware": "dcm2niix",
    "ConversionSoftwareVersion": "v1.0.20181114  Clang4.0.1",
    "DerivedVendorReportedEchoSpacing": 0.000760008,
    "DeviceSerialNumber": "67007",
    "DwellTime": 3.8e-06,
    "EchoTime": 0.03,
    "EchoTrainLength": 74,
    "EffectiveEchoSpacing": 0.000760008,
    "FlipAngle": 40,
    "ImageComments": "Unaliased_MB4_PE3",
    "ImageOrientationPatientDICOM": [
      0.999787,
      -0.00856297,
      -0.018785,
      -3.23034e-08,
      0.909921,
      -0.414782
    ],
    "ImageType": [
      "ORIGINAL",
      "PRIMARY",
      "M",
      "MB",
      "ND",
      "NORM",
      "MOSAIC"
    ],
    "ImagingFrequency": 123.211,
    "InPlanePhaseEncodingDirectionDICOM": "COL",
    "InstitutionAddress": "Perth_Drive_100_London_Ontario_CA_N6A_5K8",
    "InstitutionName": "Robarts_Research_Institute",
    "InstitutionalDepartmentName": "CFMM",
    "MRAcquisitionType": "2D",
    "MagneticFieldStrength": 3,
    "Manufacturer": "Siemens",
    "ManufacturersModelName": "Prisma_fit",
    "Modality": "MR",
    "MultibandAccelerationFactor": 4,
    "PartialFourier": 0.875,
    "PatientPosition": "HFS",
    "PercentPhaseFOV": 100,
    "PhaseEncodingDirection": "j-",
    "PhaseEncodingSteps": 74,
    "PhaseResolution": 1,
    "PixelBandwidth": 1565,
    "ProcedureStepDescription": "Ansari_Adaptation",
    "ProtocolName": "ep_bold_mb4_adaptation_2",
    "PulseSequenceDetails": "%CustomerSeq%_cmrr_mbep2d_bold",
    "ReceiveCoilActiveElements": "HEA;HEP",
    "ReceiveCoilName": "Head_32",
    "ReconMatrixPE": 84,
    "RepetitionTime": 1,
    "SAR": 0.0746792,
    "ScanOptions": "PFP_FS",
    "ScanningSequence": "EP",
    "SequenceName": "epfid2d1_84",
    "SequenceVariant": "SK_SS",
    "SeriesDescription": "ep_bold_mb4_adaptation_2",
    "SeriesNumber": 4,
    "ShimSetting": [
      5256,
      -6243,
      -3912,
      748,
      -21,
      386,
      62,
      8
    ],
    "SliceThickness": 2.5,
    "SliceTiming": [
      0,
      0.4075,
      0.815,
      0.245,
      0.6525,
      0.08,
      0.49,
      0.8975,
      0.325,
      0.735,
      0.1625,
      0.57,
      0,
      0.4075,
      0.815,
      0.245,
      0.6525,
      0.08,
      0.49,
      0.8975,
      0.325,
      0.735,
      0.1625,
      0.57,
      0,
      0.4075,
      0.815,
      0.245,
      0.6525,
      0.08,
      0.49,
      0.8975,
      0.325,
      0.735,
      0.1625,
      0.57,
      0,
      0.4075,
      0.815,
      0.245,
      0.6525,
      0.08,
      0.49,
      0.8975,
      0.325,
      0.735,
      0.1625,
      0.57
    ],
    "SoftwareVersions": "syngo_MR_E11",
    "SpacingBetweenSlices": 2.5,
    "StationName": "MRC35368",
    "TaskName": "Adaptation",
    "TotalReadoutTime": 0.0630806,
    "TxRefAmp": 221.197,
    "WipMemBlock": "4a890784-690b-4870-b392-aa02001b5309||Sequence: R016 ve11c/master r/e634e98; Dec 19 2017 11:00:25 by eja",
    "dataset": "ds002116",
    "modality": "bold",
    "run_id": 2,
    "session_id": "01",
    "subject_id": "39",
    "task_id": "Adaptation"
  },
  "dummy_trs": 1,
  "dvars_nstd": 28.512690573828127,
  "dvars_std": 1.2420475092708332,
  "dvars_vstd": 0.9981593284895838,
  "efc": 0.5179149488744145,
  "fber": 7026.24462890625,
  "fd_mean": 0.1712141712104888,
  "fd_num": 114,
  "fd_perc": 29.61038961038961,
  "fwhm_avg": 2.004683617514111,
  "fwhm_x": 1.9115855068065386,
  "fwhm_y": 2.108549345735794,
  "fwhm_z": 1.993916,
  "gcor": 0.0209975,
  "gsr_x": -0.013446751050651073,
  "gsr_y": 0.017367098480463028,
  "provenance": {
    "md5sum": "61b6740e0a001aeafe347f419c724cf0",
    "settings": {
      "fd_thres": 0.2,
      "testing": false
    },
    "software": "mriqc",
    "version": "22.0.6",
    "webapi_port": null,
    "webapi_url": "https://mriqc.nimh.nih.gov/api/v1"
  },
  "size_t": 385,
  "size_x": 84,
  "size_y": 84,
  "size_z": 48,
  "snr": 5.697226432041187,
  "spacing_tr": 1.0,
  "spacing_x": 2.4761905670166016,
  "spacing_y": 2.4761905670166016,
  "spacing_z": 2.5,
  "summary_bg_k": 47.11641578910695,
  "summary_bg_mad": 1.7867077932739248,
  "summary_bg_mean": 7.207897663116455,
  "summary_bg_median": 2.9636449813842773,
  "summary_bg_n": 204282.0,
  "summary_bg_p05": 1.1374944746494293,
  "summary_bg_p95": 25.814819717407183,
  "summary_bg_stdv": 15.249497413635254,
  "summary_fg_k": 3.078224968244702,
  "summary_fg_mad": 41.37049737570911,
  "summary_fg_mean": 260.5554504394531,
  "summary_fg_median": 255.725341796875,
  "summary_fg_n": 75579.0,
  "summary_fg_p05": 199.9755828857422,
  "summary_fg_p95": 334.2442199707031,
  "summary_fg_stdv": 44.88563919067383,
  "tsnr": 55.93891906738281
}