{
  "aor": 0.0003348958333333333,
  "aqi": 0.005484438541666667,
  "bids_meta": {
    "AcquisitionMatrixPE": 84,
    "AcquisitionNumber": 1,
    "AcquisitionTime": "18:14:2.215000",
    "BandwidthPerPixelPhaseEncode": 15.664,
    "BaseResolution": 84,
    "BodyPartExamined": "BRAIN",
    "ConsistencyInfo": "N4_VE11C_LATEST_20160120",
    "ConversionSoftware": "dcm2niix",
    "ConversionSoftwareVersion": "v1.0.20181114  Clang4.0.1",
    "DerivedVendorReportedEchoSpacing": 0.000760008,
    "DeviceSerialNumber": "67007",
    "DwellTime": 3.8e-06,
    "EchoTime": 0.03,
    "EchoTrainLength": 74,
    "EffectiveEchoSpacing": 0.000760008,
    "FlipAngle": 40,
    "ImageComments": "Unaliased_MB4_PE3",
    "ImageOrientationPatientDICOM": [
      1,
      0,
      0,
      0,
      0.95882,
      -0.284015
    ],
    "ImageType": [
      "ORIGINAL",
      "PRIMARY",
      "FMRI",
      "NONE",
      "MB",
      "ND",
      "NORM",
      "MOSAIC"
    ],
    "ImagingFrequency": 123.211,
    "InPlanePhaseEncodingDirectionDICOM": "COL",
    "InstitutionAddress": "Perth_Drive_100_London_Ontario_CA_N6A_5K8",
    "InstitutionName": "Robarts_Research_Institute",
    "InstitutionalDepartmentName": "CFMM",
    "MRAcquisitionType": "2D",
    "MagneticFieldStrength": 3,
    "Manufacturer": "Siemens",
    "ManufacturersModelName": "Prisma_fit",
    "Modality": "MR",
    "MultibandAccelerationFactor": 4,
    "PartialFourier": 0.875,
    "PatientPosition": "HFS",
    "PercentPhaseFOV": 100,
    "PhaseEncodingDirection": "j-",
    "PhaseEncodingSteps": 74,
    "PhaseResolution": 1,
    "PixelBandwidth": 1565,
    "ProcedureStepDescription": "Ansari_Adaptation",
    "ProtocolName": "ep_bold_mb4_adaptation_1",
    "PulseSequenceDetails": "%CustomerSeq%_cmrr_mbep2d_bold",
    "ReceiveCoilActiveElements": "HEA;HEP",
    "ReceiveCoilName": "Head_32",
    "ReconMatrixPE": 84,
    "RepetitionTime": 1,
    "SAR": 0.0614,
    "ScanOptions": "PFP_FS",
    "ScanningSequence": "EP",
    "SequenceName": "epfid2d1_84",
    "SequenceVariant": "SK_SS",
    "SeriesDescription": "ep_bold_mb4_adaptation_1",
    "SeriesNumber": 2,
    "ShimSetting": [
      5261,
      -6242,
      -3959,
      565,
      94,
      124,
      118,
      -59
    ],
    "SliceThickness": 2.5,
    "SliceTiming": [
      0,
      0.41,
      0.8175,
      0.245,
      0.655,
      0.0825,
      0.49,
      0.9,
      0.3275,
      0.735,
      0.165,
      0.5725,
      0,
      0.41,
      0.8175,
      0.245,
      0.655,
      0.0825,
      0.49,
      0.9,
      0.3275,
      0.735,
      0.165,
      0.5725,
      0,
      0.41,
      0.8175,
      0.245,
      0.655,
      0.0825,
      0.49,
      0.9,
      0.3275,
      0.735,
      0.165,
      0.5725,
      0,
      0.41,
      0.8175,
      0.245,
      0.655,
      0.0825,
      0.49,
      0.9,
      0.3275,
      0.735,
      0.165,
      0.5725
    ],
    "SoftwareVersions": "syngo_MR_E11",
    "SpacingBetweenSlices": 2.5,
    "StationName": "MRC35368",
    "TaskName": "Adaptation",
    "TotalReadoutTime": 0.0630806,
    "TxRefAmp": 246.428,
    "WipMemBlock": "1fb156f1-3ef3-4602-935d-9260811dae05||Sequence: R016 ve11c/master r/e634e98; Dec 19 2017 11:00:25 by eja",
    "dataset": "ds002116",
    "modality": "bold",
    "run_id": 1,
    "session_id": "01",
    "subject_id": "04",
    "task_id": "Adaptation"
  },
  "dummy_trs": 2,
  "dvars_nstd": 35.37787300963447,
  "dvars_std": 1.3253780696866846,
  "dvars_vstd": 0.9969376448825065,
  "efc": 0.5270244475676941,
  "fber": 5355.79296875,
  "fd_mean": 0.18873909610276154,
  "fd_num": 185,
  "fd_perc": 48.177083333333336,
  "fwhm_avg": 2.104742870743426,
  "fwhm_x": 1.9558712744129154,
  "fwhm_y": 2.324429337817363,
  "fwhm_z": 2.033928,
  "gcor": 0.00949278,
  "gsr_x": -0.025545496493577957,
  "gsr_y": 0.04109770059585571,
  "provenance": {
    "md5sum": "5423ee1877b88fed52dbc2a2a5438eec",
    "settings": {
      "fd_thres": 0.2,
      "testing": false
    },
    "software": "mriqc",
    "version": "22.0.6",
    "webapi_port": null,
    "webapi_url": "https://mriqc.nimh.nih.gov/api/v1"
  },
  "size_t": 384,
  "size_x": 84,
  "size_y": 84,
  "size_z": 48,
  "snr": 5.27400073647997,
  "spacing_tr": 1.0,
  "spacing_x": 2.4761905670166016,
  "spacing_y": 2.4761905670166016,
  "spacing_z": 2.5,
  "summary_bg_k": 22.600869513518358,
  "summary_bg_mad": 2.082764276913519,
  "summary_bg_mean": 9.255730628967285,
  "summary_bg_median": 2.8531973361968994,
  "summary_bg_n": 207476.0,
  "summary_bg_p05": 1.0414657294750214,
  "summary_bg_p95": 37.42958450317383,
  "summary_bg_stdv": 17.559499740600586,
  "summary_fg_k": 2.859461501339406,
  "summary_fg_mad": 38.63709658298375,
  "summary_fg_mean": 223.6676025390625,
  "summary_fg_median": 219.06146240234375,
  "summary_fg_n": 72198.0,
  "summary_fg_p05": 167.53194351196288,
  "summary_fg_p95": 292.1230239868164,
  "summary_fg_stdv": 41.53582000732422,
  "tsnr": 62.722023010253906
}