{
  "bids_meta": {
    "AcquisitionMatrixPE": 216,
    "AcquisitionNumber": 1,
    "AcquisitionTime": "19:09:21.402500",
    "BaseResolution": 256,
    "BodyPartExamined": "BRAIN",
    "ConsistencyInfo": "N4_VE11C_LATEST_20160120",
    "ConversionSoftware": "dcm2niix",
    "ConversionSoftwareVersion": "v1.0.20181114  Clang4.0.1",
    "DeviceSerialNumber": "67007",
    "DwellTime": 8.2e-06,
    "EchoTime": 0.00298,
    "FlipAngle": 9,
    "ImageOrientationPatientDICOM": [
      -0.0383878,
      0.999263,
      0,
      0,
      0,
      -1
    ],
    "ImageType": [
      "ORIGINAL",
      "PRIMARY",
      "M",
      "ND",
      "NORM"
    ],
    "ImagingFrequency": 123.22,
    "InPlanePhaseEncodingDirectionDICOM": "ROW",
    "InstitutionAddress": "Perth_Drive_100_London_Ontario_CA_N6A_5K8",
    "InstitutionName": "Robarts_Research_Institute",
    "InstitutionalDepartmentName": "CFMM",
    "InversionTime": 0.9,
    "MRAcquisitionType": "3D",
    "MagneticFieldStrength": 3,
    "Manufacturer": "Siemens",
    "ManufacturersModelName": "Prisma_fit",
    "Modality": "MR",
    "PartialFourier": 1,
    "PatientPosition": "HFS",
    "PercentPhaseFOV": 84.375,
    "PhaseEncodingSteps": 215,
    "PhaseResolution": 1,
    "PixelBandwidth": 240,
    "ProcedureStepDescription": "Ansari_Adaptation",
    "ProtocolName": "MPRAGE_SAG_iPAT2",
    "PulseSequenceDetails": "%SiemensSeq%_tfl",
    "ReceiveCoilActiveElements": "HEA;HEP;SP1",
    "ReceiveCoilName": "Spine_32",
    "ReconMatrixPE": 256,
    "RepetitionTime": 2.3,
    "SAR": 0.121441,
    "ScanOptions": "IR",
    "ScanningSequence": "GR_IR",
    "SequenceName": "_tfl3d1_16ns",
    "SequenceVariant": "SK_SP_MP",
    "SeriesDescription": "MPRAGE_SAG_iPAT2",
    "SeriesNumber": 8,
    "ShimSetting": [
      5169,
      -6375,
      -4069,
      263,
      191,
      422,
      104,
      -73
    ],
    "SliceThickness": 1,
    "SoftwareVersions": "syngo_MR_E11",
    "StationName": "MRC35368",
    "TxRefAmp": 235.554,
    "dataset": "ds002116",
    "modality": "T1w",
    "session_id": "01",
    "subject_id": "60"
  },
  "cjv": 0.2907336586488765,
  "cnr": 4.47914900380067,
  "efc": 0.53498019311014,
  "fber": 1465.4626771238807,
  "fwhm_avg": 3.5647233333333332,
  "fwhm_x": 3.58869,
  "fwhm_y": 3.66873,
  "fwhm_z": 3.43675,
  "icvs_csf": 0.20140456869249013,
  "icvs_gm": 0.5155461816626522,
  "icvs_wm": 0.2830492496448577,
  "inu_med": 0.5286805629730225,
  "inu_range": 0.1758970022201538,
  "provenance": {
    "md5sum": "f945bc03a194ea084e5bc495f2d226e5",
    "settings": {
      "testing": false
    },
    "software": "mriqc",
    "version": "22.0.6",
    "warnings": {
      "large_rot_frame": true,
      "small_air_mask": false
    },
    "webapi_port": null,
    "webapi_url": "https://mriqc.nimh.nih.gov/api/v1"
  },
  "qi_1": 0.0,
  "qi_2": 0.013760480718199667,
  "rpve_csf": 23.079157930675258,
  "rpve_gm": 9.770562948334339,
  "rpve_wm": 18.023125391238313,
  "size_x": 192,
  "size_y": 216,
  "size_z": 256,
  "snr_csf": 3.5650981271610847,
  "snr_gm": 16.180543391671353,
  "snr_total": 14.229146282587509,
  "snr_wm": 22.94179732893009,
  "snrd_csf": 14.491820153315025,
  "snrd_gm": 34.4394412835569,
  "snrd_total": 32.3628072138093,
  "snrd_wm": 48.15716020455597,
  "spacing_x": 1.0,
  "spacing_y": 1.0,
  "spacing_z": 1.0,
  "summary_bg_k": 2408.9029328663696,
  "summary_bg_mad": 13.604132921443037,
  "summary_bg_mean": 12.037476833801287,
  "summary_bg_median": 9.175848215818405,
  "summary_bg_n": 2700845.0,
  "summary_bg_p05": 0.0,
  "summary_bg_p95": 36.03362292051315,
  "summary_bg_stdv": 13.82006346018751,
  "summary_csf_k": 4.07567804128738,
  "summary_csf_mad": 61.16894802634241,
  "summary_csf_mean": 315.3658118850758,
  "summary_csf_median": 300.92763528227806,
  "summary_csf_n": 55945.0,
  "summary_csf_p05": 206.89193531870842,
  "summary_csf_p95": 483.26580449938757,
  "summary_csf_stdv": 84.40860112160034,
  "summary_gm_k": 0.23440180728457571,
  "summary_gm_mad": 42.798403570379186,
  "summary_gm_mean": 714.6566852016025,
  "summary_gm_median": 715.1468563824892,
  "summary_gm_n": 62430.0,
  "summary_gm_p05": 640.9363467246294,
  "summary_gm_p95": 785.7740968465805,
  "summary_gm_stdv": 44.1975965490694,
  "summary_wm_k": 1.0124506287621573,
  "summary_wm_mad": 40.01799684190908,
  "summary_wm_mean": 999.8091127899357,
  "summary_wm_median": 1000.000013038516,
  "summary_wm_n": 145686.0,
  "summary_wm_p05": 929.1048645973206,
  "summary_wm_p95": 1070.091437548399,
  "summary_wm_stdv": 43.58841492042983,
  "tpm_overlap_csf": 0.14188717300225492,
  "tpm_overlap_gm": 0.46372928245047706,
  "tpm_overlap_wm": 0.4472989652919007,
  "wm2max": 0.497078554425449
}