{
  "aor": 0.0008225714285714287,
  "aqi": 0.007458983532467531,
  "bids_meta": {
    "AcquisitionMatrixPE": 84,
    "AcquisitionNumber": 1,
    "AcquisitionTime": "16:58:22.127500",
    "BandwidthPerPixelPhaseEncode": 15.664,
    "BaseResolution": 84,
    "BodyPartExamined": "BRAIN",
    "ConsistencyInfo": "N4_VE11B_LATEST_20150530",
    "ConversionSoftware": "dcm2niix",
    "ConversionSoftwareVersion": "v1.0.20181114  Clang4.0.1",
    "DerivedVendorReportedEchoSpacing": 0.000760008,
    "DeviceSerialNumber": "67007",
    "DwellTime": 3.8e-06,
    "EchoTime": 0.03,
    "EchoTrainLength": 74,
    "EffectiveEchoSpacing": 0.000760008,
    "FlipAngle": 40,
    "ImageComments": "Unaliased_MB4_PE3",
    "ImageOrientationPatientDICOM": [
      0.999816,
      0.019074,
      -0.00217321,
      -0.0191975,
      0.993389,
      -0.113182
    ],
    "ImageType": [
      "ORIGINAL",
      "PRIMARY",
      "M",
      "MB",
      "ND",
      "NORM",
      "MOSAIC"
    ],
    "ImagingFrequency": 123.211,
    "InPlanePhaseEncodingDirectionDICOM": "COL",
    "InstitutionAddress": "Perth_Drive_100_London_Ontario_CA_N6A_5K8",
    "InstitutionName": "Robarts_Research_Institute",
    "InstitutionalDepartmentName": "CFMM",
    "MRAcquisitionType": "2D",
    "MagneticFieldStrength": 3,
    "Manufacturer": "Siemens",
    "ManufacturersModelName": "Prisma_fit",
    "Modality": "MR",
    "MultibandAccelerationFactor": 4,
    "PartialFourier": 0.875,
    "PatientPosition": "HFS",
    "PercentPhaseFOV": 100,
    "PhaseEncodingDirection": "j-",
    "PhaseEncodingSteps": 74,
    "PhaseResolution": 1,
    "PixelBandwidth": 1565,
    "ProcedureStepDescription": "Ansari_Adaptation",
    "ProtocolName": "ep_bold_mb4_adaptation_2",
    "PulseSequenceDetails": "%CustomerSeq%_cmrr_mbep2d_bold",
    "ReceiveCoilActiveElements": "HEA;HEP",
    "ReceiveCoilName": "Head_32",
    "ReconMatrixPE": 84,
    "RepetitionTime": 1,
    "SAR": 0.0806132,
    "ScanOptions": "PFP_FS",
    "ScanningSequence": "EP",
    "SequenceName": "epfid2d1_84",
    "SequenceVariant": "SK_SS",
    "SeriesDescription": "ep_bold_mb4_adaptation_2",
    "SeriesNumber": 4,
    "ShimSetting": [
      5242,
      -6200,
      -3827,
      695,
      -28,
      -176,
      240,
      -11
    ],
    "SliceThickness": 2.5,
    "SliceTiming": [
      0,
      0.4075,
      0.815,
      0.245,
      0.6525,
      0.08,
      0.49,
      0.8975,
      0.325,
      0.735,
      0.1625,
      0.57,
      0,
      0.4075,
      0.815,
      0.245,
      0.6525,
      0.08,
      0.49,
      0.8975,
      0.325,
      0.735,
      0.1625,
      0.57,
      0,
      0.4075,
      0.815,
      0.245,
      0.6525,
      0.08,
      0.49,
      0.8975,
      0.325,
      0.735,
      0.1625,
      0.57,
      0,
      0.4075,
      0.815,
      0.245,
      0.6525,
      0.08,
      0.49,
      0.8975,
      0.325,
      0.735,
      0.1625,
      0.57
    ],
    "SoftwareVersions": "syngo_MR_E11",
    "SpacingBetweenSlices": 2.5,
    "StationName": "MRC35368",
    "TaskName": "Adaptation",
    "TotalReadoutTime": 0.0630806,
    "TxRefAmp": 222.981,
    "WipMemBlock": "28335ea9-24f1-4fc9-9811-83e3f10d9ce7||Sequence: ve11b/master r/50434d5; Mar  3 2017 10:46:13 by eja",
    "dataset": "ds002116",
    "modality": "bold",
    "run_id": 2,
    "session_id": "01",
    "subject_id": "02",
    "task_id": "Adaptation"
  },
  "dummy_trs": 1,
  "dvars_nstd": 33.63957076760418,
  "dvars_std": 1.3439908215104175,
  "dvars_vstd": 1.0040470055729167,
  "efc": 0.5511563000032172,
  "fber": 7828.52685546875,
  "fd_mean": 0.164663979725072,
  "fd_num": 133,
  "fd_perc": 34.54545454545455,
  "fwhm_avg": 2.1717764082284927,
  "fwhm_x": 2.039200886741019,
  "fwhm_y": 2.3209643379444587,
  "fwhm_z": 2.155164,
  "gcor": 0.0174423,
  "gsr_x": -0.014785782434046268,
  "gsr_y": 0.03343265876173973,
  "provenance": {
    "md5sum": "7d6333308d4e2488fe60141af01bc5b1",
    "settings": {
      "fd_thres": 0.2,
      "testing": false
    },
    "software": "mriqc",
    "version": "22.0.6",
    "webapi_port": null,
    "webapi_url": "https://mriqc.nimh.nih.gov/api/v1"
  },
  "size_t": 385,
  "size_x": 84,
  "size_y": 84,
  "size_z": 48,
  "snr": 5.060148983935581,
  "spacing_tr": 1.0,
  "spacing_x": 2.4761905670166016,
  "spacing_y": 2.4761905670166016,
  "spacing_z": 2.5,
  "summary_bg_k": 48.62832451034614,
  "summary_bg_mad": 1.7959162101516082,
  "summary_bg_mean": 8.105123519897461,
  "summary_bg_median": 2.918456554412842,
  "summary_bg_n": 190605.0,
  "summary_bg_p05": 1.1133264541625976,
  "summary_bg_p95": 33.24554595947264,
  "summary_bg_stdv": 17.37592315673828,
  "summary_fg_k": 3.0822923118377528,
  "summary_fg_mad": 49.037493684105684,
  "summary_fg_mean": 271.0082702636719,
  "summary_fg_median": 267.1436767578125,
  "summary_fg_n": 88039.0,
  "summary_fg_p05": 195.19085998535155,
  "summary_fg_p95": 356.71174011230465,
  "summary_fg_stdv": 52.793338775634766,
  "tsnr": 60.94358825683594
}