{
  "aor": 0.0021376103896103894,
  "aqi": 0.00930405709090909,
  "bids_meta": {
    "AcquisitionMatrixPE": 84,
    "AcquisitionNumber": 1,
    "AcquisitionTime": "16:50:50.367500",
    "BandwidthPerPixelPhaseEncode": 15.664,
    "BaseResolution": 84,
    "BodyPartExamined": "BRAIN",
    "ConsistencyInfo": "N4_VE11B_LATEST_20150530",
    "ConversionSoftware": "dcm2niix",
    "ConversionSoftwareVersion": "v1.0.20181114  Clang4.0.1",
    "DerivedVendorReportedEchoSpacing": 0.000760008,
    "DeviceSerialNumber": "67007",
    "DwellTime": 3.8e-06,
    "EchoTime": 0.03,
    "EchoTrainLength": 74,
    "EffectiveEchoSpacing": 0.000760008,
    "FlipAngle": 40,
    "ImageComments": "Unaliased_MB4_PE3",
    "ImageOrientationPatientDICOM": [
      0.999816,
      0.019074,
      -0.00217321,
      -0.0191975,
      0.993389,
      -0.113182
    ],
    "ImageType": [
      "ORIGINAL",
      "PRIMARY",
      "M",
      "MB",
      "ND",
      "NORM",
      "MOSAIC"
    ],
    "ImagingFrequency": 123.211,
    "InPlanePhaseEncodingDirectionDICOM": "COL",
    "InstitutionAddress": "Perth_Drive_100_London_Ontario_CA_N6A_5K8",
    "InstitutionName": "Robarts_Research_Institute",
    "InstitutionalDepartmentName": "CFMM",
    "MRAcquisitionType": "2D",
    "MagneticFieldStrength": 3,
    "Manufacturer": "Siemens",
    "ManufacturersModelName": "Prisma_fit",
    "Modality": "MR",
    "MultibandAccelerationFactor": 4,
    "PartialFourier": 0.875,
    "PatientPosition": "HFS",
    "PercentPhaseFOV": 100,
    "PhaseEncodingDirection": "j-",
    "PhaseEncodingSteps": 74,
    "PhaseResolution": 1,
    "PixelBandwidth": 1565,
    "ProcedureStepDescription": "Ansari_Adaptation",
    "ProtocolName": "ep_bold_mb4_adaptation_1",
    "PulseSequenceDetails": "%CustomerSeq%_cmrr_mbep2d_bold",
    "ReceiveCoilActiveElements": "HEA;HEP",
    "ReceiveCoilName": "Head_32",
    "ReconMatrixPE": 84,
    "RepetitionTime": 1,
    "SAR": 0.0806132,
    "ScanOptions": "PFP_FS",
    "ScanningSequence": "EP",
    "SequenceName": "epfid2d1_84",
    "SequenceVariant": "SK_SS",
    "SeriesDescription": "ep_bold_mb4_adaptation_1",
    "SeriesNumber": 2,
    "ShimSetting": [
      5242,
      -6200,
      -3827,
      695,
      -28,
      -176,
      240,
      -11
    ],
    "SliceThickness": 2.5,
    "SliceTiming": [
      0,
      0.41,
      0.8175,
      0.245,
      0.655,
      0.0825,
      0.49,
      0.9,
      0.3275,
      0.735,
      0.165,
      0.5725,
      0,
      0.41,
      0.8175,
      0.245,
      0.655,
      0.0825,
      0.49,
      0.9,
      0.3275,
      0.735,
      0.165,
      0.5725,
      0,
      0.41,
      0.8175,
      0.245,
      0.655,
      0.0825,
      0.49,
      0.9,
      0.3275,
      0.735,
      0.165,
      0.5725,
      0,
      0.41,
      0.8175,
      0.245,
      0.655,
      0.0825,
      0.49,
      0.9,
      0.3275,
      0.735,
      0.165,
      0.5725
    ],
    "SoftwareVersions": "syngo_MR_E11",
    "SpacingBetweenSlices": 2.5,
    "StationName": "MRC35368",
    "TaskName": "Adaptation",
    "TotalReadoutTime": 0.0630806,
    "TxRefAmp": 222.981,
    "WipMemBlock": "f7a466e7-b1be-4cb3-8f37-a0b2cbc1a3fa||Sequence: ve11b/master r/50434d5; Mar  3 2017 10:46:13 by eja",
    "dataset": "ds002116",
    "modality": "bold",
    "run_id": 1,
    "session_id": "01",
    "subject_id": "02",
    "task_id": "Adaptation"
  },
  "dummy_trs": 1,
  "dvars_nstd": 34.0164818265625,
  "dvars_std": 1.3544265468229169,
  "dvars_vstd": 1.0181206049739584,
  "efc": 0.5515452056510725,
  "fber": 7785.06982421875,
  "fd_mean": 0.18356740938196844,
  "fd_num": 173,
  "fd_perc": 44.935064935064936,
  "fwhm_avg": 2.1660477927794903,
  "fwhm_x": 2.032493002371678,
  "fwhm_y": 2.332938375966792,
  "fwhm_z": 2.132712,
  "gcor": 0.0156276,
  "gsr_x": -0.01522843074053526,
  "gsr_y": 0.033917125314474106,
  "provenance": {
    "md5sum": "ea1a48575dd0f889530ce0014fe0e0f7",
    "settings": {
      "fd_thres": 0.2,
      "testing": false
    },
    "software": "mriqc",
    "version": "22.0.6",
    "webapi_port": null,
    "webapi_url": "https://mriqc.nimh.nih.gov/api/v1"
  },
  "size_t": 385,
  "size_x": 84,
  "size_y": 84,
  "size_z": 48,
  "snr": 5.068412547920484,
  "spacing_tr": 1.0,
  "spacing_x": 2.4761905670166016,
  "spacing_y": 2.4761905670166016,
  "spacing_z": 2.5,
  "summary_bg_k": 46.63367495543617,
  "summary_bg_mad": 1.8994716858475522,
  "summary_bg_mean": 8.151937484741211,
  "summary_bg_median": 2.9324302673339844,
  "summary_bg_n": 190527.0,
  "summary_bg_p05": 1.0970585942268372,
  "summary_bg_p95": 33.179864120483394,
  "summary_bg_stdv": 17.41468620300293,
  "summary_fg_k": 3.138355118931875,
  "summary_fg_mad": 48.85505280289324,
  "summary_fg_mean": 270.7759704589844,
  "summary_fg_median": 266.8717346191406,
  "summary_fg_n": 88028.0,
  "summary_fg_p05": 195.7976501464844,
  "summary_fg_p95": 356.1742080688476,
  "summary_fg_stdv": 52.65361022949219,
  "tsnr": 55.82957077026367
}