{
  "aor": 0.0004471243523316063,
  "aqi": 0.0067839668652849745,
  "bids_meta": {
    "AcquisitionMatrixPE": 84,
    "AcquisitionNumber": 1,
    "AcquisitionTime": "12:23:50.290000",
    "BandwidthPerPixelPhaseEncode": 15.664,
    "BaseResolution": 84,
    "BodyPartExamined": "BRAIN",
    "ConsistencyInfo": "N4_VE11C_LATEST_20160120",
    "ConversionSoftware": "dcm2niix",
    "ConversionSoftwareVersion": "v1.0.20181114  Clang4.0.1",
    "DerivedVendorReportedEchoSpacing": 0.000760008,
    "DeviceSerialNumber": "67007",
    "DwellTime": 3.8e-06,
    "EchoTime": 0.03,
    "EchoTrainLength": 74,
    "EffectiveEchoSpacing": 0.000760008,
    "FlipAngle": 40,
    "ImageComments": "Unaliased_MB4_PE3",
    "ImageOrientationPatientDICOM": [
      0.999595,
      -0.012071,
      -0.0257563,
      -7.16646e-08,
      0.905488,
      -0.424371
    ],
    "ImageType": [
      "ORIGINAL",
      "PRIMARY",
      "M",
      "MB",
      "ND",
      "NORM",
      "MOSAIC"
    ],
    "ImagingFrequency": 123.211,
    "InPlanePhaseEncodingDirectionDICOM": "COL",
    "InstitutionAddress": "Perth_Drive_100_London_Ontario_CA_N6A_5K8",
    "InstitutionName": "Robarts_Research_Institute",
    "InstitutionalDepartmentName": "CFMM",
    "MRAcquisitionType": "2D",
    "MagneticFieldStrength": 3,
    "Manufacturer": "Siemens",
    "ManufacturersModelName": "Prisma_fit",
    "Modality": "MR",
    "MultibandAccelerationFactor": 4,
    "PartialFourier": 0.875,
    "PatientPosition": "HFS",
    "PercentPhaseFOV": 100,
    "PhaseEncodingDirection": "j-",
    "PhaseEncodingSteps": 74,
    "PhaseResolution": 1,
    "PixelBandwidth": 1565,
    "ProcedureStepDescription": "Ansari_Adaptation",
    "ProtocolName": "ep_bold_mb4_adaptation_1",
    "PulseSequenceDetails": "%CustomerSeq%_cmrr_mbep2d_bold",
    "ReceiveCoilActiveElements": "HEA;HEP",
    "ReceiveCoilName": "Head_32",
    "ReconMatrixPE": 84,
    "RepetitionTime": 1,
    "SAR": 0.083372,
    "ScanOptions": "PFP_FS",
    "ScanningSequence": "EP",
    "SequenceName": "epfid2d1_84",
    "SequenceVariant": "SK_SS",
    "SeriesDescription": "ep_bold_mb4_adaptation_1",
    "SeriesNumber": 2,
    "ShimSetting": [
      5232,
      -6222,
      -4115,
      953,
      -53,
      130,
      21,
      12
    ],
    "SliceThickness": 2.5,
    "SliceTiming": [
      0,
      0.4075,
      0.815,
      0.245,
      0.6525,
      0.08,
      0.49,
      0.8975,
      0.325,
      0.735,
      0.1625,
      0.57,
      0,
      0.4075,
      0.815,
      0.245,
      0.6525,
      0.08,
      0.49,
      0.8975,
      0.325,
      0.735,
      0.1625,
      0.57,
      0,
      0.4075,
      0.815,
      0.245,
      0.6525,
      0.08,
      0.49,
      0.8975,
      0.325,
      0.735,
      0.1625,
      0.57,
      0,
      0.4075,
      0.815,
      0.245,
      0.6525,
      0.08,
      0.49,
      0.8975,
      0.325,
      0.735,
      0.1625,
      0.57
    ],
    "SoftwareVersions": "syngo_MR_E11",
    "SpacingBetweenSlices": 2.5,
    "StationName": "MRC35368",
    "TaskName": "Adaptation",
    "TotalReadoutTime": 0.0630806,
    "TxRefAmp": 241.283,
    "WipMemBlock": "ac115791-0472-480d-b5fb-f75b1839cdfd||Sequence: R016 ve11c/master r/e634e98; Dec 19 2017 11:00:25 by eja",
    "dataset": "ds002116",
    "modality": "bold",
    "run_id": 1,
    "session_id": "01",
    "subject_id": "22",
    "task_id": "Adaptation"
  },
  "dummy_trs": 0,
  "dvars_nstd": 32.31995270974022,
  "dvars_std": 1.3602761982077913,
  "dvars_vstd": 1.001193520935065,
  "efc": 0.49254498348220294,
  "fber": 5353.20947265625,
  "fd_mean": 0.1448404186827153,
  "fd_num": 63,
  "fd_perc": 16.321243523316063,
  "fwhm_avg": 1.9803872174160206,
  "fwhm_x": 1.9051645366335785,
  "fwhm_y": 2.0908851156144834,
  "fwhm_z": 1.945112,
  "gcor": 0.0187181,
  "gsr_x": -0.013310142792761326,
  "gsr_y": 0.01829105243086815,
  "provenance": {
    "md5sum": "2be27018ca41532a1612e9e1faebe51e",
    "settings": {
      "fd_thres": 0.2,
      "testing": false
    },
    "software": "mriqc",
    "version": "22.0.6",
    "webapi_port": null,
    "webapi_url": "https://mriqc.nimh.nih.gov/api/v1"
  },
  "size_t": 386,
  "size_x": 84,
  "size_y": 84,
  "size_z": 48,
  "snr": 5.427937944601758,
  "spacing_tr": 1.0,
  "spacing_x": 2.4761903285980225,
  "spacing_y": 2.4761905670166016,
  "spacing_z": 2.5,
  "summary_bg_k": 48.97127938701224,
  "summary_bg_mad": 1.9333808372872507,
  "summary_bg_mean": 7.705043792724609,
  "summary_bg_median": 3.1053738594055176,
  "summary_bg_n": 217151.0,
  "summary_bg_p05": 1.1208966970443726,
  "summary_bg_p95": 28.522165298461914,
  "summary_bg_stdv": 16.223360061645508,
  "summary_fg_k": 4.221792791563436,
  "summary_fg_mad": 41.588105266636305,
  "summary_fg_mean": 237.64846801757812,
  "summary_fg_median": 235.14697265625,
  "summary_fg_n": 64312.0,
  "summary_fg_p05": 177.66878662109374,
  "summary_fg_p95": 304.40400695800776,
  "summary_fg_stdv": 43.321266174316406,
  "tsnr": 62.21125030517578
}