{
  "aor": 0.0005660621761658032,
  "aqi": 0.00703496761658031,
  "bids_meta": {
    "AcquisitionMatrixPE": 84,
    "AcquisitionNumber": 1,
    "AcquisitionTime": "12:31:2.247500",
    "BandwidthPerPixelPhaseEncode": 15.664,
    "BaseResolution": 84,
    "BodyPartExamined": "BRAIN",
    "ConsistencyInfo": "N4_VE11C_LATEST_20160120",
    "ConversionSoftware": "dcm2niix",
    "ConversionSoftwareVersion": "v1.0.20181114  Clang4.0.1",
    "DerivedVendorReportedEchoSpacing": 0.000760008,
    "DeviceSerialNumber": "67007",
    "DwellTime": 3.8e-06,
    "EchoTime": 0.03,
    "EchoTrainLength": 74,
    "EffectiveEchoSpacing": 0.000760008,
    "FlipAngle": 40,
    "ImageComments": "Unaliased_MB4_PE3",
    "ImageOrientationPatientDICOM": [
      0.999595,
      -0.012071,
      -0.0257563,
      -7.16646e-08,
      0.905488,
      -0.424371
    ],
    "ImageType": [
      "ORIGINAL",
      "PRIMARY",
      "M",
      "MB",
      "ND",
      "NORM",
      "MOSAIC"
    ],
    "ImagingFrequency": 123.211,
    "InPlanePhaseEncodingDirectionDICOM": "COL",
    "InstitutionAddress": "Perth_Drive_100_London_Ontario_CA_N6A_5K8",
    "InstitutionName": "Robarts_Research_Institute",
    "InstitutionalDepartmentName": "CFMM",
    "MRAcquisitionType": "2D",
    "MagneticFieldStrength": 3,
    "Manufacturer": "Siemens",
    "ManufacturersModelName": "Prisma_fit",
    "Modality": "MR",
    "MultibandAccelerationFactor": 4,
    "PartialFourier": 0.875,
    "PatientPosition": "HFS",
    "PercentPhaseFOV": 100,
    "PhaseEncodingDirection": "j-",
    "PhaseEncodingSteps": 74,
    "PhaseResolution": 1,
    "PixelBandwidth": 1565,
    "ProcedureStepDescription": "Ansari_Adaptation",
    "ProtocolName": "ep_bold_mb4_adaptation_2",
    "PulseSequenceDetails": "%CustomerSeq%_cmrr_mbep2d_bold",
    "ReceiveCoilActiveElements": "HEA;HEP",
    "ReceiveCoilName": "Head_32",
    "ReconMatrixPE": 84,
    "RepetitionTime": 1,
    "SAR": 0.083372,
    "ScanOptions": "PFP_FS",
    "ScanningSequence": "EP",
    "SequenceName": "epfid2d1_84",
    "SequenceVariant": "SK_SS",
    "SeriesDescription": "ep_bold_mb4_adaptation_2",
    "SeriesNumber": 4,
    "ShimSetting": [
      5232,
      -6222,
      -4115,
      953,
      -53,
      130,
      21,
      12
    ],
    "SliceThickness": 2.5,
    "SliceTiming": [
      0,
      0.41,
      0.8175,
      0.245,
      0.655,
      0.0825,
      0.49,
      0.9,
      0.3275,
      0.735,
      0.165,
      0.5725,
      0,
      0.41,
      0.8175,
      0.245,
      0.655,
      0.0825,
      0.49,
      0.9,
      0.3275,
      0.735,
      0.165,
      0.5725,
      0,
      0.41,
      0.8175,
      0.245,
      0.655,
      0.0825,
      0.49,
      0.9,
      0.3275,
      0.735,
      0.165,
      0.5725,
      0,
      0.41,
      0.8175,
      0.245,
      0.655,
      0.0825,
      0.49,
      0.9,
      0.3275,
      0.735,
      0.165,
      0.5725
    ],
    "SoftwareVersions": "syngo_MR_E11",
    "SpacingBetweenSlices": 2.5,
    "StationName": "MRC35368",
    "TaskName": "Adaptation",
    "TotalReadoutTime": 0.0630806,
    "TxRefAmp": 241.283,
    "WipMemBlock": "6e73aede-0fc8-4109-8e05-e039aabc7ba5||Sequence: R016 ve11c/master r/e634e98; Dec 19 2017 11:00:25 by eja",
    "dataset": "ds002116",
    "modality": "bold",
    "run_id": 2,
    "session_id": "01",
    "subject_id": "22",
    "task_id": "Adaptation"
  },
  "dummy_trs": 0,
  "dvars_nstd": 30.98436311511688,
  "dvars_std": 1.3324215057662334,
  "dvars_vstd": 0.9997125687272732,
  "efc": 0.4923372530425446,
  "fber": 5420.34619140625,
  "fd_mean": 0.13804330679256893,
  "fd_num": 57,
  "fd_perc": 14.766839378238341,
  "fwhm_avg": 1.986440076254347,
  "fwhm_x": 1.9043891519719773,
  "fwhm_y": 2.1007510767910635,
  "fwhm_z": 1.9541799999999998,
  "gcor": 0.0214999,
  "gsr_x": -0.012862041592597961,
  "gsr_y": 0.018182415515184402,
  "provenance": {
    "md5sum": "ebe7bf07768382e7054e097129a9f476",
    "settings": {
      "fd_thres": 0.2,
      "testing": false
    },
    "software": "mriqc",
    "version": "22.0.6",
    "webapi_port": null,
    "webapi_url": "https://mriqc.nimh.nih.gov/api/v1"
  },
  "size_t": 386,
  "size_x": 84,
  "size_y": 84,
  "size_z": 48,
  "snr": 5.423985031313058,
  "spacing_tr": 1.0,
  "spacing_x": 2.4761903285980225,
  "spacing_y": 2.4761905670166016,
  "spacing_z": 2.5,
  "summary_bg_k": 47.72886839717967,
  "summary_bg_mad": 1.975771739270792,
  "summary_bg_mean": 7.638952732086182,
  "summary_bg_median": 3.0915589332580566,
  "summary_bg_n": 217197.0,
  "summary_bg_p05": 1.0897847414016724,
  "summary_bg_p95": 28.10901603698719,
  "summary_bg_stdv": 16.05881118774414,
  "summary_fg_k": 4.188804659706675,
  "summary_fg_mad": 41.44646445105307,
  "summary_fg_mean": 237.4474639892578,
  "summary_fg_median": 234.9025421142578,
  "summary_fg_n": 64307.0,
  "summary_fg_p05": 177.4461441040039,
  "summary_fg_p95": 304.116616821289,
  "summary_fg_stdv": 43.30777359008789,
  "tsnr": 61.74880599975586
}