{
  "aor": 0.001922823834196891,
  "aqi": 0.007923390259067357,
  "bids_meta": {
    "AcquisitionMatrixPE": 84,
    "AcquisitionNumber": 1,
    "AcquisitionTime": "12:45:49.307500",
    "BandwidthPerPixelPhaseEncode": 15.664,
    "BaseResolution": 84,
    "BodyPartExamined": "BRAIN",
    "ConsistencyInfo": "N4_VE11C_LATEST_20160120",
    "ConversionSoftware": "dcm2niix",
    "ConversionSoftwareVersion": "v1.0.20181114  Clang4.0.1",
    "DerivedVendorReportedEchoSpacing": 0.000760008,
    "DeviceSerialNumber": "67007",
    "DwellTime": 3.8e-06,
    "EchoTime": 0.03,
    "EchoTrainLength": 74,
    "EffectiveEchoSpacing": 0.000760008,
    "FlipAngle": 40,
    "ImageComments": "Unaliased_MB4_PE3",
    "ImageOrientationPatientDICOM": [
      0.999595,
      -0.012071,
      -0.0257563,
      -7.16646e-08,
      0.905488,
      -0.424371
    ],
    "ImageType": [
      "ORIGINAL",
      "PRIMARY",
      "M",
      "MB",
      "ND",
      "NORM",
      "MOSAIC"
    ],
    "ImagingFrequency": 123.211,
    "InPlanePhaseEncodingDirectionDICOM": "COL",
    "InstitutionAddress": "Perth_Drive_100_London_Ontario_CA_N6A_5K8",
    "InstitutionName": "Robarts_Research_Institute",
    "InstitutionalDepartmentName": "CFMM",
    "MRAcquisitionType": "2D",
    "MagneticFieldStrength": 3,
    "Manufacturer": "Siemens",
    "ManufacturersModelName": "Prisma_fit",
    "Modality": "MR",
    "MultibandAccelerationFactor": 4,
    "PartialFourier": 0.875,
    "PatientPosition": "HFS",
    "PercentPhaseFOV": 100,
    "PhaseEncodingDirection": "j-",
    "PhaseEncodingSteps": 74,
    "PhaseResolution": 1,
    "PixelBandwidth": 1565,
    "ProcedureStepDescription": "Ansari_Adaptation",
    "ProtocolName": "ep_bold_mb4_adaptation_4",
    "PulseSequenceDetails": "%CustomerSeq%_cmrr_mbep2d_bold",
    "ReceiveCoilActiveElements": "HEA;HEP",
    "ReceiveCoilName": "Head_32",
    "ReconMatrixPE": 84,
    "RepetitionTime": 1,
    "SAR": 0.083372,
    "ScanOptions": "PFP_FS",
    "ScanningSequence": "EP",
    "SequenceName": "epfid2d1_84",
    "SequenceVariant": "SK_SS",
    "SeriesDescription": "ep_bold_mb4_adaptation_4",
    "SeriesNumber": 8,
    "ShimSetting": [
      5232,
      -6222,
      -4115,
      953,
      -53,
      130,
      21,
      12
    ],
    "SliceThickness": 2.5,
    "SliceTiming": [
      0,
      0.4075,
      0.815,
      0.245,
      0.6525,
      0.08,
      0.49,
      0.8975,
      0.325,
      0.735,
      0.1625,
      0.57,
      0,
      0.4075,
      0.815,
      0.245,
      0.6525,
      0.08,
      0.49,
      0.8975,
      0.325,
      0.735,
      0.1625,
      0.57,
      0,
      0.4075,
      0.815,
      0.245,
      0.6525,
      0.08,
      0.49,
      0.8975,
      0.325,
      0.735,
      0.1625,
      0.57,
      0,
      0.4075,
      0.815,
      0.245,
      0.6525,
      0.08,
      0.49,
      0.8975,
      0.325,
      0.735,
      0.1625,
      0.57
    ],
    "SoftwareVersions": "syngo_MR_E11",
    "SpacingBetweenSlices": 2.5,
    "StationName": "MRC35368",
    "TaskName": "Adaptation",
    "TotalReadoutTime": 0.0630806,
    "TxRefAmp": 241.283,
    "WipMemBlock": "30cdf9c1-5fcc-435d-9aff-34587876e713||Sequence: R016 ve11c/master r/e634e98; Dec 19 2017 11:00:25 by eja",
    "dataset": "ds002116",
    "modality": "bold",
    "run_id": 4,
    "session_id": "01",
    "subject_id": "22",
    "task_id": "Adaptation"
  },
  "dummy_trs": 0,
  "dvars_nstd": 31.048395790935068,
  "dvars_std": 1.335125169194806,
  "dvars_vstd": 1.027612287818183,
  "efc": 0.49146373089398615,
  "fber": 5368.5234375,
  "fd_mean": 0.15157448200039386,
  "fd_num": 83,
  "fd_perc": 21.502590673575128,
  "fwhm_avg": 1.9924491278637408,
  "fwhm_x": 1.9217545376224197,
  "fwhm_y": 2.1021968459688023,
  "fwhm_z": 1.9533960000000001,
  "gcor": 0.0366567,
  "gsr_x": -0.010948630049824715,
  "gsr_y": 0.01862594485282898,
  "provenance": {
    "md5sum": "e4e402fc141be55351a7ece7c332d469",
    "settings": {
      "fd_thres": 0.2,
      "testing": false
    },
    "software": "mriqc",
    "version": "22.0.6",
    "webapi_port": null,
    "webapi_url": "https://mriqc.nimh.nih.gov/api/v1"
  },
  "size_t": 386,
  "size_x": 84,
  "size_y": 84,
  "size_z": 48,
  "snr": 5.417981756010919,
  "spacing_tr": 1.0,
  "spacing_x": 2.4761903285980225,
  "spacing_y": 2.4761905670166016,
  "spacing_z": 2.5,
  "summary_bg_k": 51.53303686336001,
  "summary_bg_mad": 1.9244604181697507,
  "summary_bg_mean": 7.49135160446167,
  "summary_bg_median": 3.1028025150299072,
  "summary_bg_n": 217063.0,
  "summary_bg_p05": 1.1239117980003357,
  "summary_bg_p95": 27.193804359436033,
  "summary_bg_stdv": 15.574178695678711,
  "summary_fg_k": 3.9145389835421263,
  "summary_fg_mad": 41.35633555642223,
  "summary_fg_mean": 237.49502563476562,
  "summary_fg_median": 234.84197998046875,
  "summary_fg_n": 64248.0,
  "summary_fg_p05": 177.49183959960936,
  "summary_fg_p95": 304.3371475219726,
  "summary_fg_stdv": 43.344581604003906,
  "tsnr": 57.13374710083008
}