{
  "aor": 0.0008436787564766841,
  "aqi": 0.0077598503108808285,
  "bids_meta": {
    "AcquisitionMatrixPE": 84,
    "AcquisitionNumber": 1,
    "AcquisitionTime": "12:38:22.677500",
    "BandwidthPerPixelPhaseEncode": 15.664,
    "BaseResolution": 84,
    "BodyPartExamined": "BRAIN",
    "ConsistencyInfo": "N4_VE11C_LATEST_20160120",
    "ConversionSoftware": "dcm2niix",
    "ConversionSoftwareVersion": "v1.0.20181114  Clang4.0.1",
    "DerivedVendorReportedEchoSpacing": 0.000760008,
    "DeviceSerialNumber": "67007",
    "DwellTime": 3.8e-06,
    "EchoTime": 0.03,
    "EchoTrainLength": 74,
    "EffectiveEchoSpacing": 0.000760008,
    "FlipAngle": 40,
    "ImageComments": "Unaliased_MB4_PE3",
    "ImageOrientationPatientDICOM": [
      0.999595,
      -0.012071,
      -0.0257563,
      -7.16646e-08,
      0.905488,
      -0.424371
    ],
    "ImageType": [
      "ORIGINAL",
      "PRIMARY",
      "M",
      "MB",
      "ND",
      "NORM",
      "MOSAIC"
    ],
    "ImagingFrequency": 123.211,
    "InPlanePhaseEncodingDirectionDICOM": "COL",
    "InstitutionAddress": "Perth_Drive_100_London_Ontario_CA_N6A_5K8",
    "InstitutionName": "Robarts_Research_Institute",
    "InstitutionalDepartmentName": "CFMM",
    "MRAcquisitionType": "2D",
    "MagneticFieldStrength": 3,
    "Manufacturer": "Siemens",
    "ManufacturersModelName": "Prisma_fit",
    "Modality": "MR",
    "MultibandAccelerationFactor": 4,
    "PartialFourier": 0.875,
    "PatientPosition": "HFS",
    "PercentPhaseFOV": 100,
    "PhaseEncodingDirection": "j-",
    "PhaseEncodingSteps": 74,
    "PhaseResolution": 1,
    "PixelBandwidth": 1565,
    "ProcedureStepDescription": "Ansari_Adaptation",
    "ProtocolName": "ep_bold_mb4_adaptation_3",
    "PulseSequenceDetails": "%CustomerSeq%_cmrr_mbep2d_bold",
    "ReceiveCoilActiveElements": "HEA;HEP",
    "ReceiveCoilName": "Head_32",
    "ReconMatrixPE": 84,
    "RepetitionTime": 1,
    "SAR": 0.083372,
    "ScanOptions": "PFP_FS",
    "ScanningSequence": "EP",
    "SequenceName": "epfid2d1_84",
    "SequenceVariant": "SK_SS",
    "SeriesDescription": "ep_bold_mb4_adaptation_3",
    "SeriesNumber": 6,
    "ShimSetting": [
      5232,
      -6222,
      -4115,
      953,
      -53,
      130,
      21,
      12
    ],
    "SliceThickness": 2.5,
    "SliceTiming": [
      0,
      0.41,
      0.8175,
      0.245,
      0.655,
      0.0825,
      0.49,
      0.9,
      0.3275,
      0.735,
      0.165,
      0.5725,
      0,
      0.41,
      0.8175,
      0.245,
      0.655,
      0.0825,
      0.49,
      0.9,
      0.3275,
      0.735,
      0.165,
      0.5725,
      0,
      0.41,
      0.8175,
      0.245,
      0.655,
      0.0825,
      0.49,
      0.9,
      0.3275,
      0.735,
      0.165,
      0.5725,
      0,
      0.41,
      0.8175,
      0.245,
      0.655,
      0.0825,
      0.49,
      0.9,
      0.3275,
      0.735,
      0.165,
      0.5725
    ],
    "SoftwareVersions": "syngo_MR_E11",
    "SpacingBetweenSlices": 2.5,
    "StationName": "MRC35368",
    "TaskName": "Adaptation",
    "TotalReadoutTime": 0.0630806,
    "TxRefAmp": 241.283,
    "WipMemBlock": "227e72f1-b8be-44d9-b66b-aabd36340c3e||Sequence: R016 ve11c/master r/e634e98; Dec 19 2017 11:00:25 by eja",
    "dataset": "ds002116",
    "modality": "bold",
    "run_id": 3,
    "session_id": "01",
    "subject_id": "22",
    "task_id": "Adaptation"
  },
  "dummy_trs": 0,
  "dvars_nstd": 31.699184596077927,
  "dvars_std": 1.3599669588571426,
  "dvars_vstd": 1.0135915144155843,
  "efc": 0.49252412807089385,
  "fber": 5330.822265625,
  "fd_mean": 0.12727177874228973,
  "fd_num": 58,
  "fd_perc": 15.025906735751295,
  "fwhm_avg": 1.969159794208774,
  "fwhm_x": 1.892213189707772,
  "fwhm_y": 2.08049819291855,
  "fwhm_z": 1.934768,
  "gcor": 0.0495046,
  "gsr_x": -0.012890316545963287,
  "gsr_y": 0.017294706776738167,
  "provenance": {
    "md5sum": "c826c00bbd9c727ea0f99ec5dd34e7d0",
    "settings": {
      "fd_thres": 0.2,
      "testing": false
    },
    "software": "mriqc",
    "version": "22.0.6",
    "webapi_port": null,
    "webapi_url": "https://mriqc.nimh.nih.gov/api/v1"
  },
  "size_t": 386,
  "size_x": 84,
  "size_y": 84,
  "size_z": 48,
  "snr": 5.439961238339376,
  "spacing_tr": 1.0,
  "spacing_x": 2.4761903285980225,
  "spacing_y": 2.4761905670166016,
  "spacing_z": 2.5,
  "summary_bg_k": 47.080905571719924,
  "summary_bg_mad": 1.9271862785289438,
  "summary_bg_mean": 7.7522735595703125,
  "summary_bg_median": 3.1175308227539062,
  "summary_bg_n": 217386.0,
  "summary_bg_p05": 1.1240136325359344,
  "summary_bg_p95": 28.855008602142334,
  "summary_bg_stdv": 16.36374282836914,
  "summary_fg_k": 4.605930136125042,
  "summary_fg_mad": 41.28218960959679,
  "summary_fg_mean": 237.73951721191406,
  "summary_fg_median": 235.36376953125,
  "summary_fg_n": 64064.0,
  "summary_fg_p05": 177.72290649414063,
  "summary_fg_p95": 304.12597198486327,
  "summary_fg_stdv": 43.2653694152832,
  "tsnr": 59.42324447631836
}