{
  "bids_meta": {
    "AcquisitionMatrixPE": 232,
    "AcquisitionNumber": 1,
    "AcquisitionTime": "17:47:52.585000",
    "BaseResolution": 256,
    "BodyPartExamined": "BRAIN",
    "ConsistencyInfo": "N4_VE11C_LATEST_20160120",
    "ConversionSoftware": "dcm2niix",
    "ConversionSoftwareVersion": "v1.0.20181114  Clang4.0.1",
    "DeviceSerialNumber": "67007",
    "DwellTime": 8.2e-06,
    "EchoTime": 0.00298,
    "FlipAngle": 9,
    "ImageOrientationPatientDICOM": [
      0,
      1,
      0,
      0,
      0,
      -1
    ],
    "ImageType": [
      "ORIGINAL",
      "PRIMARY",
      "M",
      "ND",
      "NORM"
    ],
    "ImagingFrequency": 123.211,
    "InPlanePhaseEncodingDirectionDICOM": "ROW",
    "InstitutionAddress": "Perth_Drive_100_London_Ontario_CA_N6A_5K8",
    "InstitutionName": "Robarts_Research_Institute",
    "InstitutionalDepartmentName": "CFMM",
    "InversionTime": 0.9,
    "MRAcquisitionType": "3D",
    "MagneticFieldStrength": 3,
    "Manufacturer": "Siemens",
    "ManufacturersModelName": "Prisma_fit",
    "Modality": "MR",
    "PartialFourier": 1,
    "PatientPosition": "HFS",
    "PercentPhaseFOV": 90.625,
    "PhaseEncodingSteps": 238,
    "PhaseOversampling": 0.03,
    "PhaseResolution": 1,
    "PixelBandwidth": 240,
    "ProcedureStepDescription": "Ansari_Adaptation",
    "ProtocolName": "MPRAGE_SAG_iPAT2",
    "PulseSequenceDetails": "%SiemensSeq%_tfl",
    "ReceiveCoilActiveElements": "HEA;HEP",
    "ReceiveCoilName": "Head_32",
    "ReconMatrixPE": 256,
    "RepetitionTime": 2.3,
    "SAR": 0.0569965,
    "ScanOptions": "IR",
    "ScanningSequence": "GR_IR",
    "SequenceName": "_tfl3d1_16ns",
    "SequenceVariant": "SK_SP_MP_OSP",
    "SeriesDescription": "MPRAGE_SAG_iPAT2",
    "SeriesNumber": 30,
    "ShimSetting": [
      5240,
      -6171,
      -3907,
      482,
      72,
      -129,
      163,
      1
    ],
    "SliceThickness": 1,
    "SoftwareVersions": "syngo_MR_E11",
    "StationName": "MRC35368",
    "TxRefAmp": 241.931,
    "dataset": "ds002116",
    "modality": "T1w",
    "session_id": "01",
    "subject_id": "06"
  },
  "cjv": 0.28603462165094534,
  "cnr": 4.59750267586761,
  "efc": 0.5731683366160766,
  "fber": 4107.343636388393,
  "fwhm_avg": 3.7400266666666666,
  "fwhm_x": 3.76198,
  "fwhm_y": 3.94777,
  "fwhm_z": 3.51033,
  "icvs_csf": 0.15640103579570677,
  "icvs_gm": 0.4928626497796577,
  "icvs_wm": 0.3507363144246355,
  "inu_med": 0.45055754482746124,
  "inu_range": 0.14812641590833664,
  "provenance": {
    "md5sum": "e1928cbaa3440c02340a319a16834480",
    "settings": {
      "testing": false
    },
    "software": "mriqc",
    "version": "22.0.6",
    "warnings": {
      "large_rot_frame": true,
      "small_air_mask": false
    },
    "webapi_port": null,
    "webapi_url": "https://mriqc.nimh.nih.gov/api/v1"
  },
  "qi_1": 0.0,
  "qi_2": 0.01984788999935273,
  "rpve_csf": 27.61173670259419,
  "rpve_gm": 10.017240534761168,
  "rpve_wm": 15.119497502341346,
  "size_x": 192,
  "size_y": 232,
  "size_z": 256,
  "snr_csf": 2.5463865856772476,
  "snr_gm": 14.445466886603521,
  "snr_total": 14.236162378530603,
  "snr_wm": 25.71663366331104,
  "snrd_csf": 26.900464419844393,
  "snrd_gm": 58.199362117333294,
  "snrd_total": 55.71235515071049,
  "snrd_wm": 82.0372389149538,
  "spacing_x": 1.0,
  "spacing_y": 1.0,
  "spacing_z": 1.0,
  "summary_bg_k": 3.670994065927646,
  "summary_bg_mad": 7.985841642111668,
  "summary_bg_mean": 6.278192488389285,
  "summary_bg_median": 5.3863683342933655,
  "summary_bg_n": 2637988.0,
  "summary_bg_p05": 0.0,
  "summary_bg_p95": 24.77729433774948,
  "summary_bg_stdv": 8.40667819223122,
  "summary_csf_k": 1.360406676853695,
  "summary_csf_mad": 115.36469695296701,
  "summary_csf_mean": 335.04526666801814,
  "summary_csf_median": 327.9055307507515,
  "summary_csf_n": 26782.0,
  "summary_csf_p05": 124.76693574339156,
  "summary_csf_p95": 557.7356525346636,
  "summary_csf_stdv": 128.77047451703922,
  "summary_gm_k": 0.2455982612218719,
  "summary_gm_mad": 46.993606586272506,
  "summary_gm_mean": 710.938931816061,
  "summary_gm_median": 709.4261432290077,
  "summary_gm_n": 82447.0,
  "summary_gm_p05": 632.2477717190981,
  "summary_gm_p95": 794.7255008429288,
  "summary_gm_stdv": 49.11034350558597,
  "summary_wm_k": 0.8543193246872383,
  "summary_wm_mad": 36.120576042782005,
  "summary_wm_mean": 1000.7407404980372,
  "summary_wm_median": 999.999998062849,
  "summary_wm_n": 239161.0,
  "summary_wm_p05": 938.5953990519047,
  "summary_wm_p95": 1064.8021524846554,
  "summary_wm_stdv": 38.885256931798914,
  "tpm_overlap_csf": 0.13564692885817384,
  "tpm_overlap_gm": 0.4681315007800663,
  "tpm_overlap_wm": 0.5047175499269061,
  "wm2max": 0.4530066082374182
}